STORAGE: NONE
RESTRICTION: || (== net40) (== netcoreapp3.1)
NUGET
  remote: https://www.nuget.org/api/v2
    FSharp.Core (4.7.2)
    Newtonsoft.Json (12.0.3)

GROUP collectors
STORAGE: NONE
RESTRICTION: || (== net40) (== netcoreapp3.1)
NUGET
  remote: https://www.nuget.org/api/v2
    RabbitMQ.Client (6.1)
      System.Memory (>= 4.5.4) - restriction: || (&& (== net40) (>= net461)) (&& (== net40) (>= netstandard2.0)) (== netcoreapp3.1)
      System.Threading.Channels (>= 4.7.1) - restriction: || (&& (== net40) (>= net461)) (&& (== net40) (>= netstandard2.0)) (== netcoreapp3.1)
    System.Memory (4.5.4) - restriction: || (&& (== net40) (>= net461)) (&& (== net40) (>= netstandard2.0)) (== netcoreapp3.1)
    System.Threading.Channels (4.7.1) - restriction: || (&& (== net40) (>= net461)) (&& (== net40) (>= netstandard2.0)) (== netcoreapp3.1)

GROUP core
STORAGE: NONE
RESTRICTION: || (== net40) (== netcoreapp3.1)
NUGET
  remote: https://www.nuget.org/api/v2
    Accord (3.8)
    Accord.MachineLearning (3.8)
      Accord (>= 3.8)
      Accord.Math (>= 3.8)
      Accord.Statistics (>= 3.8)
    Accord.Math (3.8)
      Accord (>= 3.8)
    Accord.Statistics (3.8)
      Accord (>= 3.8)
      Accord.Math (>= 3.8)
    Deedle (2.1.2)
      FSharp.Core (>= 4.5.2)
    FParsec (1.1.1)
      FSharp.Core (>= 4.3.4) - restriction: || (&& (== net40) (>= net45)) (&& (== net40) (>= netstandard2.0)) (== netcoreapp3.1)
    FSharp.Core (4.7.2)

GROUP test
STORAGE: NONE
RESTRICTION: || (== net40) (== netcoreapp3.1)
NUGET
  remote: https://www.nuget.org/api/v2
    FSharp.Core (4.7.2) - restriction: || (&& (== net40) (>= net46)) (&& (== net40) (>= netstandard2.0)) (== netcoreapp3.1)
    FsUnit (3.8.1)
      FSharp.Core (>= 4.2.3) - restriction: || (&& (== net40) (>= net46)) (&& (== net40) (>= netstandard2.0)) (== netcoreapp3.1)
      NETStandard.Library (>= 2.0.3) - restriction: || (&& (== net40) (>= netstandard2.0)) (== netcoreapp3.1)
      NUnit (>= 3.12 < 4.0) - restriction: || (&& (== net40) (>= net46)) (&& (== net40) (>= netstandard2.0)) (== netcoreapp3.1)
    FsUnit.xUnit (3.8.1)
      FSharp.Core (>= 4.2.3) - restriction: || (&& (== net40) (>= net46)) (&& (== net40) (>= netstandard2.0)) (== netcoreapp3.1)
      NETStandard.Library (>= 2.0.3) - restriction: || (&& (== net40) (>= netstandard2.0)) (== netcoreapp3.1)
      NHamcrest (>= 2.0.1 < 2.1) - restriction: || (&& (== net40) (>= net46)) (&& (== net40) (>= netstandard2.0)) (== netcoreapp3.1)
      xunit (>= 2.4.1 < 2.5) - restriction: || (&& (== net40) (>= net46)) (&& (== net40) (>= netstandard2.0)) (== netcoreapp3.1)
    Microsoft.CodeCoverage (16.6.1) - restriction: || (&& (== net40) (>= net45)) (&& (== net40) (>= netcoreapp2.1)) (== netcoreapp3.1)
    Microsoft.NET.Test.Sdk (16.6.1)
      Microsoft.CodeCoverage (>= 16.6.1) - restriction: || (&& (== net40) (>= net45)) (&& (== net40) (>= netcoreapp2.1)) (== netcoreapp3.1)
      Microsoft.TestPlatform.TestHost (>= 16.6.1) - restriction: || (&& (== net40) (>= netcoreapp2.1)) (== netcoreapp3.1)
    Microsoft.NETCore.Platforms (3.1.1) - restriction: || (&& (== net40) (>= netcoreapp2.0)) (&& (== net40) (>= netstandard2.0)) (== netcoreapp3.1)
    Microsoft.TestPlatform.ObjectModel (16.6.1) - restriction: || (&& (== net40) (>= netcoreapp2.1)) (&& (== net40) (>= uap10.0)) (== netcoreapp3.1)
      NuGet.Frameworks (>= 5.0) - restriction: || (&& (== net40) (>= net451)) (&& (== net40) (>= netstandard2.0)) (== netcoreapp3.1)
    Microsoft.TestPlatform.TestHost (16.6.1)
      Microsoft.TestPlatform.ObjectModel (>= 16.6.1) - restriction: || (&& (== net40) (>= netcoreapp2.1)) (&& (== net40) (>= uap10.0)) (== netcoreapp3.1)
      Newtonsoft.Json (>= 9.0.1) - restriction: || (&& (== net40) (>= netcoreapp2.1)) (&& (== net40) (>= uap10.0)) (== netcoreapp3.1)
    NETStandard.Library (2.0.3) - restriction: || (&& (== net40) (>= netstandard2.0)) (== netcoreapp3.1)
      Microsoft.NETCore.Platforms (>= 1.1) - restriction: || (&& (== net40) (>= net45)) (&& (== net40) (>= net46)) (&& (== net40) (>= net461)) (&& (== net40) (>= netcoreapp2.0)) (&& (== net40) (>= netstandard1.0)) (&& (== net40) (>= netstandard1.1)) (&& (== net40) (>= netstandard1.2)) (&& (== net40) (>= netstandard1.3)) (&& (== net40) (>= netstandard1.4)) (&& (== net40) (>= netstandard1.5)) (&& (== net40) (>= netstandard1.6)) (&& (== net40) (>= netstandard2.0)) (&& (== net40) (>= portable-net45+win8)) (&& (== net40) (>= portable-net45+win8+wp8+wpa81)) (&& (== net40) (>= portable-net45+win8+wpa81)) (&& (== net40) (>= uap10.0)) (&& (== net40) (>= uap10.1)) (&& (== net40) (>= win8)) (&& (== net40) (>= wp8)) (&& (== net40) (>= wpa81)) (== netcoreapp3.1)
    Newtonsoft.Json (12.0.3) - restriction: || (&& (== net40) (>= netcoreapp2.1)) (&& (== net40) (>= uap10.0)) (== netcoreapp3.1)
    NHamcrest (2.0.1) - restriction: || (&& (== net40) (>= net46)) (&& (== net40) (>= netstandard2.0)) (== netcoreapp3.1)
      NETStandard.Library (>= 1.6.1) - restriction: || (&& (== net40) (>= netstandard1.5)) (== netcoreapp3.1)
    NuGet.Frameworks (5.6) - restriction: || (&& (== net40) (>= net451) (>= uap10.0)) (&& (== net40) (>= netcoreapp2.1)) (&& (== net40) (>= netstandard2.0) (>= uap10.0)) (== netcoreapp3.1)
    NUnit (3.12) - restriction: || (&& (== net40) (>= net46)) (&& (== net40) (>= netstandard2.0)) (== netcoreapp3.1)
      NETStandard.Library (>= 2.0) - restriction: || (&& (== net40) (< net35) (>= netstandard2.0)) (== netcoreapp3.1)
    xunit (2.4.1)
      xunit.analyzers (>= 0.10)
      xunit.assert (2.4.1)
      xunit.core (2.4.1)
    xunit.abstractions (2.0.3) - restriction: || (&& (== net40) (>= netstandard1.1)) (== netcoreapp3.1)
    xunit.analyzers (0.10)
    xunit.assert (2.4.1)
      NETStandard.Library (>= 1.6.1) - restriction: || (&& (== net40) (>= netstandard1.1)) (== netcoreapp3.1)
    xunit.core (2.4.1)
      xunit.extensibility.core (2.4.1)
      xunit.extensibility.execution (2.4.1)
    xunit.extensibility.core (2.4.1)
      NETStandard.Library (>= 1.6.1) - restriction: || (&& (== net40) (>= netstandard1.1)) (== netcoreapp3.1)
      xunit.abstractions (>= 2.0.3) - restriction: || (&& (== net40) (>= netstandard1.1)) (== netcoreapp3.1)
    xunit.extensibility.execution (2.4.1)
      NETStandard.Library (>= 1.6.1) - restriction: || (&& (== net40) (>= netstandard1.1)) (== netcoreapp3.1)
      xunit.extensibility.core (2.4.1) - restriction: || (&& (== net40) (>= netstandard1.1)) (== netcoreapp3.1)
    xunit.runner.visualstudio (2.4.2)

GROUP web
STORAGE: NONE
RESTRICTION: || (== net40) (== netcoreapp3.1)
NUGET
  remote: https://www.nuget.org/api/v2
    FSharp.Control.Websockets (0.2.2) - restriction: || (&& (== net40) (>= netstandard2.0)) (== netcoreapp3.1)
      FSharp.Core (>= 4.3.4) - restriction: || (&& (== net40) (>= net461)) (&& (== net40) (>= netstandard2.0)) (== netcoreapp3.1)
      Microsoft.IO.RecyclableMemoryStream (>= 1.2.2) - restriction: || (&& (== net40) (>= net461)) (&& (== net40) (>= netstandard2.0)) (== netcoreapp3.1)
    FSharp.Core (4.7.2) - restriction: || (&& (== net40) (>= netstandard2.0)) (== netcoreapp3.1)
    FSharp.Data (3.3.3)
      FSharp.Core (>= 4.3.4) - restriction: || (&& (== net40) (>= netstandard2.0)) (== netcoreapp3.1)
    Giraffe (4.1)
      FSharp.Core (>= 4.7) - restriction: || (&& (== net40) (>= net461)) (&& (== net40) (>= netstandard2.0)) (== netcoreapp3.1)
      Microsoft.IO.RecyclableMemoryStream (>= 1.2.2) - restriction: || (&& (== net40) (>= net461)) (&& (== net40) (>= netstandard2.0)) (== netcoreapp3.1)
      Newtonsoft.Json (>= 12.0.2) - restriction: || (&& (== net40) (>= net461)) (&& (== net40) (>= netstandard2.0)) (== netcoreapp3.1)
      TaskBuilder.fs (>= 2.1) - restriction: || (&& (== net40) (>= net461)) (&& (== net40) (>= netstandard2.0)) (== netcoreapp3.1)
      Utf8Json (>= 1.3.7) - restriction: || (&& (== net40) (>= net461)) (&& (== net40) (>= netstandard2.0)) (== netcoreapp3.1)
    Microsoft.AspNetCore.Authentication.JwtBearer (3.1.4) - restriction: || (&& (== net40) (>= netcoreapp3.1)) (== netcoreapp3.1)
      Microsoft.IdentityModel.Protocols.OpenIdConnect (>= 5.5) - restriction: || (&& (== net40) (>= netcoreapp3.1)) (== netcoreapp3.1)
    Microsoft.CSharp (4.7) - restriction: || (&& (== net40) (>= netcoreapp3.1)) (== netcoreapp3.1)
    Microsoft.Extensions.PlatformAbstractions (1.1)
      NETStandard.Library (>= 1.6.1) - restriction: || (&& (== net40) (>= net451)) (&& (== net40) (>= netstandard1.3)) (== netcoreapp3.1)
      System.Reflection.TypeExtensions (>= 4.3) - restriction: || (&& (== net40) (>= netstandard1.3)) (== netcoreapp3.1)
    Microsoft.IdentityModel.JsonWebTokens (6.6) - restriction: || (&& (== net40) (>= netcoreapp3.1)) (== netcoreapp3.1)
      Microsoft.IdentityModel.Tokens (>= 6.6) - restriction: || (&& (== net40) (>= net45)) (&& (== net40) (>= net461)) (&& (== net40) (>= netstandard2.0)) (== netcoreapp3.1)
    Microsoft.IdentityModel.Logging (6.6) - restriction: || (&& (== net40) (>= netcoreapp3.1)) (== netcoreapp3.1)
    Microsoft.IdentityModel.Protocols (6.6) - restriction: || (&& (== net40) (>= netcoreapp3.1)) (== netcoreapp3.1)
      Microsoft.IdentityModel.Logging (>= 6.6) - restriction: || (&& (== net40) (>= net45)) (&& (== net40) (>= net461)) (&& (== net40) (>= netstandard2.0)) (== netcoreapp3.1)
      Microsoft.IdentityModel.Tokens (>= 6.6) - restriction: || (&& (== net40) (>= net45)) (&& (== net40) (>= net461)) (&& (== net40) (>= netstandard2.0)) (== netcoreapp3.1)
    Microsoft.IdentityModel.Protocols.OpenIdConnect (6.6) - restriction: || (&& (== net40) (>= netcoreapp3.1)) (== netcoreapp3.1)
      Microsoft.IdentityModel.Protocols (>= 6.6) - restriction: || (&& (== net40) (>= net45)) (&& (== net40) (>= net461)) (&& (== net40) (>= netstandard2.0)) (== netcoreapp3.1)
      System.IdentityModel.Tokens.Jwt (>= 6.6) - restriction: || (&& (== net40) (>= net45)) (&& (== net40) (>= net461)) (&& (== net40) (>= netstandard2.0)) (== netcoreapp3.1)
    Microsoft.IdentityModel.Tokens (6.6) - restriction: || (&& (== net40) (>= netcoreapp3.1)) (== netcoreapp3.1)
      Microsoft.CSharp (>= 4.5) - restriction: || (&& (== net40) (>= netstandard2.0)) (== netcoreapp3.1)
      Microsoft.IdentityModel.Logging (>= 6.6) - restriction: || (&& (== net40) (>= net45)) (&& (== net40) (>= net461)) (&& (== net40) (>= netstandard2.0)) (== netcoreapp3.1)
      System.Security.Cryptography.Cng (>= 4.5) - restriction: || (&& (== net40) (>= netstandard2.0)) (== netcoreapp3.1)
    Microsoft.IO.RecyclableMemoryStream (1.3.4) - restriction: || (&& (== net40) (>= net461)) (&& (== net40) (>= netstandard2.0)) (== netcoreapp3.1)
    Microsoft.NETCore.Platforms (3.1.1) - restriction: || (&& (== net40) (>= net451)) (&& (== net40) (>= net46)) (&& (== net40) (>= net461)) (&& (== net40) (>= netcoreapp2.0)) (&& (== net40) (>= netstandard1.3)) (&& (== net40) (>= netstandard1.4)) (&& (== net40) (>= netstandard1.5)) (&& (== net40) (>= netstandard1.6)) (&& (== net40) (>= netstandard2.0)) (&& (== net40) (>= uap10.0)) (&& (== net40) (>= uap10.1)) (== netcoreapp3.1)
    NETStandard.Library (2.0.3) - restriction: || (&& (== net40) (>= net451)) (&& (== net40) (>= netstandard1.3)) (== netcoreapp3.1)
      Microsoft.NETCore.Platforms (>= 1.1) - restriction: || (&& (== net40) (>= net45)) (&& (== net40) (>= net46)) (&& (== net40) (>= net461)) (&& (== net40) (>= netcoreapp2.0)) (&& (== net40) (>= netstandard1.0)) (&& (== net40) (>= netstandard1.1)) (&& (== net40) (>= netstandard1.2)) (&& (== net40) (>= netstandard1.3)) (&& (== net40) (>= netstandard1.4)) (&& (== net40) (>= netstandard1.5)) (&& (== net40) (>= netstandard1.6)) (&& (== net40) (>= netstandard2.0)) (&& (== net40) (>= portable-net45+win8)) (&& (== net40) (>= portable-net45+win8+wp8+wpa81)) (&& (== net40) (>= portable-net45+win8+wpa81)) (&& (== net40) (>= uap10.0)) (&& (== net40) (>= uap10.1)) (&& (== net40) (>= win8)) (&& (== net40) (>= wp8)) (&& (== net40) (>= wpa81)) (== netcoreapp3.1)
    Newtonsoft.Json (12.0.3) - restriction: || (&& (== net40) (>= net461)) (&& (== net40) (>= netstandard2.0)) (== netcoreapp3.1)
    Saturn (0.13.1)
      FSharp.Control.Websockets (>= 0.2.2) - restriction: || (&& (== net40) (>= netstandard2.0)) (== netcoreapp3.1)
      FSharp.Core (>= 4.7.1) - restriction: || (&& (== net40) (>= netstandard2.0)) (== netcoreapp3.1)
      Giraffe (>= 4.1) - restriction: || (&& (== net40) (>= netstandard2.0)) (== netcoreapp3.1)
      Microsoft.AspNetCore.Authentication.JwtBearer (>= 3.0.3) - restriction: || (&& (== net40) (>= netcoreapp3.1)) (== netcoreapp3.1)
      System.Threading.Tasks.Dataflow (>= 4.11) - restriction: || (&& (== net40) (>= netstandard2.0)) (== netcoreapp3.1)
    System.IdentityModel.Tokens.Jwt (6.6) - restriction: || (&& (== net40) (>= netcoreapp3.1)) (== netcoreapp3.1)
      Microsoft.IdentityModel.JsonWebTokens (>= 6.6) - restriction: || (&& (== net40) (>= net45)) (&& (== net40) (>= net461)) (&& (== net40) (>= netstandard2.0)) (== netcoreapp3.1)
      Microsoft.IdentityModel.Tokens (>= 6.6) - restriction: || (&& (== net40) (>= net45)) (&& (== net40) (>= net461)) (&& (== net40) (>= netstandard2.0)) (== netcoreapp3.1)
    System.Reflection.Emit (4.7) - restriction: || (&& (== net40) (>= net461)) (&& (== net40) (>= net47)) (&& (== net40) (>= netstandard2.0)) (== netcoreapp3.1)
    System.Reflection.Emit.Lightweight (4.7) - restriction: || (&& (== net40) (>= net461)) (&& (== net40) (>= net47)) (&& (== net40) (>= netstandard2.0)) (== netcoreapp3.1)
    System.Reflection.TypeExtensions (4.7) - restriction: || (&& (== net40) (>= netstandard1.3)) (== netcoreapp3.1)
    System.Security.Cryptography.Cng (4.7) - restriction: || (&& (== net40) (>= netcoreapp3.1)) (== netcoreapp3.1)
    System.Threading.Tasks.Dataflow (4.11.1) - restriction: || (&& (== net40) (>= netstandard2.0)) (== netcoreapp3.1)
    System.Threading.Tasks.Extensions (4.5.4) - restriction: || (&& (== net40) (>= net461)) (&& (== net40) (>= net47)) (&& (== net40) (>= netstandard2.0)) (== netcoreapp3.1)
    System.ValueTuple (4.5) - restriction: || (&& (== net40) (>= net461)) (&& (== net40) (>= net47)) (&& (== net40) (>= netstandard2.0)) (== netcoreapp3.1)
    TaskBuilder.fs (2.1) - restriction: || (&& (== net40) (>= net461)) (&& (== net40) (>= netstandard2.0)) (== netcoreapp3.1)
      FSharp.Core (>= 4.1.17) - restriction: || (&& (== net40) (>= net45)) (&& (== net40) (>= net46)) (&& (== net40) (>= net47)) (&& (== net40) (>= netstandard1.6)) (== netcoreapp3.1)
      NETStandard.Library (>= 1.6.1) - restriction: || (&& (== net40) (>= netstandard1.6)) (== netcoreapp3.1)
      System.ValueTuple (>= 4.4) - restriction: || (&& (== net40) (>= net45)) (&& (== net40) (>= net46)) (&& (== net40) (>= net47)) (&& (== net40) (>= netstandard1.6)) (== netcoreapp3.1)
    Utf8Json (1.3.7) - restriction: || (&& (== net40) (>= net461)) (&& (== net40) (>= netstandard2.0)) (== netcoreapp3.1)
      System.Reflection.Emit (>= 4.3) - restriction: || (&& (== net40) (>= net45)) (&& (== net40) (>= net47)) (&& (== net40) (>= netstandard2.0)) (== netcoreapp3.1)
      System.Reflection.Emit.Lightweight (>= 4.3) - restriction: || (&& (== net40) (>= net45)) (&& (== net40) (>= net47)) (&& (== net40) (>= netstandard2.0)) (== netcoreapp3.1)
      System.Threading.Tasks.Extensions (>= 4.4) - restriction: || (&& (== net40) (>= net45)) (&& (== net40) (>= net47)) (&& (== net40) (>= netstandard2.0)) (== netcoreapp3.1)
      System.ValueTuple (>= 4.4) - restriction: || (&& (== net40) (>= net45)) (&& (== net40) (>= net47)) (&& (== net40) (>= netstandard2.0)) (== netcoreapp3.1)

GROUP workbench
STORAGE: NONE
RESTRICTION: || (== net40) (== netcoreapp3.1)
NUGET
  remote: https://www.nuget.org/api/v2
    Argu (6.1.1)
      FSharp.Core (>= 4.3.2) - restriction: || (&& (== net40) (>= netstandard2.0)) (== netcoreapp3.1)
      System.Configuration.ConfigurationManager (>= 4.4) - restriction: || (&& (== net40) (>= netstandard2.0)) (== netcoreapp3.1)
    FSharp.Core (4.7.2) - restriction: || (&& (== net40) (>= netstandard2.0)) (== netcoreapp3.1)
    Microsoft.NETCore.Platforms (3.1.1) - restriction: || (&& (== net40) (>= netcoreapp2.0)) (== netcoreapp3.1)
    Microsoft.Win32.SystemEvents (4.7) - restriction: || (&& (== net40) (>= netcoreapp3.0)) (== netcoreapp3.1)
      Microsoft.NETCore.Platforms (>= 3.1) - restriction: || (&& (== net40) (>= netcoreapp2.0)) (== netcoreapp3.1)
    System.Configuration.ConfigurationManager (4.7) - restriction: || (&& (== net40) (>= netstandard2.0)) (== netcoreapp3.1)
      System.Security.Cryptography.ProtectedData (>= 4.7) - restriction: || (&& (== net40) (>= netstandard2.0)) (== netcoreapp3.1)
      System.Security.Permissions (>= 4.7) - restriction: || (&& (== net40) (>= monoandroid)) (&& (== net40) (>= monotouch)) (&& (== net40) (>= net461)) (&& (== net40) (>= netstandard2.0)) (&& (== net40) (>= xamarintvos)) (&& (== net40) (>= xamarinwatchos)) (== netcoreapp3.1)
    System.Drawing.Common (4.7) - restriction: || (&& (== net40) (>= netcoreapp3.0)) (== netcoreapp3.1)
      Microsoft.NETCore.Platforms (>= 3.1) - restriction: || (&& (== net40) (>= netcoreapp2.0)) (== netcoreapp3.1)
      Microsoft.Win32.SystemEvents (>= 4.7) - restriction: || (&& (== net40) (>= netcoreapp2.0)) (== netcoreapp3.1)
    System.Security.AccessControl (4.7) - restriction: || (&& (== net40) (>= netstandard2.0)) (== netcoreapp3.1)
      Microsoft.NETCore.Platforms (>= 3.1) - restriction: || (&& (== net40) (>= netcoreapp2.0)) (== netcoreapp3.1)
      System.Security.Principal.Windows (>= 4.7) - restriction: || (&& (== net40) (>= net46)) (&& (== net40) (>= net461)) (&& (== net40) (>= netcoreapp2.0)) (&& (== net40) (>= netstandard1.3)) (&& (== net40) (>= netstandard2.0)) (== netcoreapp3.1)
    System.Security.Cryptography.ProtectedData (4.7) - restriction: || (&& (== net40) (>= netstandard2.0)) (== netcoreapp3.1)
    System.Security.Permissions (4.7) - restriction: || (&& (== net40) (>= netstandard2.0)) (== netcoreapp3.1)
      System.Security.AccessControl (>= 4.7) - restriction: || (&& (== net40) (>= net461)) (&& (== net40) (>= netstandard2.0)) (== netcoreapp3.1)
      System.Windows.Extensions (>= 4.7) - restriction: || (&& (== net40) (>= netcoreapp3.0)) (== netcoreapp3.1)
    System.Security.Principal.Windows (4.7) - restriction: || (&& (== net40) (>= netcoreapp2.0)) (&& (== net40) (>= netstandard2.0)) (== netcoreapp3.1)
    System.Windows.Extensions (4.7) - restriction: || (&& (== net40) (>= netcoreapp3.0)) (== netcoreapp3.1)
      System.Drawing.Common (>= 4.7) - restriction: || (&& (== net40) (>= netcoreapp3.0)) (== netcoreapp3.1)
