STORAGE: NONE
RESTRICTION: || (== net40) (== netcoreapp3.1)
NUGET
  remote: https://kmddk.pkgs.visualstudio.com/45c29cd0-03bf-4f63-ac71-3c366095dda9/_packaging/KMD_Package_Feed/nuget/v2
    FSharp.Core (5.0.0)

GROUP Build
STORAGE: NONE
RESTRICTION: == netstandard2.0
NUGET
  remote: https://kmddk.pkgs.visualstudio.com/45c29cd0-03bf-4f63-ac71-3c366095dda9/_packaging/KMD_Package_Feed/nuget/v2
    BlackFox.VsWhere (1.1.0)
      FSharp.Core (>= 4.2.3)
      Microsoft.Win32.Registry (>= 4.7)
    Fake.Core.CommandLineParsing (5.20.3)
      FParsec (>= 1.1.1)
      FSharp.Core (>= 4.7.2)
    Fake.Core.Context (5.20.3)
      FSharp.Core (>= 4.7.2)
    Fake.Core.Environment (5.20.3)
      FSharp.Core (>= 4.7.2)
    Fake.Core.FakeVar (5.20.3)
      Fake.Core.Context (>= 5.20.3)
      FSharp.Core (>= 4.7.2)
    Fake.Core.Process (5.20.3)
      Fake.Core.Environment (>= 5.20.3)
      Fake.Core.FakeVar (>= 5.20.3)
      Fake.Core.String (>= 5.20.3)
      Fake.Core.Trace (>= 5.20.3)
      Fake.IO.FileSystem (>= 5.20.3)
      FSharp.Core (>= 4.7.2)
      System.Collections.Immutable (>= 1.7.1)
    Fake.Core.ReleaseNotes (5.20.3)
      Fake.Core.SemVer (>= 5.20.3)
      Fake.Core.String (>= 5.20.3)
      FSharp.Core (>= 4.7.2)
    Fake.Core.SemVer (5.20.3)
      FSharp.Core (>= 4.7.2)
    Fake.Core.String (5.20.3)
      FSharp.Core (>= 4.7.2)
    Fake.Core.Target (5.20.3)
      Fake.Core.CommandLineParsing (>= 5.20.3)
      Fake.Core.Context (>= 5.20.3)
      Fake.Core.Environment (>= 5.20.3)
      Fake.Core.FakeVar (>= 5.20.3)
      Fake.Core.Process (>= 5.20.3)
      Fake.Core.String (>= 5.20.3)
      Fake.Core.Trace (>= 5.20.3)
      FSharp.Control.Reactive (>= 4.4.2)
      FSharp.Core (>= 4.7.2)
    Fake.Core.Tasks (5.20.3)
      Fake.Core.Trace (>= 5.20.3)
      FSharp.Core (>= 4.7.2)
    Fake.Core.Trace (5.20.3)
      Fake.Core.Environment (>= 5.20.3)
      Fake.Core.FakeVar (>= 5.20.3)
      FSharp.Core (>= 4.7.2)
    Fake.Core.Xml (5.20.3)
      Fake.Core.String (>= 5.20.3)
      FSharp.Core (>= 4.7.2)
    Fake.DotNet.Cli (5.20.3)
      Fake.Core.Environment (>= 5.20.3)
      Fake.Core.Process (>= 5.20.3)
      Fake.Core.String (>= 5.20.3)
      Fake.Core.Trace (>= 5.20.3)
      Fake.DotNet.MSBuild (>= 5.20.3)
      Fake.DotNet.NuGet (>= 5.20.3)
      Fake.IO.FileSystem (>= 5.20.3)
      FSharp.Core (>= 4.7.2)
      Mono.Posix.NETStandard (>= 1.0)
      Newtonsoft.Json (>= 12.0.3)
    Fake.DotNet.MSBuild (5.20.3)
      BlackFox.VsWhere (>= 1.1)
      Fake.Core.Environment (>= 5.20.3)
      Fake.Core.Process (>= 5.20.3)
      Fake.Core.String (>= 5.20.3)
      Fake.Core.Trace (>= 5.20.3)
      Fake.IO.FileSystem (>= 5.20.3)
      FSharp.Core (>= 4.7.2)
      MSBuild.StructuredLogger (>= 2.1.176)
    Fake.DotNet.NuGet (5.20.3)
      Fake.Core.Environment (>= 5.20.3)
      Fake.Core.Process (>= 5.20.3)
      Fake.Core.SemVer (>= 5.20.3)
      Fake.Core.String (>= 5.20.3)
      Fake.Core.Tasks (>= 5.20.3)
      Fake.Core.Trace (>= 5.20.3)
      Fake.Core.Xml (>= 5.20.3)
      Fake.IO.FileSystem (>= 5.20.3)
      Fake.Net.Http (>= 5.20.3)
      FSharp.Core (>= 4.7.2)
      Newtonsoft.Json (>= 12.0.3)
      NuGet.Protocol (>= 5.6)
    Fake.IO.FileSystem (5.20.3)
      Fake.Core.String (>= 5.20.3)
      FSharp.Core (>= 4.7.2)
    Fake.Net.Http (5.20.3)
      Fake.Core.Trace (>= 5.20.3)
      FSharp.Core (>= 4.7.2)
    Farmer (1.3.2)
      FSharp.Core (>= 4.7.1)
      Newtonsoft.Json (>= 12.0.2)
    FParsec (1.1.1)
      FSharp.Core (>= 4.3.4)
    FSharp.Control.Reactive (4.5.0)
      FSharp.Core (>= 4.7.2)
      System.Reactive (>= 4.4.1)
    FSharp.Core (5.0.0)
    Microsoft.Build (16.8.0)
    Microsoft.Build.Framework (16.8.0)
      System.Security.Permissions (>= 4.7)
    Microsoft.Build.Tasks.Core (16.8.0)
      Microsoft.Build.Framework (>= 16.8)
      Microsoft.Build.Utilities.Core (>= 16.8)
      Microsoft.Win32.Registry (>= 4.3)
      System.CodeDom (>= 4.4)
      System.Collections.Immutable (>= 1.5)
      System.Reflection.Metadata (>= 1.6)
      System.Reflection.TypeExtensions (>= 4.1)
      System.Resources.Extensions (>= 4.6)
      System.Runtime.InteropServices (>= 4.3)
      System.Security.Cryptography.Pkcs (>= 4.7)
      System.Security.Cryptography.Xml (>= 4.7)
      System.Security.Permissions (>= 4.7)
      System.Threading.Tasks.Dataflow (>= 4.9)
    Microsoft.Build.Utilities.Core (16.8.0)
      Microsoft.Build.Framework (>= 16.8)
      Microsoft.Win32.Registry (>= 4.3)
      System.Collections.Immutable (>= 1.5)
      System.Security.Permissions (>= 4.7)
      System.Text.Encoding.CodePages (>= 4.0.1)
    Microsoft.NETCore.Platforms (5.0.0)
    Microsoft.NETCore.Targets (5.0.0)
    Microsoft.Win32.Registry (5.0.0)
      System.Buffers (>= 4.5.1)
      System.Memory (>= 4.5.4)
      System.Security.AccessControl (>= 5.0)
      System.Security.Principal.Windows (>= 5.0)
    Mono.Posix.NETStandard (1.0.0)
    MSBuild.StructuredLogger (2.1.272)
      Microsoft.Build (>= 16.4)
      Microsoft.Build.Framework (>= 16.4)
      Microsoft.Build.Tasks.Core (>= 16.4)
      Microsoft.Build.Utilities.Core (>= 16.4)
    Newtonsoft.Json (12.0.3)
    NuGet.Common (5.8.0+830c8be45dbbccd411ecf6080abff0c2c98079cf)
      NuGet.Frameworks (>= 5.8)
    NuGet.Configuration (5.8.0+830c8be45dbbccd411ecf6080abff0c2c98079cf)
      NuGet.Common (>= 5.8)
      System.Security.Cryptography.ProtectedData (>= 4.4)
    NuGet.Frameworks (5.8.0+830c8be45dbbccd411ecf6080abff0c2c98079cf)
    NuGet.Packaging (5.8.0+ebc4f817473f08c3705ed0e5c58c223372f36f7b)
      Newtonsoft.Json (>= 9.0.1)
      NuGet.Configuration (>= 5.8)
      NuGet.Versioning (>= 5.8)
      System.Security.Cryptography.Cng (>= 5.0.0-preview.3.20214.6)
      System.Security.Cryptography.Pkcs (>= 5.0.0-preview.3.20214.6)
    NuGet.Protocol (5.8.0+830c8be45dbbccd411ecf6080abff0c2c98079cf)
      NuGet.Packaging (>= 5.8)
    NuGet.Versioning (5.8.0+830c8be45dbbccd411ecf6080abff0c2c98079cf)
    System.Buffers (4.5.1)
    System.CodeDom (5.0.0)
    System.Collections.Immutable (5.0.0)
      System.Memory (>= 4.5.4)
    System.Formats.Asn1 (5.0.0)
      System.Buffers (>= 4.5.1)
      System.Memory (>= 4.5.4)
    System.IO (4.3.0)
      Microsoft.NETCore.Platforms (>= 1.1)
      Microsoft.NETCore.Targets (>= 1.1)
      System.Runtime (>= 4.3)
      System.Text.Encoding (>= 4.3)
      System.Threading.Tasks (>= 4.3)
    System.Memory (4.5.4)
      System.Buffers (>= 4.5.1)
      System.Numerics.Vectors (>= 4.4)
      System.Runtime.CompilerServices.Unsafe (>= 4.5.3)
    System.Numerics.Vectors (4.5.0)
    System.Reactive (5.0.0)
      System.Runtime.InteropServices.WindowsRuntime (>= 4.3)
      System.Threading.Tasks.Extensions (>= 4.5.4)
    System.Reflection (4.3.0)
      Microsoft.NETCore.Platforms (>= 1.1)
      Microsoft.NETCore.Targets (>= 1.1)
      System.IO (>= 4.3)
      System.Reflection.Primitives (>= 4.3)
      System.Runtime (>= 4.3)
    System.Reflection.Metadata (5.0.0)
      System.Collections.Immutable (>= 5.0)
    System.Reflection.Primitives (4.3.0)
      Microsoft.NETCore.Platforms (>= 1.1)
      Microsoft.NETCore.Targets (>= 1.1)
      System.Runtime (>= 4.3)
    System.Reflection.TypeExtensions (4.7.0)
    System.Resources.Extensions (5.0.0)
      System.Memory (>= 4.5.4)
    System.Runtime (4.3.1)
      Microsoft.NETCore.Platforms (>= 1.1.1)
      Microsoft.NETCore.Targets (>= 1.1.3)
    System.Runtime.CompilerServices.Unsafe (5.0.0)
    System.Runtime.Handles (4.3.0)
      Microsoft.NETCore.Platforms (>= 1.1)
      Microsoft.NETCore.Targets (>= 1.1)
      System.Runtime (>= 4.3)
    System.Runtime.InteropServices (4.3.0)
      Microsoft.NETCore.Platforms (>= 1.1)
      Microsoft.NETCore.Targets (>= 1.1)
      System.Reflection (>= 4.3)
      System.Reflection.Primitives (>= 4.3)
      System.Runtime (>= 4.3)
      System.Runtime.Handles (>= 4.3)
    System.Runtime.InteropServices.WindowsRuntime (4.3.0)
      System.Runtime (>= 4.3)
    System.Security.AccessControl (5.0.0)
      System.Security.Principal.Windows (>= 5.0)
    System.Security.Cryptography.Cng (5.0.0)
    System.Security.Cryptography.Pkcs (5.0.1)
      System.Buffers (>= 4.5.1)
      System.Formats.Asn1 (>= 5.0)
      System.Memory (>= 4.5.4)
      System.Security.Cryptography.Cng (>= 5.0)
    System.Security.Cryptography.ProtectedData (5.0.0)
      System.Memory (>= 4.5.4)
    System.Security.Cryptography.Xml (5.0.0)
      System.Memory (>= 4.5.4)
      System.Security.Cryptography.Pkcs (>= 5.0)
      System.Security.Permissions (>= 5.0)
    System.Security.Permissions (5.0.0)
      System.Security.AccessControl (>= 5.0)
    System.Security.Principal.Windows (5.0.0)
    System.Text.Encoding (4.3.0)
      Microsoft.NETCore.Platforms (>= 1.1)
      Microsoft.NETCore.Targets (>= 1.1)
      System.Runtime (>= 4.3)
    System.Text.Encoding.CodePages (5.0.0)
      System.Runtime.CompilerServices.Unsafe (>= 5.0)
    System.Threading.Tasks (4.3.0)
      Microsoft.NETCore.Platforms (>= 1.1)
      Microsoft.NETCore.Targets (>= 1.1)
      System.Runtime (>= 4.3)
    System.Threading.Tasks.Dataflow (5.0.0)
    System.Threading.Tasks.Extensions (4.5.4)
      System.Runtime.CompilerServices.Unsafe (>= 4.5.3)

GROUP collectors
STORAGE: NONE
RESTRICTION: || (== net40) (== netcoreapp3.1)
NUGET
  remote: https://kmddk.pkgs.visualstudio.com/45c29cd0-03bf-4f63-ac71-3c366095dda9/_packaging/KMD_Package_Feed/nuget/v2
    FSharp.Core (5.0.0)
    RabbitMQ.Client (6.2.1)
      System.Memory (>= 4.5.4) - restriction: || (&& (== net40) (>= net461)) (&& (== net40) (>= netstandard2.0)) (== netcoreapp3.1)
      System.Threading.Channels (>= 4.7.1) - restriction: || (&& (== net40) (>= net461)) (&& (== net40) (>= netstandard2.0)) (== netcoreapp3.1)
    System.Memory (4.5.4) - restriction: || (&& (== net40) (>= net461)) (&& (== net40) (>= netstandard2.0)) (== netcoreapp3.1)
    System.Threading.Channels (5.0.0) - restriction: || (&& (== net40) (>= net461)) (&& (== net40) (>= netstandard2.0)) (== netcoreapp3.1)

GROUP core
STORAGE: NONE
RESTRICTION: || (== net40) (== netcoreapp3.1)
NUGET
  remote: https://kmddk.pkgs.visualstudio.com/45c29cd0-03bf-4f63-ac71-3c366095dda9/_packaging/KMD_Package_Feed/nuget/v2
    Accord (3.8.0)
    Accord.MachineLearning (3.8.0)
      Accord (>= 3.8)
      Accord.Math (>= 3.8)
      Accord.Statistics (>= 3.8)
    Accord.Math (3.8.0)
      Accord (>= 3.8)
    Accord.Statistics (3.8.0)
      Accord (>= 3.8)
      Accord.Math (>= 3.8)
    Deedle (2.3.0)
      FSharp.Core (>= 4.5.2)
    Fable.Core (3.2.3) - restriction: || (&& (== net40) (>= netstandard2.0)) (== netcoreapp3.1)
      FSharp.Core (>= 4.7.2) - restriction: || (&& (== net40) (>= netstandard2.0)) (== netcoreapp3.1)
    FParsec (1.1.1)
      FSharp.Core (>= 4.3.4) - restriction: || (&& (== net40) (>= net45)) (&& (== net40) (>= netstandard2.0)) (== netcoreapp3.1)
    FSharp.Core (5.0.0)
    Newtonsoft.Json (12.0.3) - restriction: || (&& (== net40) (>= net46)) (&& (== net40) (>= netstandard2.0)) (== netcoreapp3.1)
    Thoth.Json.Net (5.0.0)
      Fable.Core (>= 3.0 < 4.0) - restriction: || (&& (== net40) (>= netstandard2.0)) (== netcoreapp3.1)
      FSharp.Core (>= 4.7.2) - restriction: || (&& (== net40) (>= net46)) (&& (== net40) (>= netstandard2.0)) (== netcoreapp3.1)
      Newtonsoft.Json (>= 11.0.2) - restriction: || (&& (== net40) (>= net46)) (&& (== net40) (>= netstandard2.0)) (== netcoreapp3.1)

GROUP docker
STORAGE: NONE
RESTRICTION: || (== net40) (== netcoreapp3.1)
NUGET
  remote: https://kmddk.pkgs.visualstudio.com/45c29cd0-03bf-4f63-ac71-3c366095dda9/_packaging/KMD_Package_Feed/nuget/v2
    Accord (3.8.0)
    Accord.MachineLearning (3.8.0)
      Accord (>= 3.8)
      Accord.Math (>= 3.8)
      Accord.Statistics (>= 3.8)
    Accord.Math (3.8.0)
      Accord (>= 3.8)
    Accord.Statistics (3.8.0)
      Accord (>= 3.8)
      Accord.Math (>= 3.8)
    Deedle (2.3.0)
      FSharp.Core (>= 4.5.2)
    Fable.Core (3.2.3) - restriction: || (&& (== net40) (>= netstandard2.0)) (== netcoreapp3.1)
      FSharp.Core (>= 4.7.2) - restriction: || (&& (== net40) (>= netstandard2.0)) (== netcoreapp3.1)
    FParsec (1.1.1)
      FSharp.Core (>= 4.3.4) - restriction: || (&& (== net40) (>= net45)) (&& (== net40) (>= netstandard2.0)) (== netcoreapp3.1)
    FSharp.Control.Websockets (0.2.2) - restriction: || (&& (== net40) (>= netstandard2.0)) (== netcoreapp3.1)
      FSharp.Core (>= 4.3.4) - restriction: || (&& (== net40) (>= net461)) (&& (== net40) (>= netstandard2.0)) (== netcoreapp3.1)
      Microsoft.IO.RecyclableMemoryStream (>= 1.2.2) - restriction: || (&& (== net40) (>= net461)) (&& (== net40) (>= netstandard2.0)) (== netcoreapp3.1)
    FSharp.Core (5.0.0)
    FSharp.Data (3.3.3)
      FSharp.Core (>= 4.3.4) - restriction: || (&& (== net40) (>= netstandard2.0)) (== netcoreapp3.1)
    Giraffe (4.1.0)
      FSharp.Core (>= 4.7) - restriction: || (&& (== net40) (>= net461)) (&& (== net40) (>= netstandard2.0)) (== netcoreapp3.1)
      Microsoft.IO.RecyclableMemoryStream (>= 1.2.2) - restriction: || (&& (== net40) (>= net461)) (&& (== net40) (>= netstandard2.0)) (== netcoreapp3.1)
      Newtonsoft.Json (>= 12.0.2) - restriction: || (&& (== net40) (>= net461)) (&& (== net40) (>= netstandard2.0)) (== netcoreapp3.1)
      TaskBuilder.fs (>= 2.1) - restriction: || (&& (== net40) (>= net461)) (&& (== net40) (>= netstandard2.0)) (== netcoreapp3.1)
      Utf8Json (>= 1.3.7) - restriction: || (&& (== net40) (>= net461)) (&& (== net40) (>= netstandard2.0)) (== netcoreapp3.1)
    hobbes.core (1.2020.303.33973)
      Accord.MachineLearning
      Deedle
      FParsec
      FSharp.Core (>= 5.0 < 6.0)
      Thoth.Json.Net
    hobbes.web (1.2020.303.33910)
      FSharp.Data
      Giraffe
      Newtonsoft.Json
      Saturn (0.13.1)
      Thoth.Json.Net
    Microsoft.AspNetCore.Authentication.JwtBearer (5.0.2) - restriction: || (&& (== net40) (>= netcoreapp3.1)) (== netcoreapp3.1)
    Microsoft.IO.RecyclableMemoryStream (1.4.0) - restriction: || (&& (== net40) (>= net461)) (&& (== net40) (>= netstandard2.0)) (== netcoreapp3.1)
    Microsoft.NETCore.Platforms (5.0.0) - restriction: || (&& (== net40) (>= net461) (>= netstandard1.6)) (&& (== net40) (>= netcoreapp2.0)) (&& (== net40) (>= netstandard2.0)) (== netcoreapp3.1)
    NETStandard.Library (2.0.3) - restriction: || (&& (== net40) (>= net461) (>= netstandard1.6)) (&& (== net40) (>= netstandard2.0)) (== netcoreapp3.1)
      Microsoft.NETCore.Platforms (>= 1.1) - restriction: || (&& (== net40) (>= net45)) (&& (== net40) (>= net46)) (&& (== net40) (>= net461)) (&& (== net40) (>= netcoreapp2.0)) (&& (== net40) (>= netstandard1.0)) (&& (== net40) (>= netstandard1.1)) (&& (== net40) (>= netstandard1.2)) (&& (== net40) (>= netstandard1.3)) (&& (== net40) (>= netstandard1.4)) (&& (== net40) (>= netstandard1.5)) (&& (== net40) (>= netstandard1.6)) (&& (== net40) (>= netstandard2.0)) (&& (== net40) (>= portable-net45+win8)) (&& (== net40) (>= portable-net45+win8+wp8+wpa81)) (&& (== net40) (>= portable-net45+win8+wpa81)) (&& (== net40) (>= uap10.0)) (&& (== net40) (>= uap10.1)) (&& (== net40) (>= win8)) (&& (== net40) (>= wp8)) (&& (== net40) (>= wpa81)) (== netcoreapp3.1)
    Newtonsoft.Json (12.0.3)
    Saturn (0.13.1)
      FSharp.Control.Websockets (>= 0.2.2) - restriction: || (&& (== net40) (>= netstandard2.0)) (== netcoreapp3.1)
      FSharp.Core (>= 4.7.1) - restriction: || (&& (== net40) (>= netstandard2.0)) (== netcoreapp3.1)
      Giraffe (>= 4.1) - restriction: || (&& (== net40) (>= netstandard2.0)) (== netcoreapp3.1)
      Microsoft.AspNetCore.Authentication.JwtBearer (>= 3.0.3) - restriction: || (&& (== net40) (>= netcoreapp3.1)) (== netcoreapp3.1)
      System.Threading.Tasks.Dataflow (>= 4.11) - restriction: || (&& (== net40) (>= netstandard2.0)) (== netcoreapp3.1)
    System.Reflection.Emit (4.7.0) - restriction: || (&& (== net40) (>= net461)) (&& (== net40) (>= net47)) (&& (== net40) (>= netstandard2.0)) (== netcoreapp3.1)
    System.Reflection.Emit.Lightweight (4.7.0) - restriction: || (&& (== net40) (>= net461)) (&& (== net40) (>= net47)) (&& (== net40) (>= netstandard2.0)) (== netcoreapp3.1)
    System.Threading.Tasks.Dataflow (5.0.0) - restriction: || (&& (== net40) (>= netstandard2.0)) (== netcoreapp3.1)
    System.Threading.Tasks.Extensions (4.5.4) - restriction: || (&& (== net40) (>= net461)) (&& (== net40) (>= net47)) (&& (== net40) (>= netstandard2.0)) (== netcoreapp3.1)
    System.ValueTuple (4.5.0) - restriction: || (&& (== net40) (>= net461)) (&& (== net40) (>= net47)) (&& (== net40) (>= netstandard2.0)) (== netcoreapp3.1)
    TaskBuilder.fs (2.1.0) - restriction: || (&& (== net40) (>= net461)) (&& (== net40) (>= netstandard2.0)) (== netcoreapp3.1)
      FSharp.Core (>= 4.1.17) - restriction: || (&& (== net40) (>= net45)) (&& (== net40) (>= net46)) (&& (== net40) (>= net47)) (&& (== net40) (>= netstandard1.6)) (== netcoreapp3.1)
      NETStandard.Library (>= 1.6.1) - restriction: || (&& (== net40) (>= netstandard1.6)) (== netcoreapp3.1)
      System.ValueTuple (>= 4.4) - restriction: || (&& (== net40) (>= net45)) (&& (== net40) (>= net46)) (&& (== net40) (>= net47)) (&& (== net40) (>= netstandard1.6)) (== netcoreapp3.1)
    Thoth.Json.Net (5.0.0)
      Fable.Core (>= 3.0 < 4.0) - restriction: || (&& (== net40) (>= netstandard2.0)) (== netcoreapp3.1)
      FSharp.Core (>= 4.7.2) - restriction: || (&& (== net40) (>= net46)) (&& (== net40) (>= netstandard2.0)) (== netcoreapp3.1)
      Newtonsoft.Json (>= 11.0.2) - restriction: || (&& (== net40) (>= net46)) (&& (== net40) (>= netstandard2.0)) (== netcoreapp3.1)
    Utf8Json (1.3.7) - restriction: || (&& (== net40) (>= net461)) (&& (== net40) (>= netstandard2.0)) (== netcoreapp3.1)
      System.Reflection.Emit (>= 4.3) - restriction: || (&& (== net40) (>= net45)) (&& (== net40) (>= net47)) (&& (== net40) (>= netstandard2.0)) (== netcoreapp3.1)
      System.Reflection.Emit.Lightweight (>= 4.3) - restriction: || (&& (== net40) (>= net45)) (&& (== net40) (>= net47)) (&& (== net40) (>= netstandard2.0)) (== netcoreapp3.1)
      System.Threading.Tasks.Extensions (>= 4.4) - restriction: || (&& (== net40) (>= net45)) (&& (== net40) (>= net47)) (&& (== net40) (>= netstandard2.0)) (== netcoreapp3.1)
      System.ValueTuple (>= 4.4) - restriction: || (&& (== net40) (>= net45)) (&& (== net40) (>= net47)) (&& (== net40) (>= netstandard2.0)) (== netcoreapp3.1)

GROUP test
STORAGE: NONE
RESTRICTION: || (== net40) (== netcoreapp3.1)
NUGET
  remote: https://kmddk.pkgs.visualstudio.com/45c29cd0-03bf-4f63-ac71-3c366095dda9/_packaging/KMD_Package_Feed/nuget/v2
    FSharp.Core (5.0.0)
    FsUnit (4.0.2)
      FSharp.Core (>= 4.3.4) - restriction: || (&& (== net40) (>= netstandard2.0)) (== netcoreapp3.1)
      NETStandard.Library (>= 2.0.3) - restriction: || (&& (== net40) (>= netstandard2.0)) (== netcoreapp3.1)
      NUnit (>= 3.12 < 4.0) - restriction: || (&& (== net40) (>= netstandard2.0)) (== netcoreapp3.1)
    FsUnit.xUnit (4.0.2)
      FSharp.Core (>= 4.3.4) - restriction: || (&& (== net40) (>= netstandard2.0)) (== netcoreapp3.1)
      NETStandard.Library (>= 2.0.3) - restriction: || (&& (== net40) (>= netstandard2.0)) (== netcoreapp3.1)
      NHamcrest (>= 2.0.1 < 2.1) - restriction: || (&& (== net40) (>= netstandard2.0)) (== netcoreapp3.1)
      xunit (>= 2.4.1 < 2.5) - restriction: || (&& (== net40) (>= netstandard2.0)) (== netcoreapp3.1)
    Microsoft.CodeCoverage (16.8.3) - restriction: || (&& (== net40) (>= net45)) (&& (== net40) (>= netcoreapp2.1)) (== netcoreapp3.1)
    Microsoft.NET.Test.Sdk (16.8.3)
      Microsoft.CodeCoverage (>= 16.8.3) - restriction: || (&& (== net40) (>= net45)) (&& (== net40) (>= netcoreapp2.1)) (== netcoreapp3.1)
      Microsoft.TestPlatform.TestHost (>= 16.8.3) - restriction: || (&& (== net40) (>= netcoreapp2.1)) (== netcoreapp3.1)
    Microsoft.NETCore.Platforms (5.0.0) - restriction: || (&& (== net40) (>= net451) (>= uap10.0)) (&& (== net40) (>= netcoreapp2.0)) (&& (== net40) (>= netcoreapp2.1)) (&& (== net40) (>= netstandard2.0)) (== netcoreapp3.1)
    Microsoft.NETCore.Targets (5.0.0) - restriction: || (&& (== net40) (>= net451) (>= uap10.0)) (&& (== net40) (>= netcoreapp2.1)) (&& (== net40) (>= netstandard2.0) (>= uap10.0)) (== netcoreapp3.1)
    Microsoft.TestPlatform.ObjectModel (16.8.3) - restriction: || (&& (== net40) (>= netcoreapp2.1)) (&& (== net40) (>= uap10.0)) (== netcoreapp3.1)
      NuGet.Frameworks (>= 5.0) - restriction: || (&& (== net40) (>= net451)) (&& (== net40) (>= netstandard2.0)) (== netcoreapp3.1)
      System.Reflection.Metadata (>= 1.6) - restriction: || (&& (== net40) (>= net451)) (&& (== net40) (>= netstandard2.0)) (== netcoreapp3.1)
      System.Runtime.InteropServices.RuntimeInformation (>= 4.0) - restriction: || (&& (== net40) (>= net451)) (&& (== net40) (>= netstandard2.0)) (== netcoreapp3.1)
    Microsoft.TestPlatform.TestHost (16.8.3)
      Microsoft.TestPlatform.ObjectModel (>= 16.8.3) - restriction: || (&& (== net40) (>= netcoreapp2.1)) (&& (== net40) (>= uap10.0)) (== netcoreapp3.1)
      Newtonsoft.Json (>= 9.0.1) - restriction: || (&& (== net40) (>= netcoreapp2.1)) (&& (== net40) (>= uap10.0)) (== netcoreapp3.1)
    NETStandard.Library (2.0.3) - restriction: || (&& (== net40) (>= netstandard2.0)) (== netcoreapp3.1)
      Microsoft.NETCore.Platforms (>= 1.1) - restriction: || (&& (== net40) (>= net45)) (&& (== net40) (>= net46)) (&& (== net40) (>= net461)) (&& (== net40) (>= netcoreapp2.0)) (&& (== net40) (>= netstandard1.0)) (&& (== net40) (>= netstandard1.1)) (&& (== net40) (>= netstandard1.2)) (&& (== net40) (>= netstandard1.3)) (&& (== net40) (>= netstandard1.4)) (&& (== net40) (>= netstandard1.5)) (&& (== net40) (>= netstandard1.6)) (&& (== net40) (>= netstandard2.0)) (&& (== net40) (>= portable-net45+win8)) (&& (== net40) (>= portable-net45+win8+wp8+wpa81)) (&& (== net40) (>= portable-net45+win8+wpa81)) (&& (== net40) (>= uap10.0)) (&& (== net40) (>= uap10.1)) (&& (== net40) (>= win8)) (&& (== net40) (>= wp8)) (&& (== net40) (>= wpa81)) (== netcoreapp3.1)
    Newtonsoft.Json (12.0.3) - restriction: || (&& (== net40) (>= netcoreapp2.1)) (&& (== net40) (>= uap10.0)) (== netcoreapp3.1)
    NHamcrest (2.0.1) - restriction: || (&& (== net40) (>= netstandard2.0)) (== netcoreapp3.1)
      NETStandard.Library (>= 1.6.1) - restriction: || (&& (== net40) (>= netstandard1.5)) (== netcoreapp3.1)
    NuGet.Frameworks (5.8.0+830c8be45dbbccd411ecf6080abff0c2c98079cf) - restriction: || (&& (== net40) (>= net451) (>= uap10.0)) (&& (== net40) (>= netcoreapp2.1)) (&& (== net40) (>= netstandard2.0) (>= uap10.0)) (== netcoreapp3.1)
    NUnit (3.13.0) - restriction: || (&& (== net40) (>= netstandard2.0)) (== netcoreapp3.1)
      NETStandard.Library (>= 2.0) - restriction: || (&& (== net40) (< net35) (>= netstandard2.0)) (== netcoreapp3.1)
    runtime.native.System (4.3.1) - restriction: || (&& (== net40) (>= net451) (>= uap10.0)) (&& (== net40) (>= netcoreapp2.1)) (&& (== net40) (>= netstandard2.0) (>= uap10.0)) (== netcoreapp3.1)
      Microsoft.NETCore.Platforms (>= 1.1.1)
      Microsoft.NETCore.Targets (>= 1.1.3)
    System.Collections.Immutable (5.0.0) - restriction: || (&& (== net40) (>= net451) (>= uap10.0)) (&& (== net40) (>= net461) (>= uap10.0)) (&& (== net40) (>= netcoreapp2.1)) (&& (== net40) (>= netstandard2.0) (>= uap10.0)) (== netcoreapp3.1)
    System.Globalization (4.3.0) - restriction: || (&& (== net40) (>= net451) (>= uap10.0)) (&& (== net40) (>= netcoreapp2.1)) (&& (== net40) (>= netstandard2.0) (>= uap10.0)) (== netcoreapp3.1)
      Microsoft.NETCore.Platforms (>= 1.1) - restriction: || (&& (== net40) (>= netstandard1.0)) (&& (== net40) (>= netstandard1.3)) (== netcoreapp3.1)
      Microsoft.NETCore.Targets (>= 1.1) - restriction: || (&& (== net40) (>= netstandard1.0)) (&& (== net40) (>= netstandard1.3)) (== netcoreapp3.1)
      System.Runtime (>= 4.3) - restriction: || (&& (== net40) (>= netstandard1.0)) (&& (== net40) (>= netstandard1.3)) (== netcoreapp3.1)
    System.IO (4.3.0) - restriction: || (&& (== net40) (>= net451) (>= uap10.0)) (&& (== net40) (>= netcoreapp2.1)) (&& (== net40) (>= netstandard2.0) (>= uap10.0)) (== netcoreapp3.1)
      Microsoft.NETCore.Platforms (>= 1.1) - restriction: || (&& (== net40) (>= netstandard1.0)) (&& (== net40) (>= netstandard1.3)) (&& (== net40) (>= netstandard1.5)) (== netcoreapp3.1)
      Microsoft.NETCore.Targets (>= 1.1) - restriction: || (&& (== net40) (>= netstandard1.0)) (&& (== net40) (>= netstandard1.3)) (&& (== net40) (>= netstandard1.5)) (== netcoreapp3.1)
      System.Runtime (>= 4.3) - restriction: || (&& (== net40) (>= netstandard1.0)) (&& (== net40) (>= netstandard1.3)) (&& (== net40) (>= netstandard1.5)) (== netcoreapp3.1)
      System.Text.Encoding (>= 4.3) - restriction: || (&& (== net40) (>= netstandard1.0)) (&& (== net40) (>= netstandard1.3)) (&& (== net40) (>= netstandard1.5)) (== netcoreapp3.1)
      System.Threading.Tasks (>= 4.3) - restriction: || (&& (== net40) (>= netstandard1.0)) (&& (== net40) (>= netstandard1.3)) (&& (== net40) (>= netstandard1.5)) (== netcoreapp3.1)
    System.Reflection (4.3.0) - restriction: || (&& (== net40) (>= net451) (>= uap10.0)) (&& (== net40) (>= netcoreapp2.1)) (&& (== net40) (>= netstandard2.0) (>= uap10.0)) (== netcoreapp3.1)
      Microsoft.NETCore.Platforms (>= 1.1) - restriction: || (&& (== net40) (>= netstandard1.0)) (&& (== net40) (>= netstandard1.3)) (&& (== net40) (>= netstandard1.5)) (== netcoreapp3.1)
      Microsoft.NETCore.Targets (>= 1.1) - restriction: || (&& (== net40) (>= netstandard1.0)) (&& (== net40) (>= netstandard1.3)) (&& (== net40) (>= netstandard1.5)) (== netcoreapp3.1)
      System.IO (>= 4.3) - restriction: || (&& (== net40) (>= netstandard1.0)) (&& (== net40) (>= netstandard1.3)) (&& (== net40) (>= netstandard1.5)) (== netcoreapp3.1)
      System.Reflection.Primitives (>= 4.3) - restriction: || (&& (== net40) (>= netstandard1.0)) (&& (== net40) (>= netstandard1.3)) (&& (== net40) (>= netstandard1.5)) (== netcoreapp3.1)
      System.Runtime (>= 4.3) - restriction: || (&& (== net40) (>= netstandard1.0)) (&& (== net40) (>= netstandard1.3)) (&& (== net40) (>= netstandard1.5)) (== netcoreapp3.1)
    System.Reflection.Extensions (4.3.0) - restriction: || (&& (== net40) (>= net451) (>= uap10.0)) (&& (== net40) (>= netcoreapp2.1)) (&& (== net40) (>= netstandard2.0) (>= uap10.0)) (== netcoreapp3.1)
      Microsoft.NETCore.Platforms (>= 1.1) - restriction: || (&& (== net40) (>= netstandard1.0)) (== netcoreapp3.1)
      Microsoft.NETCore.Targets (>= 1.1) - restriction: || (&& (== net40) (>= netstandard1.0)) (== netcoreapp3.1)
      System.Reflection (>= 4.3) - restriction: || (&& (== net40) (>= netstandard1.0)) (== netcoreapp3.1)
      System.Runtime (>= 4.3) - restriction: || (&& (== net40) (>= netstandard1.0)) (== netcoreapp3.1)
    System.Reflection.Metadata (5.0.0) - restriction: || (&& (== net40) (>= net451) (>= uap10.0)) (&& (== net40) (>= netcoreapp2.1)) (&& (== net40) (>= netstandard2.0) (>= uap10.0)) (== netcoreapp3.1)
      System.Collections.Immutable (>= 5.0) - restriction: || (&& (== net40) (>= net45)) (&& (== net40) (>= net461)) (&& (== net40) (>= netstandard1.1)) (&& (== net40) (>= netstandard2.0)) (&& (== net40) (>= portable-net45+win8+wpa81)) (&& (== net40) (>= win8)) (&& (== net40) (>= wpa81)) (== netcoreapp3.1)
    System.Reflection.Primitives (4.3.0) - restriction: || (&& (== net40) (>= net451) (>= uap10.0)) (&& (== net40) (>= netcoreapp2.1)) (&& (== net40) (>= netstandard2.0) (>= uap10.0)) (== netcoreapp3.1)
      Microsoft.NETCore.Platforms (>= 1.1) - restriction: || (&& (== net40) (>= netstandard1.0)) (== netcoreapp3.1)
      Microsoft.NETCore.Targets (>= 1.1) - restriction: || (&& (== net40) (>= netstandard1.0)) (== netcoreapp3.1)
      System.Runtime (>= 4.3) - restriction: || (&& (== net40) (>= netstandard1.0)) (== netcoreapp3.1)
    System.Resources.ResourceManager (4.3.0) - restriction: || (&& (== net40) (>= net451) (>= uap10.0)) (&& (== net40) (>= netcoreapp2.1)) (&& (== net40) (>= netstandard2.0) (>= uap10.0)) (== netcoreapp3.1)
      Microsoft.NETCore.Platforms (>= 1.1) - restriction: || (&& (== net40) (>= netstandard1.0)) (== netcoreapp3.1)
      Microsoft.NETCore.Targets (>= 1.1) - restriction: || (&& (== net40) (>= netstandard1.0)) (== netcoreapp3.1)
      System.Globalization (>= 4.3) - restriction: || (&& (== net40) (>= netstandard1.0)) (== netcoreapp3.1)
      System.Reflection (>= 4.3) - restriction: || (&& (== net40) (>= netstandard1.0)) (== netcoreapp3.1)
      System.Runtime (>= 4.3) - restriction: || (&& (== net40) (>= netstandard1.0)) (== netcoreapp3.1)
    System.Runtime (4.3.1) - restriction: || (&& (== net40) (>= net451) (>= uap10.0)) (&& (== net40) (>= netcoreapp2.1)) (&& (== net40) (>= netstandard2.0) (>= uap10.0)) (== netcoreapp3.1)
      Microsoft.NETCore.Platforms (>= 1.1.1) - restriction: || (&& (== net40) (>= netstandard1.0)) (&& (== net40) (>= netstandard1.2)) (&& (== net40) (>= netstandard1.3)) (&& (== net40) (>= netstandard1.5)) (== netcoreapp3.1)
      Microsoft.NETCore.Targets (>= 1.1.3) - restriction: || (&& (== net40) (>= netstandard1.0)) (&& (== net40) (>= netstandard1.2)) (&& (== net40) (>= netstandard1.3)) (&& (== net40) (>= netstandard1.5)) (== netcoreapp3.1)
    System.Runtime.Handles (4.3.0) - restriction: || (&& (== net40) (>= net451) (>= uap10.0)) (&& (== net40) (>= netcoreapp2.1)) (&& (== net40) (>= netstandard2.0) (>= uap10.0)) (== netcoreapp3.1)
      Microsoft.NETCore.Platforms (>= 1.1) - restriction: || (&& (== net40) (>= netstandard1.3)) (== netcoreapp3.1)
      Microsoft.NETCore.Targets (>= 1.1) - restriction: || (&& (== net40) (>= netstandard1.3)) (== netcoreapp3.1)
      System.Runtime (>= 4.3) - restriction: || (&& (== net40) (>= netstandard1.3)) (== netcoreapp3.1)
    System.Runtime.InteropServices (4.3.0) - restriction: || (&& (== net40) (>= net451) (>= uap10.0)) (&& (== net40) (>= netcoreapp2.1)) (&& (== net40) (>= netstandard2.0) (>= uap10.0)) (== netcoreapp3.1)
      Microsoft.NETCore.Platforms (>= 1.1) - restriction: || (&& (== net40) (>= netcoreapp1.1)) (&& (== net40) (>= netstandard1.1)) (&& (== net40) (>= netstandard1.2)) (&& (== net40) (>= netstandard1.3)) (&& (== net40) (>= netstandard1.5)) (== netcoreapp3.1)
      Microsoft.NETCore.Targets (>= 1.1) - restriction: || (&& (== net40) (>= netcoreapp1.1)) (&& (== net40) (>= netstandard1.1)) (&& (== net40) (>= netstandard1.2)) (&& (== net40) (>= netstandard1.3)) (&& (== net40) (>= netstandard1.5)) (== netcoreapp3.1)
      System.Reflection (>= 4.3) - restriction: || (&& (== net40) (>= netcoreapp1.1)) (&& (== net40) (>= netstandard1.1)) (&& (== net40) (>= netstandard1.2)) (&& (== net40) (>= netstandard1.3)) (&& (== net40) (>= netstandard1.5)) (== netcoreapp3.1)
      System.Reflection.Primitives (>= 4.3) - restriction: || (&& (== net40) (>= netcoreapp1.1)) (&& (== net40) (>= netstandard1.1)) (&& (== net40) (>= netstandard1.2)) (&& (== net40) (>= netstandard1.3)) (&& (== net40) (>= netstandard1.5)) (== netcoreapp3.1)
      System.Runtime (>= 4.3) - restriction: || (&& (== net40) (>= net462)) (&& (== net40) (>= netcoreapp1.1)) (&& (== net40) (>= netstandard1.1)) (&& (== net40) (>= netstandard1.2)) (&& (== net40) (>= netstandard1.3)) (&& (== net40) (>= netstandard1.5)) (== netcoreapp3.1)
      System.Runtime.Handles (>= 4.3) - restriction: || (&& (== net40) (>= netcoreapp1.1)) (&& (== net40) (>= netstandard1.3)) (&& (== net40) (>= netstandard1.5)) (== netcoreapp3.1)
    System.Runtime.InteropServices.RuntimeInformation (4.3.0) - restriction: || (&& (== net40) (>= net451) (>= uap10.0)) (&& (== net40) (>= netcoreapp2.1)) (&& (== net40) (>= netstandard2.0) (>= uap10.0)) (== netcoreapp3.1)
      runtime.native.System (>= 4.3) - restriction: || (&& (== net40) (>= netstandard1.1)) (== netcoreapp3.1)
      System.Reflection (>= 4.3) - restriction: || (&& (== net40) (>= netstandard1.1)) (== netcoreapp3.1)
      System.Reflection.Extensions (>= 4.3) - restriction: || (&& (== net40) (>= netstandard1.1)) (== netcoreapp3.1)
      System.Resources.ResourceManager (>= 4.3) - restriction: || (&& (== net40) (>= netstandard1.1)) (== netcoreapp3.1)
      System.Runtime (>= 4.3) - restriction: || (&& (== net40) (>= netstandard1.1)) (== netcoreapp3.1)
      System.Runtime.InteropServices (>= 4.3) - restriction: || (&& (== net40) (>= netstandard1.1)) (== netcoreapp3.1)
      System.Threading (>= 4.3) - restriction: || (&& (== net40) (>= netstandard1.1)) (== netcoreapp3.1)
    System.Text.Encoding (4.3.0) - restriction: || (&& (== net40) (>= net451) (>= uap10.0)) (&& (== net40) (>= netcoreapp2.1)) (&& (== net40) (>= netstandard2.0) (>= uap10.0)) (== netcoreapp3.1)
      Microsoft.NETCore.Platforms (>= 1.1) - restriction: || (&& (== net40) (>= netstandard1.0)) (&& (== net40) (>= netstandard1.3)) (== netcoreapp3.1)
      Microsoft.NETCore.Targets (>= 1.1) - restriction: || (&& (== net40) (>= netstandard1.0)) (&& (== net40) (>= netstandard1.3)) (== netcoreapp3.1)
      System.Runtime (>= 4.3) - restriction: || (&& (== net40) (>= netstandard1.0)) (&& (== net40) (>= netstandard1.3)) (== netcoreapp3.1)
    System.Threading (4.3.0) - restriction: || (&& (== net40) (>= net451) (>= uap10.0)) (&& (== net40) (>= netcoreapp2.1)) (&& (== net40) (>= netstandard2.0) (>= uap10.0)) (== netcoreapp3.1)
      System.Runtime (>= 4.3) - restriction: || (&& (== net40) (>= netstandard1.0)) (&& (== net40) (>= netstandard1.3)) (== netcoreapp3.1)
      System.Threading.Tasks (>= 4.3) - restriction: || (&& (== net40) (>= netstandard1.0)) (&& (== net40) (>= netstandard1.3)) (== netcoreapp3.1)
    System.Threading.Tasks (4.3.0) - restriction: || (&& (== net40) (>= net451) (>= uap10.0)) (&& (== net40) (>= netcoreapp2.1)) (&& (== net40) (>= netstandard2.0) (>= uap10.0)) (== netcoreapp3.1)
      Microsoft.NETCore.Platforms (>= 1.1) - restriction: || (&& (== net40) (>= netstandard1.0)) (&& (== net40) (>= netstandard1.3)) (== netcoreapp3.1)
      Microsoft.NETCore.Targets (>= 1.1) - restriction: || (&& (== net40) (>= netstandard1.0)) (&& (== net40) (>= netstandard1.3)) (== netcoreapp3.1)
      System.Runtime (>= 4.3) - restriction: || (&& (== net40) (>= netstandard1.0)) (&& (== net40) (>= netstandard1.3)) (== netcoreapp3.1)
    xunit (2.4.1)
      xunit.analyzers (>= 0.10)
      xunit.assert (2.4.1)
      xunit.core (2.4.1)
    xunit.abstractions (2.0.3) - restriction: || (&& (== net40) (>= netstandard1.1)) (== netcoreapp3.1)
    xunit.analyzers (0.10.0)
    xunit.assert (2.4.1)
      NETStandard.Library (>= 1.6.1) - restriction: || (&& (== net40) (>= netstandard1.1)) (== netcoreapp3.1)
    xunit.core (2.4.1)
      xunit.extensibility.core (2.4.1)
      xunit.extensibility.execution (2.4.1)
    xunit.extensibility.core (2.4.1)
      NETStandard.Library (>= 1.6.1) - restriction: || (&& (== net40) (>= netstandard1.1)) (== netcoreapp3.1)
      xunit.abstractions (>= 2.0.3) - restriction: || (&& (== net40) (>= netstandard1.1)) (== netcoreapp3.1)
    xunit.extensibility.execution (2.4.1)
      NETStandard.Library (>= 1.6.1) - restriction: || (&& (== net40) (>= netstandard1.1)) (== netcoreapp3.1)
      xunit.extensibility.core (2.4.1) - restriction: || (&& (== net40) (>= netstandard1.1)) (== netcoreapp3.1)
    xunit.runner.visualstudio (2.4.3)

GROUP tutorial
STORAGE: NONE
RESTRICTION: || (== net40) (== netcoreapp3.1)
NUGET
  remote: https://kmddk.pkgs.visualstudio.com/45c29cd0-03bf-4f63-ac71-3c366095dda9/_packaging/KMD_Package_Feed/nuget/v2
    FSharp.Compiler.Service (38.0.2) - restriction: || (&& (== net40) (>= netstandard2.1)) (== netcoreapp3.1)
      FSharp.Core (5.0) - restriction: || (&& (== net40) (>= netstandard2.0)) (== netcoreapp3.1)
      Microsoft.Build.Framework (>= 16.6) - restriction: || (&& (== net40) (>= netstandard2.0)) (== netcoreapp3.1)
      Microsoft.Build.Tasks.Core (>= 16.6) - restriction: || (&& (== net40) (>= netstandard2.0)) (== netcoreapp3.1)
      Microsoft.Build.Utilities.Core (>= 16.6) - restriction: || (&& (== net40) (>= netstandard2.0)) (== netcoreapp3.1)
      System.Buffers (>= 4.5.1) - restriction: || (&& (== net40) (>= netstandard2.0)) (== netcoreapp3.1)
      System.Collections.Immutable (>= 1.5) - restriction: || (&& (== net40) (>= netstandard2.0)) (== netcoreapp3.1)
      System.Diagnostics.Process (>= 4.3) - restriction: || (&& (== net40) (>= netstandard2.0)) (== netcoreapp3.1)
      System.Diagnostics.TraceSource (>= 4.3) - restriction: || (&& (== net40) (>= netstandard2.0)) (== netcoreapp3.1)
      System.Linq.Expressions (>= 4.3) - restriction: || (&& (== net40) (>= netstandard2.0)) (== netcoreapp3.1)
      System.Linq.Queryable (>= 4.3) - restriction: || (&& (== net40) (>= netstandard2.0)) (== netcoreapp3.1)
      System.Memory (>= 4.5.4) - restriction: || (&& (== net40) (>= netstandard2.0)) (== netcoreapp3.1)
      System.Net.Requests (>= 4.3) - restriction: || (&& (== net40) (>= netstandard2.0)) (== netcoreapp3.1)
      System.Net.Security (>= 4.3) - restriction: || (&& (== net40) (>= netstandard2.0)) (== netcoreapp3.1)
      System.Reflection.Emit (>= 4.3) - restriction: || (&& (== net40) (>= netstandard2.0)) (== netcoreapp3.1)
      System.Reflection.Metadata (>= 1.6) - restriction: || (&& (== net40) (>= netstandard2.0)) (== netcoreapp3.1)
      System.Reflection.TypeExtensions (>= 4.3) - restriction: || (&& (== net40) (>= netstandard2.0)) (== netcoreapp3.1)
      System.Runtime (>= 4.3) - restriction: || (&& (== net40) (>= netstandard2.0)) (== netcoreapp3.1)
      System.Runtime.InteropServices (>= 4.3) - restriction: || (&& (== net40) (>= netstandard2.0)) (== netcoreapp3.1)
      System.Runtime.Loader (>= 4.3) - restriction: || (&& (== net40) (>= netstandard2.0)) (== netcoreapp3.1)
      System.Security.Claims (>= 4.3) - restriction: || (&& (== net40) (>= netstandard2.0)) (== netcoreapp3.1)
      System.Security.Cryptography.Algorithms (>= 4.3) - restriction: || (&& (== net40) (>= netstandard2.0)) (== netcoreapp3.1)
      System.Security.Principal (>= 4.3) - restriction: || (&& (== net40) (>= netstandard2.0)) (== netcoreapp3.1)
      System.Threading.Tasks.Parallel (>= 4.3) - restriction: || (&& (== net40) (>= netstandard2.0)) (== netcoreapp3.1)
      System.Threading.Thread (>= 4.3) - restriction: || (&& (== net40) (>= netstandard2.0)) (== netcoreapp3.1)
      System.Threading.ThreadPool (>= 4.3) - restriction: || (&& (== net40) (>= netstandard2.0)) (== netcoreapp3.1)
    FSharp.Core (5.0.0) - restriction: || (&& (== net40) (>= netstandard2.1)) (== netcoreapp3.1)
    FSharp.Formatting (8.0.0)
      FSharp.Compiler.Service (>= 38.0.2) - restriction: || (&& (== net40) (>= netstandard2.1)) (== netcoreapp3.1)
    Microsoft.Build.Framework (16.8.0) - restriction: || (&& (== net40) (>= netstandard2.1)) (== netcoreapp3.1)
      System.Security.Permissions (>= 4.7) - restriction: || (&& (== net40) (>= netstandard2.0)) (== netcoreapp3.1)
    Microsoft.Build.Tasks.Core (16.8.0) - restriction: || (&& (== net40) (>= netstandard2.1)) (== netcoreapp3.1)
      Microsoft.Build.Framework (>= 16.8) - restriction: || (&& (== net40) (>= netstandard2.0)) (== netcoreapp3.1)
      Microsoft.Build.Utilities.Core (>= 16.8) - restriction: || (&& (== net40) (>= netstandard2.0)) (== netcoreapp3.1)
      Microsoft.Win32.Registry (>= 4.3) - restriction: || (&& (== net40) (>= netstandard2.0)) (== netcoreapp3.1)
      System.CodeDom (>= 4.4) - restriction: || (&& (== net40) (>= netstandard2.0)) (== netcoreapp3.1)
      System.Collections.Immutable (>= 1.5) - restriction: || (&& (== net40) (>= netstandard2.0)) (== netcoreapp3.1)
      System.Reflection.Metadata (>= 1.6) - restriction: || (&& (== net40) (>= netstandard2.0)) (== netcoreapp3.1)
      System.Reflection.TypeExtensions (>= 4.1) - restriction: || (&& (== net40) (>= netstandard2.0)) (== netcoreapp3.1)
      System.Resources.Extensions (>= 4.6) - restriction: || (&& (== net40) (>= netstandard2.0)) (== netcoreapp3.1)
      System.Runtime.InteropServices (>= 4.3) - restriction: || (&& (== net40) (>= netstandard2.0)) (== netcoreapp3.1)
      System.Security.Cryptography.Pkcs (>= 4.7) - restriction: || (&& (== net40) (>= netstandard2.0)) (== netcoreapp3.1)
      System.Security.Cryptography.Xml (>= 4.7) - restriction: || (&& (== net40) (>= netstandard2.0)) (== netcoreapp3.1)
      System.Security.Permissions (>= 4.7) - restriction: || (&& (== net40) (>= netstandard2.0)) (== netcoreapp3.1)
      System.Threading.Tasks.Dataflow (>= 4.9) - restriction: || (&& (== net40) (>= netstandard2.0)) (== netcoreapp3.1)
    Microsoft.Build.Utilities.Core (16.8.0) - restriction: || (&& (== net40) (>= netstandard2.1)) (== netcoreapp3.1)
      Microsoft.Build.Framework (>= 16.8) - restriction: || (&& (== net40) (>= netstandard2.0)) (== netcoreapp3.1)
      Microsoft.Win32.Registry (>= 4.3) - restriction: || (&& (== net40) (>= netstandard2.0)) (== netcoreapp3.1)
      System.Collections.Immutable (>= 1.5) - restriction: || (&& (== net40) (>= netstandard2.0)) (== netcoreapp3.1)
      System.Security.Permissions (>= 4.7) - restriction: || (&& (== net40) (>= netstandard2.0)) (== netcoreapp3.1)
      System.Text.Encoding.CodePages (>= 4.0.1) - restriction: || (&& (== net40) (>= netstandard2.0)) (== netcoreapp3.1)
    Microsoft.NETCore.Platforms (5.0.0) - restriction: || (&& (== net40) (>= netstandard2.1)) (== netcoreapp3.1)
    Microsoft.NETCore.Targets (5.0.0) - restriction: || (&& (== net40) (>= netstandard2.1)) (== netcoreapp3.1)
    Microsoft.Win32.Primitives (4.3.0) - restriction: || (&& (== net40) (>= netstandard2.1)) (== netcoreapp3.1)
      Microsoft.NETCore.Platforms (>= 1.1) - restriction: || (&& (== net40) (>= netstandard1.3)) (== netcoreapp3.1)
      Microsoft.NETCore.Targets (>= 1.1) - restriction: || (&& (== net40) (>= netstandard1.3)) (== netcoreapp3.1)
      System.Runtime (>= 4.3) - restriction: || (&& (== net40) (>= netstandard1.3)) (== netcoreapp3.1)
    Microsoft.Win32.Registry (5.0.0) - restriction: || (&& (== net40) (>= netstandard2.1)) (== netcoreapp3.1)
      System.Security.AccessControl (>= 5.0) - restriction: || (&& (== net40) (>= monoandroid)) (&& (== net40) (>= monotouch)) (&& (== net40) (>= net461)) (&& (== net40) (>= netcoreapp2.0)) (&& (== net40) (>= netstandard2.0)) (&& (== net40) (>= uap10.1)) (&& (== net40) (>= xamarinios)) (&& (== net40) (>= xamarinmac)) (&& (== net40) (>= xamarintvos)) (&& (== net40) (>= xamarinwatchos)) (== netcoreapp3.1)
      System.Security.Principal.Windows (>= 5.0) - restriction: || (&& (== net40) (>= monoandroid)) (&& (== net40) (>= monotouch)) (&& (== net40) (>= net461)) (&& (== net40) (>= netcoreapp2.0)) (&& (== net40) (>= netstandard2.0)) (&& (== net40) (>= uap10.1)) (&& (== net40) (>= xamarinios)) (&& (== net40) (>= xamarinmac)) (&& (== net40) (>= xamarintvos)) (&& (== net40) (>= xamarinwatchos)) (== netcoreapp3.1)
    Microsoft.Win32.SystemEvents (5.0.0) - restriction: || (&& (== net40) (>= netcoreapp3.0)) (== netcoreapp3.1)
      Microsoft.NETCore.Platforms (>= 5.0) - restriction: || (&& (== net40) (>= netcoreapp2.0)) (== netcoreapp3.1)
    runtime.debian.8-x64.runtime.native.System.Security.Cryptography.OpenSsl (4.3.3) - restriction: || (&& (== net40) (>= netstandard2.1)) (== netcoreapp3.1)
    runtime.debian.9-x64.runtime.native.System.Security.Cryptography.OpenSsl (4.3.3) - restriction: || (&& (== net40) (>= netstandard2.1)) (== netcoreapp3.1)
    runtime.fedora.23-x64.runtime.native.System.Security.Cryptography.OpenSsl (4.3.3) - restriction: || (&& (== net40) (>= netstandard2.1)) (== netcoreapp3.1)
    runtime.fedora.24-x64.runtime.native.System.Security.Cryptography.OpenSsl (4.3.3) - restriction: || (&& (== net40) (>= netstandard2.1)) (== netcoreapp3.1)
    runtime.fedora.27-x64.runtime.native.System.Security.Cryptography.OpenSsl (4.3.3) - restriction: || (&& (== net40) (>= netstandard2.1)) (== netcoreapp3.1)
    runtime.fedora.28-x64.runtime.native.System.Security.Cryptography.OpenSsl (4.3.3) - restriction: || (&& (== net40) (>= netstandard2.1)) (== netcoreapp3.1)
    runtime.native.System (4.3.1) - restriction: || (&& (== net40) (>= netstandard2.1)) (== netcoreapp3.1)
      Microsoft.NETCore.Platforms (>= 1.1.1)
      Microsoft.NETCore.Targets (>= 1.1.3)
    runtime.native.System.Net.Http (4.3.1) - restriction: || (&& (== net40) (>= netstandard2.1)) (== netcoreapp3.1)
      Microsoft.NETCore.Platforms (>= 1.1.1)
      Microsoft.NETCore.Targets (>= 1.1.3)
    runtime.native.System.Net.Security (4.3.1) - restriction: || (&& (== net40) (>= netstandard2.1)) (== netcoreapp3.1)
      Microsoft.NETCore.Platforms (>= 1.1.1)
      Microsoft.NETCore.Targets (>= 1.1.3)
    runtime.native.System.Security.Cryptography.Apple (4.3.1) - restriction: || (&& (== net40) (>= netstandard2.1)) (== netcoreapp3.1)
      runtime.osx.10.10-x64.runtime.native.System.Security.Cryptography.Apple (>= 4.3.1)
    runtime.native.System.Security.Cryptography.OpenSsl (4.3.3) - restriction: || (&& (== net40) (>= netstandard2.1)) (== netcoreapp3.1)
      runtime.debian.8-x64.runtime.native.System.Security.Cryptography.OpenSsl (>= 4.3.3)
      runtime.debian.9-x64.runtime.native.System.Security.Cryptography.OpenSsl (>= 4.3.3)
      runtime.fedora.23-x64.runtime.native.System.Security.Cryptography.OpenSsl (>= 4.3.3)
      runtime.fedora.24-x64.runtime.native.System.Security.Cryptography.OpenSsl (>= 4.3.3)
      runtime.fedora.27-x64.runtime.native.System.Security.Cryptography.OpenSsl (>= 4.3.3)
      runtime.fedora.28-x64.runtime.native.System.Security.Cryptography.OpenSsl (>= 4.3.3)
      runtime.opensuse.13.2-x64.runtime.native.System.Security.Cryptography.OpenSsl (>= 4.3.3)
      runtime.opensuse.42.1-x64.runtime.native.System.Security.Cryptography.OpenSsl (>= 4.3.3)
      runtime.opensuse.42.3-x64.runtime.native.System.Security.Cryptography.OpenSsl (>= 4.3.3)
      runtime.osx.10.10-x64.runtime.native.System.Security.Cryptography.OpenSsl (>= 4.3.3)
      runtime.rhel.7-x64.runtime.native.System.Security.Cryptography.OpenSsl (>= 4.3.3)
      runtime.ubuntu.14.04-x64.runtime.native.System.Security.Cryptography.OpenSsl (>= 4.3.3)
      runtime.ubuntu.16.04-x64.runtime.native.System.Security.Cryptography.OpenSsl (>= 4.3.3)
      runtime.ubuntu.16.10-x64.runtime.native.System.Security.Cryptography.OpenSsl (>= 4.3.3)
      runtime.ubuntu.18.04-x64.runtime.native.System.Security.Cryptography.OpenSsl (>= 4.3.3)
    runtime.opensuse.13.2-x64.runtime.native.System.Security.Cryptography.OpenSsl (4.3.3) - restriction: || (&& (== net40) (>= netstandard2.1)) (== netcoreapp3.1)
    runtime.opensuse.42.1-x64.runtime.native.System.Security.Cryptography.OpenSsl (4.3.3) - restriction: || (&& (== net40) (>= netstandard2.1)) (== netcoreapp3.1)
    runtime.opensuse.42.3-x64.runtime.native.System.Security.Cryptography.OpenSsl (4.3.3) - restriction: || (&& (== net40) (>= netstandard2.1)) (== netcoreapp3.1)
    runtime.osx.10.10-x64.runtime.native.System.Security.Cryptography.Apple (4.3.1) - restriction: || (&& (== net40) (>= netstandard2.1)) (== netcoreapp3.1)
    runtime.osx.10.10-x64.runtime.native.System.Security.Cryptography.OpenSsl (4.3.3) - restriction: || (&& (== net40) (>= netstandard2.1)) (== netcoreapp3.1)
    runtime.rhel.7-x64.runtime.native.System.Security.Cryptography.OpenSsl (4.3.3) - restriction: || (&& (== net40) (>= netstandard2.1)) (== netcoreapp3.1)
    runtime.ubuntu.14.04-x64.runtime.native.System.Security.Cryptography.OpenSsl (4.3.3) - restriction: || (&& (== net40) (>= netstandard2.1)) (== netcoreapp3.1)
    runtime.ubuntu.16.04-x64.runtime.native.System.Security.Cryptography.OpenSsl (4.3.3) - restriction: || (&& (== net40) (>= netstandard2.1)) (== netcoreapp3.1)
    runtime.ubuntu.16.10-x64.runtime.native.System.Security.Cryptography.OpenSsl (4.3.3) - restriction: || (&& (== net40) (>= netstandard2.1)) (== netcoreapp3.1)
    runtime.ubuntu.18.04-x64.runtime.native.System.Security.Cryptography.OpenSsl (4.3.3) - restriction: || (&& (== net40) (>= netstandard2.1)) (== netcoreapp3.1)
    System.Buffers (4.5.1) - restriction: || (&& (== net40) (>= netstandard2.1)) (== netcoreapp3.1)
    System.CodeDom (5.0.0) - restriction: || (&& (== net40) (>= netstandard2.1)) (== netcoreapp3.1)
    System.Collections (4.3.0) - restriction: || (&& (== net40) (>= netstandard2.1)) (== netcoreapp3.1)
      Microsoft.NETCore.Platforms (>= 1.1) - restriction: || (&& (== net40) (>= netstandard1.0)) (&& (== net40) (>= netstandard1.3)) (== netcoreapp3.1)
      Microsoft.NETCore.Targets (>= 1.1) - restriction: || (&& (== net40) (>= netstandard1.0)) (&& (== net40) (>= netstandard1.3)) (== netcoreapp3.1)
      System.Runtime (>= 4.3) - restriction: || (&& (== net40) (>= netstandard1.0)) (&& (== net40) (>= netstandard1.3)) (== netcoreapp3.1)
    System.Collections.Concurrent (4.3.0) - restriction: || (&& (== net40) (>= netstandard2.1)) (== netcoreapp3.1)
      System.Collections (>= 4.3) - restriction: || (&& (== net40) (>= netstandard1.3)) (== netcoreapp3.1)
      System.Diagnostics.Debug (>= 4.3) - restriction: || (&& (== net40) (>= netstandard1.3)) (== netcoreapp3.1)
      System.Diagnostics.Tracing (>= 4.3) - restriction: || (&& (== net40) (>= netstandard1.3)) (== netcoreapp3.1)
      System.Globalization (>= 4.3) - restriction: || (&& (== net40) (>= netstandard1.3)) (== netcoreapp3.1)
      System.Reflection (>= 4.3) - restriction: || (&& (== net40) (>= netstandard1.3)) (== netcoreapp3.1)
      System.Resources.ResourceManager (>= 4.3) - restriction: || (&& (== net40) (>= netstandard1.3)) (== netcoreapp3.1)
      System.Runtime (>= 4.3) - restriction: || (&& (== net40) (>= netstandard1.1)) (&& (== net40) (>= netstandard1.3)) (== netcoreapp3.1)
      System.Runtime.Extensions (>= 4.3) - restriction: || (&& (== net40) (>= netstandard1.3)) (== netcoreapp3.1)
      System.Threading (>= 4.3) - restriction: || (&& (== net40) (>= netstandard1.3)) (== netcoreapp3.1)
      System.Threading.Tasks (>= 4.3) - restriction: || (&& (== net40) (>= netstandard1.1)) (&& (== net40) (>= netstandard1.3)) (== netcoreapp3.1)
    System.Collections.Immutable (5.0.0) - restriction: || (&& (== net40) (>= netstandard2.1)) (== netcoreapp3.1)
    System.Diagnostics.Debug (4.3.0) - restriction: || (&& (== net40) (>= netstandard2.1)) (== netcoreapp3.1)
      Microsoft.NETCore.Platforms (>= 1.1) - restriction: || (&& (== net40) (>= netstandard1.0)) (&& (== net40) (>= netstandard1.3)) (== netcoreapp3.1)
      Microsoft.NETCore.Targets (>= 1.1) - restriction: || (&& (== net40) (>= netstandard1.0)) (&& (== net40) (>= netstandard1.3)) (== netcoreapp3.1)
      System.Runtime (>= 4.3) - restriction: || (&& (== net40) (>= netstandard1.0)) (&& (== net40) (>= netstandard1.3)) (== netcoreapp3.1)
    System.Diagnostics.DiagnosticSource (5.0.1) - restriction: || (&& (== net40) (>= netstandard2.1)) (== netcoreapp3.1)
    System.Diagnostics.Process (4.3.0) - restriction: || (&& (== net40) (>= netstandard2.1)) (== netcoreapp3.1)
      Microsoft.NETCore.Platforms (>= 1.1) - restriction: || (&& (== net40) (>= netstandard1.4)) (== netcoreapp3.1)
      Microsoft.Win32.Primitives (>= 4.3) - restriction: || (&& (== net40) (>= netstandard1.4)) (== netcoreapp3.1)
      Microsoft.Win32.Registry (>= 4.3) - restriction: || (&& (== net40) (>= netstandard1.4)) (== netcoreapp3.1)
      runtime.native.System (>= 4.3) - restriction: || (&& (== net40) (>= netstandard1.4)) (== netcoreapp3.1)
      System.Collections (>= 4.3) - restriction: || (&& (== net40) (>= netstandard1.4)) (== netcoreapp3.1)
      System.Diagnostics.Debug (>= 4.3) - restriction: || (&& (== net40) (>= netstandard1.4)) (== netcoreapp3.1)
      System.Globalization (>= 4.3) - restriction: || (&& (== net40) (>= netstandard1.4)) (== netcoreapp3.1)
      System.IO (>= 4.3) - restriction: || (&& (== net40) (>= netstandard1.3)) (&& (== net40) (>= netstandard1.4)) (== netcoreapp3.1)
      System.IO.FileSystem (>= 4.3) - restriction: || (&& (== net40) (>= netstandard1.4)) (== netcoreapp3.1)
      System.IO.FileSystem.Primitives (>= 4.3) - restriction: || (&& (== net40) (>= netstandard1.4)) (== netcoreapp3.1)
      System.Resources.ResourceManager (>= 4.3) - restriction: || (&& (== net40) (>= netstandard1.4)) (== netcoreapp3.1)
      System.Runtime (>= 4.3) - restriction: || (&& (== net40) (>= netstandard1.3)) (&& (== net40) (>= netstandard1.4)) (== netcoreapp3.1)
      System.Runtime.Extensions (>= 4.3) - restriction: || (&& (== net40) (>= netstandard1.4)) (== netcoreapp3.1)
      System.Runtime.Handles (>= 4.3) - restriction: || (&& (== net40) (>= netstandard1.3)) (&& (== net40) (>= netstandard1.4)) (== netcoreapp3.1)
      System.Runtime.InteropServices (>= 4.3) - restriction: || (&& (== net40) (>= netstandard1.4)) (== netcoreapp3.1)
      System.Text.Encoding (>= 4.3) - restriction: || (&& (== net40) (>= netstandard1.3)) (&& (== net40) (>= netstandard1.4)) (== netcoreapp3.1)
      System.Text.Encoding.Extensions (>= 4.3) - restriction: || (&& (== net40) (>= netstandard1.4)) (== netcoreapp3.1)
      System.Threading (>= 4.3) - restriction: || (&& (== net40) (>= netstandard1.4)) (== netcoreapp3.1)
      System.Threading.Tasks (>= 4.3) - restriction: || (&& (== net40) (>= netstandard1.4)) (== netcoreapp3.1)
      System.Threading.Thread (>= 4.3) - restriction: || (&& (== net40) (>= netstandard1.4)) (== netcoreapp3.1)
      System.Threading.ThreadPool (>= 4.3) - restriction: || (&& (== net40) (>= netstandard1.4)) (== netcoreapp3.1)
    System.Diagnostics.TraceSource (4.3.0) - restriction: || (&& (== net40) (>= netstandard2.1)) (== netcoreapp3.1)
      Microsoft.NETCore.Platforms (>= 1.1) - restriction: || (&& (== net40) (>= netstandard1.3)) (== netcoreapp3.1)
      runtime.native.System (>= 4.3) - restriction: || (&& (== net40) (>= netstandard1.3)) (== netcoreapp3.1)
      System.Collections (>= 4.3) - restriction: || (&& (== net40) (>= netstandard1.3)) (== netcoreapp3.1)
      System.Diagnostics.Debug (>= 4.3) - restriction: || (&& (== net40) (>= netstandard1.3)) (== netcoreapp3.1)
      System.Globalization (>= 4.3) - restriction: || (&& (== net40) (>= netstandard1.3)) (== netcoreapp3.1)
      System.Resources.ResourceManager (>= 4.3) - restriction: || (&& (== net40) (>= netstandard1.3)) (== netcoreapp3.1)
      System.Runtime (>= 4.3) - restriction: || (&& (== net40) (>= netstandard1.3)) (== netcoreapp3.1)
      System.Runtime.Extensions (>= 4.3) - restriction: || (&& (== net40) (>= netstandard1.3)) (== netcoreapp3.1)
      System.Threading (>= 4.3) - restriction: || (&& (== net40) (>= netstandard1.3)) (== netcoreapp3.1)
    System.Diagnostics.Tracing (4.3.0) - restriction: || (&& (== net40) (>= netstandard2.1)) (== netcoreapp3.1)
      Microsoft.NETCore.Platforms (>= 1.1) - restriction: || (&& (== net40) (>= netstandard1.1)) (&& (== net40) (>= netstandard1.2)) (&& (== net40) (>= netstandard1.3)) (&& (== net40) (>= netstandard1.5)) (== netcoreapp3.1)
      Microsoft.NETCore.Targets (>= 1.1) - restriction: || (&& (== net40) (>= netstandard1.1)) (&& (== net40) (>= netstandard1.2)) (&& (== net40) (>= netstandard1.3)) (&& (== net40) (>= netstandard1.5)) (== netcoreapp3.1)
      System.Runtime (>= 4.3) - restriction: || (&& (== net40) (>= netstandard1.1)) (&& (== net40) (>= netstandard1.2)) (&& (== net40) (>= netstandard1.3)) (&& (== net40) (>= netstandard1.5)) (== netcoreapp3.1)
    System.Drawing.Common (5.0.0) - restriction: || (&& (== net40) (>= netcoreapp3.0)) (== netcoreapp3.1)
      Microsoft.Win32.SystemEvents (>= 5.0) - restriction: || (&& (== net40) (>= netcoreapp2.0)) (== netcoreapp3.1)
    System.Formats.Asn1 (5.0.0) - restriction: || (&& (== net40) (>= netcoreapp3.0)) (&& (== net40) (>= netstandard2.1)) (== netcoreapp3.1)
    System.Globalization (4.3.0) - restriction: || (&& (== net40) (>= netstandard2.1)) (== netcoreapp3.1)
      Microsoft.NETCore.Platforms (>= 1.1) - restriction: || (&& (== net40) (>= netstandard1.0)) (&& (== net40) (>= netstandard1.3)) (== netcoreapp3.1)
      Microsoft.NETCore.Targets (>= 1.1) - restriction: || (&& (== net40) (>= netstandard1.0)) (&& (== net40) (>= netstandard1.3)) (== netcoreapp3.1)
      System.Runtime (>= 4.3) - restriction: || (&& (== net40) (>= netstandard1.0)) (&& (== net40) (>= netstandard1.3)) (== netcoreapp3.1)
    System.Globalization.Calendars (4.3.0) - restriction: || (&& (== net40) (>= netstandard2.1)) (== netcoreapp3.1)
      Microsoft.NETCore.Platforms (>= 1.1) - restriction: || (&& (== net40) (>= netstandard1.3)) (== netcoreapp3.1)
      Microsoft.NETCore.Targets (>= 1.1) - restriction: || (&& (== net40) (>= netstandard1.3)) (== netcoreapp3.1)
      System.Globalization (>= 4.3) - restriction: || (&& (== net40) (>= netstandard1.3)) (== netcoreapp3.1)
      System.Runtime (>= 4.3) - restriction: || (&& (== net40) (>= netstandard1.3)) (== netcoreapp3.1)
    System.Globalization.Extensions (4.3.0) - restriction: || (&& (== net40) (>= netstandard2.1)) (== netcoreapp3.1)
      Microsoft.NETCore.Platforms (>= 1.1) - restriction: || (&& (== net40) (>= netstandard1.3)) (== netcoreapp3.1)
      System.Globalization (>= 4.3) - restriction: || (&& (== net40) (>= netstandard1.3)) (== netcoreapp3.1)
      System.Resources.ResourceManager (>= 4.3) - restriction: || (&& (== net40) (>= netstandard1.3)) (== netcoreapp3.1)
      System.Runtime (>= 4.3) - restriction: || (&& (== net40) (>= netstandard1.3)) (== netcoreapp3.1)
      System.Runtime.Extensions (>= 4.3) - restriction: || (&& (== net40) (>= netstandard1.3)) (== netcoreapp3.1)
      System.Runtime.InteropServices (>= 4.3) - restriction: || (&& (== net40) (>= netstandard1.3)) (== netcoreapp3.1)
    System.IO (4.3.0) - restriction: || (&& (== net40) (>= netstandard2.1)) (== netcoreapp3.1)
      Microsoft.NETCore.Platforms (>= 1.1) - restriction: || (&& (== net40) (>= netstandard1.0)) (&& (== net40) (>= netstandard1.3)) (&& (== net40) (>= netstandard1.5)) (== netcoreapp3.1)
      Microsoft.NETCore.Targets (>= 1.1) - restriction: || (&& (== net40) (>= netstandard1.0)) (&& (== net40) (>= netstandard1.3)) (&& (== net40) (>= netstandard1.5)) (== netcoreapp3.1)
      System.Runtime (>= 4.3) - restriction: || (&& (== net40) (>= netstandard1.0)) (&& (== net40) (>= netstandard1.3)) (&& (== net40) (>= netstandard1.5)) (== netcoreapp3.1)
      System.Text.Encoding (>= 4.3) - restriction: || (&& (== net40) (>= netstandard1.0)) (&& (== net40) (>= netstandard1.3)) (&& (== net40) (>= netstandard1.5)) (== netcoreapp3.1)
      System.Threading.Tasks (>= 4.3) - restriction: || (&& (== net40) (>= netstandard1.0)) (&& (== net40) (>= netstandard1.3)) (&& (== net40) (>= netstandard1.5)) (== netcoreapp3.1)
    System.IO.FileSystem (4.3.0) - restriction: || (&& (== net40) (>= netstandard2.1)) (== netcoreapp3.1)
      Microsoft.NETCore.Platforms (>= 1.1) - restriction: || (&& (== net40) (>= netstandard1.3)) (== netcoreapp3.1)
      Microsoft.NETCore.Targets (>= 1.1) - restriction: || (&& (== net40) (>= netstandard1.3)) (== netcoreapp3.1)
      System.IO (>= 4.3) - restriction: || (&& (== net40) (>= netstandard1.3)) (== netcoreapp3.1)
      System.IO.FileSystem.Primitives (>= 4.3) - restriction: || (&& (== net40) (>= net46)) (&& (== net40) (>= netstandard1.3)) (== netcoreapp3.1)
      System.Runtime (>= 4.3) - restriction: || (&& (== net40) (>= netstandard1.3)) (== netcoreapp3.1)
      System.Runtime.Handles (>= 4.3) - restriction: || (&& (== net40) (>= netstandard1.3)) (== netcoreapp3.1)
      System.Text.Encoding (>= 4.3) - restriction: || (&& (== net40) (>= netstandard1.3)) (== netcoreapp3.1)
      System.Threading.Tasks (>= 4.3) - restriction: || (&& (== net40) (>= netstandard1.3)) (== netcoreapp3.1)
    System.IO.FileSystem.Primitives (4.3.0) - restriction: || (&& (== net40) (>= netstandard2.1)) (== netcoreapp3.1)
      System.Runtime (>= 4.3) - restriction: || (&& (== net40) (>= netstandard1.3)) (== netcoreapp3.1)
    System.Linq (4.3.0) - restriction: || (&& (== net40) (>= netstandard2.1)) (== netcoreapp3.1)
      System.Collections (>= 4.3) - restriction: || (&& (== net40) (>= netstandard1.0)) (&& (== net40) (>= netstandard1.6)) (== netcoreapp3.1)
      System.Diagnostics.Debug (>= 4.3) - restriction: || (&& (== net40) (>= netstandard1.6)) (== netcoreapp3.1)
      System.Resources.ResourceManager (>= 4.3) - restriction: || (&& (== net40) (>= netstandard1.6)) (== netcoreapp3.1)
      System.Runtime (>= 4.3) - restriction: || (&& (== net40) (>= netstandard1.0)) (&& (== net40) (>= netstandard1.6)) (== netcoreapp3.1)
      System.Runtime.Extensions (>= 4.3) - restriction: || (&& (== net40) (>= netstandard1.6)) (== netcoreapp3.1)
    System.Linq.Expressions (4.3.0) - restriction: || (&& (== net40) (>= netstandard2.1)) (== netcoreapp3.1)
      System.Collections (>= 4.3) - restriction: || (&& (== net40) (>= netstandard1.6)) (== netcoreapp3.1)
      System.Diagnostics.Debug (>= 4.3) - restriction: || (&& (== net40) (>= netstandard1.6)) (== netcoreapp3.1)
      System.Globalization (>= 4.3) - restriction: || (&& (== net40) (>= netstandard1.6)) (== netcoreapp3.1)
      System.IO (>= 4.3) - restriction: || (&& (== net40) (>= netstandard1.6)) (== netcoreapp3.1)
      System.Linq (>= 4.3) - restriction: || (&& (== net40) (>= netstandard1.6)) (== netcoreapp3.1)
      System.ObjectModel (>= 4.3) - restriction: || (&& (== net40) (>= netstandard1.6)) (== netcoreapp3.1)
      System.Reflection (>= 4.3) - restriction: || (&& (== net40) (>= netstandard1.0)) (&& (== net40) (>= netstandard1.3)) (&& (== net40) (>= netstandard1.6)) (== netcoreapp3.1)
      System.Reflection.Emit (>= 4.3) - restriction: || (&& (== net40) (>= netstandard1.6)) (== netcoreapp3.1)
      System.Reflection.Emit.ILGeneration (>= 4.3) - restriction: || (&& (== net40) (>= netstandard1.6)) (== netcoreapp3.1)
      System.Reflection.Emit.Lightweight (>= 4.3) - restriction: || (&& (== net40) (>= netstandard1.6)) (== netcoreapp3.1)
      System.Reflection.Extensions (>= 4.3) - restriction: || (&& (== net40) (>= netstandard1.6)) (== netcoreapp3.1)
      System.Reflection.Primitives (>= 4.3) - restriction: || (&& (== net40) (>= netstandard1.6)) (== netcoreapp3.1)
      System.Reflection.TypeExtensions (>= 4.3) - restriction: || (&& (== net40) (>= netstandard1.6)) (== netcoreapp3.1)
      System.Resources.ResourceManager (>= 4.3) - restriction: || (&& (== net40) (>= netstandard1.6)) (== netcoreapp3.1)
      System.Runtime (>= 4.3) - restriction: || (&& (== net40) (>= netstandard1.0)) (&& (== net40) (>= netstandard1.3)) (&& (== net40) (>= netstandard1.6)) (== netcoreapp3.1)
      System.Runtime.Extensions (>= 4.3) - restriction: || (&& (== net40) (>= netstandard1.6)) (== netcoreapp3.1)
      System.Threading (>= 4.3) - restriction: || (&& (== net40) (>= netstandard1.6)) (== netcoreapp3.1)
    System.Linq.Queryable (4.3.0) - restriction: || (&& (== net40) (>= netstandard2.1)) (== netcoreapp3.1)
      System.Collections (>= 4.3) - restriction: || (&& (== net40) (>= netstandard1.3)) (== netcoreapp3.1)
      System.Diagnostics.Debug (>= 4.3) - restriction: || (&& (== net40) (>= netstandard1.3)) (== netcoreapp3.1)
      System.Linq (>= 4.3) - restriction: || (&& (== net40) (>= netstandard1.0)) (&& (== net40) (>= netstandard1.3)) (== netcoreapp3.1)
      System.Linq.Expressions (>= 4.3) - restriction: || (&& (== net40) (>= netstandard1.0)) (&& (== net40) (>= netstandard1.3)) (== netcoreapp3.1)
      System.Reflection (>= 4.3) - restriction: || (&& (== net40) (>= netstandard1.3)) (== netcoreapp3.1)
      System.Reflection.Extensions (>= 4.3) - restriction: || (&& (== net40) (>= netstandard1.3)) (== netcoreapp3.1)
      System.Resources.ResourceManager (>= 4.3) - restriction: || (&& (== net40) (>= netstandard1.3)) (== netcoreapp3.1)
      System.Runtime (>= 4.3) - restriction: || (&& (== net40) (>= netstandard1.0)) (&& (== net40) (>= netstandard1.3)) (== netcoreapp3.1)
    System.Memory (4.5.4) - restriction: || (&& (== net40) (>= netstandard2.1)) (== netcoreapp3.1)
    System.Net.Http (4.3.4) - restriction: || (&& (== net40) (>= netstandard2.1)) (== netcoreapp3.1)
      Microsoft.NETCore.Platforms (>= 1.1.1) - restriction: || (&& (== net40) (>= netstandard1.3)) (&& (== net40) (>= netstandard1.6)) (== netcoreapp3.1)
      runtime.native.System (>= 4.3) - restriction: || (&& (== net40) (>= netstandard1.6)) (== netcoreapp3.1)
      runtime.native.System.Net.Http (>= 4.3) - restriction: || (&& (== net40) (>= netstandard1.6)) (== netcoreapp3.1)
      runtime.native.System.Security.Cryptography.OpenSsl (>= 4.3.2) - restriction: || (&& (== net40) (>= netstandard1.6)) (== netcoreapp3.1)
      System.Collections (>= 4.3) - restriction: || (&& (== net40) (>= netstandard1.3)) (&& (== net40) (>= netstandard1.6)) (== netcoreapp3.1)
      System.Diagnostics.Debug (>= 4.3) - restriction: || (&& (== net40) (>= netstandard1.3)) (&& (== net40) (>= netstandard1.6)) (== netcoreapp3.1)
      System.Diagnostics.DiagnosticSource (>= 4.3) - restriction: || (&& (== net40) (>= netstandard1.3)) (&& (== net40) (>= netstandard1.6)) (== netcoreapp3.1)
      System.Diagnostics.Tracing (>= 4.3) - restriction: || (&& (== net40) (>= netstandard1.3)) (&& (== net40) (>= netstandard1.6)) (== netcoreapp3.1)
      System.Globalization (>= 4.3) - restriction: || (&& (== net40) (>= netstandard1.3)) (&& (== net40) (>= netstandard1.6)) (== netcoreapp3.1)
      System.Globalization.Extensions (>= 4.3) - restriction: || (&& (== net40) (>= netstandard1.6)) (== netcoreapp3.1)
      System.IO (>= 4.3) - restriction: || (&& (== net40) (>= netstandard1.1)) (&& (== net40) (>= netstandard1.3)) (&& (== net40) (>= netstandard1.6)) (== netcoreapp3.1)
      System.IO.FileSystem (>= 4.3) - restriction: || (&& (== net40) (>= netstandard1.6)) (== netcoreapp3.1)
      System.Net.Primitives (>= 4.3) - restriction: || (&& (== net40) (>= netstandard1.1)) (&& (== net40) (>= netstandard1.3)) (&& (== net40) (>= netstandard1.6)) (== netcoreapp3.1)
      System.Resources.ResourceManager (>= 4.3) - restriction: || (&& (== net40) (>= netstandard1.3)) (&& (== net40) (>= netstandard1.6)) (== netcoreapp3.1)
      System.Runtime (>= 4.3) - restriction: || (&& (== net40) (>= netstandard1.1)) (&& (== net40) (>= netstandard1.3)) (&& (== net40) (>= netstandard1.6)) (== netcoreapp3.1)
      System.Runtime.Extensions (>= 4.3) - restriction: || (&& (== net40) (>= netstandard1.3)) (&& (== net40) (>= netstandard1.6)) (== netcoreapp3.1)
      System.Runtime.Handles (>= 4.3) - restriction: || (&& (== net40) (>= netstandard1.3)) (&& (== net40) (>= netstandard1.6)) (== netcoreapp3.1)
      System.Runtime.InteropServices (>= 4.3) - restriction: || (&& (== net40) (>= netstandard1.3)) (&& (== net40) (>= netstandard1.6)) (== netcoreapp3.1)
      System.Security.Cryptography.Algorithms (>= 4.3) - restriction: || (&& (== net40) (>= netstandard1.6)) (== netcoreapp3.1)
      System.Security.Cryptography.Encoding (>= 4.3) - restriction: || (&& (== net40) (>= netstandard1.3)) (&& (== net40) (>= netstandard1.6)) (== netcoreapp3.1)
      System.Security.Cryptography.OpenSsl (>= 4.3) - restriction: || (&& (== net40) (>= netstandard1.6)) (== netcoreapp3.1)
      System.Security.Cryptography.Primitives (>= 4.3) - restriction: || (&& (== net40) (>= netstandard1.6)) (== netcoreapp3.1)
      System.Security.Cryptography.X509Certificates (>= 4.3) - restriction: || (&& (== net40) (>= net46)) (&& (== net40) (>= netstandard1.3)) (&& (== net40) (>= netstandard1.6)) (== netcoreapp3.1)
      System.Text.Encoding (>= 4.3) - restriction: || (&& (== net40) (>= netstandard1.1)) (&& (== net40) (>= netstandard1.3)) (&& (== net40) (>= netstandard1.6)) (== netcoreapp3.1)
      System.Threading (>= 4.3) - restriction: || (&& (== net40) (>= netstandard1.3)) (&& (== net40) (>= netstandard1.6)) (== netcoreapp3.1)
      System.Threading.Tasks (>= 4.3) - restriction: || (&& (== net40) (>= netstandard1.1)) (&& (== net40) (>= netstandard1.3)) (&& (== net40) (>= netstandard1.6)) (== netcoreapp3.1)
    System.Net.Primitives (4.3.1) - restriction: || (&& (== net40) (>= netstandard2.1)) (== netcoreapp3.1)
      Microsoft.NETCore.Platforms (>= 1.1.1) - restriction: || (&& (== net40) (>= netstandard1.0)) (&& (== net40) (>= netstandard1.1)) (&& (== net40) (>= netstandard1.3)) (== netcoreapp3.1)
      Microsoft.NETCore.Targets (>= 1.1.3) - restriction: || (&& (== net40) (>= netstandard1.0)) (&& (== net40) (>= netstandard1.1)) (&& (== net40) (>= netstandard1.3)) (== netcoreapp3.1)
      System.Runtime (>= 4.3.1) - restriction: || (&& (== net40) (>= netstandard1.0)) (&& (== net40) (>= netstandard1.1)) (&& (== net40) (>= netstandard1.3)) (== netcoreapp3.1)
      System.Runtime.Handles (>= 4.3) - restriction: || (&& (== net40) (>= netstandard1.3)) (== netcoreapp3.1)
    System.Net.Requests (4.3.0) - restriction: || (&& (== net40) (>= netstandard2.1)) (== netcoreapp3.1)
      Microsoft.NETCore.Platforms (>= 1.1) - restriction: || (&& (== net40) (>= netstandard1.3)) (== netcoreapp3.1)
      System.Collections (>= 4.3) - restriction: || (&& (== net40) (>= netstandard1.3)) (== netcoreapp3.1)
      System.Diagnostics.Debug (>= 4.3) - restriction: || (&& (== net40) (>= netstandard1.3)) (== netcoreapp3.1)
      System.Diagnostics.Tracing (>= 4.3) - restriction: || (&& (== net40) (>= netstandard1.3)) (== netcoreapp3.1)
      System.Globalization (>= 4.3) - restriction: || (&& (== net40) (>= netstandard1.3)) (== netcoreapp3.1)
      System.IO (>= 4.3) - restriction: || (&& (== net40) (>= netstandard1.0)) (&& (== net40) (>= netstandard1.1)) (&& (== net40) (>= netstandard1.3)) (== netcoreapp3.1)
      System.Net.Http (>= 4.3) - restriction: || (&& (== net40) (>= netstandard1.3)) (== netcoreapp3.1)
      System.Net.Primitives (>= 4.3) - restriction: || (&& (== net40) (>= netstandard1.0)) (&& (== net40) (>= netstandard1.1)) (&& (== net40) (>= netstandard1.3)) (== netcoreapp3.1)
      System.Net.WebHeaderCollection (>= 4.3) - restriction: || (&& (== net40) (>= netstandard1.3)) (== netcoreapp3.1)
      System.Resources.ResourceManager (>= 4.3) - restriction: || (&& (== net40) (>= netstandard1.3)) (== netcoreapp3.1)
      System.Runtime (>= 4.3) - restriction: || (&& (== net40) (>= netstandard1.0)) (&& (== net40) (>= netstandard1.1)) (&& (== net40) (>= netstandard1.3)) (== netcoreapp3.1)
      System.Threading (>= 4.3) - restriction: || (&& (== net40) (>= netstandard1.3)) (== netcoreapp3.1)
      System.Threading.Tasks (>= 4.3) - restriction: || (&& (== net40) (>= netstandard1.1)) (&& (== net40) (>= netstandard1.3)) (== netcoreapp3.1)
    System.Net.Security (4.3.2) - restriction: || (&& (== net40) (>= netstandard2.1)) (== netcoreapp3.1)
      Microsoft.NETCore.Platforms (>= 1.1) - restriction: || (&& (== net40) (>= netstandard1.3)) (&& (== net40) (>= netstandard1.6)) (== netcoreapp3.1)
      Microsoft.Win32.Primitives (>= 4.3) - restriction: || (&& (== net40) (>= netstandard1.3)) (&& (== net40) (>= netstandard1.6)) (== netcoreapp3.1)
      runtime.native.System (>= 4.3) - restriction: || (&& (== net40) (>= netstandard1.6)) (== netcoreapp3.1)
      runtime.native.System.Net.Security (>= 4.3) - restriction: || (&& (== net40) (>= netstandard1.6)) (== netcoreapp3.1)
      runtime.native.System.Security.Cryptography.OpenSsl (>= 4.3.2) - restriction: || (&& (== net40) (>= netstandard1.6)) (== netcoreapp3.1)
      System.Collections (>= 4.3) - restriction: || (&& (== net40) (>= netstandard1.3)) (&& (== net40) (>= netstandard1.6)) (== netcoreapp3.1)
      System.Collections.Concurrent (>= 4.3) - restriction: || (&& (== net40) (>= netstandard1.3)) (&& (== net40) (>= netstandard1.6)) (== netcoreapp3.1)
      System.Diagnostics.Tracing (>= 4.3) - restriction: || (&& (== net40) (>= netstandard1.3)) (&& (== net40) (>= netstandard1.6)) (== netcoreapp3.1)
      System.Globalization (>= 4.3) - restriction: || (&& (== net40) (>= netstandard1.3)) (&& (== net40) (>= netstandard1.6)) (== netcoreapp3.1)
      System.Globalization.Extensions (>= 4.3) - restriction: || (&& (== net40) (>= netstandard1.6)) (== netcoreapp3.1)
      System.IO (>= 4.3) - restriction: || (&& (== net40) (>= netstandard1.3)) (&& (== net40) (>= netstandard1.6)) (== netcoreapp3.1)
      System.Net.Primitives (>= 4.3) - restriction: || (&& (== net40) (>= netstandard1.3)) (&& (== net40) (>= netstandard1.6)) (== netcoreapp3.1)
      System.Resources.ResourceManager (>= 4.3) - restriction: || (&& (== net40) (>= netstandard1.3)) (&& (== net40) (>= netstandard1.6)) (== netcoreapp3.1)
      System.Runtime (>= 4.3) - restriction: || (&& (== net40) (>= netstandard1.3)) (&& (== net40) (>= netstandard1.6)) (== netcoreapp3.1)
      System.Runtime.Extensions (>= 4.3) - restriction: || (&& (== net40) (>= netstandard1.3)) (&& (== net40) (>= netstandard1.6)) (== netcoreapp3.1)
      System.Runtime.Handles (>= 4.3) - restriction: || (&& (== net40) (>= netstandard1.3)) (&& (== net40) (>= netstandard1.6)) (== netcoreapp3.1)
      System.Runtime.InteropServices (>= 4.3) - restriction: || (&& (== net40) (>= netstandard1.3)) (&& (== net40) (>= netstandard1.6)) (== netcoreapp3.1)
      System.Security.Claims (>= 4.3) - restriction: || (&& (== net40) (>= netstandard1.3)) (&& (== net40) (>= netstandard1.6)) (== netcoreapp3.1)
      System.Security.Cryptography.Algorithms (>= 4.3) - restriction: || (&& (== net40) (>= netstandard1.6)) (== netcoreapp3.1)
      System.Security.Cryptography.Encoding (>= 4.3) - restriction: || (&& (== net40) (>= netstandard1.3)) (&& (== net40) (>= netstandard1.6)) (== netcoreapp3.1)
      System.Security.Cryptography.OpenSsl (>= 4.3) - restriction: || (&& (== net40) (>= netstandard1.6)) (== netcoreapp3.1)
      System.Security.Cryptography.Primitives (>= 4.3) - restriction: || (&& (== net40) (>= netstandard1.3)) (&& (== net40) (>= netstandard1.6)) (== netcoreapp3.1)
      System.Security.Cryptography.X509Certificates (>= 4.3) - restriction: || (&& (== net40) (>= net46)) (&& (== net40) (>= netstandard1.3)) (&& (== net40) (>= netstandard1.6)) (== netcoreapp3.1)
      System.Security.Principal (>= 4.3) - restriction: || (&& (== net40) (>= netstandard1.3)) (&& (== net40) (>= netstandard1.6)) (== netcoreapp3.1)
      System.Text.Encoding (>= 4.3) - restriction: || (&& (== net40) (>= netstandard1.6)) (== netcoreapp3.1)
      System.Threading (>= 4.3) - restriction: || (&& (== net40) (>= netstandard1.3)) (&& (== net40) (>= netstandard1.6)) (== netcoreapp3.1)
      System.Threading.Tasks (>= 4.3) - restriction: || (&& (== net40) (>= netstandard1.3)) (&& (== net40) (>= netstandard1.6)) (== netcoreapp3.1)
      System.Threading.ThreadPool (>= 4.3) - restriction: || (&& (== net40) (>= netstandard1.3)) (&& (== net40) (>= netstandard1.6)) (== netcoreapp3.1)
    System.Net.WebHeaderCollection (4.3.0) - restriction: || (&& (== net40) (>= netstandard2.1)) (== netcoreapp3.1)
      System.Collections (>= 4.3) - restriction: || (&& (== net40) (>= netstandard1.3)) (== netcoreapp3.1)
      System.Resources.ResourceManager (>= 4.3) - restriction: || (&& (== net40) (>= netstandard1.3)) (== netcoreapp3.1)
      System.Runtime (>= 4.3) - restriction: || (&& (== net40) (>= netstandard1.3)) (== netcoreapp3.1)
      System.Runtime.Extensions (>= 4.3) - restriction: || (&& (== net40) (>= netstandard1.3)) (== netcoreapp3.1)
    System.ObjectModel (4.3.0) - restriction: || (&& (== net40) (>= netstandard2.1)) (== netcoreapp3.1)
      System.Collections (>= 4.3) - restriction: || (&& (== net40) (>= netstandard1.3)) (== netcoreapp3.1)
      System.Diagnostics.Debug (>= 4.3) - restriction: || (&& (== net40) (>= netstandard1.3)) (== netcoreapp3.1)
      System.Resources.ResourceManager (>= 4.3) - restriction: || (&& (== net40) (>= netstandard1.3)) (== netcoreapp3.1)
      System.Runtime (>= 4.3) - restriction: || (&& (== net40) (>= netstandard1.0)) (&& (== net40) (>= netstandard1.3)) (== netcoreapp3.1)
      System.Threading (>= 4.3) - restriction: || (&& (== net40) (>= netstandard1.3)) (== netcoreapp3.1)
    System.Reflection (4.3.0) - restriction: || (&& (== net40) (>= netstandard2.1)) (== netcoreapp3.1)
      Microsoft.NETCore.Platforms (>= 1.1) - restriction: || (&& (== net40) (>= netstandard1.0)) (&& (== net40) (>= netstandard1.3)) (&& (== net40) (>= netstandard1.5)) (== netcoreapp3.1)
      Microsoft.NETCore.Targets (>= 1.1) - restriction: || (&& (== net40) (>= netstandard1.0)) (&& (== net40) (>= netstandard1.3)) (&& (== net40) (>= netstandard1.5)) (== netcoreapp3.1)
      System.IO (>= 4.3) - restriction: || (&& (== net40) (>= netstandard1.0)) (&& (== net40) (>= netstandard1.3)) (&& (== net40) (>= netstandard1.5)) (== netcoreapp3.1)
      System.Reflection.Primitives (>= 4.3) - restriction: || (&& (== net40) (>= netstandard1.0)) (&& (== net40) (>= netstandard1.3)) (&& (== net40) (>= netstandard1.5)) (== netcoreapp3.1)
      System.Runtime (>= 4.3) - restriction: || (&& (== net40) (>= netstandard1.0)) (&& (== net40) (>= netstandard1.3)) (&& (== net40) (>= netstandard1.5)) (== netcoreapp3.1)
    System.Reflection.Emit (4.7.0) - restriction: || (&& (== net40) (>= netstandard2.1)) (== netcoreapp3.1)
    System.Reflection.Emit.ILGeneration (4.7.0) - restriction: || (&& (== net40) (>= netstandard2.1)) (== netcoreapp3.1)
    System.Reflection.Emit.Lightweight (4.7.0) - restriction: || (&& (== net40) (>= netstandard2.1)) (== netcoreapp3.1)
    System.Reflection.Extensions (4.3.0) - restriction: || (&& (== net40) (>= netstandard2.1)) (== netcoreapp3.1)
      Microsoft.NETCore.Platforms (>= 1.1) - restriction: || (&& (== net40) (>= netstandard1.0)) (== netcoreapp3.1)
      Microsoft.NETCore.Targets (>= 1.1) - restriction: || (&& (== net40) (>= netstandard1.0)) (== netcoreapp3.1)
      System.Reflection (>= 4.3) - restriction: || (&& (== net40) (>= netstandard1.0)) (== netcoreapp3.1)
      System.Runtime (>= 4.3) - restriction: || (&& (== net40) (>= netstandard1.0)) (== netcoreapp3.1)
    System.Reflection.Metadata (5.0.0) - restriction: || (&& (== net40) (>= netstandard2.1)) (== netcoreapp3.1)
      System.Collections.Immutable (>= 5.0) - restriction: || (&& (== net40) (>= net45)) (&& (== net40) (>= net461)) (&& (== net40) (>= netstandard1.1)) (&& (== net40) (>= netstandard2.0)) (&& (== net40) (>= portable-net45+win8+wpa81)) (&& (== net40) (>= win8)) (&& (== net40) (>= wpa81)) (== netcoreapp3.1)
    System.Reflection.Primitives (4.3.0) - restriction: || (&& (== net40) (>= netstandard2.1)) (== netcoreapp3.1)
      Microsoft.NETCore.Platforms (>= 1.1) - restriction: || (&& (== net40) (>= netstandard1.0)) (== netcoreapp3.1)
      Microsoft.NETCore.Targets (>= 1.1) - restriction: || (&& (== net40) (>= netstandard1.0)) (== netcoreapp3.1)
      System.Runtime (>= 4.3) - restriction: || (&& (== net40) (>= netstandard1.0)) (== netcoreapp3.1)
    System.Reflection.TypeExtensions (4.7.0) - restriction: || (&& (== net40) (>= netstandard2.1)) (== netcoreapp3.1)
    System.Resources.Extensions (5.0.0) - restriction: || (&& (== net40) (>= netstandard2.1)) (== netcoreapp3.1)
    System.Resources.ResourceManager (4.3.0) - restriction: || (&& (== net40) (>= netstandard2.1)) (== netcoreapp3.1)
      Microsoft.NETCore.Platforms (>= 1.1) - restriction: || (&& (== net40) (>= netstandard1.0)) (== netcoreapp3.1)
      Microsoft.NETCore.Targets (>= 1.1) - restriction: || (&& (== net40) (>= netstandard1.0)) (== netcoreapp3.1)
      System.Globalization (>= 4.3) - restriction: || (&& (== net40) (>= netstandard1.0)) (== netcoreapp3.1)
      System.Reflection (>= 4.3) - restriction: || (&& (== net40) (>= netstandard1.0)) (== netcoreapp3.1)
      System.Runtime (>= 4.3) - restriction: || (&& (== net40) (>= netstandard1.0)) (== netcoreapp3.1)
    System.Runtime (4.3.1) - restriction: || (&& (== net40) (>= netstandard2.1)) (== netcoreapp3.1)
      Microsoft.NETCore.Platforms (>= 1.1.1) - restriction: || (&& (== net40) (>= netstandard1.0)) (&& (== net40) (>= netstandard1.2)) (&& (== net40) (>= netstandard1.3)) (&& (== net40) (>= netstandard1.5)) (== netcoreapp3.1)
      Microsoft.NETCore.Targets (>= 1.1.3) - restriction: || (&& (== net40) (>= netstandard1.0)) (&& (== net40) (>= netstandard1.2)) (&& (== net40) (>= netstandard1.3)) (&& (== net40) (>= netstandard1.5)) (== netcoreapp3.1)
    System.Runtime.CompilerServices.Unsafe (5.0.0) - restriction: || (&& (== net40) (>= netstandard2.1)) (== netcoreapp3.1)
    System.Runtime.Extensions (4.3.1) - restriction: || (&& (== net40) (>= netstandard2.1)) (== netcoreapp3.1)
      Microsoft.NETCore.Platforms (>= 1.1.1) - restriction: || (&& (== net40) (>= netstandard1.0)) (&& (== net40) (>= netstandard1.3)) (&& (== net40) (>= netstandard1.5)) (== netcoreapp3.1)
      Microsoft.NETCore.Targets (>= 1.1.3) - restriction: || (&& (== net40) (>= netstandard1.0)) (&& (== net40) (>= netstandard1.3)) (&& (== net40) (>= netstandard1.5)) (== netcoreapp3.1)
      System.Runtime (>= 4.3.1) - restriction: || (&& (== net40) (>= netstandard1.0)) (&& (== net40) (>= netstandard1.3)) (&& (== net40) (>= netstandard1.5)) (== netcoreapp3.1)
    System.Runtime.Handles (4.3.0) - restriction: || (&& (== net40) (>= netstandard2.1)) (== netcoreapp3.1)
      Microsoft.NETCore.Platforms (>= 1.1) - restriction: || (&& (== net40) (>= netstandard1.3)) (== netcoreapp3.1)
      Microsoft.NETCore.Targets (>= 1.1) - restriction: || (&& (== net40) (>= netstandard1.3)) (== netcoreapp3.1)
      System.Runtime (>= 4.3) - restriction: || (&& (== net40) (>= netstandard1.3)) (== netcoreapp3.1)
    System.Runtime.InteropServices (4.3.0) - restriction: || (&& (== net40) (>= netstandard2.1)) (== netcoreapp3.1)
      Microsoft.NETCore.Platforms (>= 1.1) - restriction: || (&& (== net40) (>= netcoreapp1.1)) (&& (== net40) (>= netstandard1.1)) (&& (== net40) (>= netstandard1.2)) (&& (== net40) (>= netstandard1.3)) (&& (== net40) (>= netstandard1.5)) (== netcoreapp3.1)
      Microsoft.NETCore.Targets (>= 1.1) - restriction: || (&& (== net40) (>= netcoreapp1.1)) (&& (== net40) (>= netstandard1.1)) (&& (== net40) (>= netstandard1.2)) (&& (== net40) (>= netstandard1.3)) (&& (== net40) (>= netstandard1.5)) (== netcoreapp3.1)
      System.Reflection (>= 4.3) - restriction: || (&& (== net40) (>= netcoreapp1.1)) (&& (== net40) (>= netstandard1.1)) (&& (== net40) (>= netstandard1.2)) (&& (== net40) (>= netstandard1.3)) (&& (== net40) (>= netstandard1.5)) (== netcoreapp3.1)
      System.Reflection.Primitives (>= 4.3) - restriction: || (&& (== net40) (>= netcoreapp1.1)) (&& (== net40) (>= netstandard1.1)) (&& (== net40) (>= netstandard1.2)) (&& (== net40) (>= netstandard1.3)) (&& (== net40) (>= netstandard1.5)) (== netcoreapp3.1)
      System.Runtime (>= 4.3) - restriction: || (&& (== net40) (>= net462)) (&& (== net40) (>= netcoreapp1.1)) (&& (== net40) (>= netstandard1.1)) (&& (== net40) (>= netstandard1.2)) (&& (== net40) (>= netstandard1.3)) (&& (== net40) (>= netstandard1.5)) (== netcoreapp3.1)
      System.Runtime.Handles (>= 4.3) - restriction: || (&& (== net40) (>= netcoreapp1.1)) (&& (== net40) (>= netstandard1.3)) (&& (== net40) (>= netstandard1.5)) (== netcoreapp3.1)
    System.Runtime.Loader (4.3.0) - restriction: || (&& (== net40) (>= netstandard2.1)) (== netcoreapp3.1)
      System.IO (>= 4.3) - restriction: || (&& (== net40) (>= netstandard1.5)) (== netcoreapp3.1)
      System.Reflection (>= 4.3) - restriction: || (&& (== net40) (>= netstandard1.5)) (== netcoreapp3.1)
      System.Runtime (>= 4.3) - restriction: || (&& (== net40) (>= netstandard1.5)) (== netcoreapp3.1)
    System.Runtime.Numerics (4.3.0) - restriction: || (&& (== net40) (>= netstandard2.1)) (== netcoreapp3.1)
      System.Globalization (>= 4.3) - restriction: || (&& (== net40) (>= netstandard1.3)) (== netcoreapp3.1)
      System.Resources.ResourceManager (>= 4.3) - restriction: || (&& (== net40) (>= netstandard1.3)) (== netcoreapp3.1)
      System.Runtime (>= 4.3) - restriction: || (&& (== net40) (>= netstandard1.1)) (&& (== net40) (>= netstandard1.3)) (== netcoreapp3.1)
      System.Runtime.Extensions (>= 4.3) - restriction: || (&& (== net40) (>= netstandard1.3)) (== netcoreapp3.1)
    System.Security.AccessControl (5.0.0) - restriction: || (&& (== net40) (>= netstandard2.1)) (== netcoreapp3.1)
      Microsoft.NETCore.Platforms (>= 5.0) - restriction: || (&& (== net40) (>= netcoreapp2.0)) (== netcoreapp3.1)
      System.Security.Principal.Windows (>= 5.0) - restriction: || (&& (== net40) (>= net46)) (&& (== net40) (>= net461)) (&& (== net40) (>= netcoreapp2.0)) (&& (== net40) (>= netstandard1.3)) (&& (== net40) (>= netstandard2.0)) (== netcoreapp3.1)
    System.Security.Claims (4.3.0) - restriction: || (&& (== net40) (>= netstandard2.1)) (== netcoreapp3.1)
      System.Collections (>= 4.3) - restriction: || (&& (== net40) (>= netstandard1.3)) (== netcoreapp3.1)
      System.Globalization (>= 4.3) - restriction: || (&& (== net40) (>= netstandard1.3)) (== netcoreapp3.1)
      System.IO (>= 4.3) - restriction: || (&& (== net40) (>= netstandard1.3)) (== netcoreapp3.1)
      System.Resources.ResourceManager (>= 4.3) - restriction: || (&& (== net40) (>= netstandard1.3)) (== netcoreapp3.1)
      System.Runtime (>= 4.3) - restriction: || (&& (== net40) (>= netstandard1.3)) (== netcoreapp3.1)
      System.Runtime.Extensions (>= 4.3) - restriction: || (&& (== net40) (>= netstandard1.3)) (== netcoreapp3.1)
      System.Security.Principal (>= 4.3) - restriction: || (&& (== net40) (>= netstandard1.3)) (== netcoreapp3.1)
    System.Security.Cryptography.Algorithms (4.3.1) - restriction: || (&& (== net40) (>= netstandard2.1)) (== netcoreapp3.1)
      Microsoft.NETCore.Platforms (>= 1.1) - restriction: || (&& (== net40) (>= netstandard1.6)) (== netcoreapp3.1)
      runtime.native.System.Security.Cryptography.Apple (>= 4.3.1) - restriction: || (&& (== net40) (>= netstandard1.6)) (== netcoreapp3.1)
      runtime.native.System.Security.Cryptography.OpenSsl (>= 4.3.2) - restriction: || (&& (== net40) (>= netstandard1.6)) (== netcoreapp3.1)
      System.Collections (>= 4.3) - restriction: || (&& (== net40) (>= netstandard1.6)) (== netcoreapp3.1)
      System.IO (>= 4.3) - restriction: || (&& (== net40) (>= net463)) (&& (== net40) (>= netstandard1.3)) (&& (== net40) (>= netstandard1.4)) (&& (== net40) (>= netstandard1.6)) (== netcoreapp3.1)
      System.Resources.ResourceManager (>= 4.3) - restriction: || (&& (== net40) (>= netstandard1.6)) (== netcoreapp3.1)
      System.Runtime (>= 4.3) - restriction: || (&& (== net40) (>= net463)) (&& (== net40) (>= netstandard1.3)) (&& (== net40) (>= netstandard1.4)) (&& (== net40) (>= netstandard1.6)) (== netcoreapp3.1)
      System.Runtime.Extensions (>= 4.3) - restriction: || (&& (== net40) (>= netstandard1.6)) (== netcoreapp3.1)
      System.Runtime.Handles (>= 4.3) - restriction: || (&& (== net40) (>= netstandard1.6)) (== netcoreapp3.1)
      System.Runtime.InteropServices (>= 4.3) - restriction: || (&& (== net40) (>= netstandard1.6)) (== netcoreapp3.1)
      System.Runtime.Numerics (>= 4.3) - restriction: || (&& (== net40) (>= netstandard1.6)) (== netcoreapp3.1)
      System.Security.Cryptography.Encoding (>= 4.3) - restriction: || (&& (== net40) (>= net463)) (&& (== net40) (>= netstandard1.6)) (== netcoreapp3.1)
      System.Security.Cryptography.Primitives (>= 4.3) - restriction: || (&& (== net40) (>= net46)) (&& (== net40) (>= net461)) (&& (== net40) (>= net463)) (&& (== net40) (>= netstandard1.3)) (&& (== net40) (>= netstandard1.4)) (&& (== net40) (>= netstandard1.6)) (== netcoreapp3.1)
      System.Text.Encoding (>= 4.3) - restriction: || (&& (== net40) (>= netstandard1.6)) (== netcoreapp3.1)
    System.Security.Cryptography.Cng (5.0.0) - restriction: || (&& (== net40) (>= netcoreapp3.0)) (&& (== net40) (>= netstandard2.1)) (== netcoreapp3.1)
      System.Formats.Asn1 (>= 5.0) - restriction: || (&& (== net40) (>= netcoreapp3.0)) (== netcoreapp3.1)
    System.Security.Cryptography.Csp (4.3.0) - restriction: || (&& (== net40) (>= netstandard2.1)) (== netcoreapp3.1)
      Microsoft.NETCore.Platforms (>= 1.1) - restriction: || (&& (== net40) (>= netstandard1.3)) (== netcoreapp3.1)
      System.IO (>= 4.3) - restriction: || (&& (== net40) (>= netstandard1.3)) (== netcoreapp3.1)
      System.Reflection (>= 4.3) - restriction: || (&& (== net40) (>= netstandard1.3)) (== netcoreapp3.1)
      System.Resources.ResourceManager (>= 4.3) - restriction: || (&& (== net40) (>= netstandard1.3)) (== netcoreapp3.1)
      System.Runtime (>= 4.3) - restriction: || (&& (== net40) (>= netstandard1.3)) (== netcoreapp3.1)
      System.Runtime.Extensions (>= 4.3) - restriction: || (&& (== net40) (>= netstandard1.3)) (== netcoreapp3.1)
      System.Runtime.Handles (>= 4.3) - restriction: || (&& (== net40) (>= netstandard1.3)) (== netcoreapp3.1)
      System.Runtime.InteropServices (>= 4.3) - restriction: || (&& (== net40) (>= netstandard1.3)) (== netcoreapp3.1)
      System.Security.Cryptography.Algorithms (>= 4.3) - restriction: || (&& (== net40) (>= net46)) (&& (== net40) (>= netstandard1.3)) (== netcoreapp3.1)
      System.Security.Cryptography.Encoding (>= 4.3) - restriction: || (&& (== net40) (>= netstandard1.3)) (== netcoreapp3.1)
      System.Security.Cryptography.Primitives (>= 4.3) - restriction: || (&& (== net40) (>= net46)) (&& (== net40) (>= netstandard1.3)) (== netcoreapp3.1)
      System.Text.Encoding (>= 4.3) - restriction: || (&& (== net40) (>= netstandard1.3)) (== netcoreapp3.1)
      System.Threading (>= 4.3) - restriction: || (&& (== net40) (>= netstandard1.3)) (== netcoreapp3.1)
    System.Security.Cryptography.Encoding (4.3.0) - restriction: || (&& (== net40) (>= netstandard2.1)) (== netcoreapp3.1)
      Microsoft.NETCore.Platforms (>= 1.1) - restriction: || (&& (== net40) (>= netstandard1.3)) (== netcoreapp3.1)
      runtime.native.System.Security.Cryptography.OpenSsl (>= 4.3) - restriction: || (&& (== net40) (>= netstandard1.3)) (== netcoreapp3.1)
      System.Collections (>= 4.3) - restriction: || (&& (== net40) (>= netstandard1.3)) (== netcoreapp3.1)
      System.Collections.Concurrent (>= 4.3) - restriction: || (&& (== net40) (>= netstandard1.3)) (== netcoreapp3.1)
      System.Linq (>= 4.3) - restriction: || (&& (== net40) (>= netstandard1.3)) (== netcoreapp3.1)
      System.Resources.ResourceManager (>= 4.3) - restriction: || (&& (== net40) (>= netstandard1.3)) (== netcoreapp3.1)
      System.Runtime (>= 4.3) - restriction: || (&& (== net40) (>= netstandard1.3)) (== netcoreapp3.1)
      System.Runtime.Extensions (>= 4.3) - restriction: || (&& (== net40) (>= netstandard1.3)) (== netcoreapp3.1)
      System.Runtime.Handles (>= 4.3) - restriction: || (&& (== net40) (>= netstandard1.3)) (== netcoreapp3.1)
      System.Runtime.InteropServices (>= 4.3) - restriction: || (&& (== net40) (>= netstandard1.3)) (== netcoreapp3.1)
      System.Security.Cryptography.Primitives (>= 4.3) - restriction: || (&& (== net40) (>= netstandard1.3)) (== netcoreapp3.1)
      System.Text.Encoding (>= 4.3) - restriction: || (&& (== net40) (>= netstandard1.3)) (== netcoreapp3.1)
    System.Security.Cryptography.OpenSsl (5.0.0) - restriction: || (&& (== net40) (>= netstandard2.1)) (== netcoreapp3.1)
      System.Formats.Asn1 (>= 5.0) - restriction: || (&& (== net40) (>= netcoreapp3.0)) (== netcoreapp3.1)
    System.Security.Cryptography.Pkcs (5.0.1) - restriction: || (&& (== net40) (>= netstandard2.1)) (== netcoreapp3.1)
      System.Formats.Asn1 (>= 5.0) - restriction: || (&& (== net40) (>= monoandroid)) (&& (== net40) (>= monotouch)) (&& (== net40) (>= netcoreapp2.0)) (&& (== net40) (>= netcoreapp3.0)) (&& (== net40) (>= netstandard2.0)) (&& (== net40) (>= netstandard2.1)) (&& (== net40) (>= uap10.1)) (&& (== net40) (>= xamarinios)) (&& (== net40) (>= xamarinmac)) (&& (== net40) (>= xamarintvos)) (&& (== net40) (>= xamarinwatchos)) (== netcoreapp3.1)
      System.Security.Cryptography.Cng (>= 5.0) - restriction: || (&& (== net40) (>= netcoreapp2.0)) (&& (== net40) (>= netcoreapp2.1)) (&& (== net40) (>= netcoreapp3.0)) (&& (== net40) (>= netstandard2.0)) (&& (== net40) (>= netstandard2.1)) (== netcoreapp3.1)
    System.Security.Cryptography.Primitives (4.3.0) - restriction: || (&& (== net40) (>= netstandard2.1)) (== netcoreapp3.1)
      System.Diagnostics.Debug (>= 4.3) - restriction: || (&& (== net40) (>= netstandard1.3)) (== netcoreapp3.1)
      System.Globalization (>= 4.3) - restriction: || (&& (== net40) (>= netstandard1.3)) (== netcoreapp3.1)
      System.IO (>= 4.3) - restriction: || (&& (== net40) (>= netstandard1.3)) (== netcoreapp3.1)
      System.Resources.ResourceManager (>= 4.3) - restriction: || (&& (== net40) (>= netstandard1.3)) (== netcoreapp3.1)
      System.Runtime (>= 4.3) - restriction: || (&& (== net40) (>= netstandard1.3)) (== netcoreapp3.1)
      System.Threading (>= 4.3) - restriction: || (&& (== net40) (>= netstandard1.3)) (== netcoreapp3.1)
      System.Threading.Tasks (>= 4.3) - restriction: || (&& (== net40) (>= netstandard1.3)) (== netcoreapp3.1)
    System.Security.Cryptography.X509Certificates (4.3.2) - restriction: || (&& (== net40) (>= netstandard2.1)) (== netcoreapp3.1)
      Microsoft.NETCore.Platforms (>= 1.1) - restriction: || (&& (== net40) (>= netstandard1.6)) (== netcoreapp3.1)
      runtime.native.System (>= 4.3) - restriction: || (&& (== net40) (>= netstandard1.6)) (== netcoreapp3.1)
      runtime.native.System.Net.Http (>= 4.3) - restriction: || (&& (== net40) (>= netstandard1.6)) (== netcoreapp3.1)
      runtime.native.System.Security.Cryptography.OpenSsl (>= 4.3.2) - restriction: || (&& (== net40) (>= netstandard1.6)) (== netcoreapp3.1)
      System.Collections (>= 4.3) - restriction: || (&& (== net40) (>= netstandard1.6)) (== netcoreapp3.1)
      System.Diagnostics.Debug (>= 4.3) - restriction: || (&& (== net40) (>= netstandard1.6)) (== netcoreapp3.1)
      System.Globalization (>= 4.3) - restriction: || (&& (== net40) (>= netstandard1.6)) (== netcoreapp3.1)
      System.Globalization.Calendars (>= 4.3) - restriction: || (&& (== net40) (>= netstandard1.6)) (== netcoreapp3.1)
      System.IO (>= 4.3) - restriction: || (&& (== net40) (>= netstandard1.6)) (== netcoreapp3.1)
      System.IO.FileSystem (>= 4.3) - restriction: || (&& (== net40) (>= netstandard1.6)) (== netcoreapp3.1)
      System.IO.FileSystem.Primitives (>= 4.3) - restriction: || (&& (== net40) (>= netstandard1.6)) (== netcoreapp3.1)
      System.Resources.ResourceManager (>= 4.3) - restriction: || (&& (== net40) (>= netstandard1.6)) (== netcoreapp3.1)
      System.Runtime (>= 4.3) - restriction: || (&& (== net40) (>= netstandard1.3)) (&& (== net40) (>= netstandard1.4)) (&& (== net40) (>= netstandard1.6)) (== netcoreapp3.1)
      System.Runtime.Extensions (>= 4.3) - restriction: || (&& (== net40) (>= netstandard1.6)) (== netcoreapp3.1)
      System.Runtime.Handles (>= 4.3) - restriction: || (&& (== net40) (>= netstandard1.3)) (&& (== net40) (>= netstandard1.4)) (&& (== net40) (>= netstandard1.6)) (== netcoreapp3.1)
      System.Runtime.InteropServices (>= 4.3) - restriction: || (&& (== net40) (>= netstandard1.6)) (== netcoreapp3.1)
      System.Runtime.Numerics (>= 4.3) - restriction: || (&& (== net40) (>= netstandard1.6)) (== netcoreapp3.1)
      System.Security.Cryptography.Algorithms (>= 4.3) - restriction: || (&& (== net40) (>= net46)) (&& (== net40) (>= net461)) (&& (== net40) (>= netstandard1.3)) (&& (== net40) (>= netstandard1.4)) (&& (== net40) (>= netstandard1.6)) (== netcoreapp3.1)
      System.Security.Cryptography.Cng (>= 4.3) - restriction: || (&& (== net40) (>= netstandard1.6)) (== netcoreapp3.1)
      System.Security.Cryptography.Csp (>= 4.3) - restriction: || (&& (== net40) (>= netstandard1.6)) (== netcoreapp3.1)
      System.Security.Cryptography.Encoding (>= 4.3) - restriction: || (&& (== net40) (>= net46)) (&& (== net40) (>= net461)) (&& (== net40) (>= netstandard1.3)) (&& (== net40) (>= netstandard1.4)) (&& (== net40) (>= netstandard1.6)) (== netcoreapp3.1)
      System.Security.Cryptography.OpenSsl (>= 4.3) - restriction: || (&& (== net40) (>= netstandard1.6)) (== netcoreapp3.1)
      System.Security.Cryptography.Primitives (>= 4.3) - restriction: || (&& (== net40) (>= netstandard1.6)) (== netcoreapp3.1)
      System.Text.Encoding (>= 4.3) - restriction: || (&& (== net40) (>= netstandard1.6)) (== netcoreapp3.1)
      System.Threading (>= 4.3) - restriction: || (&& (== net40) (>= netstandard1.6)) (== netcoreapp3.1)
    System.Security.Cryptography.Xml (5.0.0) - restriction: || (&& (== net40) (>= netstandard2.1)) (== netcoreapp3.1)
      System.Security.Cryptography.Pkcs (>= 5.0) - restriction: || (&& (== net40) (>= monoandroid)) (&& (== net40) (>= monotouch)) (&& (== net40) (>= netcoreapp2.1)) (&& (== net40) (>= netstandard2.0)) (&& (== net40) (>= xamarinios)) (&& (== net40) (>= xamarinmac)) (&& (== net40) (>= xamarintvos)) (&& (== net40) (>= xamarinwatchos)) (== netcoreapp3.1)
      System.Security.Permissions (>= 5.0) - restriction: || (&& (== net40) (>= monoandroid)) (&& (== net40) (>= monotouch)) (&& (== net40) (>= net461)) (&& (== net40) (>= netstandard2.0)) (&& (== net40) (>= xamarintvos)) (&& (== net40) (>= xamarinwatchos)) (== netcoreapp3.1)
    System.Security.Permissions (5.0.0) - restriction: || (&& (== net40) (>= netstandard2.1)) (== netcoreapp3.1)
      System.Security.AccessControl (>= 5.0) - restriction: || (&& (== net40) (>= net461)) (&& (== net40) (>= netstandard2.0)) (== netcoreapp3.1)
      System.Windows.Extensions (>= 5.0) - restriction: || (&& (== net40) (>= netcoreapp3.0)) (== netcoreapp3.1)
    System.Security.Principal (4.3.0) - restriction: || (&& (== net40) (>= netstandard2.1)) (== netcoreapp3.1)
      System.Runtime (>= 4.3) - restriction: || (&& (== net40) (>= netstandard1.0)) (== netcoreapp3.1)
    System.Security.Principal.Windows (5.0.0) - restriction: || (&& (== net40) (>= netstandard2.1)) (== netcoreapp3.1)
    System.Text.Encoding (4.3.0) - restriction: || (&& (== net40) (>= netstandard2.1)) (== netcoreapp3.1)
      Microsoft.NETCore.Platforms (>= 1.1) - restriction: || (&& (== net40) (>= netstandard1.0)) (&& (== net40) (>= netstandard1.3)) (== netcoreapp3.1)
      Microsoft.NETCore.Targets (>= 1.1) - restriction: || (&& (== net40) (>= netstandard1.0)) (&& (== net40) (>= netstandard1.3)) (== netcoreapp3.1)
      System.Runtime (>= 4.3) - restriction: || (&& (== net40) (>= netstandard1.0)) (&& (== net40) (>= netstandard1.3)) (== netcoreapp3.1)
    System.Text.Encoding.CodePages (5.0.0) - restriction: || (&& (== net40) (>= netstandard2.1)) (== netcoreapp3.1)
      Microsoft.NETCore.Platforms (>= 5.0) - restriction: || (&& (== net40) (>= netcoreapp2.0)) (== netcoreapp3.1)
      System.Runtime.CompilerServices.Unsafe (>= 5.0) - restriction: || (&& (== net40) (>= net461)) (&& (== net40) (>= netcoreapp2.0)) (&& (== net40) (>= netstandard2.0)) (== netcoreapp3.1)
    System.Text.Encoding.Extensions (4.3.0) - restriction: || (&& (== net40) (>= netstandard2.1)) (== netcoreapp3.1)
      Microsoft.NETCore.Platforms (>= 1.1) - restriction: || (&& (== net40) (>= netstandard1.0)) (&& (== net40) (>= netstandard1.3)) (== netcoreapp3.1)
      Microsoft.NETCore.Targets (>= 1.1) - restriction: || (&& (== net40) (>= netstandard1.0)) (&& (== net40) (>= netstandard1.3)) (== netcoreapp3.1)
      System.Runtime (>= 4.3) - restriction: || (&& (== net40) (>= netstandard1.0)) (&& (== net40) (>= netstandard1.3)) (== netcoreapp3.1)
      System.Text.Encoding (>= 4.3) - restriction: || (&& (== net40) (>= netstandard1.0)) (&& (== net40) (>= netstandard1.3)) (== netcoreapp3.1)
    System.Threading (4.3.0) - restriction: || (&& (== net40) (>= netstandard2.1)) (== netcoreapp3.1)
      System.Runtime (>= 4.3) - restriction: || (&& (== net40) (>= netstandard1.0)) (&& (== net40) (>= netstandard1.3)) (== netcoreapp3.1)
      System.Threading.Tasks (>= 4.3) - restriction: || (&& (== net40) (>= netstandard1.0)) (&& (== net40) (>= netstandard1.3)) (== netcoreapp3.1)
    System.Threading.Tasks (4.3.0) - restriction: || (&& (== net40) (>= netstandard2.1)) (== netcoreapp3.1)
      Microsoft.NETCore.Platforms (>= 1.1) - restriction: || (&& (== net40) (>= netstandard1.0)) (&& (== net40) (>= netstandard1.3)) (== netcoreapp3.1)
      Microsoft.NETCore.Targets (>= 1.1) - restriction: || (&& (== net40) (>= netstandard1.0)) (&& (== net40) (>= netstandard1.3)) (== netcoreapp3.1)
      System.Runtime (>= 4.3) - restriction: || (&& (== net40) (>= netstandard1.0)) (&& (== net40) (>= netstandard1.3)) (== netcoreapp3.1)
    System.Threading.Tasks.Dataflow (5.0.0) - restriction: || (&& (== net40) (>= netstandard2.1)) (== netcoreapp3.1)
    System.Threading.Tasks.Parallel (4.3.0) - restriction: || (&& (== net40) (>= netstandard2.1)) (== netcoreapp3.1)
      System.Collections.Concurrent (>= 4.3) - restriction: || (&& (== net40) (>= netstandard1.1)) (&& (== net40) (>= netstandard1.3)) (== netcoreapp3.1)
      System.Diagnostics.Debug (>= 4.3) - restriction: || (&& (== net40) (>= netstandard1.3)) (== netcoreapp3.1)
      System.Diagnostics.Tracing (>= 4.3) - restriction: || (&& (== net40) (>= netstandard1.3)) (== netcoreapp3.1)
      System.Resources.ResourceManager (>= 4.3) - restriction: || (&& (== net40) (>= netstandard1.3)) (== netcoreapp3.1)
      System.Runtime (>= 4.3) - restriction: || (&& (== net40) (>= netstandard1.1)) (&& (== net40) (>= netstandard1.3)) (== netcoreapp3.1)
      System.Runtime.Extensions (>= 4.3) - restriction: || (&& (== net40) (>= netstandard1.3)) (== netcoreapp3.1)
      System.Threading (>= 4.3) - restriction: || (&& (== net40) (>= netstandard1.3)) (== netcoreapp3.1)
      System.Threading.Tasks (>= 4.3) - restriction: || (&& (== net40) (>= netstandard1.1)) (&& (== net40) (>= netstandard1.3)) (== netcoreapp3.1)
    System.Threading.Thread (4.3.0) - restriction: || (&& (== net40) (>= netstandard2.1)) (== netcoreapp3.1)
      System.Runtime (>= 4.3) - restriction: || (&& (== net40) (>= netstandard1.3)) (== netcoreapp3.1)
    System.Threading.ThreadPool (4.3.0) - restriction: || (&& (== net40) (>= netstandard2.1)) (== netcoreapp3.1)
      System.Runtime (>= 4.3) - restriction: || (&& (== net40) (>= netstandard1.3)) (== netcoreapp3.1)
      System.Runtime.Handles (>= 4.3) - restriction: || (&& (== net40) (>= netstandard1.3)) (== netcoreapp3.1)
    System.Windows.Extensions (5.0.0) - restriction: || (&& (== net40) (>= netcoreapp3.0)) (== netcoreapp3.1)
      System.Drawing.Common (>= 5.0) - restriction: || (&& (== net40) (>= netcoreapp3.0)) (== netcoreapp3.1)

GROUP visualizer
STORAGE: NONE
RESTRICTION: || (== net40) (== netcoreapp3.1)
NUGET
  remote: https://kmddk.pkgs.visualstudio.com/45c29cd0-03bf-4f63-ac71-3c366095dda9/_packaging/KMD_Package_Feed/nuget/v2
    Accord (3.8.0)
    Accord.MachineLearning (3.8.0)
      Accord (>= 3.8)
      Accord.Math (>= 3.8)
      Accord.Statistics (>= 3.8)
    Accord.Math (3.8.0)
      Accord (>= 3.8)
    Accord.Statistics (3.8.0)
      Accord (>= 3.8)
      Accord.Math (>= 3.8)
    Deedle (2.3.0)
      FSharp.Core (>= 4.5.2)
    FParsec (1.1.1)
      FSharp.Core (>= 4.3.4) - restriction: || (&& (== net40) (>= net45)) (&& (== net40) (>= netstandard2.0)) (== netcoreapp3.1)
    FSharp.Compiler.Service (38.0.2) - restriction: || (&& (== net40) (>= netstandard2.1)) (== netcoreapp3.1)
      FSharp.Core (5.0) - restriction: || (&& (== net40) (>= netstandard2.0)) (== netcoreapp3.1)
      Microsoft.Build.Framework (>= 16.6) - restriction: || (&& (== net40) (>= netstandard2.0)) (== netcoreapp3.1)
      Microsoft.Build.Tasks.Core (>= 16.6) - restriction: || (&& (== net40) (>= netstandard2.0)) (== netcoreapp3.1)
      Microsoft.Build.Utilities.Core (>= 16.6) - restriction: || (&& (== net40) (>= netstandard2.0)) (== netcoreapp3.1)
      System.Buffers (>= 4.5.1) - restriction: || (&& (== net40) (>= netstandard2.0)) (== netcoreapp3.1)
      System.Collections.Immutable (>= 1.5) - restriction: || (&& (== net40) (>= netstandard2.0)) (== netcoreapp3.1)
      System.Diagnostics.Process (>= 4.3) - restriction: || (&& (== net40) (>= netstandard2.0)) (== netcoreapp3.1)
      System.Diagnostics.TraceSource (>= 4.3) - restriction: || (&& (== net40) (>= netstandard2.0)) (== netcoreapp3.1)
      System.Linq.Expressions (>= 4.3) - restriction: || (&& (== net40) (>= netstandard2.0)) (== netcoreapp3.1)
      System.Linq.Queryable (>= 4.3) - restriction: || (&& (== net40) (>= netstandard2.0)) (== netcoreapp3.1)
      System.Memory (>= 4.5.4) - restriction: || (&& (== net40) (>= netstandard2.0)) (== netcoreapp3.1)
      System.Net.Requests (>= 4.3) - restriction: || (&& (== net40) (>= netstandard2.0)) (== netcoreapp3.1)
      System.Net.Security (>= 4.3) - restriction: || (&& (== net40) (>= netstandard2.0)) (== netcoreapp3.1)
      System.Reflection.Emit (>= 4.3) - restriction: || (&& (== net40) (>= netstandard2.0)) (== netcoreapp3.1)
      System.Reflection.Metadata (>= 1.6) - restriction: || (&& (== net40) (>= netstandard2.0)) (== netcoreapp3.1)
      System.Reflection.TypeExtensions (>= 4.3) - restriction: || (&& (== net40) (>= netstandard2.0)) (== netcoreapp3.1)
      System.Runtime (>= 4.3) - restriction: || (&& (== net40) (>= netstandard2.0)) (== netcoreapp3.1)
      System.Runtime.InteropServices (>= 4.3) - restriction: || (&& (== net40) (>= netstandard2.0)) (== netcoreapp3.1)
      System.Runtime.Loader (>= 4.3) - restriction: || (&& (== net40) (>= netstandard2.0)) (== netcoreapp3.1)
      System.Security.Claims (>= 4.3) - restriction: || (&& (== net40) (>= netstandard2.0)) (== netcoreapp3.1)
      System.Security.Cryptography.Algorithms (>= 4.3) - restriction: || (&& (== net40) (>= netstandard2.0)) (== netcoreapp3.1)
      System.Security.Principal (>= 4.3) - restriction: || (&& (== net40) (>= netstandard2.0)) (== netcoreapp3.1)
      System.Threading.Tasks.Parallel (>= 4.3) - restriction: || (&& (== net40) (>= netstandard2.0)) (== netcoreapp3.1)
      System.Threading.Thread (>= 4.3) - restriction: || (&& (== net40) (>= netstandard2.0)) (== netcoreapp3.1)
      System.Threading.ThreadPool (>= 4.3) - restriction: || (&& (== net40) (>= netstandard2.0)) (== netcoreapp3.1)
    FSharp.Core (5.0.0)
    FSharp.Data (3.3.3)
      FSharp.Core (>= 4.3.4) - restriction: || (&& (== net40) (>= netstandard2.0)) (== netcoreapp3.1)
    FSharp.Formatting (8.0.0)
      FSharp.Compiler.Service (>= 38.0.2) - restriction: || (&& (== net40) (>= netstandard2.1)) (== netcoreapp3.1)
    Google.DataTable.Net.Wrapper (4.0.0)
    MathNet.Numerics (4.15.0)
    MathNet.Numerics.FSharp (4.15.0)
      FSharp.Core (>= 4.3.3) - restriction: || (&& (== net40) (>= net45)) (&& (== net40) (>= netstandard1.6)) (== netcoreapp3.1)
      MathNet.Numerics (>= 4.15) - restriction: || (&& (== net40) (>= net45)) (&& (== net40) (>= netstandard1.6)) (== netcoreapp3.1)
    Microsoft.Build.Framework (16.8.0) - restriction: || (&& (== net40) (>= netstandard2.1)) (== netcoreapp3.1)
      System.Security.Permissions (>= 4.7) - restriction: || (&& (== net40) (>= netstandard2.0)) (== netcoreapp3.1)
    Microsoft.Build.Tasks.Core (16.8.0) - restriction: || (&& (== net40) (>= netstandard2.1)) (== netcoreapp3.1)
      Microsoft.Build.Framework (>= 16.8) - restriction: || (&& (== net40) (>= netstandard2.0)) (== netcoreapp3.1)
      Microsoft.Build.Utilities.Core (>= 16.8) - restriction: || (&& (== net40) (>= netstandard2.0)) (== netcoreapp3.1)
      Microsoft.Win32.Registry (>= 4.3) - restriction: || (&& (== net40) (>= netstandard2.0)) (== netcoreapp3.1)
      System.CodeDom (>= 4.4) - restriction: || (&& (== net40) (>= netstandard2.0)) (== netcoreapp3.1)
      System.Collections.Immutable (>= 1.5) - restriction: || (&& (== net40) (>= netstandard2.0)) (== netcoreapp3.1)
      System.Reflection.Metadata (>= 1.6) - restriction: || (&& (== net40) (>= netstandard2.0)) (== netcoreapp3.1)
      System.Reflection.TypeExtensions (>= 4.1) - restriction: || (&& (== net40) (>= netstandard2.0)) (== netcoreapp3.1)
      System.Resources.Extensions (>= 4.6) - restriction: || (&& (== net40) (>= netstandard2.0)) (== netcoreapp3.1)
      System.Runtime.InteropServices (>= 4.3) - restriction: || (&& (== net40) (>= netstandard2.0)) (== netcoreapp3.1)
      System.Security.Cryptography.Pkcs (>= 4.7) - restriction: || (&& (== net40) (>= netstandard2.0)) (== netcoreapp3.1)
      System.Security.Cryptography.Xml (>= 4.7) - restriction: || (&& (== net40) (>= netstandard2.0)) (== netcoreapp3.1)
      System.Security.Permissions (>= 4.7) - restriction: || (&& (== net40) (>= netstandard2.0)) (== netcoreapp3.1)
      System.Threading.Tasks.Dataflow (>= 4.9) - restriction: || (&& (== net40) (>= netstandard2.0)) (== netcoreapp3.1)
    Microsoft.Build.Utilities.Core (16.8.0) - restriction: || (&& (== net40) (>= netstandard2.1)) (== netcoreapp3.1)
      Microsoft.Build.Framework (>= 16.8) - restriction: || (&& (== net40) (>= netstandard2.0)) (== netcoreapp3.1)
      Microsoft.Win32.Registry (>= 4.3) - restriction: || (&& (== net40) (>= netstandard2.0)) (== netcoreapp3.1)
      System.Collections.Immutable (>= 1.5) - restriction: || (&& (== net40) (>= netstandard2.0)) (== netcoreapp3.1)
      System.Security.Permissions (>= 4.7) - restriction: || (&& (== net40) (>= netstandard2.0)) (== netcoreapp3.1)
      System.Text.Encoding.CodePages (>= 4.0.1) - restriction: || (&& (== net40) (>= netstandard2.0)) (== netcoreapp3.1)
    Microsoft.NETCore.Platforms (5.0.0) - restriction: || (&& (== net40) (>= netstandard2.1)) (== netcoreapp3.1)
    Microsoft.NETCore.Targets (5.0.0) - restriction: || (&& (== net40) (>= netstandard2.1)) (== netcoreapp3.1)
    Microsoft.Win32.Primitives (4.3.0) - restriction: || (&& (== net40) (>= netstandard2.1)) (== netcoreapp3.1)
      Microsoft.NETCore.Platforms (>= 1.1) - restriction: || (&& (== net40) (>= netstandard1.3)) (== netcoreapp3.1)
      Microsoft.NETCore.Targets (>= 1.1) - restriction: || (&& (== net40) (>= netstandard1.3)) (== netcoreapp3.1)
      System.Runtime (>= 4.3) - restriction: || (&& (== net40) (>= netstandard1.3)) (== netcoreapp3.1)
    Microsoft.Win32.Registry (5.0.0) - restriction: || (&& (== net40) (>= netstandard2.1)) (== netcoreapp3.1)
      System.Security.AccessControl (>= 5.0) - restriction: || (&& (== net40) (>= monoandroid)) (&& (== net40) (>= monotouch)) (&& (== net40) (>= net461)) (&& (== net40) (>= netcoreapp2.0)) (&& (== net40) (>= netstandard2.0)) (&& (== net40) (>= uap10.1)) (&& (== net40) (>= xamarinios)) (&& (== net40) (>= xamarinmac)) (&& (== net40) (>= xamarintvos)) (&& (== net40) (>= xamarinwatchos)) (== netcoreapp3.1)
      System.Security.Principal.Windows (>= 5.0) - restriction: || (&& (== net40) (>= monoandroid)) (&& (== net40) (>= monotouch)) (&& (== net40) (>= net461)) (&& (== net40) (>= netcoreapp2.0)) (&& (== net40) (>= netstandard2.0)) (&& (== net40) (>= uap10.1)) (&& (== net40) (>= xamarinios)) (&& (== net40) (>= xamarinmac)) (&& (== net40) (>= xamarintvos)) (&& (== net40) (>= xamarinwatchos)) (== netcoreapp3.1)
    Microsoft.Win32.SystemEvents (5.0.0) - restriction: || (&& (== net40) (>= netcoreapp3.0)) (== netcoreapp3.1)
      Microsoft.NETCore.Platforms (>= 5.0) - restriction: || (&& (== net40) (>= netcoreapp2.0)) (== netcoreapp3.1)
    Newtonsoft.Json (12.0.3)
    runtime.debian.8-x64.runtime.native.System.Security.Cryptography.OpenSsl (4.3.3) - restriction: || (&& (== net40) (>= netstandard2.1)) (== netcoreapp3.1)
    runtime.debian.9-x64.runtime.native.System.Security.Cryptography.OpenSsl (4.3.3) - restriction: || (&& (== net40) (>= netstandard2.1)) (== netcoreapp3.1)
    runtime.fedora.23-x64.runtime.native.System.Security.Cryptography.OpenSsl (4.3.3) - restriction: || (&& (== net40) (>= netstandard2.1)) (== netcoreapp3.1)
    runtime.fedora.24-x64.runtime.native.System.Security.Cryptography.OpenSsl (4.3.3) - restriction: || (&& (== net40) (>= netstandard2.1)) (== netcoreapp3.1)
    runtime.fedora.27-x64.runtime.native.System.Security.Cryptography.OpenSsl (4.3.3) - restriction: || (&& (== net40) (>= netstandard2.1)) (== netcoreapp3.1)
    runtime.fedora.28-x64.runtime.native.System.Security.Cryptography.OpenSsl (4.3.3) - restriction: || (&& (== net40) (>= netstandard2.1)) (== netcoreapp3.1)
    runtime.native.System (4.3.1) - restriction: || (&& (== net40) (>= netstandard2.1)) (== netcoreapp3.1)
      Microsoft.NETCore.Platforms (>= 1.1.1)
      Microsoft.NETCore.Targets (>= 1.1.3)
    runtime.native.System.Net.Http (4.3.1) - restriction: || (&& (== net40) (>= netstandard2.1)) (== netcoreapp3.1)
      Microsoft.NETCore.Platforms (>= 1.1.1)
      Microsoft.NETCore.Targets (>= 1.1.3)
    runtime.native.System.Net.Security (4.3.1) - restriction: || (&& (== net40) (>= netstandard2.1)) (== netcoreapp3.1)
      Microsoft.NETCore.Platforms (>= 1.1.1)
      Microsoft.NETCore.Targets (>= 1.1.3)
    runtime.native.System.Security.Cryptography.Apple (4.3.1) - restriction: || (&& (== net40) (>= netstandard2.1)) (== netcoreapp3.1)
      runtime.osx.10.10-x64.runtime.native.System.Security.Cryptography.Apple (>= 4.3.1)
    runtime.native.System.Security.Cryptography.OpenSsl (4.3.3) - restriction: || (&& (== net40) (>= netstandard2.1)) (== netcoreapp3.1)
      runtime.debian.8-x64.runtime.native.System.Security.Cryptography.OpenSsl (>= 4.3.3)
      runtime.debian.9-x64.runtime.native.System.Security.Cryptography.OpenSsl (>= 4.3.3)
      runtime.fedora.23-x64.runtime.native.System.Security.Cryptography.OpenSsl (>= 4.3.3)
      runtime.fedora.24-x64.runtime.native.System.Security.Cryptography.OpenSsl (>= 4.3.3)
      runtime.fedora.27-x64.runtime.native.System.Security.Cryptography.OpenSsl (>= 4.3.3)
      runtime.fedora.28-x64.runtime.native.System.Security.Cryptography.OpenSsl (>= 4.3.3)
      runtime.opensuse.13.2-x64.runtime.native.System.Security.Cryptography.OpenSsl (>= 4.3.3)
      runtime.opensuse.42.1-x64.runtime.native.System.Security.Cryptography.OpenSsl (>= 4.3.3)
      runtime.opensuse.42.3-x64.runtime.native.System.Security.Cryptography.OpenSsl (>= 4.3.3)
      runtime.osx.10.10-x64.runtime.native.System.Security.Cryptography.OpenSsl (>= 4.3.3)
      runtime.rhel.7-x64.runtime.native.System.Security.Cryptography.OpenSsl (>= 4.3.3)
      runtime.ubuntu.14.04-x64.runtime.native.System.Security.Cryptography.OpenSsl (>= 4.3.3)
      runtime.ubuntu.16.04-x64.runtime.native.System.Security.Cryptography.OpenSsl (>= 4.3.3)
      runtime.ubuntu.16.10-x64.runtime.native.System.Security.Cryptography.OpenSsl (>= 4.3.3)
      runtime.ubuntu.18.04-x64.runtime.native.System.Security.Cryptography.OpenSsl (>= 4.3.3)
    runtime.opensuse.13.2-x64.runtime.native.System.Security.Cryptography.OpenSsl (4.3.3) - restriction: || (&& (== net40) (>= netstandard2.1)) (== netcoreapp3.1)
    runtime.opensuse.42.1-x64.runtime.native.System.Security.Cryptography.OpenSsl (4.3.3) - restriction: || (&& (== net40) (>= netstandard2.1)) (== netcoreapp3.1)
    runtime.opensuse.42.3-x64.runtime.native.System.Security.Cryptography.OpenSsl (4.3.3) - restriction: || (&& (== net40) (>= netstandard2.1)) (== netcoreapp3.1)
    runtime.osx.10.10-x64.runtime.native.System.Security.Cryptography.Apple (4.3.1) - restriction: || (&& (== net40) (>= netstandard2.1)) (== netcoreapp3.1)
    runtime.osx.10.10-x64.runtime.native.System.Security.Cryptography.OpenSsl (4.3.3) - restriction: || (&& (== net40) (>= netstandard2.1)) (== netcoreapp3.1)
    runtime.rhel.7-x64.runtime.native.System.Security.Cryptography.OpenSsl (4.3.3) - restriction: || (&& (== net40) (>= netstandard2.1)) (== netcoreapp3.1)
    runtime.ubuntu.14.04-x64.runtime.native.System.Security.Cryptography.OpenSsl (4.3.3) - restriction: || (&& (== net40) (>= netstandard2.1)) (== netcoreapp3.1)
    runtime.ubuntu.16.04-x64.runtime.native.System.Security.Cryptography.OpenSsl (4.3.3) - restriction: || (&& (== net40) (>= netstandard2.1)) (== netcoreapp3.1)
    runtime.ubuntu.16.10-x64.runtime.native.System.Security.Cryptography.OpenSsl (4.3.3) - restriction: || (&& (== net40) (>= netstandard2.1)) (== netcoreapp3.1)
    runtime.ubuntu.18.04-x64.runtime.native.System.Security.Cryptography.OpenSsl (4.3.3) - restriction: || (&& (== net40) (>= netstandard2.1)) (== netcoreapp3.1)
    System.Buffers (4.5.1) - restriction: || (&& (== net40) (>= netstandard2.1)) (== netcoreapp3.1)
    System.CodeDom (5.0.0) - restriction: || (&& (== net40) (>= netstandard2.1)) (== netcoreapp3.1)
    System.Collections (4.3.0) - restriction: || (&& (== net40) (>= netstandard2.1)) (== netcoreapp3.1)
      Microsoft.NETCore.Platforms (>= 1.1) - restriction: || (&& (== net40) (>= netstandard1.0)) (&& (== net40) (>= netstandard1.3)) (== netcoreapp3.1)
      Microsoft.NETCore.Targets (>= 1.1) - restriction: || (&& (== net40) (>= netstandard1.0)) (&& (== net40) (>= netstandard1.3)) (== netcoreapp3.1)
      System.Runtime (>= 4.3) - restriction: || (&& (== net40) (>= netstandard1.0)) (&& (== net40) (>= netstandard1.3)) (== netcoreapp3.1)
    System.Collections.Concurrent (4.3.0) - restriction: || (&& (== net40) (>= netstandard2.1)) (== netcoreapp3.1)
      System.Collections (>= 4.3) - restriction: || (&& (== net40) (>= netstandard1.3)) (== netcoreapp3.1)
      System.Diagnostics.Debug (>= 4.3) - restriction: || (&& (== net40) (>= netstandard1.3)) (== netcoreapp3.1)
      System.Diagnostics.Tracing (>= 4.3) - restriction: || (&& (== net40) (>= netstandard1.3)) (== netcoreapp3.1)
      System.Globalization (>= 4.3) - restriction: || (&& (== net40) (>= netstandard1.3)) (== netcoreapp3.1)
      System.Reflection (>= 4.3) - restriction: || (&& (== net40) (>= netstandard1.3)) (== netcoreapp3.1)
      System.Resources.ResourceManager (>= 4.3) - restriction: || (&& (== net40) (>= netstandard1.3)) (== netcoreapp3.1)
      System.Runtime (>= 4.3) - restriction: || (&& (== net40) (>= netstandard1.1)) (&& (== net40) (>= netstandard1.3)) (== netcoreapp3.1)
      System.Runtime.Extensions (>= 4.3) - restriction: || (&& (== net40) (>= netstandard1.3)) (== netcoreapp3.1)
      System.Threading (>= 4.3) - restriction: || (&& (== net40) (>= netstandard1.3)) (== netcoreapp3.1)
      System.Threading.Tasks (>= 4.3) - restriction: || (&& (== net40) (>= netstandard1.1)) (&& (== net40) (>= netstandard1.3)) (== netcoreapp3.1)
    System.Collections.Immutable (5.0.0) - restriction: || (&& (== net40) (>= netstandard2.1)) (== netcoreapp3.1)
    System.Diagnostics.Debug (4.3.0) - restriction: || (&& (== net40) (>= netstandard2.1)) (== netcoreapp3.1)
      Microsoft.NETCore.Platforms (>= 1.1) - restriction: || (&& (== net40) (>= netstandard1.0)) (&& (== net40) (>= netstandard1.3)) (== netcoreapp3.1)
      Microsoft.NETCore.Targets (>= 1.1) - restriction: || (&& (== net40) (>= netstandard1.0)) (&& (== net40) (>= netstandard1.3)) (== netcoreapp3.1)
      System.Runtime (>= 4.3) - restriction: || (&& (== net40) (>= netstandard1.0)) (&& (== net40) (>= netstandard1.3)) (== netcoreapp3.1)
    System.Diagnostics.DiagnosticSource (5.0.1) - restriction: || (&& (== net40) (>= netstandard2.1)) (== netcoreapp3.1)
    System.Diagnostics.Process (4.3.0) - restriction: || (&& (== net40) (>= netstandard2.1)) (== netcoreapp3.1)
      Microsoft.NETCore.Platforms (>= 1.1) - restriction: || (&& (== net40) (>= netstandard1.4)) (== netcoreapp3.1)
      Microsoft.Win32.Primitives (>= 4.3) - restriction: || (&& (== net40) (>= netstandard1.4)) (== netcoreapp3.1)
      Microsoft.Win32.Registry (>= 4.3) - restriction: || (&& (== net40) (>= netstandard1.4)) (== netcoreapp3.1)
      runtime.native.System (>= 4.3) - restriction: || (&& (== net40) (>= netstandard1.4)) (== netcoreapp3.1)
      System.Collections (>= 4.3) - restriction: || (&& (== net40) (>= netstandard1.4)) (== netcoreapp3.1)
      System.Diagnostics.Debug (>= 4.3) - restriction: || (&& (== net40) (>= netstandard1.4)) (== netcoreapp3.1)
      System.Globalization (>= 4.3) - restriction: || (&& (== net40) (>= netstandard1.4)) (== netcoreapp3.1)
      System.IO (>= 4.3) - restriction: || (&& (== net40) (>= netstandard1.3)) (&& (== net40) (>= netstandard1.4)) (== netcoreapp3.1)
      System.IO.FileSystem (>= 4.3) - restriction: || (&& (== net40) (>= netstandard1.4)) (== netcoreapp3.1)
      System.IO.FileSystem.Primitives (>= 4.3) - restriction: || (&& (== net40) (>= netstandard1.4)) (== netcoreapp3.1)
      System.Resources.ResourceManager (>= 4.3) - restriction: || (&& (== net40) (>= netstandard1.4)) (== netcoreapp3.1)
      System.Runtime (>= 4.3) - restriction: || (&& (== net40) (>= netstandard1.3)) (&& (== net40) (>= netstandard1.4)) (== netcoreapp3.1)
      System.Runtime.Extensions (>= 4.3) - restriction: || (&& (== net40) (>= netstandard1.4)) (== netcoreapp3.1)
      System.Runtime.Handles (>= 4.3) - restriction: || (&& (== net40) (>= netstandard1.3)) (&& (== net40) (>= netstandard1.4)) (== netcoreapp3.1)
      System.Runtime.InteropServices (>= 4.3) - restriction: || (&& (== net40) (>= netstandard1.4)) (== netcoreapp3.1)
      System.Text.Encoding (>= 4.3) - restriction: || (&& (== net40) (>= netstandard1.3)) (&& (== net40) (>= netstandard1.4)) (== netcoreapp3.1)
      System.Text.Encoding.Extensions (>= 4.3) - restriction: || (&& (== net40) (>= netstandard1.4)) (== netcoreapp3.1)
      System.Threading (>= 4.3) - restriction: || (&& (== net40) (>= netstandard1.4)) (== netcoreapp3.1)
      System.Threading.Tasks (>= 4.3) - restriction: || (&& (== net40) (>= netstandard1.4)) (== netcoreapp3.1)
      System.Threading.Thread (>= 4.3) - restriction: || (&& (== net40) (>= netstandard1.4)) (== netcoreapp3.1)
      System.Threading.ThreadPool (>= 4.3) - restriction: || (&& (== net40) (>= netstandard1.4)) (== netcoreapp3.1)
    System.Diagnostics.TraceSource (4.3.0) - restriction: || (&& (== net40) (>= netstandard2.1)) (== netcoreapp3.1)
      Microsoft.NETCore.Platforms (>= 1.1) - restriction: || (&& (== net40) (>= netstandard1.3)) (== netcoreapp3.1)
      runtime.native.System (>= 4.3) - restriction: || (&& (== net40) (>= netstandard1.3)) (== netcoreapp3.1)
      System.Collections (>= 4.3) - restriction: || (&& (== net40) (>= netstandard1.3)) (== netcoreapp3.1)
      System.Diagnostics.Debug (>= 4.3) - restriction: || (&& (== net40) (>= netstandard1.3)) (== netcoreapp3.1)
      System.Globalization (>= 4.3) - restriction: || (&& (== net40) (>= netstandard1.3)) (== netcoreapp3.1)
      System.Resources.ResourceManager (>= 4.3) - restriction: || (&& (== net40) (>= netstandard1.3)) (== netcoreapp3.1)
      System.Runtime (>= 4.3) - restriction: || (&& (== net40) (>= netstandard1.3)) (== netcoreapp3.1)
      System.Runtime.Extensions (>= 4.3) - restriction: || (&& (== net40) (>= netstandard1.3)) (== netcoreapp3.1)
      System.Threading (>= 4.3) - restriction: || (&& (== net40) (>= netstandard1.3)) (== netcoreapp3.1)
    System.Diagnostics.Tracing (4.3.0) - restriction: || (&& (== net40) (>= netstandard2.1)) (== netcoreapp3.1)
      Microsoft.NETCore.Platforms (>= 1.1) - restriction: || (&& (== net40) (>= netstandard1.1)) (&& (== net40) (>= netstandard1.2)) (&& (== net40) (>= netstandard1.3)) (&& (== net40) (>= netstandard1.5)) (== netcoreapp3.1)
      Microsoft.NETCore.Targets (>= 1.1) - restriction: || (&& (== net40) (>= netstandard1.1)) (&& (== net40) (>= netstandard1.2)) (&& (== net40) (>= netstandard1.3)) (&& (== net40) (>= netstandard1.5)) (== netcoreapp3.1)
      System.Runtime (>= 4.3) - restriction: || (&& (== net40) (>= netstandard1.1)) (&& (== net40) (>= netstandard1.2)) (&& (== net40) (>= netstandard1.3)) (&& (== net40) (>= netstandard1.5)) (== netcoreapp3.1)
    System.Drawing.Common (5.0.0) - restriction: || (&& (== net40) (>= netcoreapp3.0)) (== netcoreapp3.1)
      Microsoft.Win32.SystemEvents (>= 5.0) - restriction: || (&& (== net40) (>= netcoreapp2.0)) (== netcoreapp3.1)
    System.Formats.Asn1 (5.0.0) - restriction: || (&& (== net40) (>= netcoreapp3.0)) (&& (== net40) (>= netstandard2.1)) (== netcoreapp3.1)
    System.Globalization (4.3.0) - restriction: || (&& (== net40) (>= netstandard2.1)) (== netcoreapp3.1)
      Microsoft.NETCore.Platforms (>= 1.1) - restriction: || (&& (== net40) (>= netstandard1.0)) (&& (== net40) (>= netstandard1.3)) (== netcoreapp3.1)
      Microsoft.NETCore.Targets (>= 1.1) - restriction: || (&& (== net40) (>= netstandard1.0)) (&& (== net40) (>= netstandard1.3)) (== netcoreapp3.1)
      System.Runtime (>= 4.3) - restriction: || (&& (== net40) (>= netstandard1.0)) (&& (== net40) (>= netstandard1.3)) (== netcoreapp3.1)
    System.Globalization.Calendars (4.3.0) - restriction: || (&& (== net40) (>= netstandard2.1)) (== netcoreapp3.1)
      Microsoft.NETCore.Platforms (>= 1.1) - restriction: || (&& (== net40) (>= netstandard1.3)) (== netcoreapp3.1)
      Microsoft.NETCore.Targets (>= 1.1) - restriction: || (&& (== net40) (>= netstandard1.3)) (== netcoreapp3.1)
      System.Globalization (>= 4.3) - restriction: || (&& (== net40) (>= netstandard1.3)) (== netcoreapp3.1)
      System.Runtime (>= 4.3) - restriction: || (&& (== net40) (>= netstandard1.3)) (== netcoreapp3.1)
    System.Globalization.Extensions (4.3.0) - restriction: || (&& (== net40) (>= netstandard2.1)) (== netcoreapp3.1)
      Microsoft.NETCore.Platforms (>= 1.1) - restriction: || (&& (== net40) (>= netstandard1.3)) (== netcoreapp3.1)
      System.Globalization (>= 4.3) - restriction: || (&& (== net40) (>= netstandard1.3)) (== netcoreapp3.1)
      System.Resources.ResourceManager (>= 4.3) - restriction: || (&& (== net40) (>= netstandard1.3)) (== netcoreapp3.1)
      System.Runtime (>= 4.3) - restriction: || (&& (== net40) (>= netstandard1.3)) (== netcoreapp3.1)
      System.Runtime.Extensions (>= 4.3) - restriction: || (&& (== net40) (>= netstandard1.3)) (== netcoreapp3.1)
      System.Runtime.InteropServices (>= 4.3) - restriction: || (&& (== net40) (>= netstandard1.3)) (== netcoreapp3.1)
    System.IO (4.3.0) - restriction: || (&& (== net40) (>= netstandard2.1)) (== netcoreapp3.1)
      Microsoft.NETCore.Platforms (>= 1.1) - restriction: || (&& (== net40) (>= netstandard1.0)) (&& (== net40) (>= netstandard1.3)) (&& (== net40) (>= netstandard1.5)) (== netcoreapp3.1)
      Microsoft.NETCore.Targets (>= 1.1) - restriction: || (&& (== net40) (>= netstandard1.0)) (&& (== net40) (>= netstandard1.3)) (&& (== net40) (>= netstandard1.5)) (== netcoreapp3.1)
      System.Runtime (>= 4.3) - restriction: || (&& (== net40) (>= netstandard1.0)) (&& (== net40) (>= netstandard1.3)) (&& (== net40) (>= netstandard1.5)) (== netcoreapp3.1)
      System.Text.Encoding (>= 4.3) - restriction: || (&& (== net40) (>= netstandard1.0)) (&& (== net40) (>= netstandard1.3)) (&& (== net40) (>= netstandard1.5)) (== netcoreapp3.1)
      System.Threading.Tasks (>= 4.3) - restriction: || (&& (== net40) (>= netstandard1.0)) (&& (== net40) (>= netstandard1.3)) (&& (== net40) (>= netstandard1.5)) (== netcoreapp3.1)
    System.IO.FileSystem (4.3.0) - restriction: || (&& (== net40) (>= netstandard2.1)) (== netcoreapp3.1)
      Microsoft.NETCore.Platforms (>= 1.1) - restriction: || (&& (== net40) (>= netstandard1.3)) (== netcoreapp3.1)
      Microsoft.NETCore.Targets (>= 1.1) - restriction: || (&& (== net40) (>= netstandard1.3)) (== netcoreapp3.1)
      System.IO (>= 4.3) - restriction: || (&& (== net40) (>= netstandard1.3)) (== netcoreapp3.1)
      System.IO.FileSystem.Primitives (>= 4.3) - restriction: || (&& (== net40) (>= net46)) (&& (== net40) (>= netstandard1.3)) (== netcoreapp3.1)
      System.Runtime (>= 4.3) - restriction: || (&& (== net40) (>= netstandard1.3)) (== netcoreapp3.1)
      System.Runtime.Handles (>= 4.3) - restriction: || (&& (== net40) (>= netstandard1.3)) (== netcoreapp3.1)
      System.Text.Encoding (>= 4.3) - restriction: || (&& (== net40) (>= netstandard1.3)) (== netcoreapp3.1)
      System.Threading.Tasks (>= 4.3) - restriction: || (&& (== net40) (>= netstandard1.3)) (== netcoreapp3.1)
    System.IO.FileSystem.Primitives (4.3.0) - restriction: || (&& (== net40) (>= netstandard2.1)) (== netcoreapp3.1)
      System.Runtime (>= 4.3) - restriction: || (&& (== net40) (>= netstandard1.3)) (== netcoreapp3.1)
    System.Linq (4.3.0) - restriction: || (&& (== net40) (>= netstandard2.1)) (== netcoreapp3.1)
      System.Collections (>= 4.3) - restriction: || (&& (== net40) (>= netstandard1.0)) (&& (== net40) (>= netstandard1.6)) (== netcoreapp3.1)
      System.Diagnostics.Debug (>= 4.3) - restriction: || (&& (== net40) (>= netstandard1.6)) (== netcoreapp3.1)
      System.Resources.ResourceManager (>= 4.3) - restriction: || (&& (== net40) (>= netstandard1.6)) (== netcoreapp3.1)
      System.Runtime (>= 4.3) - restriction: || (&& (== net40) (>= netstandard1.0)) (&& (== net40) (>= netstandard1.6)) (== netcoreapp3.1)
      System.Runtime.Extensions (>= 4.3) - restriction: || (&& (== net40) (>= netstandard1.6)) (== netcoreapp3.1)
    System.Linq.Expressions (4.3.0) - restriction: || (&& (== net40) (>= netstandard2.1)) (== netcoreapp3.1)
      System.Collections (>= 4.3) - restriction: || (&& (== net40) (>= netstandard1.6)) (== netcoreapp3.1)
      System.Diagnostics.Debug (>= 4.3) - restriction: || (&& (== net40) (>= netstandard1.6)) (== netcoreapp3.1)
      System.Globalization (>= 4.3) - restriction: || (&& (== net40) (>= netstandard1.6)) (== netcoreapp3.1)
      System.IO (>= 4.3) - restriction: || (&& (== net40) (>= netstandard1.6)) (== netcoreapp3.1)
      System.Linq (>= 4.3) - restriction: || (&& (== net40) (>= netstandard1.6)) (== netcoreapp3.1)
      System.ObjectModel (>= 4.3) - restriction: || (&& (== net40) (>= netstandard1.6)) (== netcoreapp3.1)
      System.Reflection (>= 4.3) - restriction: || (&& (== net40) (>= netstandard1.0)) (&& (== net40) (>= netstandard1.3)) (&& (== net40) (>= netstandard1.6)) (== netcoreapp3.1)
      System.Reflection.Emit (>= 4.3) - restriction: || (&& (== net40) (>= netstandard1.6)) (== netcoreapp3.1)
      System.Reflection.Emit.ILGeneration (>= 4.3) - restriction: || (&& (== net40) (>= netstandard1.6)) (== netcoreapp3.1)
      System.Reflection.Emit.Lightweight (>= 4.3) - restriction: || (&& (== net40) (>= netstandard1.6)) (== netcoreapp3.1)
      System.Reflection.Extensions (>= 4.3) - restriction: || (&& (== net40) (>= netstandard1.6)) (== netcoreapp3.1)
      System.Reflection.Primitives (>= 4.3) - restriction: || (&& (== net40) (>= netstandard1.6)) (== netcoreapp3.1)
      System.Reflection.TypeExtensions (>= 4.3) - restriction: || (&& (== net40) (>= netstandard1.6)) (== netcoreapp3.1)
      System.Resources.ResourceManager (>= 4.3) - restriction: || (&& (== net40) (>= netstandard1.6)) (== netcoreapp3.1)
      System.Runtime (>= 4.3) - restriction: || (&& (== net40) (>= netstandard1.0)) (&& (== net40) (>= netstandard1.3)) (&& (== net40) (>= netstandard1.6)) (== netcoreapp3.1)
      System.Runtime.Extensions (>= 4.3) - restriction: || (&& (== net40) (>= netstandard1.6)) (== netcoreapp3.1)
      System.Threading (>= 4.3) - restriction: || (&& (== net40) (>= netstandard1.6)) (== netcoreapp3.1)
    System.Linq.Queryable (4.3.0) - restriction: || (&& (== net40) (>= netstandard2.1)) (== netcoreapp3.1)
      System.Collections (>= 4.3) - restriction: || (&& (== net40) (>= netstandard1.3)) (== netcoreapp3.1)
      System.Diagnostics.Debug (>= 4.3) - restriction: || (&& (== net40) (>= netstandard1.3)) (== netcoreapp3.1)
      System.Linq (>= 4.3) - restriction: || (&& (== net40) (>= netstandard1.0)) (&& (== net40) (>= netstandard1.3)) (== netcoreapp3.1)
      System.Linq.Expressions (>= 4.3) - restriction: || (&& (== net40) (>= netstandard1.0)) (&& (== net40) (>= netstandard1.3)) (== netcoreapp3.1)
      System.Reflection (>= 4.3) - restriction: || (&& (== net40) (>= netstandard1.3)) (== netcoreapp3.1)
      System.Reflection.Extensions (>= 4.3) - restriction: || (&& (== net40) (>= netstandard1.3)) (== netcoreapp3.1)
      System.Resources.ResourceManager (>= 4.3) - restriction: || (&& (== net40) (>= netstandard1.3)) (== netcoreapp3.1)
      System.Runtime (>= 4.3) - restriction: || (&& (== net40) (>= netstandard1.0)) (&& (== net40) (>= netstandard1.3)) (== netcoreapp3.1)
    System.Memory (4.5.4) - restriction: || (&& (== net40) (>= netstandard2.1)) (== netcoreapp3.1)
    System.Net.Http (4.3.4) - restriction: || (&& (== net40) (>= netstandard2.1)) (== netcoreapp3.1)
      Microsoft.NETCore.Platforms (>= 1.1.1) - restriction: || (&& (== net40) (>= netstandard1.3)) (&& (== net40) (>= netstandard1.6)) (== netcoreapp3.1)
      runtime.native.System (>= 4.3) - restriction: || (&& (== net40) (>= netstandard1.6)) (== netcoreapp3.1)
      runtime.native.System.Net.Http (>= 4.3) - restriction: || (&& (== net40) (>= netstandard1.6)) (== netcoreapp3.1)
      runtime.native.System.Security.Cryptography.OpenSsl (>= 4.3.2) - restriction: || (&& (== net40) (>= netstandard1.6)) (== netcoreapp3.1)
      System.Collections (>= 4.3) - restriction: || (&& (== net40) (>= netstandard1.3)) (&& (== net40) (>= netstandard1.6)) (== netcoreapp3.1)
      System.Diagnostics.Debug (>= 4.3) - restriction: || (&& (== net40) (>= netstandard1.3)) (&& (== net40) (>= netstandard1.6)) (== netcoreapp3.1)
      System.Diagnostics.DiagnosticSource (>= 4.3) - restriction: || (&& (== net40) (>= netstandard1.3)) (&& (== net40) (>= netstandard1.6)) (== netcoreapp3.1)
      System.Diagnostics.Tracing (>= 4.3) - restriction: || (&& (== net40) (>= netstandard1.3)) (&& (== net40) (>= netstandard1.6)) (== netcoreapp3.1)
      System.Globalization (>= 4.3) - restriction: || (&& (== net40) (>= netstandard1.3)) (&& (== net40) (>= netstandard1.6)) (== netcoreapp3.1)
      System.Globalization.Extensions (>= 4.3) - restriction: || (&& (== net40) (>= netstandard1.6)) (== netcoreapp3.1)
      System.IO (>= 4.3) - restriction: || (&& (== net40) (>= netstandard1.1)) (&& (== net40) (>= netstandard1.3)) (&& (== net40) (>= netstandard1.6)) (== netcoreapp3.1)
      System.IO.FileSystem (>= 4.3) - restriction: || (&& (== net40) (>= netstandard1.6)) (== netcoreapp3.1)
      System.Net.Primitives (>= 4.3) - restriction: || (&& (== net40) (>= netstandard1.1)) (&& (== net40) (>= netstandard1.3)) (&& (== net40) (>= netstandard1.6)) (== netcoreapp3.1)
      System.Resources.ResourceManager (>= 4.3) - restriction: || (&& (== net40) (>= netstandard1.3)) (&& (== net40) (>= netstandard1.6)) (== netcoreapp3.1)
      System.Runtime (>= 4.3) - restriction: || (&& (== net40) (>= netstandard1.1)) (&& (== net40) (>= netstandard1.3)) (&& (== net40) (>= netstandard1.6)) (== netcoreapp3.1)
      System.Runtime.Extensions (>= 4.3) - restriction: || (&& (== net40) (>= netstandard1.3)) (&& (== net40) (>= netstandard1.6)) (== netcoreapp3.1)
      System.Runtime.Handles (>= 4.3) - restriction: || (&& (== net40) (>= netstandard1.3)) (&& (== net40) (>= netstandard1.6)) (== netcoreapp3.1)
      System.Runtime.InteropServices (>= 4.3) - restriction: || (&& (== net40) (>= netstandard1.3)) (&& (== net40) (>= netstandard1.6)) (== netcoreapp3.1)
      System.Security.Cryptography.Algorithms (>= 4.3) - restriction: || (&& (== net40) (>= netstandard1.6)) (== netcoreapp3.1)
      System.Security.Cryptography.Encoding (>= 4.3) - restriction: || (&& (== net40) (>= netstandard1.3)) (&& (== net40) (>= netstandard1.6)) (== netcoreapp3.1)
      System.Security.Cryptography.OpenSsl (>= 4.3) - restriction: || (&& (== net40) (>= netstandard1.6)) (== netcoreapp3.1)
      System.Security.Cryptography.Primitives (>= 4.3) - restriction: || (&& (== net40) (>= netstandard1.6)) (== netcoreapp3.1)
      System.Security.Cryptography.X509Certificates (>= 4.3) - restriction: || (&& (== net40) (>= net46)) (&& (== net40) (>= netstandard1.3)) (&& (== net40) (>= netstandard1.6)) (== netcoreapp3.1)
      System.Text.Encoding (>= 4.3) - restriction: || (&& (== net40) (>= netstandard1.1)) (&& (== net40) (>= netstandard1.3)) (&& (== net40) (>= netstandard1.6)) (== netcoreapp3.1)
      System.Threading (>= 4.3) - restriction: || (&& (== net40) (>= netstandard1.3)) (&& (== net40) (>= netstandard1.6)) (== netcoreapp3.1)
      System.Threading.Tasks (>= 4.3) - restriction: || (&& (== net40) (>= netstandard1.1)) (&& (== net40) (>= netstandard1.3)) (&& (== net40) (>= netstandard1.6)) (== netcoreapp3.1)
    System.Net.Primitives (4.3.1) - restriction: || (&& (== net40) (>= netstandard2.1)) (== netcoreapp3.1)
      Microsoft.NETCore.Platforms (>= 1.1.1) - restriction: || (&& (== net40) (>= netstandard1.0)) (&& (== net40) (>= netstandard1.1)) (&& (== net40) (>= netstandard1.3)) (== netcoreapp3.1)
      Microsoft.NETCore.Targets (>= 1.1.3) - restriction: || (&& (== net40) (>= netstandard1.0)) (&& (== net40) (>= netstandard1.1)) (&& (== net40) (>= netstandard1.3)) (== netcoreapp3.1)
      System.Runtime (>= 4.3.1) - restriction: || (&& (== net40) (>= netstandard1.0)) (&& (== net40) (>= netstandard1.1)) (&& (== net40) (>= netstandard1.3)) (== netcoreapp3.1)
      System.Runtime.Handles (>= 4.3) - restriction: || (&& (== net40) (>= netstandard1.3)) (== netcoreapp3.1)
    System.Net.Requests (4.3.0) - restriction: || (&& (== net40) (>= netstandard2.1)) (== netcoreapp3.1)
      Microsoft.NETCore.Platforms (>= 1.1) - restriction: || (&& (== net40) (>= netstandard1.3)) (== netcoreapp3.1)
      System.Collections (>= 4.3) - restriction: || (&& (== net40) (>= netstandard1.3)) (== netcoreapp3.1)
      System.Diagnostics.Debug (>= 4.3) - restriction: || (&& (== net40) (>= netstandard1.3)) (== netcoreapp3.1)
      System.Diagnostics.Tracing (>= 4.3) - restriction: || (&& (== net40) (>= netstandard1.3)) (== netcoreapp3.1)
      System.Globalization (>= 4.3) - restriction: || (&& (== net40) (>= netstandard1.3)) (== netcoreapp3.1)
      System.IO (>= 4.3) - restriction: || (&& (== net40) (>= netstandard1.0)) (&& (== net40) (>= netstandard1.1)) (&& (== net40) (>= netstandard1.3)) (== netcoreapp3.1)
      System.Net.Http (>= 4.3) - restriction: || (&& (== net40) (>= netstandard1.3)) (== netcoreapp3.1)
      System.Net.Primitives (>= 4.3) - restriction: || (&& (== net40) (>= netstandard1.0)) (&& (== net40) (>= netstandard1.1)) (&& (== net40) (>= netstandard1.3)) (== netcoreapp3.1)
      System.Net.WebHeaderCollection (>= 4.3) - restriction: || (&& (== net40) (>= netstandard1.3)) (== netcoreapp3.1)
      System.Resources.ResourceManager (>= 4.3) - restriction: || (&& (== net40) (>= netstandard1.3)) (== netcoreapp3.1)
      System.Runtime (>= 4.3) - restriction: || (&& (== net40) (>= netstandard1.0)) (&& (== net40) (>= netstandard1.1)) (&& (== net40) (>= netstandard1.3)) (== netcoreapp3.1)
      System.Threading (>= 4.3) - restriction: || (&& (== net40) (>= netstandard1.3)) (== netcoreapp3.1)
      System.Threading.Tasks (>= 4.3) - restriction: || (&& (== net40) (>= netstandard1.1)) (&& (== net40) (>= netstandard1.3)) (== netcoreapp3.1)
    System.Net.Security (4.3.2) - restriction: || (&& (== net40) (>= netstandard2.1)) (== netcoreapp3.1)
      Microsoft.NETCore.Platforms (>= 1.1) - restriction: || (&& (== net40) (>= netstandard1.3)) (&& (== net40) (>= netstandard1.6)) (== netcoreapp3.1)
      Microsoft.Win32.Primitives (>= 4.3) - restriction: || (&& (== net40) (>= netstandard1.3)) (&& (== net40) (>= netstandard1.6)) (== netcoreapp3.1)
      runtime.native.System (>= 4.3) - restriction: || (&& (== net40) (>= netstandard1.6)) (== netcoreapp3.1)
      runtime.native.System.Net.Security (>= 4.3) - restriction: || (&& (== net40) (>= netstandard1.6)) (== netcoreapp3.1)
      runtime.native.System.Security.Cryptography.OpenSsl (>= 4.3.2) - restriction: || (&& (== net40) (>= netstandard1.6)) (== netcoreapp3.1)
      System.Collections (>= 4.3) - restriction: || (&& (== net40) (>= netstandard1.3)) (&& (== net40) (>= netstandard1.6)) (== netcoreapp3.1)
      System.Collections.Concurrent (>= 4.3) - restriction: || (&& (== net40) (>= netstandard1.3)) (&& (== net40) (>= netstandard1.6)) (== netcoreapp3.1)
      System.Diagnostics.Tracing (>= 4.3) - restriction: || (&& (== net40) (>= netstandard1.3)) (&& (== net40) (>= netstandard1.6)) (== netcoreapp3.1)
      System.Globalization (>= 4.3) - restriction: || (&& (== net40) (>= netstandard1.3)) (&& (== net40) (>= netstandard1.6)) (== netcoreapp3.1)
      System.Globalization.Extensions (>= 4.3) - restriction: || (&& (== net40) (>= netstandard1.6)) (== netcoreapp3.1)
      System.IO (>= 4.3) - restriction: || (&& (== net40) (>= netstandard1.3)) (&& (== net40) (>= netstandard1.6)) (== netcoreapp3.1)
      System.Net.Primitives (>= 4.3) - restriction: || (&& (== net40) (>= netstandard1.3)) (&& (== net40) (>= netstandard1.6)) (== netcoreapp3.1)
      System.Resources.ResourceManager (>= 4.3) - restriction: || (&& (== net40) (>= netstandard1.3)) (&& (== net40) (>= netstandard1.6)) (== netcoreapp3.1)
      System.Runtime (>= 4.3) - restriction: || (&& (== net40) (>= netstandard1.3)) (&& (== net40) (>= netstandard1.6)) (== netcoreapp3.1)
      System.Runtime.Extensions (>= 4.3) - restriction: || (&& (== net40) (>= netstandard1.3)) (&& (== net40) (>= netstandard1.6)) (== netcoreapp3.1)
      System.Runtime.Handles (>= 4.3) - restriction: || (&& (== net40) (>= netstandard1.3)) (&& (== net40) (>= netstandard1.6)) (== netcoreapp3.1)
      System.Runtime.InteropServices (>= 4.3) - restriction: || (&& (== net40) (>= netstandard1.3)) (&& (== net40) (>= netstandard1.6)) (== netcoreapp3.1)
      System.Security.Claims (>= 4.3) - restriction: || (&& (== net40) (>= netstandard1.3)) (&& (== net40) (>= netstandard1.6)) (== netcoreapp3.1)
      System.Security.Cryptography.Algorithms (>= 4.3) - restriction: || (&& (== net40) (>= netstandard1.6)) (== netcoreapp3.1)
      System.Security.Cryptography.Encoding (>= 4.3) - restriction: || (&& (== net40) (>= netstandard1.3)) (&& (== net40) (>= netstandard1.6)) (== netcoreapp3.1)
      System.Security.Cryptography.OpenSsl (>= 4.3) - restriction: || (&& (== net40) (>= netstandard1.6)) (== netcoreapp3.1)
      System.Security.Cryptography.Primitives (>= 4.3) - restriction: || (&& (== net40) (>= netstandard1.3)) (&& (== net40) (>= netstandard1.6)) (== netcoreapp3.1)
      System.Security.Cryptography.X509Certificates (>= 4.3) - restriction: || (&& (== net40) (>= net46)) (&& (== net40) (>= netstandard1.3)) (&& (== net40) (>= netstandard1.6)) (== netcoreapp3.1)
      System.Security.Principal (>= 4.3) - restriction: || (&& (== net40) (>= netstandard1.3)) (&& (== net40) (>= netstandard1.6)) (== netcoreapp3.1)
      System.Text.Encoding (>= 4.3) - restriction: || (&& (== net40) (>= netstandard1.6)) (== netcoreapp3.1)
      System.Threading (>= 4.3) - restriction: || (&& (== net40) (>= netstandard1.3)) (&& (== net40) (>= netstandard1.6)) (== netcoreapp3.1)
      System.Threading.Tasks (>= 4.3) - restriction: || (&& (== net40) (>= netstandard1.3)) (&& (== net40) (>= netstandard1.6)) (== netcoreapp3.1)
      System.Threading.ThreadPool (>= 4.3) - restriction: || (&& (== net40) (>= netstandard1.3)) (&& (== net40) (>= netstandard1.6)) (== netcoreapp3.1)
    System.Net.WebHeaderCollection (4.3.0) - restriction: || (&& (== net40) (>= netstandard2.1)) (== netcoreapp3.1)
      System.Collections (>= 4.3) - restriction: || (&& (== net40) (>= netstandard1.3)) (== netcoreapp3.1)
      System.Resources.ResourceManager (>= 4.3) - restriction: || (&& (== net40) (>= netstandard1.3)) (== netcoreapp3.1)
      System.Runtime (>= 4.3) - restriction: || (&& (== net40) (>= netstandard1.3)) (== netcoreapp3.1)
      System.Runtime.Extensions (>= 4.3) - restriction: || (&& (== net40) (>= netstandard1.3)) (== netcoreapp3.1)
    System.ObjectModel (4.3.0) - restriction: || (&& (== net40) (>= netstandard2.1)) (== netcoreapp3.1)
      System.Collections (>= 4.3) - restriction: || (&& (== net40) (>= netstandard1.3)) (== netcoreapp3.1)
      System.Diagnostics.Debug (>= 4.3) - restriction: || (&& (== net40) (>= netstandard1.3)) (== netcoreapp3.1)
      System.Resources.ResourceManager (>= 4.3) - restriction: || (&& (== net40) (>= netstandard1.3)) (== netcoreapp3.1)
      System.Runtime (>= 4.3) - restriction: || (&& (== net40) (>= netstandard1.0)) (&& (== net40) (>= netstandard1.3)) (== netcoreapp3.1)
      System.Threading (>= 4.3) - restriction: || (&& (== net40) (>= netstandard1.3)) (== netcoreapp3.1)
    System.Reflection (4.3.0) - restriction: || (&& (== net40) (>= netstandard2.1)) (== netcoreapp3.1)
      Microsoft.NETCore.Platforms (>= 1.1) - restriction: || (&& (== net40) (>= netstandard1.0)) (&& (== net40) (>= netstandard1.3)) (&& (== net40) (>= netstandard1.5)) (== netcoreapp3.1)
      Microsoft.NETCore.Targets (>= 1.1) - restriction: || (&& (== net40) (>= netstandard1.0)) (&& (== net40) (>= netstandard1.3)) (&& (== net40) (>= netstandard1.5)) (== netcoreapp3.1)
      System.IO (>= 4.3) - restriction: || (&& (== net40) (>= netstandard1.0)) (&& (== net40) (>= netstandard1.3)) (&& (== net40) (>= netstandard1.5)) (== netcoreapp3.1)
      System.Reflection.Primitives (>= 4.3) - restriction: || (&& (== net40) (>= netstandard1.0)) (&& (== net40) (>= netstandard1.3)) (&& (== net40) (>= netstandard1.5)) (== netcoreapp3.1)
      System.Runtime (>= 4.3) - restriction: || (&& (== net40) (>= netstandard1.0)) (&& (== net40) (>= netstandard1.3)) (&& (== net40) (>= netstandard1.5)) (== netcoreapp3.1)
    System.Reflection.Emit (4.7.0) - restriction: || (&& (== net40) (>= netstandard2.1)) (== netcoreapp3.1)
    System.Reflection.Emit.ILGeneration (4.7.0) - restriction: || (&& (== net40) (>= netstandard2.1)) (== netcoreapp3.1)
    System.Reflection.Emit.Lightweight (4.7.0) - restriction: || (&& (== net40) (>= netstandard2.1)) (== netcoreapp3.1)
    System.Reflection.Extensions (4.3.0) - restriction: || (&& (== net40) (>= netstandard2.1)) (== netcoreapp3.1)
      Microsoft.NETCore.Platforms (>= 1.1) - restriction: || (&& (== net40) (>= netstandard1.0)) (== netcoreapp3.1)
      Microsoft.NETCore.Targets (>= 1.1) - restriction: || (&& (== net40) (>= netstandard1.0)) (== netcoreapp3.1)
      System.Reflection (>= 4.3) - restriction: || (&& (== net40) (>= netstandard1.0)) (== netcoreapp3.1)
      System.Runtime (>= 4.3) - restriction: || (&& (== net40) (>= netstandard1.0)) (== netcoreapp3.1)
    System.Reflection.Metadata (5.0.0) - restriction: || (&& (== net40) (>= netstandard2.1)) (== netcoreapp3.1)
      System.Collections.Immutable (>= 5.0) - restriction: || (&& (== net40) (>= net45)) (&& (== net40) (>= net461)) (&& (== net40) (>= netstandard1.1)) (&& (== net40) (>= netstandard2.0)) (&& (== net40) (>= portable-net45+win8+wpa81)) (&& (== net40) (>= win8)) (&& (== net40) (>= wpa81)) (== netcoreapp3.1)
    System.Reflection.Primitives (4.3.0) - restriction: || (&& (== net40) (>= netstandard2.1)) (== netcoreapp3.1)
      Microsoft.NETCore.Platforms (>= 1.1) - restriction: || (&& (== net40) (>= netstandard1.0)) (== netcoreapp3.1)
      Microsoft.NETCore.Targets (>= 1.1) - restriction: || (&& (== net40) (>= netstandard1.0)) (== netcoreapp3.1)
      System.Runtime (>= 4.3) - restriction: || (&& (== net40) (>= netstandard1.0)) (== netcoreapp3.1)
    System.Reflection.TypeExtensions (4.7.0) - restriction: || (&& (== net40) (>= netstandard2.1)) (== netcoreapp3.1)
    System.Resources.Extensions (5.0.0) - restriction: || (&& (== net40) (>= netstandard2.1)) (== netcoreapp3.1)
    System.Resources.ResourceManager (4.3.0) - restriction: || (&& (== net40) (>= netstandard2.1)) (== netcoreapp3.1)
      Microsoft.NETCore.Platforms (>= 1.1) - restriction: || (&& (== net40) (>= netstandard1.0)) (== netcoreapp3.1)
      Microsoft.NETCore.Targets (>= 1.1) - restriction: || (&& (== net40) (>= netstandard1.0)) (== netcoreapp3.1)
      System.Globalization (>= 4.3) - restriction: || (&& (== net40) (>= netstandard1.0)) (== netcoreapp3.1)
      System.Reflection (>= 4.3) - restriction: || (&& (== net40) (>= netstandard1.0)) (== netcoreapp3.1)
      System.Runtime (>= 4.3) - restriction: || (&& (== net40) (>= netstandard1.0)) (== netcoreapp3.1)
    System.Runtime (4.3.1) - restriction: || (&& (== net40) (>= netstandard2.1)) (== netcoreapp3.1)
      Microsoft.NETCore.Platforms (>= 1.1.1) - restriction: || (&& (== net40) (>= netstandard1.0)) (&& (== net40) (>= netstandard1.2)) (&& (== net40) (>= netstandard1.3)) (&& (== net40) (>= netstandard1.5)) (== netcoreapp3.1)
      Microsoft.NETCore.Targets (>= 1.1.3) - restriction: || (&& (== net40) (>= netstandard1.0)) (&& (== net40) (>= netstandard1.2)) (&& (== net40) (>= netstandard1.3)) (&& (== net40) (>= netstandard1.5)) (== netcoreapp3.1)
    System.Runtime.CompilerServices.Unsafe (5.0.0) - restriction: || (&& (== net40) (>= netstandard2.1)) (== netcoreapp3.1)
    System.Runtime.Extensions (4.3.1) - restriction: || (&& (== net40) (>= netstandard2.1)) (== netcoreapp3.1)
      Microsoft.NETCore.Platforms (>= 1.1.1) - restriction: || (&& (== net40) (>= netstandard1.0)) (&& (== net40) (>= netstandard1.3)) (&& (== net40) (>= netstandard1.5)) (== netcoreapp3.1)
      Microsoft.NETCore.Targets (>= 1.1.3) - restriction: || (&& (== net40) (>= netstandard1.0)) (&& (== net40) (>= netstandard1.3)) (&& (== net40) (>= netstandard1.5)) (== netcoreapp3.1)
      System.Runtime (>= 4.3.1) - restriction: || (&& (== net40) (>= netstandard1.0)) (&& (== net40) (>= netstandard1.3)) (&& (== net40) (>= netstandard1.5)) (== netcoreapp3.1)
    System.Runtime.Handles (4.3.0) - restriction: || (&& (== net40) (>= netstandard2.1)) (== netcoreapp3.1)
      Microsoft.NETCore.Platforms (>= 1.1) - restriction: || (&& (== net40) (>= netstandard1.3)) (== netcoreapp3.1)
      Microsoft.NETCore.Targets (>= 1.1) - restriction: || (&& (== net40) (>= netstandard1.3)) (== netcoreapp3.1)
      System.Runtime (>= 4.3) - restriction: || (&& (== net40) (>= netstandard1.3)) (== netcoreapp3.1)
    System.Runtime.InteropServices (4.3.0) - restriction: || (&& (== net40) (>= netstandard2.1)) (== netcoreapp3.1)
      Microsoft.NETCore.Platforms (>= 1.1) - restriction: || (&& (== net40) (>= netcoreapp1.1)) (&& (== net40) (>= netstandard1.1)) (&& (== net40) (>= netstandard1.2)) (&& (== net40) (>= netstandard1.3)) (&& (== net40) (>= netstandard1.5)) (== netcoreapp3.1)
      Microsoft.NETCore.Targets (>= 1.1) - restriction: || (&& (== net40) (>= netcoreapp1.1)) (&& (== net40) (>= netstandard1.1)) (&& (== net40) (>= netstandard1.2)) (&& (== net40) (>= netstandard1.3)) (&& (== net40) (>= netstandard1.5)) (== netcoreapp3.1)
      System.Reflection (>= 4.3) - restriction: || (&& (== net40) (>= netcoreapp1.1)) (&& (== net40) (>= netstandard1.1)) (&& (== net40) (>= netstandard1.2)) (&& (== net40) (>= netstandard1.3)) (&& (== net40) (>= netstandard1.5)) (== netcoreapp3.1)
      System.Reflection.Primitives (>= 4.3) - restriction: || (&& (== net40) (>= netcoreapp1.1)) (&& (== net40) (>= netstandard1.1)) (&& (== net40) (>= netstandard1.2)) (&& (== net40) (>= netstandard1.3)) (&& (== net40) (>= netstandard1.5)) (== netcoreapp3.1)
      System.Runtime (>= 4.3) - restriction: || (&& (== net40) (>= net462)) (&& (== net40) (>= netcoreapp1.1)) (&& (== net40) (>= netstandard1.1)) (&& (== net40) (>= netstandard1.2)) (&& (== net40) (>= netstandard1.3)) (&& (== net40) (>= netstandard1.5)) (== netcoreapp3.1)
      System.Runtime.Handles (>= 4.3) - restriction: || (&& (== net40) (>= netcoreapp1.1)) (&& (== net40) (>= netstandard1.3)) (&& (== net40) (>= netstandard1.5)) (== netcoreapp3.1)
    System.Runtime.Loader (4.3.0) - restriction: || (&& (== net40) (>= netstandard2.1)) (== netcoreapp3.1)
      System.IO (>= 4.3) - restriction: || (&& (== net40) (>= netstandard1.5)) (== netcoreapp3.1)
      System.Reflection (>= 4.3) - restriction: || (&& (== net40) (>= netstandard1.5)) (== netcoreapp3.1)
      System.Runtime (>= 4.3) - restriction: || (&& (== net40) (>= netstandard1.5)) (== netcoreapp3.1)
    System.Runtime.Numerics (4.3.0) - restriction: || (&& (== net40) (>= netstandard2.1)) (== netcoreapp3.1)
      System.Globalization (>= 4.3) - restriction: || (&& (== net40) (>= netstandard1.3)) (== netcoreapp3.1)
      System.Resources.ResourceManager (>= 4.3) - restriction: || (&& (== net40) (>= netstandard1.3)) (== netcoreapp3.1)
      System.Runtime (>= 4.3) - restriction: || (&& (== net40) (>= netstandard1.1)) (&& (== net40) (>= netstandard1.3)) (== netcoreapp3.1)
      System.Runtime.Extensions (>= 4.3) - restriction: || (&& (== net40) (>= netstandard1.3)) (== netcoreapp3.1)
    System.Security.AccessControl (5.0.0) - restriction: || (&& (== net40) (>= netstandard2.1)) (== netcoreapp3.1)
      Microsoft.NETCore.Platforms (>= 5.0) - restriction: || (&& (== net40) (>= netcoreapp2.0)) (== netcoreapp3.1)
      System.Security.Principal.Windows (>= 5.0) - restriction: || (&& (== net40) (>= net46)) (&& (== net40) (>= net461)) (&& (== net40) (>= netcoreapp2.0)) (&& (== net40) (>= netstandard1.3)) (&& (== net40) (>= netstandard2.0)) (== netcoreapp3.1)
    System.Security.Claims (4.3.0) - restriction: || (&& (== net40) (>= netstandard2.1)) (== netcoreapp3.1)
      System.Collections (>= 4.3) - restriction: || (&& (== net40) (>= netstandard1.3)) (== netcoreapp3.1)
      System.Globalization (>= 4.3) - restriction: || (&& (== net40) (>= netstandard1.3)) (== netcoreapp3.1)
      System.IO (>= 4.3) - restriction: || (&& (== net40) (>= netstandard1.3)) (== netcoreapp3.1)
      System.Resources.ResourceManager (>= 4.3) - restriction: || (&& (== net40) (>= netstandard1.3)) (== netcoreapp3.1)
      System.Runtime (>= 4.3) - restriction: || (&& (== net40) (>= netstandard1.3)) (== netcoreapp3.1)
      System.Runtime.Extensions (>= 4.3) - restriction: || (&& (== net40) (>= netstandard1.3)) (== netcoreapp3.1)
      System.Security.Principal (>= 4.3) - restriction: || (&& (== net40) (>= netstandard1.3)) (== netcoreapp3.1)
    System.Security.Cryptography.Algorithms (4.3.1) - restriction: || (&& (== net40) (>= netstandard2.1)) (== netcoreapp3.1)
      Microsoft.NETCore.Platforms (>= 1.1) - restriction: || (&& (== net40) (>= netstandard1.6)) (== netcoreapp3.1)
      runtime.native.System.Security.Cryptography.Apple (>= 4.3.1) - restriction: || (&& (== net40) (>= netstandard1.6)) (== netcoreapp3.1)
      runtime.native.System.Security.Cryptography.OpenSsl (>= 4.3.2) - restriction: || (&& (== net40) (>= netstandard1.6)) (== netcoreapp3.1)
      System.Collections (>= 4.3) - restriction: || (&& (== net40) (>= netstandard1.6)) (== netcoreapp3.1)
      System.IO (>= 4.3) - restriction: || (&& (== net40) (>= net463)) (&& (== net40) (>= netstandard1.3)) (&& (== net40) (>= netstandard1.4)) (&& (== net40) (>= netstandard1.6)) (== netcoreapp3.1)
      System.Resources.ResourceManager (>= 4.3) - restriction: || (&& (== net40) (>= netstandard1.6)) (== netcoreapp3.1)
      System.Runtime (>= 4.3) - restriction: || (&& (== net40) (>= net463)) (&& (== net40) (>= netstandard1.3)) (&& (== net40) (>= netstandard1.4)) (&& (== net40) (>= netstandard1.6)) (== netcoreapp3.1)
      System.Runtime.Extensions (>= 4.3) - restriction: || (&& (== net40) (>= netstandard1.6)) (== netcoreapp3.1)
      System.Runtime.Handles (>= 4.3) - restriction: || (&& (== net40) (>= netstandard1.6)) (== netcoreapp3.1)
      System.Runtime.InteropServices (>= 4.3) - restriction: || (&& (== net40) (>= netstandard1.6)) (== netcoreapp3.1)
      System.Runtime.Numerics (>= 4.3) - restriction: || (&& (== net40) (>= netstandard1.6)) (== netcoreapp3.1)
      System.Security.Cryptography.Encoding (>= 4.3) - restriction: || (&& (== net40) (>= net463)) (&& (== net40) (>= netstandard1.6)) (== netcoreapp3.1)
      System.Security.Cryptography.Primitives (>= 4.3) - restriction: || (&& (== net40) (>= net46)) (&& (== net40) (>= net461)) (&& (== net40) (>= net463)) (&& (== net40) (>= netstandard1.3)) (&& (== net40) (>= netstandard1.4)) (&& (== net40) (>= netstandard1.6)) (== netcoreapp3.1)
      System.Text.Encoding (>= 4.3) - restriction: || (&& (== net40) (>= netstandard1.6)) (== netcoreapp3.1)
    System.Security.Cryptography.Cng (5.0.0) - restriction: || (&& (== net40) (>= netcoreapp3.0)) (&& (== net40) (>= netstandard2.1)) (== netcoreapp3.1)
      System.Formats.Asn1 (>= 5.0) - restriction: || (&& (== net40) (>= netcoreapp3.0)) (== netcoreapp3.1)
    System.Security.Cryptography.Csp (4.3.0) - restriction: || (&& (== net40) (>= netstandard2.1)) (== netcoreapp3.1)
      Microsoft.NETCore.Platforms (>= 1.1) - restriction: || (&& (== net40) (>= netstandard1.3)) (== netcoreapp3.1)
      System.IO (>= 4.3) - restriction: || (&& (== net40) (>= netstandard1.3)) (== netcoreapp3.1)
      System.Reflection (>= 4.3) - restriction: || (&& (== net40) (>= netstandard1.3)) (== netcoreapp3.1)
      System.Resources.ResourceManager (>= 4.3) - restriction: || (&& (== net40) (>= netstandard1.3)) (== netcoreapp3.1)
      System.Runtime (>= 4.3) - restriction: || (&& (== net40) (>= netstandard1.3)) (== netcoreapp3.1)
      System.Runtime.Extensions (>= 4.3) - restriction: || (&& (== net40) (>= netstandard1.3)) (== netcoreapp3.1)
      System.Runtime.Handles (>= 4.3) - restriction: || (&& (== net40) (>= netstandard1.3)) (== netcoreapp3.1)
      System.Runtime.InteropServices (>= 4.3) - restriction: || (&& (== net40) (>= netstandard1.3)) (== netcoreapp3.1)
      System.Security.Cryptography.Algorithms (>= 4.3) - restriction: || (&& (== net40) (>= net46)) (&& (== net40) (>= netstandard1.3)) (== netcoreapp3.1)
      System.Security.Cryptography.Encoding (>= 4.3) - restriction: || (&& (== net40) (>= netstandard1.3)) (== netcoreapp3.1)
      System.Security.Cryptography.Primitives (>= 4.3) - restriction: || (&& (== net40) (>= net46)) (&& (== net40) (>= netstandard1.3)) (== netcoreapp3.1)
      System.Text.Encoding (>= 4.3) - restriction: || (&& (== net40) (>= netstandard1.3)) (== netcoreapp3.1)
      System.Threading (>= 4.3) - restriction: || (&& (== net40) (>= netstandard1.3)) (== netcoreapp3.1)
    System.Security.Cryptography.Encoding (4.3.0) - restriction: || (&& (== net40) (>= netstandard2.1)) (== netcoreapp3.1)
      Microsoft.NETCore.Platforms (>= 1.1) - restriction: || (&& (== net40) (>= netstandard1.3)) (== netcoreapp3.1)
      runtime.native.System.Security.Cryptography.OpenSsl (>= 4.3) - restriction: || (&& (== net40) (>= netstandard1.3)) (== netcoreapp3.1)
      System.Collections (>= 4.3) - restriction: || (&& (== net40) (>= netstandard1.3)) (== netcoreapp3.1)
      System.Collections.Concurrent (>= 4.3) - restriction: || (&& (== net40) (>= netstandard1.3)) (== netcoreapp3.1)
      System.Linq (>= 4.3) - restriction: || (&& (== net40) (>= netstandard1.3)) (== netcoreapp3.1)
      System.Resources.ResourceManager (>= 4.3) - restriction: || (&& (== net40) (>= netstandard1.3)) (== netcoreapp3.1)
      System.Runtime (>= 4.3) - restriction: || (&& (== net40) (>= netstandard1.3)) (== netcoreapp3.1)
      System.Runtime.Extensions (>= 4.3) - restriction: || (&& (== net40) (>= netstandard1.3)) (== netcoreapp3.1)
      System.Runtime.Handles (>= 4.3) - restriction: || (&& (== net40) (>= netstandard1.3)) (== netcoreapp3.1)
      System.Runtime.InteropServices (>= 4.3) - restriction: || (&& (== net40) (>= netstandard1.3)) (== netcoreapp3.1)
      System.Security.Cryptography.Primitives (>= 4.3) - restriction: || (&& (== net40) (>= netstandard1.3)) (== netcoreapp3.1)
      System.Text.Encoding (>= 4.3) - restriction: || (&& (== net40) (>= netstandard1.3)) (== netcoreapp3.1)
    System.Security.Cryptography.OpenSsl (5.0.0) - restriction: || (&& (== net40) (>= netstandard2.1)) (== netcoreapp3.1)
      System.Formats.Asn1 (>= 5.0) - restriction: || (&& (== net40) (>= netcoreapp3.0)) (== netcoreapp3.1)
    System.Security.Cryptography.Pkcs (5.0.1) - restriction: || (&& (== net40) (>= netstandard2.1)) (== netcoreapp3.1)
      System.Formats.Asn1 (>= 5.0) - restriction: || (&& (== net40) (>= monoandroid)) (&& (== net40) (>= monotouch)) (&& (== net40) (>= netcoreapp2.0)) (&& (== net40) (>= netcoreapp3.0)) (&& (== net40) (>= netstandard2.0)) (&& (== net40) (>= netstandard2.1)) (&& (== net40) (>= uap10.1)) (&& (== net40) (>= xamarinios)) (&& (== net40) (>= xamarinmac)) (&& (== net40) (>= xamarintvos)) (&& (== net40) (>= xamarinwatchos)) (== netcoreapp3.1)
      System.Security.Cryptography.Cng (>= 5.0) - restriction: || (&& (== net40) (>= netcoreapp2.0)) (&& (== net40) (>= netcoreapp2.1)) (&& (== net40) (>= netcoreapp3.0)) (&& (== net40) (>= netstandard2.0)) (&& (== net40) (>= netstandard2.1)) (== netcoreapp3.1)
    System.Security.Cryptography.Primitives (4.3.0) - restriction: || (&& (== net40) (>= netstandard2.1)) (== netcoreapp3.1)
      System.Diagnostics.Debug (>= 4.3) - restriction: || (&& (== net40) (>= netstandard1.3)) (== netcoreapp3.1)
      System.Globalization (>= 4.3) - restriction: || (&& (== net40) (>= netstandard1.3)) (== netcoreapp3.1)
      System.IO (>= 4.3) - restriction: || (&& (== net40) (>= netstandard1.3)) (== netcoreapp3.1)
      System.Resources.ResourceManager (>= 4.3) - restriction: || (&& (== net40) (>= netstandard1.3)) (== netcoreapp3.1)
      System.Runtime (>= 4.3) - restriction: || (&& (== net40) (>= netstandard1.3)) (== netcoreapp3.1)
      System.Threading (>= 4.3) - restriction: || (&& (== net40) (>= netstandard1.3)) (== netcoreapp3.1)
      System.Threading.Tasks (>= 4.3) - restriction: || (&& (== net40) (>= netstandard1.3)) (== netcoreapp3.1)
    System.Security.Cryptography.X509Certificates (4.3.2) - restriction: || (&& (== net40) (>= netstandard2.1)) (== netcoreapp3.1)
      Microsoft.NETCore.Platforms (>= 1.1) - restriction: || (&& (== net40) (>= netstandard1.6)) (== netcoreapp3.1)
      runtime.native.System (>= 4.3) - restriction: || (&& (== net40) (>= netstandard1.6)) (== netcoreapp3.1)
      runtime.native.System.Net.Http (>= 4.3) - restriction: || (&& (== net40) (>= netstandard1.6)) (== netcoreapp3.1)
      runtime.native.System.Security.Cryptography.OpenSsl (>= 4.3.2) - restriction: || (&& (== net40) (>= netstandard1.6)) (== netcoreapp3.1)
      System.Collections (>= 4.3) - restriction: || (&& (== net40) (>= netstandard1.6)) (== netcoreapp3.1)
      System.Diagnostics.Debug (>= 4.3) - restriction: || (&& (== net40) (>= netstandard1.6)) (== netcoreapp3.1)
      System.Globalization (>= 4.3) - restriction: || (&& (== net40) (>= netstandard1.6)) (== netcoreapp3.1)
      System.Globalization.Calendars (>= 4.3) - restriction: || (&& (== net40) (>= netstandard1.6)) (== netcoreapp3.1)
      System.IO (>= 4.3) - restriction: || (&& (== net40) (>= netstandard1.6)) (== netcoreapp3.1)
      System.IO.FileSystem (>= 4.3) - restriction: || (&& (== net40) (>= netstandard1.6)) (== netcoreapp3.1)
      System.IO.FileSystem.Primitives (>= 4.3) - restriction: || (&& (== net40) (>= netstandard1.6)) (== netcoreapp3.1)
      System.Resources.ResourceManager (>= 4.3) - restriction: || (&& (== net40) (>= netstandard1.6)) (== netcoreapp3.1)
      System.Runtime (>= 4.3) - restriction: || (&& (== net40) (>= netstandard1.3)) (&& (== net40) (>= netstandard1.4)) (&& (== net40) (>= netstandard1.6)) (== netcoreapp3.1)
      System.Runtime.Extensions (>= 4.3) - restriction: || (&& (== net40) (>= netstandard1.6)) (== netcoreapp3.1)
      System.Runtime.Handles (>= 4.3) - restriction: || (&& (== net40) (>= netstandard1.3)) (&& (== net40) (>= netstandard1.4)) (&& (== net40) (>= netstandard1.6)) (== netcoreapp3.1)
      System.Runtime.InteropServices (>= 4.3) - restriction: || (&& (== net40) (>= netstandard1.6)) (== netcoreapp3.1)
      System.Runtime.Numerics (>= 4.3) - restriction: || (&& (== net40) (>= netstandard1.6)) (== netcoreapp3.1)
      System.Security.Cryptography.Algorithms (>= 4.3) - restriction: || (&& (== net40) (>= net46)) (&& (== net40) (>= net461)) (&& (== net40) (>= netstandard1.3)) (&& (== net40) (>= netstandard1.4)) (&& (== net40) (>= netstandard1.6)) (== netcoreapp3.1)
      System.Security.Cryptography.Cng (>= 4.3) - restriction: || (&& (== net40) (>= netstandard1.6)) (== netcoreapp3.1)
      System.Security.Cryptography.Csp (>= 4.3) - restriction: || (&& (== net40) (>= netstandard1.6)) (== netcoreapp3.1)
      System.Security.Cryptography.Encoding (>= 4.3) - restriction: || (&& (== net40) (>= net46)) (&& (== net40) (>= net461)) (&& (== net40) (>= netstandard1.3)) (&& (== net40) (>= netstandard1.4)) (&& (== net40) (>= netstandard1.6)) (== netcoreapp3.1)
      System.Security.Cryptography.OpenSsl (>= 4.3) - restriction: || (&& (== net40) (>= netstandard1.6)) (== netcoreapp3.1)
      System.Security.Cryptography.Primitives (>= 4.3) - restriction: || (&& (== net40) (>= netstandard1.6)) (== netcoreapp3.1)
      System.Text.Encoding (>= 4.3) - restriction: || (&& (== net40) (>= netstandard1.6)) (== netcoreapp3.1)
      System.Threading (>= 4.3) - restriction: || (&& (== net40) (>= netstandard1.6)) (== netcoreapp3.1)
    System.Security.Cryptography.Xml (5.0.0) - restriction: || (&& (== net40) (>= netstandard2.1)) (== netcoreapp3.1)
      System.Security.Cryptography.Pkcs (>= 5.0) - restriction: || (&& (== net40) (>= monoandroid)) (&& (== net40) (>= monotouch)) (&& (== net40) (>= netcoreapp2.1)) (&& (== net40) (>= netstandard2.0)) (&& (== net40) (>= xamarinios)) (&& (== net40) (>= xamarinmac)) (&& (== net40) (>= xamarintvos)) (&& (== net40) (>= xamarinwatchos)) (== netcoreapp3.1)
      System.Security.Permissions (>= 5.0) - restriction: || (&& (== net40) (>= monoandroid)) (&& (== net40) (>= monotouch)) (&& (== net40) (>= net461)) (&& (== net40) (>= netstandard2.0)) (&& (== net40) (>= xamarintvos)) (&& (== net40) (>= xamarinwatchos)) (== netcoreapp3.1)
    System.Security.Permissions (5.0.0) - restriction: || (&& (== net40) (>= netstandard2.1)) (== netcoreapp3.1)
      System.Security.AccessControl (>= 5.0) - restriction: || (&& (== net40) (>= net461)) (&& (== net40) (>= netstandard2.0)) (== netcoreapp3.1)
      System.Windows.Extensions (>= 5.0) - restriction: || (&& (== net40) (>= netcoreapp3.0)) (== netcoreapp3.1)
    System.Security.Principal (4.3.0) - restriction: || (&& (== net40) (>= netstandard2.1)) (== netcoreapp3.1)
      System.Runtime (>= 4.3) - restriction: || (&& (== net40) (>= netstandard1.0)) (== netcoreapp3.1)
    System.Security.Principal.Windows (5.0.0) - restriction: || (&& (== net40) (>= netstandard2.1)) (== netcoreapp3.1)
    System.Text.Encoding (4.3.0) - restriction: || (&& (== net40) (>= netstandard2.1)) (== netcoreapp3.1)
      Microsoft.NETCore.Platforms (>= 1.1) - restriction: || (&& (== net40) (>= netstandard1.0)) (&& (== net40) (>= netstandard1.3)) (== netcoreapp3.1)
      Microsoft.NETCore.Targets (>= 1.1) - restriction: || (&& (== net40) (>= netstandard1.0)) (&& (== net40) (>= netstandard1.3)) (== netcoreapp3.1)
      System.Runtime (>= 4.3) - restriction: || (&& (== net40) (>= netstandard1.0)) (&& (== net40) (>= netstandard1.3)) (== netcoreapp3.1)
    System.Text.Encoding.CodePages (5.0.0) - restriction: || (&& (== net40) (>= netstandard2.1)) (== netcoreapp3.1)
      Microsoft.NETCore.Platforms (>= 5.0) - restriction: || (&& (== net40) (>= netcoreapp2.0)) (== netcoreapp3.1)
      System.Runtime.CompilerServices.Unsafe (>= 5.0) - restriction: || (&& (== net40) (>= net461)) (&& (== net40) (>= netcoreapp2.0)) (&& (== net40) (>= netstandard2.0)) (== netcoreapp3.1)
    System.Text.Encoding.Extensions (4.3.0) - restriction: || (&& (== net40) (>= netstandard2.1)) (== netcoreapp3.1)
      Microsoft.NETCore.Platforms (>= 1.1) - restriction: || (&& (== net40) (>= netstandard1.0)) (&& (== net40) (>= netstandard1.3)) (== netcoreapp3.1)
      Microsoft.NETCore.Targets (>= 1.1) - restriction: || (&& (== net40) (>= netstandard1.0)) (&& (== net40) (>= netstandard1.3)) (== netcoreapp3.1)
      System.Runtime (>= 4.3) - restriction: || (&& (== net40) (>= netstandard1.0)) (&& (== net40) (>= netstandard1.3)) (== netcoreapp3.1)
      System.Text.Encoding (>= 4.3) - restriction: || (&& (== net40) (>= netstandard1.0)) (&& (== net40) (>= netstandard1.3)) (== netcoreapp3.1)
    System.Threading (4.3.0) - restriction: || (&& (== net40) (>= netstandard2.1)) (== netcoreapp3.1)
      System.Runtime (>= 4.3) - restriction: || (&& (== net40) (>= netstandard1.0)) (&& (== net40) (>= netstandard1.3)) (== netcoreapp3.1)
      System.Threading.Tasks (>= 4.3) - restriction: || (&& (== net40) (>= netstandard1.0)) (&& (== net40) (>= netstandard1.3)) (== netcoreapp3.1)
    System.Threading.Tasks (4.3.0) - restriction: || (&& (== net40) (>= netstandard2.1)) (== netcoreapp3.1)
      Microsoft.NETCore.Platforms (>= 1.1) - restriction: || (&& (== net40) (>= netstandard1.0)) (&& (== net40) (>= netstandard1.3)) (== netcoreapp3.1)
      Microsoft.NETCore.Targets (>= 1.1) - restriction: || (&& (== net40) (>= netstandard1.0)) (&& (== net40) (>= netstandard1.3)) (== netcoreapp3.1)
      System.Runtime (>= 4.3) - restriction: || (&& (== net40) (>= netstandard1.0)) (&& (== net40) (>= netstandard1.3)) (== netcoreapp3.1)
    System.Threading.Tasks.Dataflow (5.0.0) - restriction: || (&& (== net40) (>= netstandard2.1)) (== netcoreapp3.1)
    System.Threading.Tasks.Parallel (4.3.0) - restriction: || (&& (== net40) (>= netstandard2.1)) (== netcoreapp3.1)
      System.Collections.Concurrent (>= 4.3) - restriction: || (&& (== net40) (>= netstandard1.1)) (&& (== net40) (>= netstandard1.3)) (== netcoreapp3.1)
      System.Diagnostics.Debug (>= 4.3) - restriction: || (&& (== net40) (>= netstandard1.3)) (== netcoreapp3.1)
      System.Diagnostics.Tracing (>= 4.3) - restriction: || (&& (== net40) (>= netstandard1.3)) (== netcoreapp3.1)
      System.Resources.ResourceManager (>= 4.3) - restriction: || (&& (== net40) (>= netstandard1.3)) (== netcoreapp3.1)
      System.Runtime (>= 4.3) - restriction: || (&& (== net40) (>= netstandard1.1)) (&& (== net40) (>= netstandard1.3)) (== netcoreapp3.1)
      System.Runtime.Extensions (>= 4.3) - restriction: || (&& (== net40) (>= netstandard1.3)) (== netcoreapp3.1)
      System.Threading (>= 4.3) - restriction: || (&& (== net40) (>= netstandard1.3)) (== netcoreapp3.1)
      System.Threading.Tasks (>= 4.3) - restriction: || (&& (== net40) (>= netstandard1.1)) (&& (== net40) (>= netstandard1.3)) (== netcoreapp3.1)
    System.Threading.Thread (4.3.0) - restriction: || (&& (== net40) (>= netstandard2.1)) (== netcoreapp3.1)
      System.Runtime (>= 4.3) - restriction: || (&& (== net40) (>= netstandard1.3)) (== netcoreapp3.1)
    System.Threading.ThreadPool (4.3.0) - restriction: || (&& (== net40) (>= netstandard2.1)) (== netcoreapp3.1)
      System.Runtime (>= 4.3) - restriction: || (&& (== net40) (>= netstandard1.3)) (== netcoreapp3.1)
      System.Runtime.Handles (>= 4.3) - restriction: || (&& (== net40) (>= netstandard1.3)) (== netcoreapp3.1)
    System.Windows.Extensions (5.0.0) - restriction: || (&& (== net40) (>= netcoreapp3.0)) (== netcoreapp3.1)
      System.Drawing.Common (>= 5.0) - restriction: || (&& (== net40) (>= netcoreapp3.0)) (== netcoreapp3.1)
    XPlot.GoogleCharts (3.0.1)
      FSharp.Core (>= 4.5.2)
      Google.DataTable.Net.Wrapper (>= 4.0)
      Newtonsoft.Json (>= 12.0.2)
    XPlot.GoogleCharts.Deedle (3.0.1)
      Deedle (>= 2.1)
      FSharp.Core (>= 4.5.2)
      XPlot.GoogleCharts (>= 3.0.1)
    XPlot.Plotly (3.0.1)
      FSharp.Core (>= 4.5.2)
      Newtonsoft.Json (>= 12.0.2)

GROUP visualizer.web
STORAGE: NONE
RESTRICTION: || (== net40) (== netcoreapp3.1)
NUGET
  remote: https://kmddk.pkgs.visualstudio.com/45c29cd0-03bf-4f63-ac71-3c366095dda9/_packaging/KMD_Package_Feed/nuget/v2
    Expecto (9.0.2)
      FSharp.Core (>= 4.6) - restriction: || (&& (== net40) (>= net461)) (&& (== net40) (>= netstandard2.0)) (== netcoreapp3.1)
      Mono.Cecil (>= 0.11.2) - restriction: || (&& (== net40) (>= net461)) (&& (== net40) (>= netstandard2.0)) (== netcoreapp3.1)
    Fable.Browser.Blob (1.1.0) - restriction: || (&& (== net40) (>= netstandard2.0)) (== netcoreapp3.1)
      Fable.Core (>= 3.0) - restriction: || (&& (== net40) (>= netstandard2.0)) (== netcoreapp3.1)
      FSharp.Core (>= 4.6.2) - restriction: || (&& (== net40) (>= netstandard2.0)) (== netcoreapp3.1)
    Fable.Browser.Dom (2.2.0) - restriction: || (&& (== net40) (>= netstandard2.0)) (== netcoreapp3.1)
      Fable.Browser.Blob (>= 1.1) - restriction: || (&& (== net40) (>= netstandard2.0)) (== netcoreapp3.1)
      Fable.Browser.Event (>= 1.2.1) - restriction: || (&& (== net40) (>= netstandard2.0)) (== netcoreapp3.1)
      Fable.Browser.WebStorage (>= 1.0) - restriction: || (&& (== net40) (>= netstandard2.0)) (== netcoreapp3.1)
      Fable.Core (>= 3.0) - restriction: || (&& (== net40) (>= netstandard2.0)) (== netcoreapp3.1)
      FSharp.Core (>= 4.7.2) - restriction: || (&& (== net40) (>= netstandard2.0)) (== netcoreapp3.1)
    Fable.Browser.Event (1.2.1) - restriction: || (&& (== net40) (>= netstandard2.0)) (== netcoreapp3.1)
      Fable.Core (>= 3.0) - restriction: || (&& (== net40) (>= netstandard2.0)) (== netcoreapp3.1)
      FSharp.Core (>= 4.7) - restriction: || (&& (== net40) (>= netstandard2.0)) (== netcoreapp3.1)
    Fable.Browser.WebStorage (1.0.0) - restriction: || (&& (== net40) (>= netstandard2.0)) (== netcoreapp3.1)
      Fable.Browser.Event (>= 1.0) - restriction: || (&& (== net40) (>= netstandard2.0)) (== netcoreapp3.1)
      Fable.Core (>= 3.0) - restriction: || (&& (== net40) (>= netstandard2.0)) (== netcoreapp3.1)
      FSharp.Core (>= 4.5.2) - restriction: || (&& (== net40) (>= netstandard2.0)) (== netcoreapp3.1)
    Fable.Browser.XMLHttpRequest (1.1.2) - restriction: || (&& (== net40) (>= netstandard2.0)) (== netcoreapp3.1)
      Fable.Browser.Blob (>= 1.1) - restriction: || (&& (== net40) (>= netstandard2.0)) (== netcoreapp3.1)
      Fable.Browser.Event (>= 1.2.1) - restriction: || (&& (== net40) (>= netstandard2.0)) (== netcoreapp3.1)
      Fable.Core (>= 3.0) - restriction: || (&& (== net40) (>= netstandard2.0)) (== netcoreapp3.1)
      FSharp.Core (>= 4.7) - restriction: || (&& (== net40) (>= netstandard2.0)) (== netcoreapp3.1)
    Fable.Core (3.2.3)
      FSharp.Core (>= 4.7.2) - restriction: || (&& (== net40) (>= netstandard2.0)) (== netcoreapp3.1)
    Fable.Elmish (3.1.0)
      Fable.Core (>= 3.0) - restriction: || (&& (== net40) (>= netstandard2.0)) (== netcoreapp3.1)
      FSharp.Core (>= 4.6.2) - restriction: || (&& (== net40) (>= netstandard2.0)) (== netcoreapp3.1)
    Fable.Elmish.Browser (3.0.4) - restriction: || (&& (== net40) (>= netstandard2.0)) (== netcoreapp3.1)
      Fable.Browser.Dom (>= 1.0) - restriction: || (&& (== net40) (>= netstandard2.0)) (== netcoreapp3.1)
      Fable.Core (>= 3.0) - restriction: || (&& (== net40) (>= netstandard2.0)) (== netcoreapp3.1)
      Fable.Elmish (>= 3.0) - restriction: || (&& (== net40) (>= netstandard2.0)) (== netcoreapp3.1)
      FSharp.Core (>= 4.6.2) - restriction: || (&& (== net40) (>= netstandard2.0)) (== netcoreapp3.1)
    Fable.Elmish.Debugger (3.2.0)
      Fable.Core (>= 3.1.5) - restriction: || (&& (== net40) (>= netstandard2.0)) (== netcoreapp3.1)
      Fable.Elmish (>= 3.0) - restriction: || (&& (== net40) (>= netstandard2.0)) (== netcoreapp3.1)
      FSharp.Core (>= 4.7) - restriction: || (&& (== net40) (>= netstandard2.0)) (== netcoreapp3.1)
      Thoth.Json (>= 4.0) - restriction: || (&& (== net40) (>= netstandard2.0)) (== netcoreapp3.1)
    Fable.Elmish.HMR (4.1.0)
      Fable.Core (>= 3.0) - restriction: || (&& (== net40) (>= netstandard2.0)) (== netcoreapp3.1)
      Fable.Elmish.Browser (>= 3.0.4) - restriction: || (&& (== net40) (>= netstandard2.0)) (== netcoreapp3.1)
      Fable.Elmish.React (>= 3.0.1) - restriction: || (&& (== net40) (>= netstandard2.0)) (== netcoreapp3.1)
      FSharp.Core (>= 4.6.2) - restriction: || (&& (== net40) (>= netstandard2.0)) (== netcoreapp3.1)
    Fable.Elmish.React (3.0.1)
      Fable.Core (>= 3.0) - restriction: || (&& (== net40) (>= netstandard2.0)) (== netcoreapp3.1)
      Fable.Elmish (>= 3.0) - restriction: || (&& (== net40) (>= netstandard2.0)) (== netcoreapp3.1)
      Fable.React (>= 5.1) - restriction: || (&& (== net40) (>= netstandard2.0)) (== netcoreapp3.1)
      FSharp.Core (>= 4.6.2) - restriction: || (&& (== net40) (>= netstandard2.0)) (== netcoreapp3.1)
    Fable.FontAwesome (2.0.0) - restriction: || (&& (== net40) (>= netstandard2.0)) (== netcoreapp3.1)
      Fable.Core (>= 3.0) - restriction: || (&& (== net40) (>= netstandard2.0)) (== netcoreapp3.1)
      Fable.React (>= 5.1) - restriction: || (&& (== net40) (>= netstandard2.0)) (== netcoreapp3.1)
    Fable.FontAwesome.Free (2.1.0)
      Fable.Core (>= 3.0) - restriction: || (&& (== net40) (>= netstandard2.0)) (== netcoreapp3.1)
      Fable.FontAwesome (>= 2.0) - restriction: || (&& (== net40) (>= netstandard2.0)) (== netcoreapp3.1)
      Fable.React (>= 5.1) - restriction: || (&& (== net40) (>= netstandard2.0)) (== netcoreapp3.1)
    Fable.Mocha (2.9.1)
      Fable.Core (>= 3.0) - restriction: || (&& (== net40) (>= netstandard2.0)) (== netcoreapp3.1)
      FSharp.Core (>= 4.7) - restriction: || (&& (== net40) (>= netstandard2.0)) (== netcoreapp3.1)
    Fable.Parsimmon (4.1.0) - restriction: || (&& (== net40) (>= netstandard2.0)) (== netcoreapp3.1)
      Fable.Core (>= 3.0) - restriction: || (&& (== net40) (>= netstandard2.0)) (== netcoreapp3.1)
      FSharp.Core (>= 4.6.2) - restriction: || (&& (== net40) (>= netstandard2.0)) (== netcoreapp3.1)
    Fable.React (7.2.0)
      Fable.Browser.Dom (>= 2.0.1) - restriction: || (&& (== net40) (>= netstandard2.0)) (== netcoreapp3.1)
      Fable.Core (>= 3.1.5) - restriction: || (&& (== net40) (>= netstandard2.0)) (== netcoreapp3.1)
      FSharp.Core (>= 4.7.2) - restriction: || (&& (== net40) (>= netstandard2.0)) (== netcoreapp3.1)
    Fable.Recharts (1.1.2)
      Fable.React (>= 5.0) - restriction: || (&& (== net40) (>= netstandard2.0)) (== netcoreapp3.1)
      FSharp.Core (>= 4.6.2) - restriction: || (&& (== net40) (>= netstandard2.0)) (== netcoreapp3.1)
    Fable.Remoting.Client (6.12.0)
      Fable.Browser.XMLHttpRequest (>= 1.0) - restriction: || (&& (== net40) (>= netstandard2.0)) (== netcoreapp3.1)
      Fable.Core (>= 3.1.5) - restriction: || (&& (== net40) (>= netstandard2.0)) (== netcoreapp3.1)
      Fable.Remoting.MsgPack (>= 1.5) - restriction: || (&& (== net40) (>= netstandard2.0)) (== netcoreapp3.1)
      Fable.SimpleJson (>= 3.11) - restriction: || (&& (== net40) (>= netstandard2.0)) (== netcoreapp3.1)
      FSharp.Core (>= 4.7) - restriction: || (&& (== net40) (>= netstandard2.0)) (== netcoreapp3.1)
    Fable.Remoting.Giraffe (4.15.0)
      Fable.Remoting.Server (>= 5.13) - restriction: || (&& (== net40) (>= netstandard2.0)) (== netcoreapp3.1)
      FSharp.Core (>= 4.7.2) - restriction: || (&& (== net40) (>= netstandard2.0)) (== netcoreapp3.1)
      Giraffe (>= 4.1) - restriction: || (&& (== net40) (>= netstandard2.0)) (== netcoreapp3.1)
    Fable.Remoting.Json (2.13.0) - restriction: || (&& (== net40) (>= netstandard2.0)) (== netcoreapp3.1)
      FSharp.Core (>= 4.7.2) - restriction: || (&& (== net40) (>= net45)) (&& (== net40) (>= netstandard2.0)) (== netcoreapp3.1)
      Newtonsoft.Json (>= 12.0.2) - restriction: || (&& (== net40) (>= net45)) (&& (== net40) (>= netstandard2.0)) (== netcoreapp3.1)
    Fable.Remoting.MsgPack (1.7.0) - restriction: || (&& (== net40) (>= netstandard2.0)) (== netcoreapp3.1)
      FSharp.Core (>= 4.7.2) - restriction: || (&& (== net40) (>= net45)) (&& (== net40) (>= netstandard2.0)) (== netcoreapp3.1)
      TypeShape (>= 8.0.1) - restriction: || (&& (== net40) (>= net45)) (&& (== net40) (>= netstandard2.0)) (== netcoreapp3.1)
    Fable.Remoting.Server (5.13.0) - restriction: || (&& (== net40) (>= netstandard2.0)) (== netcoreapp3.1)
      Fable.Remoting.Json (>= 2.13) - restriction: || (&& (== net40) (>= net462)) (&& (== net40) (>= netstandard2.0)) (== netcoreapp3.1)
      Fable.Remoting.MsgPack (>= 1.7) - restriction: || (&& (== net40) (>= net462)) (&& (== net40) (>= netstandard2.0)) (== netcoreapp3.1)
      FSharp.Core (>= 4.7.2) - restriction: || (&& (== net40) (>= net462)) (&& (== net40) (>= netstandard2.0)) (== netcoreapp3.1)
      TypeShape (>= 8.0.1) - restriction: || (&& (== net40) (>= net462)) (&& (== net40) (>= netstandard2.0)) (== netcoreapp3.1)
    Fable.SimpleJson (3.11.0)
      Fable.Core (>= 3.1.5) - restriction: || (&& (== net40) (>= netstandard2.0)) (== netcoreapp3.1)
      Fable.Parsimmon (>= 4.0) - restriction: || (&& (== net40) (>= netstandard2.0)) (== netcoreapp3.1)
      FSharp.Core (>= 4.7) - restriction: || (&& (== net40) (>= netstandard2.0)) (== netcoreapp3.1)
    FSharp.Control.Websockets (0.2.2) - restriction: || (&& (== net40) (>= netcoreapp3.1)) (== netcoreapp3.1)
      FSharp.Core (>= 4.3.4) - restriction: || (&& (== net40) (>= net461)) (&& (== net40) (>= netstandard2.0)) (== netcoreapp3.1)
      Microsoft.IO.RecyclableMemoryStream (>= 1.2.2) - restriction: || (&& (== net40) (>= net461)) (&& (== net40) (>= netstandard2.0)) (== netcoreapp3.1)
    FSharp.Core (5.0.0) - restriction: || (&& (== net40) (>= netstandard2.0)) (== netcoreapp3.1)
    FSharp.Data (3.3.3)
      FSharp.Core (>= 4.3.4) - restriction: || (&& (== net40) (>= netstandard2.0)) (== netcoreapp3.1)
    Fulma (2.10.0)
      Fable.Core (>= 3.0) - restriction: || (&& (== net40) (>= netstandard2.0)) (== netcoreapp3.1)
      Fable.React (>= 5.1) - restriction: || (&& (== net40) (>= netstandard2.0)) (== netcoreapp3.1)
    Giraffe (4.1.0) - restriction: || (&& (== net40) (>= netstandard2.0)) (== netcoreapp3.1)
      FSharp.Core (>= 4.7) - restriction: || (&& (== net40) (>= net461)) (&& (== net40) (>= netstandard2.0)) (== netcoreapp3.1)
      Microsoft.IO.RecyclableMemoryStream (>= 1.2.2) - restriction: || (&& (== net40) (>= net461)) (&& (== net40) (>= netstandard2.0)) (== netcoreapp3.1)
      Newtonsoft.Json (>= 12.0.2) - restriction: || (&& (== net40) (>= net461)) (&& (== net40) (>= netstandard2.0)) (== netcoreapp3.1)
      TaskBuilder.fs (>= 2.1) - restriction: || (&& (== net40) (>= net461)) (&& (== net40) (>= netstandard2.0)) (== netcoreapp3.1)
      Utf8Json (>= 1.3.7) - restriction: || (&& (== net40) (>= net461)) (&& (== net40) (>= netstandard2.0)) (== netcoreapp3.1)
    Microsoft.AspNetCore.Authentication.JwtBearer (5.0.2) - restriction: || (&& (== net40) (>= netcoreapp3.1)) (== netcoreapp3.1)
    Microsoft.IO.RecyclableMemoryStream (1.4.0) - restriction: || (&& (== net40) (>= netstandard2.0)) (== netcoreapp3.1)
    Microsoft.NETCore.Platforms (5.0.0) - restriction: || (&& (== net40) (>= netcoreapp2.0)) (&& (== net40) (>= netstandard2.0)) (== netcoreapp3.1)
    Mono.Cecil (0.11.3) - restriction: || (&& (== net40) (>= net461)) (&& (== net40) (>= netstandard2.0)) (== netcoreapp3.1)
    NETStandard.Library (2.0.3) - restriction: || (&& (== net40) (>= netstandard2.0)) (== netcoreapp3.1)
      Microsoft.NETCore.Platforms (>= 1.1) - restriction: || (&& (== net40) (>= net45)) (&& (== net40) (>= net46)) (&& (== net40) (>= net461)) (&& (== net40) (>= netcoreapp2.0)) (&& (== net40) (>= netstandard1.0)) (&& (== net40) (>= netstandard1.1)) (&& (== net40) (>= netstandard1.2)) (&& (== net40) (>= netstandard1.3)) (&& (== net40) (>= netstandard1.4)) (&& (== net40) (>= netstandard1.5)) (&& (== net40) (>= netstandard1.6)) (&& (== net40) (>= netstandard2.0)) (&& (== net40) (>= portable-net45+win8)) (&& (== net40) (>= portable-net45+win8+wp8+wpa81)) (&& (== net40) (>= portable-net45+win8+wpa81)) (&& (== net40) (>= uap10.0)) (&& (== net40) (>= uap10.1)) (&& (== net40) (>= win8)) (&& (== net40) (>= wp8)) (&& (== net40) (>= wpa81)) (== netcoreapp3.1)
    Newtonsoft.Json (12.0.3) - restriction: || (&& (== net40) (>= netstandard2.0)) (== netcoreapp3.1)
    Saturn (0.14.1)
      FSharp.Control.Websockets (>= 0.2.2) - restriction: || (&& (== net40) (>= netcoreapp3.1)) (== netcoreapp3.1)
      FSharp.Core (>= 4.7.2) - restriction: || (&& (== net40) (>= netcoreapp3.1)) (== netcoreapp3.1)
      Giraffe (>= 4.1) - restriction: || (&& (== net40) (>= netcoreapp3.1)) (== netcoreapp3.1)
      Microsoft.AspNetCore.Authentication.JwtBearer (>= 3.0.3) - restriction: || (&& (== net40) (>= netcoreapp3.1)) (== netcoreapp3.1)
      System.Threading.Tasks.Dataflow (>= 4.11.1) - restriction: || (&& (== net40) (>= netcoreapp3.1)) (== netcoreapp3.1)
    System.Reflection.Emit (4.7.0) - restriction: || (&& (== net40) (>= netstandard2.0)) (== netcoreapp3.1)
    System.Reflection.Emit.Lightweight (4.7.0) - restriction: || (&& (== net40) (>= netstandard2.0)) (== netcoreapp3.1)
    System.Threading.Tasks.Dataflow (5.0.0) - restriction: || (&& (== net40) (>= netcoreapp3.1)) (== netcoreapp3.1)
    System.Threading.Tasks.Extensions (4.5.4) - restriction: || (&& (== net40) (>= netstandard2.0)) (== netcoreapp3.1)
    System.ValueTuple (4.5.0) - restriction: || (&& (== net40) (>= netstandard2.0)) (== netcoreapp3.1)
    TaskBuilder.fs (2.1.0) - restriction: || (&& (== net40) (>= netstandard2.0)) (== netcoreapp3.1)
      FSharp.Core (>= 4.1.17) - restriction: || (&& (== net40) (>= net45)) (&& (== net40) (>= net46)) (&& (== net40) (>= net47)) (&& (== net40) (>= netstandard1.6)) (== netcoreapp3.1)
      NETStandard.Library (>= 1.6.1) - restriction: || (&& (== net40) (>= netstandard1.6)) (== netcoreapp3.1)
      System.ValueTuple (>= 4.4) - restriction: || (&& (== net40) (>= net45)) (&& (== net40) (>= net46)) (&& (== net40) (>= net47)) (&& (== net40) (>= netstandard1.6)) (== netcoreapp3.1)
    Thoth.Json (5.1.0) - restriction: || (&& (== net40) (>= netstandard2.0)) (== netcoreapp3.1)
      Fable.Core (>= 3.1.6) - restriction: || (&& (== net40) (>= netstandard2.0)) (== netcoreapp3.1)
      FSharp.Core (>= 4.7.2) - restriction: || (&& (== net40) (>= netstandard2.0)) (== netcoreapp3.1)
    TypeShape (9.0.0) - restriction: || (&& (== net40) (>= netstandard2.0)) (== netcoreapp3.1)
      FSharp.Core (>= 4.3.2) - restriction: || (&& (== net40) (>= netstandard2.0)) (== netcoreapp3.1)
    Utf8Json (1.3.7) - restriction: || (&& (== net40) (>= netstandard2.0)) (== netcoreapp3.1)
      System.Reflection.Emit (>= 4.3) - restriction: || (&& (== net40) (>= net45)) (&& (== net40) (>= net47)) (&& (== net40) (>= netstandard2.0)) (== netcoreapp3.1)
      System.Reflection.Emit.Lightweight (>= 4.3) - restriction: || (&& (== net40) (>= net45)) (&& (== net40) (>= net47)) (&& (== net40) (>= netstandard2.0)) (== netcoreapp3.1)
      System.Threading.Tasks.Extensions (>= 4.4) - restriction: || (&& (== net40) (>= net45)) (&& (== net40) (>= net47)) (&& (== net40) (>= netstandard2.0)) (== netcoreapp3.1)
      System.ValueTuple (>= 4.4) - restriction: || (&& (== net40) (>= net45)) (&& (== net40) (>= net47)) (&& (== net40) (>= netstandard2.0)) (== netcoreapp3.1)

GROUP web
STORAGE: NONE
RESTRICTION: || (== net40) (== netcoreapp3.1)
NUGET
  remote: https://kmddk.pkgs.visualstudio.com/45c29cd0-03bf-4f63-ac71-3c366095dda9/_packaging/KMD_Package_Feed/nuget/v2
    Fable.Core (3.2.3) - restriction: || (&& (== net40) (>= netstandard2.0)) (== netcoreapp3.1)
      FSharp.Core (>= 4.7.2) - restriction: || (&& (== net40) (>= netstandard2.0)) (== netcoreapp3.1)
    FSharp.Control.Websockets (0.2.2) - restriction: || (&& (== net40) (>= netstandard2.0)) (== netcoreapp3.1)
      FSharp.Core (>= 4.3.4) - restriction: || (&& (== net40) (>= net461)) (&& (== net40) (>= netstandard2.0)) (== netcoreapp3.1)
      Microsoft.IO.RecyclableMemoryStream (>= 1.2.2) - restriction: || (&& (== net40) (>= net461)) (&& (== net40) (>= netstandard2.0)) (== netcoreapp3.1)
    FSharp.Core (5.0.0)
    FSharp.Data (3.3.3)
      FSharp.Core (>= 4.3.4) - restriction: || (&& (== net40) (>= netstandard2.0)) (== netcoreapp3.1)
    Giraffe (4.1.0)
      FSharp.Core (>= 4.7) - restriction: || (&& (== net40) (>= net461)) (&& (== net40) (>= netstandard2.0)) (== netcoreapp3.1)
      Microsoft.IO.RecyclableMemoryStream (>= 1.2.2) - restriction: || (&& (== net40) (>= net461)) (&& (== net40) (>= netstandard2.0)) (== netcoreapp3.1)
      Newtonsoft.Json (>= 12.0.2) - restriction: || (&& (== net40) (>= net461)) (&& (== net40) (>= netstandard2.0)) (== netcoreapp3.1)
      TaskBuilder.fs (>= 2.1) - restriction: || (&& (== net40) (>= net461)) (&& (== net40) (>= netstandard2.0)) (== netcoreapp3.1)
      Utf8Json (>= 1.3.7) - restriction: || (&& (== net40) (>= net461)) (&& (== net40) (>= netstandard2.0)) (== netcoreapp3.1)
    Microsoft.AspNetCore.Authentication.JwtBearer (5.0.2) - restriction: || (&& (== net40) (>= netcoreapp3.1)) (== netcoreapp3.1)
    Microsoft.Extensions.PlatformAbstractions (1.1.0)
      NETStandard.Library (>= 1.6.1) - restriction: || (&& (== net40) (>= net451)) (&& (== net40) (>= netstandard1.3)) (== netcoreapp3.1)
      System.Reflection.TypeExtensions (>= 4.3) - restriction: || (&& (== net40) (>= netstandard1.3)) (== netcoreapp3.1)
    Microsoft.IO.RecyclableMemoryStream (1.4.0) - restriction: || (&& (== net40) (>= net461)) (&& (== net40) (>= netstandard2.0)) (== netcoreapp3.1)
    Microsoft.NETCore.Platforms (5.0.0) - restriction: || (&& (== net40) (>= net451)) (&& (== net40) (>= net46)) (&& (== net40) (>= net461)) (&& (== net40) (>= netcoreapp2.0)) (&& (== net40) (>= netstandard1.3)) (&& (== net40) (>= netstandard1.4)) (&& (== net40) (>= netstandard1.5)) (&& (== net40) (>= netstandard1.6)) (&& (== net40) (>= netstandard2.0)) (&& (== net40) (>= uap10.0)) (&& (== net40) (>= uap10.1)) (== netcoreapp3.1)
    NETStandard.Library (2.0.3) - restriction: || (&& (== net40) (>= net451)) (&& (== net40) (>= netstandard1.3)) (== netcoreapp3.1)
      Microsoft.NETCore.Platforms (>= 1.1) - restriction: || (&& (== net40) (>= net45)) (&& (== net40) (>= net46)) (&& (== net40) (>= net461)) (&& (== net40) (>= netcoreapp2.0)) (&& (== net40) (>= netstandard1.0)) (&& (== net40) (>= netstandard1.1)) (&& (== net40) (>= netstandard1.2)) (&& (== net40) (>= netstandard1.3)) (&& (== net40) (>= netstandard1.4)) (&& (== net40) (>= netstandard1.5)) (&& (== net40) (>= netstandard1.6)) (&& (== net40) (>= netstandard2.0)) (&& (== net40) (>= portable-net45+win8)) (&& (== net40) (>= portable-net45+win8+wp8+wpa81)) (&& (== net40) (>= portable-net45+win8+wpa81)) (&& (== net40) (>= uap10.0)) (&& (== net40) (>= uap10.1)) (&& (== net40) (>= win8)) (&& (== net40) (>= wp8)) (&& (== net40) (>= wpa81)) (== netcoreapp3.1)
    Newtonsoft.Json (12.0.3)
    Saturn (0.13.1)
      FSharp.Control.Websockets (>= 0.2.2) - restriction: || (&& (== net40) (>= netstandard2.0)) (== netcoreapp3.1)
      FSharp.Core (>= 4.7.1) - restriction: || (&& (== net40) (>= netstandard2.0)) (== netcoreapp3.1)
      Giraffe (>= 4.1) - restriction: || (&& (== net40) (>= netstandard2.0)) (== netcoreapp3.1)
      Microsoft.AspNetCore.Authentication.JwtBearer (>= 3.0.3) - restriction: || (&& (== net40) (>= netcoreapp3.1)) (== netcoreapp3.1)
      System.Threading.Tasks.Dataflow (>= 4.11) - restriction: || (&& (== net40) (>= netstandard2.0)) (== netcoreapp3.1)
    System.Reflection.Emit (4.7.0) - restriction: || (&& (== net40) (>= net461)) (&& (== net40) (>= net47)) (&& (== net40) (>= netstandard2.0)) (== netcoreapp3.1)
    System.Reflection.Emit.Lightweight (4.7.0) - restriction: || (&& (== net40) (>= net461)) (&& (== net40) (>= net47)) (&& (== net40) (>= netstandard2.0)) (== netcoreapp3.1)
    System.Reflection.TypeExtensions (4.7.0) - restriction: || (&& (== net40) (>= netstandard1.3)) (== netcoreapp3.1)
    System.Threading.Tasks.Dataflow (5.0.0) - restriction: || (&& (== net40) (>= netstandard2.0)) (== netcoreapp3.1)
    System.Threading.Tasks.Extensions (4.5.4) - restriction: || (&& (== net40) (>= net461)) (&& (== net40) (>= net47)) (&& (== net40) (>= netstandard2.0)) (== netcoreapp3.1)
    System.ValueTuple (4.5.0) - restriction: || (&& (== net40) (>= net461)) (&& (== net40) (>= net47)) (&& (== net40) (>= netstandard2.0)) (== netcoreapp3.1)
    TaskBuilder.fs (2.1.0) - restriction: || (&& (== net40) (>= net461)) (&& (== net40) (>= netstandard2.0)) (== netcoreapp3.1)
      FSharp.Core (>= 4.1.17) - restriction: || (&& (== net40) (>= net45)) (&& (== net40) (>= net46)) (&& (== net40) (>= net47)) (&& (== net40) (>= netstandard1.6)) (== netcoreapp3.1)
      NETStandard.Library (>= 1.6.1) - restriction: || (&& (== net40) (>= netstandard1.6)) (== netcoreapp3.1)
      System.ValueTuple (>= 4.4) - restriction: || (&& (== net40) (>= net45)) (&& (== net40) (>= net46)) (&& (== net40) (>= net47)) (&& (== net40) (>= netstandard1.6)) (== netcoreapp3.1)
    Thoth.Json.Net (5.0.0)
      Fable.Core (>= 3.0 < 4.0) - restriction: || (&& (== net40) (>= netstandard2.0)) (== netcoreapp3.1)
      FSharp.Core (>= 4.7.2) - restriction: || (&& (== net40) (>= net46)) (&& (== net40) (>= netstandard2.0)) (== netcoreapp3.1)
      Newtonsoft.Json (>= 11.0.2) - restriction: || (&& (== net40) (>= net46)) (&& (== net40) (>= netstandard2.0)) (== netcoreapp3.1)
    Utf8Json (1.3.7) - restriction: || (&& (== net40) (>= net461)) (&& (== net40) (>= netstandard2.0)) (== netcoreapp3.1)
      System.Reflection.Emit (>= 4.3) - restriction: || (&& (== net40) (>= net45)) (&& (== net40) (>= net47)) (&& (== net40) (>= netstandard2.0)) (== netcoreapp3.1)
      System.Reflection.Emit.Lightweight (>= 4.3) - restriction: || (&& (== net40) (>= net45)) (&& (== net40) (>= net47)) (&& (== net40) (>= netstandard2.0)) (== netcoreapp3.1)
      System.Threading.Tasks.Extensions (>= 4.4) - restriction: || (&& (== net40) (>= net45)) (&& (== net40) (>= net47)) (&& (== net40) (>= netstandard2.0)) (== netcoreapp3.1)
      System.ValueTuple (>= 4.4) - restriction: || (&& (== net40) (>= net45)) (&& (== net40) (>= net47)) (&& (== net40) (>= netstandard2.0)) (== netcoreapp3.1)

GROUP workbench
STORAGE: NONE
RESTRICTION: || (== net40) (== netcoreapp3.1)
NUGET
  remote: https://kmddk.pkgs.visualstudio.com/45c29cd0-03bf-4f63-ac71-3c366095dda9/_packaging/KMD_Package_Feed/nuget/v2
    Argu (6.1.1)
      FSharp.Core (>= 4.3.2) - restriction: || (&& (== net40) (>= netstandard2.0)) (== netcoreapp3.1)
      System.Configuration.ConfigurationManager (>= 4.4) - restriction: || (&& (== net40) (>= netstandard2.0)) (== netcoreapp3.1)
    FSharp.Control.Websockets (0.2.2) - restriction: || (&& (== net40) (>= netstandard2.0)) (== netcoreapp3.1)
      FSharp.Core (>= 4.3.4) - restriction: || (&& (== net40) (>= net461)) (&& (== net40) (>= netstandard2.0)) (== netcoreapp3.1)
      Microsoft.IO.RecyclableMemoryStream (>= 1.2.2) - restriction: || (&& (== net40) (>= net461)) (&& (== net40) (>= netstandard2.0)) (== netcoreapp3.1)
    FSharp.Core (5.0.0)
    FSharp.Data (3.3.3)
      FSharp.Core (>= 4.3.4) - restriction: || (&& (== net40) (>= netstandard2.0)) (== netcoreapp3.1)
    Giraffe (4.1.0)
      FSharp.Core (>= 4.7) - restriction: || (&& (== net40) (>= net461)) (&& (== net40) (>= netstandard2.0)) (== netcoreapp3.1)
      Microsoft.IO.RecyclableMemoryStream (>= 1.2.2) - restriction: || (&& (== net40) (>= net461)) (&& (== net40) (>= netstandard2.0)) (== netcoreapp3.1)
      Newtonsoft.Json (>= 12.0.2) - restriction: || (&& (== net40) (>= net461)) (&& (== net40) (>= netstandard2.0)) (== netcoreapp3.1)
      TaskBuilder.fs (>= 2.1) - restriction: || (&& (== net40) (>= net461)) (&& (== net40) (>= netstandard2.0)) (== netcoreapp3.1)
      Utf8Json (>= 1.3.7) - restriction: || (&& (== net40) (>= net461)) (&& (== net40) (>= netstandard2.0)) (== netcoreapp3.1)
    Microsoft.AspNetCore.Authentication.JwtBearer (5.0.2) - restriction: || (&& (== net40) (>= netcoreapp3.1)) (== netcoreapp3.1)
    Microsoft.IO.RecyclableMemoryStream (1.4.0) - restriction: || (&& (== net40) (>= net461)) (&& (== net40) (>= netstandard2.0)) (== netcoreapp3.1)
    Microsoft.NETCore.Platforms (5.0.0) - restriction: || (&& (== net40) (>= netcoreapp2.0)) (== netcoreapp3.1)
    Microsoft.Win32.SystemEvents (5.0.0) - restriction: || (&& (== net40) (>= netcoreapp3.0)) (== netcoreapp3.1)
      Microsoft.NETCore.Platforms (>= 5.0) - restriction: || (&& (== net40) (>= netcoreapp2.0)) (== netcoreapp3.1)
    NETStandard.Library (2.0.3) - restriction: || (&& (== net40) (>= net461) (>= netstandard1.6)) (&& (== net40) (>= netstandard2.0)) (== netcoreapp3.1)
      Microsoft.NETCore.Platforms (>= 1.1) - restriction: || (&& (== net40) (>= net45)) (&& (== net40) (>= net46)) (&& (== net40) (>= net461)) (&& (== net40) (>= netcoreapp2.0)) (&& (== net40) (>= netstandard1.0)) (&& (== net40) (>= netstandard1.1)) (&& (== net40) (>= netstandard1.2)) (&& (== net40) (>= netstandard1.3)) (&& (== net40) (>= netstandard1.4)) (&& (== net40) (>= netstandard1.5)) (&& (== net40) (>= netstandard1.6)) (&& (== net40) (>= netstandard2.0)) (&& (== net40) (>= portable-net45+win8)) (&& (== net40) (>= portable-net45+win8+wp8+wpa81)) (&& (== net40) (>= portable-net45+win8+wpa81)) (&& (== net40) (>= uap10.0)) (&& (== net40) (>= uap10.1)) (&& (== net40) (>= win8)) (&& (== net40) (>= wp8)) (&& (== net40) (>= wpa81)) (== netcoreapp3.1)
    Newtonsoft.Json (12.0.3) - restriction: || (&& (== net40) (>= net461)) (&& (== net40) (>= netstandard2.0)) (== netcoreapp3.1)
    Saturn (0.13.1)
      FSharp.Control.Websockets (>= 0.2.2) - restriction: || (&& (== net40) (>= netstandard2.0)) (== netcoreapp3.1)
      FSharp.Core (>= 4.7.1) - restriction: || (&& (== net40) (>= netstandard2.0)) (== netcoreapp3.1)
      Giraffe (>= 4.1) - restriction: || (&& (== net40) (>= netstandard2.0)) (== netcoreapp3.1)
      Microsoft.AspNetCore.Authentication.JwtBearer (>= 3.0.3) - restriction: || (&& (== net40) (>= netcoreapp3.1)) (== netcoreapp3.1)
      System.Threading.Tasks.Dataflow (>= 4.11) - restriction: || (&& (== net40) (>= netstandard2.0)) (== netcoreapp3.1)
    System.Configuration.ConfigurationManager (5.0.0) - restriction: || (&& (== net40) (>= netstandard2.0)) (== netcoreapp3.1)
      System.Security.Cryptography.ProtectedData (>= 5.0) - restriction: || (&& (== net40) (>= netstandard2.0)) (== netcoreapp3.1)
      System.Security.Permissions (>= 5.0) - restriction: || (&& (== net40) (>= monoandroid)) (&& (== net40) (>= monotouch)) (&& (== net40) (>= net461)) (&& (== net40) (>= netstandard2.0)) (&& (== net40) (>= xamarintvos)) (&& (== net40) (>= xamarinwatchos)) (== netcoreapp3.1)
    System.Drawing.Common (5.0.0) - restriction: || (&& (== net40) (>= netcoreapp3.0)) (== netcoreapp3.1)
      Microsoft.Win32.SystemEvents (>= 5.0) - restriction: || (&& (== net40) (>= netcoreapp2.0)) (== netcoreapp3.1)
    System.Reflection.Emit (4.7.0) - restriction: || (&& (== net40) (>= net461)) (&& (== net40) (>= net47)) (&& (== net40) (>= netstandard2.0)) (== netcoreapp3.1)
    System.Reflection.Emit.Lightweight (4.7.0) - restriction: || (&& (== net40) (>= net461)) (&& (== net40) (>= net47)) (&& (== net40) (>= netstandard2.0)) (== netcoreapp3.1)
    System.Security.AccessControl (5.0.0) - restriction: || (&& (== net40) (>= netstandard2.0)) (== netcoreapp3.1)
      Microsoft.NETCore.Platforms (>= 5.0) - restriction: || (&& (== net40) (>= netcoreapp2.0)) (== netcoreapp3.1)
      System.Security.Principal.Windows (>= 5.0) - restriction: || (&& (== net40) (>= net46)) (&& (== net40) (>= net461)) (&& (== net40) (>= netcoreapp2.0)) (&& (== net40) (>= netstandard1.3)) (&& (== net40) (>= netstandard2.0)) (== netcoreapp3.1)
    System.Security.Cryptography.ProtectedData (5.0.0) - restriction: || (&& (== net40) (>= netstandard2.0)) (== netcoreapp3.1)
    System.Security.Permissions (5.0.0) - restriction: || (&& (== net40) (>= netstandard2.0)) (== netcoreapp3.1)
      System.Security.AccessControl (>= 5.0) - restriction: || (&& (== net40) (>= net461)) (&& (== net40) (>= netstandard2.0)) (== netcoreapp3.1)
      System.Windows.Extensions (>= 5.0) - restriction: || (&& (== net40) (>= netcoreapp3.0)) (== netcoreapp3.1)
    System.Security.Principal.Windows (5.0.0) - restriction: || (&& (== net40) (>= netcoreapp2.0)) (&& (== net40) (>= netstandard2.0)) (== netcoreapp3.1)
    System.Threading.Tasks.Dataflow (5.0.0) - restriction: || (&& (== net40) (>= netstandard2.0)) (== netcoreapp3.1)
    System.Threading.Tasks.Extensions (4.5.4) - restriction: || (&& (== net40) (>= net461)) (&& (== net40) (>= net47)) (&& (== net40) (>= netstandard2.0)) (== netcoreapp3.1)
    System.ValueTuple (4.5.0) - restriction: || (&& (== net40) (>= net461)) (&& (== net40) (>= net47)) (&& (== net40) (>= netstandard2.0)) (== netcoreapp3.1)
    System.Windows.Extensions (5.0.0) - restriction: || (&& (== net40) (>= netcoreapp3.0)) (== netcoreapp3.1)
      System.Drawing.Common (>= 5.0) - restriction: || (&& (== net40) (>= netcoreapp3.0)) (== netcoreapp3.1)
    TaskBuilder.fs (2.1.0) - restriction: || (&& (== net40) (>= net461)) (&& (== net40) (>= netstandard2.0)) (== netcoreapp3.1)
      FSharp.Core (>= 4.1.17) - restriction: || (&& (== net40) (>= net45)) (&& (== net40) (>= net46)) (&& (== net40) (>= net47)) (&& (== net40) (>= netstandard1.6)) (== netcoreapp3.1)
      NETStandard.Library (>= 1.6.1) - restriction: || (&& (== net40) (>= netstandard1.6)) (== netcoreapp3.1)
      System.ValueTuple (>= 4.4) - restriction: || (&& (== net40) (>= net45)) (&& (== net40) (>= net46)) (&& (== net40) (>= net47)) (&& (== net40) (>= netstandard1.6)) (== netcoreapp3.1)
    Utf8Json (1.3.7) - restriction: || (&& (== net40) (>= net461)) (&& (== net40) (>= netstandard2.0)) (== netcoreapp3.1)
      System.Reflection.Emit (>= 4.3) - restriction: || (&& (== net40) (>= net45)) (&& (== net40) (>= net47)) (&& (== net40) (>= netstandard2.0)) (== netcoreapp3.1)
      System.Reflection.Emit.Lightweight (>= 4.3) - restriction: || (&& (== net40) (>= net45)) (&& (== net40) (>= net47)) (&& (== net40) (>= netstandard2.0)) (== netcoreapp3.1)
      System.Threading.Tasks.Extensions (>= 4.4) - restriction: || (&& (== net40) (>= net45)) (&& (== net40) (>= net47)) (&& (== net40) (>= netstandard2.0)) (== netcoreapp3.1)
      System.ValueTuple (>= 4.4) - restriction: || (&& (== net40) (>= net45)) (&& (== net40) (>= net47)) (&& (== net40) (>= netstandard2.0)) (== netcoreapp3.1)
