STORAGE: NONE
RESTRICTION: == netcoreapp3.1
NUGET
  remote: https://www.nuget.org/api/v2
    Accord (3.8)
    Accord.MachineLearning (3.8)
      Accord (>= 3.8)
      Accord.Math (>= 3.8)
      Accord.Statistics (>= 3.8)
    Accord.Math (3.8)
      Accord (>= 3.8)
    Accord.Statistics (3.8)
      Accord (>= 3.8)
      Accord.Math (>= 3.8)
    Argu (6.0)
      FSharp.Core (>= 4.3.2)
      System.Configuration.ConfigurationManager (>= 4.4)
    Deedle (2.1.2)
      FSharp.Core (>= 4.5.2)
    Dynamitey (2.0.10.189)
      Microsoft.CSharp (>= 4.6)
      System.ComponentModel (>= 4.3)
    FParsec (1.1.1)
      FSharp.Core (>= 4.3.4)
    FSharp.Core (4.7.1)
    FSharp.Interop.Dynamic (5.0.1.268)
      Dynamitey (>= 2.0.10.189)
      FSharp.Core (>= 4.2.3)
      Microsoft.CSharp (>= 4.6)
    Microsoft.AspNet.WebApi.Client (5.2.7)
      Newtonsoft.Json (>= 10.0.1)
      Newtonsoft.Json.Bson (>= 1.0.1)
    Microsoft.CSharp (4.7)
    Microsoft.Extensions.PlatformAbstractions (1.1)
      NETStandard.Library (>= 1.6.1)
      System.Reflection.TypeExtensions (>= 4.3)
    Microsoft.NETCore.Platforms (3.1)
    Microsoft.NETCore.Targets (3.1)
    Microsoft.VisualStudio.Services.Client (16.153)
      Microsoft.AspNet.WebApi.Client (>= 5.2.4)
      Newtonsoft.Json (>= 11.0.2)
      System.Configuration.ConfigurationManager (>= 4.4.1)
      System.Data.SqlClient (>= 4.4.2)
      System.Security.Cryptography.Cng (>= 4.4)
      System.Security.Cryptography.OpenSsl (>= 4.4)
      System.Security.Cryptography.ProtectedData (>= 4.4)
      System.Security.Principal.Windows (>= 4.4.1)
      System.Xml.XPath.XmlDocument (>= 4.3)
    Microsoft.Win32.Registry (4.7)
      System.Security.AccessControl (>= 4.7)
      System.Security.Principal.Windows (>= 4.7)
    Microsoft.Win32.SystemEvents (4.7)
      Microsoft.NETCore.Platforms (>= 3.1)
    NETStandard.Library (2.0.3)
      Microsoft.NETCore.Platforms (>= 1.1)
    Newtonsoft.Json (12.0.3)
    Newtonsoft.Json.Bson (1.0.2)
      Newtonsoft.Json (>= 12.0.1)
    runtime.native.System.Data.SqlClient.sni (4.7)
      runtime.win-arm64.runtime.native.System.Data.SqlClient.sni (>= 4.4)
      runtime.win-x64.runtime.native.System.Data.SqlClient.sni (>= 4.4)
      runtime.win-x86.runtime.native.System.Data.SqlClient.sni (>= 4.4)
    runtime.win-arm64.runtime.native.System.Data.SqlClient.sni (4.4)
    runtime.win-x64.runtime.native.System.Data.SqlClient.sni (4.4)
    runtime.win-x86.runtime.native.System.Data.SqlClient.sni (4.4)
    System.Collections (4.3)
      Microsoft.NETCore.Platforms (>= 1.1)
      Microsoft.NETCore.Targets (>= 1.1)
      System.Runtime (>= 4.3)
    System.ComponentModel (4.3)
      System.Runtime (>= 4.3)
    System.Configuration.ConfigurationManager (4.7)
      System.Security.Cryptography.ProtectedData (>= 4.7)
      System.Security.Permissions (>= 4.7)
    System.Data.SqlClient (4.8.1)
      Microsoft.Win32.Registry (>= 4.7)
      runtime.native.System.Data.SqlClient.sni (>= 4.7)
      System.Security.Principal.Windows (>= 4.7)
    System.Diagnostics.Debug (4.3)
      Microsoft.NETCore.Platforms (>= 1.1)
      Microsoft.NETCore.Targets (>= 1.1)
      System.Runtime (>= 4.3)
    System.Drawing.Common (4.7)
      Microsoft.NETCore.Platforms (>= 3.1)
      Microsoft.Win32.SystemEvents (>= 4.7)
    System.Globalization (4.3)
      Microsoft.NETCore.Platforms (>= 1.1)
      Microsoft.NETCore.Targets (>= 1.1)
      System.Runtime (>= 4.3)
    System.IO (4.3)
      Microsoft.NETCore.Platforms (>= 1.1)
      Microsoft.NETCore.Targets (>= 1.1)
      System.Runtime (>= 4.3)
      System.Text.Encoding (>= 4.3)
      System.Threading.Tasks (>= 4.3)
    System.IO.FileSystem (4.3)
      Microsoft.NETCore.Platforms (>= 1.1)
      Microsoft.NETCore.Targets (>= 1.1)
      System.IO (>= 4.3)
      System.IO.FileSystem.Primitives (>= 4.3)
      System.Runtime (>= 4.3)
      System.Runtime.Handles (>= 4.3)
      System.Text.Encoding (>= 4.3)
      System.Threading.Tasks (>= 4.3)
    System.IO.FileSystem.Primitives (4.3)
      System.Runtime (>= 4.3)
    System.Reflection (4.3)
      Microsoft.NETCore.Platforms (>= 1.1)
      Microsoft.NETCore.Targets (>= 1.1)
      System.IO (>= 4.3)
      System.Reflection.Primitives (>= 4.3)
      System.Runtime (>= 4.3)
    System.Reflection.Primitives (4.3)
      Microsoft.NETCore.Platforms (>= 1.1)
      Microsoft.NETCore.Targets (>= 1.1)
      System.Runtime (>= 4.3)
    System.Reflection.TypeExtensions (4.7)
    System.Resources.ResourceManager (4.3)
      Microsoft.NETCore.Platforms (>= 1.1)
      Microsoft.NETCore.Targets (>= 1.1)
      System.Globalization (>= 4.3)
      System.Reflection (>= 4.3)
      System.Runtime (>= 4.3)
    System.Runtime (4.3.1)
      Microsoft.NETCore.Platforms (>= 1.1.1)
      Microsoft.NETCore.Targets (>= 1.1.3)
    System.Runtime.Extensions (4.3.1)
      Microsoft.NETCore.Platforms (>= 1.1.1)
      Microsoft.NETCore.Targets (>= 1.1.3)
      System.Runtime (>= 4.3.1)
    System.Runtime.Handles (4.3)
      Microsoft.NETCore.Platforms (>= 1.1)
      Microsoft.NETCore.Targets (>= 1.1)
      System.Runtime (>= 4.3)
    System.Runtime.InteropServices (4.3)
      Microsoft.NETCore.Platforms (>= 1.1)
      Microsoft.NETCore.Targets (>= 1.1)
      System.Reflection (>= 4.3)
      System.Reflection.Primitives (>= 4.3)
      System.Runtime (>= 4.3)
      System.Runtime.Handles (>= 4.3)
    System.Security.AccessControl (4.7)
      Microsoft.NETCore.Platforms (>= 3.1)
      System.Security.Principal.Windows (>= 4.7)
    System.Security.Cryptography.Cng (4.7)
    System.Security.Cryptography.OpenSsl (4.7)
    System.Security.Cryptography.ProtectedData (4.7)
    System.Security.Permissions (4.7)
      System.Security.AccessControl (>= 4.7)
      System.Windows.Extensions (>= 4.7)
    System.Security.Principal.Windows (4.7)
    System.Text.Encoding (4.3)
      Microsoft.NETCore.Platforms (>= 1.1)
      Microsoft.NETCore.Targets (>= 1.1)
      System.Runtime (>= 4.3)
    System.Text.Encoding.Extensions (4.3)
      Microsoft.NETCore.Platforms (>= 1.1)
      Microsoft.NETCore.Targets (>= 1.1)
      System.Runtime (>= 4.3)
      System.Text.Encoding (>= 4.3)
    System.Text.RegularExpressions (4.3.1)
      System.Runtime (>= 4.3.1)
    System.Threading (4.3)
      System.Runtime (>= 4.3)
      System.Threading.Tasks (>= 4.3)
    System.Threading.Tasks (4.3)
      Microsoft.NETCore.Platforms (>= 1.1)
      Microsoft.NETCore.Targets (>= 1.1)
      System.Runtime (>= 4.3)
    System.Threading.Tasks.Extensions (4.5.4)
    System.Windows.Extensions (4.7)
      System.Drawing.Common (>= 4.7)
    System.Xml.ReaderWriter (4.3.1)
      System.Collections (>= 4.3)
      System.Diagnostics.Debug (>= 4.3)
      System.Globalization (>= 4.3)
      System.IO (>= 4.3)
      System.IO.FileSystem (>= 4.3)
      System.IO.FileSystem.Primitives (>= 4.3)
      System.Resources.ResourceManager (>= 4.3)
      System.Runtime (>= 4.3)
      System.Runtime.Extensions (>= 4.3)
      System.Runtime.InteropServices (>= 4.3)
      System.Text.Encoding (>= 4.3)
      System.Text.Encoding.Extensions (>= 4.3)
      System.Text.RegularExpressions (>= 4.3)
      System.Threading.Tasks (>= 4.3)
      System.Threading.Tasks.Extensions (>= 4.3)
    System.Xml.XmlDocument (4.3)
      System.Collections (>= 4.3)
      System.Diagnostics.Debug (>= 4.3)
      System.Globalization (>= 4.3)
      System.IO (>= 4.3)
      System.Resources.ResourceManager (>= 4.3)
      System.Runtime (>= 4.3)
      System.Runtime.Extensions (>= 4.3)
      System.Text.Encoding (>= 4.3)
      System.Threading (>= 4.3)
      System.Xml.ReaderWriter (>= 4.3)
    System.Xml.XPath (4.3)
      System.Collections (>= 4.3)
      System.Diagnostics.Debug (>= 4.3)
      System.Globalization (>= 4.3)
      System.IO (>= 4.3)
      System.Resources.ResourceManager (>= 4.3)
      System.Runtime (>= 4.3)
      System.Runtime.Extensions (>= 4.3)
      System.Threading (>= 4.3)
      System.Xml.ReaderWriter (>= 4.3)
    System.Xml.XPath.XmlDocument (4.3)
      System.Collections (>= 4.3)
      System.Globalization (>= 4.3)
      System.IO (>= 4.3)
      System.Resources.ResourceManager (>= 4.3)
      System.Runtime (>= 4.3)
      System.Runtime.Extensions (>= 4.3)
      System.Threading (>= 4.3)
      System.Xml.ReaderWriter (>= 4.3)
      System.Xml.XmlDocument (>= 4.3)
      System.Xml.XPath (>= 4.3)

GROUP build
STORAGE: NONE
RESTRICTION: == netstandard2.0
NUGET
  remote: https://www.nuget.org/api/v2
    BlackFox.VsWhere (1.0)
      FSharp.Core (>= 4.2.3)
    FAKE (5.16)
    FAKE.Core (5.16)
    Fake.Core.CommandLineParsing (5.19.1)
      FParsec (>= 1.0.3)
      FSharp.Core (>= 4.7)
    Fake.Core.Context (5.19.1)
      FSharp.Core (>= 4.7)
    Fake.Core.Environment (5.19.1)
      FSharp.Core (>= 4.7)
    Fake.Core.FakeVar (5.19.1)
      Fake.Core.Context (>= 5.19.1)
      FSharp.Core (>= 4.7)
    Fake.Core.Process (5.19.1)
      Fake.Core.Environment (>= 5.19.1)
      Fake.Core.FakeVar (>= 5.19.1)
      Fake.Core.String (>= 5.19.1)
      Fake.Core.Trace (>= 5.19.1)
      Fake.IO.FileSystem (>= 5.19.1)
      FSharp.Core (>= 4.7)
      System.Diagnostics.Process (>= 4.3)
    Fake.Core.SemVer (5.19.1)
      FSharp.Core (>= 4.7)
      System.Runtime.Numerics (>= 4.3)
    Fake.Core.String (5.19.1)
      FSharp.Core (>= 4.7)
    Fake.Core.Target (5.19.1)
      Fake.Core.CommandLineParsing (>= 5.19.1)
      Fake.Core.Context (>= 5.19.1)
      Fake.Core.Environment (>= 5.19.1)
      Fake.Core.FakeVar (>= 5.19.1)
      Fake.Core.Process (>= 5.19.1)
      Fake.Core.String (>= 5.19.1)
      Fake.Core.Trace (>= 5.19.1)
      FSharp.Control.Reactive (>= 4.2)
      FSharp.Core (>= 4.7)
      System.Reactive.Compatibility (>= 4.3.1)
    Fake.Core.Tasks (5.19.1)
      Fake.Core.Trace (>= 5.19.1)
      FSharp.Core (>= 4.7)
    Fake.Core.Trace (5.19.1)
      Fake.Core.Environment (>= 5.19.1)
      Fake.Core.FakeVar (>= 5.19.1)
      FSharp.Core (>= 4.7)
    Fake.Core.Xml (5.19.1)
      Fake.Core.String (>= 5.19.1)
      FSharp.Core (>= 4.7)
      System.Xml.ReaderWriter (>= 4.3.1)
      System.Xml.XDocument (>= 4.3)
      System.Xml.XPath (>= 4.3)
      System.Xml.XPath.XDocument (>= 4.3)
      System.Xml.XPath.XmlDocument (>= 4.3)
    FAKE.Dotnet (2.0)
    Fake.DotNet.AssemblyInfoFile (5.19.1)
      Fake.Core.Environment (>= 5.19.1)
      Fake.Core.String (>= 5.19.1)
      Fake.Core.Trace (>= 5.19.1)
      Fake.IO.FileSystem (>= 5.19.1)
      FSharp.Core (>= 4.7)
    Fake.DotNet.Cli (5.19.1)
      Fake.Core.Environment (>= 5.19.1)
      Fake.Core.Process (>= 5.19.1)
      Fake.Core.String (>= 5.19.1)
      Fake.Core.Trace (>= 5.19.1)
      Fake.DotNet.MSBuild (>= 5.19.1)
      Fake.DotNet.NuGet (>= 5.19.1)
      Fake.IO.FileSystem (>= 5.19.1)
      FSharp.Core (>= 4.7)
      Mono.Posix.NETStandard (>= 1.0)
      Newtonsoft.Json (>= 12.0.3)
    Fake.DotNet.MSBuild (5.19.1)
      BlackFox.VsWhere (>= 1.0)
      Fake.Core.Environment (>= 5.19.1)
      Fake.Core.Process (>= 5.19.1)
      Fake.Core.String (>= 5.19.1)
      Fake.Core.Trace (>= 5.19.1)
      Fake.IO.FileSystem (>= 5.19.1)
      FSharp.Core (>= 4.7)
      MSBuild.StructuredLogger (>= 2.0.152)
    Fake.DotNet.NuGet (5.19.1)
      Fake.Core.Environment (>= 5.19.1)
      Fake.Core.Process (>= 5.19.1)
      Fake.Core.SemVer (>= 5.19.1)
      Fake.Core.String (>= 5.19.1)
      Fake.Core.Tasks (>= 5.19.1)
      Fake.Core.Trace (>= 5.19.1)
      Fake.Core.Xml (>= 5.19.1)
      Fake.IO.FileSystem (>= 5.19.1)
      Fake.Net.Http (>= 5.19.1)
      FSharp.Core (>= 4.7)
      Newtonsoft.Json (>= 12.0.3)
      NuGet.Protocol (>= 4.9.4)
      System.Net.Http (>= 4.3.4)
    Fake.IO.FileSystem (5.19.1)
      Fake.Core.String (>= 5.19.1)
      FSharp.Core (>= 4.7)
      System.Diagnostics.FileVersionInfo (>= 4.3)
      System.IO.FileSystem.Watcher (>= 4.3)
    Fake.Net.Http (5.19.1)
      Fake.Core.Trace (>= 5.19.1)
      FSharp.Core (>= 4.7)
      System.Net.Http (>= 4.3.4)
    Fake.Tools.Git (5.19.1)
      Fake.Core.Environment (>= 5.19.1)
      Fake.Core.Process (>= 5.19.1)
      Fake.Core.SemVer (>= 5.19.1)
      Fake.Core.String (>= 5.19.1)
      Fake.Core.Trace (>= 5.19.1)
      Fake.IO.FileSystem (>= 5.19.1)
      FSharp.Core (>= 4.7)
    FParsec (1.1.1)
      FSharp.Core (>= 4.3.4)
    FSharp.Control.Reactive (4.2)
      FSharp.Core (>= 4.2.3)
      System.Reactive (>= 4.0)
    FSharp.Core (4.7.1)
    Microsoft.Build (16.5)
    Microsoft.Build.Framework (16.5)
      System.Runtime.Serialization.Primitives (>= 4.1.1)
      System.Threading.Thread (>= 4.0)
    Microsoft.Build.Tasks.Core (16.5)
      Microsoft.Build.Framework (>= 16.5)
      Microsoft.Build.Utilities.Core (>= 16.5)
      Microsoft.Win32.Registry (>= 4.3)
      System.CodeDom (>= 4.4)
      System.Collections.Immutable (>= 1.5)
      System.Linq.Parallel (>= 4.0.1)
      System.Net.Http (>= 4.3.4)
      System.Reflection.Metadata (>= 1.6)
      System.Reflection.TypeExtensions (>= 4.1)
      System.Resources.Extensions (>= 4.6)
      System.Resources.Writer (>= 4.0)
      System.Threading.Tasks.Dataflow (>= 4.9)
    Microsoft.Build.Utilities.Core (16.5)
      Microsoft.Build.Framework (>= 16.5)
      Microsoft.Win32.Registry (>= 4.3)
      System.Collections.Immutable (>= 1.5)
      System.Text.Encoding.CodePages (>= 4.0.1)
    Microsoft.NETCore.Platforms (3.1)
    Microsoft.NETCore.Targets (3.1)
    Microsoft.Win32.Primitives (4.3)
      Microsoft.NETCore.Platforms (>= 1.1)
      Microsoft.NETCore.Targets (>= 1.1)
      System.Runtime (>= 4.3)
    Microsoft.Win32.Registry (4.7)
      System.Buffers (>= 4.5)
      System.Memory (>= 4.5.3)
      System.Security.AccessControl (>= 4.7)
      System.Security.Principal.Windows (>= 4.7)
    Mono.Posix.NETStandard (1.0)
    MSBuild.StructuredLogger (2.0.174)
      Microsoft.Build (>= 15.8.166)
      Microsoft.Build.Framework (>= 15.8.166)
      Microsoft.Build.Tasks.Core (>= 15.8.166)
      Microsoft.Build.Utilities.Core (>= 15.8.166)
    Newtonsoft.Json (12.0.3)
    NuGet.Common (5.5)
      NuGet.Frameworks (>= 5.5)
      System.Diagnostics.Process (>= 4.3)
      System.Threading.Thread (>= 4.3)
    NuGet.Configuration (5.5)
      NuGet.Common (>= 5.5)
      System.Security.Cryptography.ProtectedData (>= 4.3)
    NuGet.Frameworks (5.5)
    NuGet.Packaging (5.5)
      Newtonsoft.Json (>= 9.0.1)
      NuGet.Configuration (>= 5.5)
      NuGet.Versioning (>= 5.5)
      System.Dynamic.Runtime (>= 4.3)
    NuGet.Protocol (5.5)
      NuGet.Packaging (>= 5.5)
      System.Dynamic.Runtime (>= 4.3)
    NuGet.Versioning (5.5)
    runtime.debian.8-x64.runtime.native.System.Security.Cryptography.OpenSsl (4.3.3)
    runtime.debian.9-x64.runtime.native.System.Security.Cryptography.OpenSsl (4.3.3)
    runtime.fedora.23-x64.runtime.native.System.Security.Cryptography.OpenSsl (4.3.3)
    runtime.fedora.24-x64.runtime.native.System.Security.Cryptography.OpenSsl (4.3.3)
    runtime.fedora.27-x64.runtime.native.System.Security.Cryptography.OpenSsl (4.3.3)
    runtime.fedora.28-x64.runtime.native.System.Security.Cryptography.OpenSsl (4.3.3)
    runtime.native.System (4.3.1)
      Microsoft.NETCore.Platforms (>= 1.1.1)
      Microsoft.NETCore.Targets (>= 1.1.3)
    runtime.native.System.Net.Http (4.3.1)
      Microsoft.NETCore.Platforms (>= 1.1.1)
      Microsoft.NETCore.Targets (>= 1.1.3)
    runtime.native.System.Security.Cryptography.Apple (4.3.1)
      runtime.osx.10.10-x64.runtime.native.System.Security.Cryptography.Apple (>= 4.3.1)
    runtime.native.System.Security.Cryptography.OpenSsl (4.3.3)
      runtime.debian.8-x64.runtime.native.System.Security.Cryptography.OpenSsl (>= 4.3.3)
      runtime.debian.9-x64.runtime.native.System.Security.Cryptography.OpenSsl (>= 4.3.3)
      runtime.fedora.23-x64.runtime.native.System.Security.Cryptography.OpenSsl (>= 4.3.3)
      runtime.fedora.24-x64.runtime.native.System.Security.Cryptography.OpenSsl (>= 4.3.3)
      runtime.fedora.27-x64.runtime.native.System.Security.Cryptography.OpenSsl (>= 4.3.3)
      runtime.fedora.28-x64.runtime.native.System.Security.Cryptography.OpenSsl (>= 4.3.3)
      runtime.opensuse.13.2-x64.runtime.native.System.Security.Cryptography.OpenSsl (>= 4.3.3)
      runtime.opensuse.42.1-x64.runtime.native.System.Security.Cryptography.OpenSsl (>= 4.3.3)
      runtime.opensuse.42.3-x64.runtime.native.System.Security.Cryptography.OpenSsl (>= 4.3.3)
      runtime.osx.10.10-x64.runtime.native.System.Security.Cryptography.OpenSsl (>= 4.3.3)
      runtime.rhel.7-x64.runtime.native.System.Security.Cryptography.OpenSsl (>= 4.3.3)
      runtime.ubuntu.14.04-x64.runtime.native.System.Security.Cryptography.OpenSsl (>= 4.3.3)
      runtime.ubuntu.16.04-x64.runtime.native.System.Security.Cryptography.OpenSsl (>= 4.3.3)
      runtime.ubuntu.16.10-x64.runtime.native.System.Security.Cryptography.OpenSsl (>= 4.3.3)
      runtime.ubuntu.18.04-x64.runtime.native.System.Security.Cryptography.OpenSsl (>= 4.3.3)
    runtime.opensuse.13.2-x64.runtime.native.System.Security.Cryptography.OpenSsl (4.3.3)
    runtime.opensuse.42.1-x64.runtime.native.System.Security.Cryptography.OpenSsl (4.3.3)
    runtime.opensuse.42.3-x64.runtime.native.System.Security.Cryptography.OpenSsl (4.3.3)
    runtime.osx.10.10-x64.runtime.native.System.Security.Cryptography.Apple (4.3.1)
    runtime.osx.10.10-x64.runtime.native.System.Security.Cryptography.OpenSsl (4.3.3)
    runtime.rhel.7-x64.runtime.native.System.Security.Cryptography.OpenSsl (4.3.3)
    runtime.ubuntu.14.04-x64.runtime.native.System.Security.Cryptography.OpenSsl (4.3.3)
    runtime.ubuntu.16.04-x64.runtime.native.System.Security.Cryptography.OpenSsl (4.3.3)
    runtime.ubuntu.16.10-x64.runtime.native.System.Security.Cryptography.OpenSsl (4.3.3)
    runtime.ubuntu.18.04-x64.runtime.native.System.Security.Cryptography.OpenSsl (4.3.3)
    System.Buffers (4.5.1)
    System.CodeDom (4.7)
    System.Collections (4.3)
      Microsoft.NETCore.Platforms (>= 1.1)
      Microsoft.NETCore.Targets (>= 1.1)
      System.Runtime (>= 4.3)
    System.Collections.Concurrent (4.3)
      System.Collections (>= 4.3)
      System.Diagnostics.Debug (>= 4.3)
      System.Diagnostics.Tracing (>= 4.3)
      System.Globalization (>= 4.3)
      System.Reflection (>= 4.3)
      System.Resources.ResourceManager (>= 4.3)
      System.Runtime (>= 4.3)
      System.Runtime.Extensions (>= 4.3)
      System.Threading (>= 4.3)
      System.Threading.Tasks (>= 4.3)
    System.Collections.Immutable (1.7)
      System.Memory (>= 4.5.3)
    System.Diagnostics.Debug (4.3)
      Microsoft.NETCore.Platforms (>= 1.1)
      Microsoft.NETCore.Targets (>= 1.1)
      System.Runtime (>= 4.3)
    System.Diagnostics.DiagnosticSource (4.7)
      System.Memory (>= 4.5.3)
    System.Diagnostics.FileVersionInfo (4.3)
      Microsoft.NETCore.Platforms (>= 1.1)
      System.Globalization (>= 4.3)
      System.IO (>= 4.3)
      System.IO.FileSystem (>= 4.3)
      System.IO.FileSystem.Primitives (>= 4.3)
      System.Reflection.Metadata (>= 1.4.1)
      System.Runtime (>= 4.3)
      System.Runtime.Extensions (>= 4.3)
      System.Runtime.InteropServices (>= 4.3)
    System.Diagnostics.Process (4.3)
      Microsoft.NETCore.Platforms (>= 1.1)
      Microsoft.Win32.Primitives (>= 4.3)
      Microsoft.Win32.Registry (>= 4.3)
      runtime.native.System (>= 4.3)
      System.Collections (>= 4.3)
      System.Diagnostics.Debug (>= 4.3)
      System.Globalization (>= 4.3)
      System.IO (>= 4.3)
      System.IO.FileSystem (>= 4.3)
      System.IO.FileSystem.Primitives (>= 4.3)
      System.Resources.ResourceManager (>= 4.3)
      System.Runtime (>= 4.3)
      System.Runtime.Extensions (>= 4.3)
      System.Runtime.Handles (>= 4.3)
      System.Runtime.InteropServices (>= 4.3)
      System.Text.Encoding (>= 4.3)
      System.Text.Encoding.Extensions (>= 4.3)
      System.Threading (>= 4.3)
      System.Threading.Tasks (>= 4.3)
      System.Threading.Thread (>= 4.3)
      System.Threading.ThreadPool (>= 4.3)
    System.Diagnostics.Tools (4.3)
      Microsoft.NETCore.Platforms (>= 1.1)
      Microsoft.NETCore.Targets (>= 1.1)
      System.Runtime (>= 4.3)
    System.Diagnostics.Tracing (4.3)
      Microsoft.NETCore.Platforms (>= 1.1)
      Microsoft.NETCore.Targets (>= 1.1)
      System.Runtime (>= 4.3)
    System.Dynamic.Runtime (4.3)
      System.Collections (>= 4.3)
      System.Diagnostics.Debug (>= 4.3)
      System.Linq (>= 4.3)
      System.Linq.Expressions (>= 4.3)
      System.ObjectModel (>= 4.3)
      System.Reflection (>= 4.3)
      System.Reflection.Emit (>= 4.3)
      System.Reflection.Emit.ILGeneration (>= 4.3)
      System.Reflection.Primitives (>= 4.3)
      System.Reflection.TypeExtensions (>= 4.3)
      System.Resources.ResourceManager (>= 4.3)
      System.Runtime (>= 4.3)
      System.Runtime.Extensions (>= 4.3)
      System.Threading (>= 4.3)
    System.Globalization (4.3)
      Microsoft.NETCore.Platforms (>= 1.1)
      Microsoft.NETCore.Targets (>= 1.1)
      System.Runtime (>= 4.3)
    System.Globalization.Calendars (4.3)
      Microsoft.NETCore.Platforms (>= 1.1)
      Microsoft.NETCore.Targets (>= 1.1)
      System.Globalization (>= 4.3)
      System.Runtime (>= 4.3)
    System.Globalization.Extensions (4.3)
      Microsoft.NETCore.Platforms (>= 1.1)
      System.Globalization (>= 4.3)
      System.Resources.ResourceManager (>= 4.3)
      System.Runtime (>= 4.3)
      System.Runtime.Extensions (>= 4.3)
      System.Runtime.InteropServices (>= 4.3)
    System.IO (4.3)
      Microsoft.NETCore.Platforms (>= 1.1)
      Microsoft.NETCore.Targets (>= 1.1)
      System.Runtime (>= 4.3)
      System.Text.Encoding (>= 4.3)
      System.Threading.Tasks (>= 4.3)
    System.IO.FileSystem (4.3)
      Microsoft.NETCore.Platforms (>= 1.1)
      Microsoft.NETCore.Targets (>= 1.1)
      System.IO (>= 4.3)
      System.IO.FileSystem.Primitives (>= 4.3)
      System.Runtime (>= 4.3)
      System.Runtime.Handles (>= 4.3)
      System.Text.Encoding (>= 4.3)
      System.Threading.Tasks (>= 4.3)
    System.IO.FileSystem.Primitives (4.3)
      System.Runtime (>= 4.3)
    System.IO.FileSystem.Watcher (4.3)
      Microsoft.NETCore.Platforms (>= 1.1)
      Microsoft.Win32.Primitives (>= 4.3)
      runtime.native.System (>= 4.3)
      System.Collections (>= 4.3)
      System.IO.FileSystem (>= 4.3)
      System.IO.FileSystem.Primitives (>= 4.3)
      System.Resources.ResourceManager (>= 4.3)
      System.Runtime (>= 4.3)
      System.Runtime.Extensions (>= 4.3)
      System.Runtime.Handles (>= 4.3)
      System.Runtime.InteropServices (>= 4.3)
      System.Text.Encoding (>= 4.3)
      System.Threading (>= 4.3)
      System.Threading.Overlapped (>= 4.3)
      System.Threading.Tasks (>= 4.3)
      System.Threading.Thread (>= 4.3)
    System.Linq (4.3)
      System.Collections (>= 4.3)
      System.Diagnostics.Debug (>= 4.3)
      System.Resources.ResourceManager (>= 4.3)
      System.Runtime (>= 4.3)
      System.Runtime.Extensions (>= 4.3)
    System.Linq.Expressions (4.3)
      System.Collections (>= 4.3)
      System.Diagnostics.Debug (>= 4.3)
      System.Globalization (>= 4.3)
      System.IO (>= 4.3)
      System.Linq (>= 4.3)
      System.ObjectModel (>= 4.3)
      System.Reflection (>= 4.3)
      System.Reflection.Emit (>= 4.3)
      System.Reflection.Emit.ILGeneration (>= 4.3)
      System.Reflection.Emit.Lightweight (>= 4.3)
      System.Reflection.Extensions (>= 4.3)
      System.Reflection.Primitives (>= 4.3)
      System.Reflection.TypeExtensions (>= 4.3)
      System.Resources.ResourceManager (>= 4.3)
      System.Runtime (>= 4.3)
      System.Runtime.Extensions (>= 4.3)
      System.Threading (>= 4.3)
    System.Linq.Parallel (4.3)
      System.Collections (>= 4.3)
      System.Collections.Concurrent (>= 4.3)
      System.Diagnostics.Debug (>= 4.3)
      System.Diagnostics.Tracing (>= 4.3)
      System.Linq (>= 4.3)
      System.Resources.ResourceManager (>= 4.3)
      System.Runtime (>= 4.3)
      System.Runtime.Extensions (>= 4.3)
      System.Threading (>= 4.3)
      System.Threading.Tasks (>= 4.3)
    System.Memory (4.5.4)
      System.Buffers (>= 4.5.1)
      System.Numerics.Vectors (>= 4.4)
      System.Runtime.CompilerServices.Unsafe (>= 4.5.3)
    System.Net.Http (4.3.4)
      Microsoft.NETCore.Platforms (>= 1.1.1)
      runtime.native.System (>= 4.3)
      runtime.native.System.Net.Http (>= 4.3)
      runtime.native.System.Security.Cryptography.OpenSsl (>= 4.3.2)
      System.Collections (>= 4.3)
      System.Diagnostics.Debug (>= 4.3)
      System.Diagnostics.DiagnosticSource (>= 4.3)
      System.Diagnostics.Tracing (>= 4.3)
      System.Globalization (>= 4.3)
      System.Globalization.Extensions (>= 4.3)
      System.IO (>= 4.3)
      System.IO.FileSystem (>= 4.3)
      System.Net.Primitives (>= 4.3)
      System.Resources.ResourceManager (>= 4.3)
      System.Runtime (>= 4.3)
      System.Runtime.Extensions (>= 4.3)
      System.Runtime.Handles (>= 4.3)
      System.Runtime.InteropServices (>= 4.3)
      System.Security.Cryptography.Algorithms (>= 4.3)
      System.Security.Cryptography.Encoding (>= 4.3)
      System.Security.Cryptography.OpenSsl (>= 4.3)
      System.Security.Cryptography.Primitives (>= 4.3)
      System.Security.Cryptography.X509Certificates (>= 4.3)
      System.Text.Encoding (>= 4.3)
      System.Threading (>= 4.3)
      System.Threading.Tasks (>= 4.3)
    System.Net.Primitives (4.3.1)
      Microsoft.NETCore.Platforms (>= 1.1.1)
      Microsoft.NETCore.Targets (>= 1.1.3)
      System.Runtime (>= 4.3.1)
      System.Runtime.Handles (>= 4.3)
    System.Numerics.Vectors (4.5)
    System.ObjectModel (4.3)
      System.Collections (>= 4.3)
      System.Diagnostics.Debug (>= 4.3)
      System.Resources.ResourceManager (>= 4.3)
      System.Runtime (>= 4.3)
      System.Threading (>= 4.3)
    System.Reactive (4.3.2)
      System.Runtime.InteropServices.WindowsRuntime (>= 4.3)
      System.Threading.Tasks.Extensions (>= 4.5.3)
    System.Reactive.Compatibility (4.3.2)
      System.Reactive.Core (>= 4.3.2)
      System.Reactive.Interfaces (>= 4.3.2)
      System.Reactive.Linq (>= 4.3.2)
      System.Reactive.PlatformServices (>= 4.3.2)
      System.Reactive.Providers (>= 4.3.2)
    System.Reactive.Core (4.3.2)
      System.Reactive (>= 4.3.2)
      System.Threading.Tasks.Extensions (>= 4.5.3)
    System.Reactive.Interfaces (4.3.2)
      System.Reactive (>= 4.3.2)
      System.Threading.Tasks.Extensions (>= 4.5.3)
    System.Reactive.Linq (4.3.2)
      System.Reactive (>= 4.3.2)
      System.Threading.Tasks.Extensions (>= 4.5.3)
    System.Reactive.PlatformServices (4.3.2)
      System.Reactive (>= 4.3.2)
      System.Threading.Tasks.Extensions (>= 4.5.3)
    System.Reactive.Providers (4.3.2)
      System.Reactive (>= 4.3.2)
      System.Threading.Tasks.Extensions (>= 4.5.3)
    System.Reflection (4.3)
      Microsoft.NETCore.Platforms (>= 1.1)
      Microsoft.NETCore.Targets (>= 1.1)
      System.IO (>= 4.3)
      System.Reflection.Primitives (>= 4.3)
      System.Runtime (>= 4.3)
    System.Reflection.Emit (4.7)
      System.Reflection.Emit.ILGeneration (>= 4.7)
    System.Reflection.Emit.ILGeneration (4.7)
    System.Reflection.Emit.Lightweight (4.7)
      System.Reflection.Emit.ILGeneration (>= 4.7)
    System.Reflection.Extensions (4.3)
      Microsoft.NETCore.Platforms (>= 1.1)
      Microsoft.NETCore.Targets (>= 1.1)
      System.Reflection (>= 4.3)
      System.Runtime (>= 4.3)
    System.Reflection.Metadata (1.8)
      System.Collections.Immutable (>= 1.7)
    System.Reflection.Primitives (4.3)
      Microsoft.NETCore.Platforms (>= 1.1)
      Microsoft.NETCore.Targets (>= 1.1)
      System.Runtime (>= 4.3)
    System.Reflection.TypeExtensions (4.7)
    System.Resources.Extensions (4.7)
      System.Memory (>= 4.5.3)
    System.Resources.ResourceManager (4.3)
      Microsoft.NETCore.Platforms (>= 1.1)
      Microsoft.NETCore.Targets (>= 1.1)
      System.Globalization (>= 4.3)
      System.Reflection (>= 4.3)
      System.Runtime (>= 4.3)
    System.Resources.Writer (4.3)
      System.Collections (>= 4.3)
      System.IO (>= 4.3)
      System.Resources.ResourceManager (>= 4.3)
      System.Runtime (>= 4.3)
      System.Runtime.Extensions (>= 4.3)
      System.Text.Encoding (>= 4.3)
    System.Runtime (4.3.1)
      Microsoft.NETCore.Platforms (>= 1.1.1)
      Microsoft.NETCore.Targets (>= 1.1.3)
    System.Runtime.CompilerServices.Unsafe (4.7.1)
    System.Runtime.Extensions (4.3.1)
      Microsoft.NETCore.Platforms (>= 1.1.1)
      Microsoft.NETCore.Targets (>= 1.1.3)
      System.Runtime (>= 4.3.1)
    System.Runtime.Handles (4.3)
      Microsoft.NETCore.Platforms (>= 1.1)
      Microsoft.NETCore.Targets (>= 1.1)
      System.Runtime (>= 4.3)
    System.Runtime.InteropServices (4.3)
      Microsoft.NETCore.Platforms (>= 1.1)
      Microsoft.NETCore.Targets (>= 1.1)
      System.Reflection (>= 4.3)
      System.Reflection.Primitives (>= 4.3)
      System.Runtime (>= 4.3)
      System.Runtime.Handles (>= 4.3)
    System.Runtime.InteropServices.WindowsRuntime (4.3)
      System.Runtime (>= 4.3)
    System.Runtime.Numerics (4.3)
      System.Globalization (>= 4.3)
      System.Resources.ResourceManager (>= 4.3)
      System.Runtime (>= 4.3)
      System.Runtime.Extensions (>= 4.3)
    System.Runtime.Serialization.Primitives (4.3)
      System.Resources.ResourceManager (>= 4.3)
      System.Runtime (>= 4.3)
    System.Security.AccessControl (4.7)
      System.Security.Principal.Windows (>= 4.7)
    System.Security.Cryptography.Algorithms (4.3.1)
      Microsoft.NETCore.Platforms (>= 1.1)
      runtime.native.System.Security.Cryptography.Apple (>= 4.3.1)
      runtime.native.System.Security.Cryptography.OpenSsl (>= 4.3.2)
      System.Collections (>= 4.3)
      System.IO (>= 4.3)
      System.Resources.ResourceManager (>= 4.3)
      System.Runtime (>= 4.3)
      System.Runtime.Extensions (>= 4.3)
      System.Runtime.Handles (>= 4.3)
      System.Runtime.InteropServices (>= 4.3)
      System.Runtime.Numerics (>= 4.3)
      System.Security.Cryptography.Encoding (>= 4.3)
      System.Security.Cryptography.Primitives (>= 4.3)
      System.Text.Encoding (>= 4.3)
    System.Security.Cryptography.Cng (4.7)
    System.Security.Cryptography.Csp (4.3)
      Microsoft.NETCore.Platforms (>= 1.1)
      System.IO (>= 4.3)
      System.Reflection (>= 4.3)
      System.Resources.ResourceManager (>= 4.3)
      System.Runtime (>= 4.3)
      System.Runtime.Extensions (>= 4.3)
      System.Runtime.Handles (>= 4.3)
      System.Runtime.InteropServices (>= 4.3)
      System.Security.Cryptography.Algorithms (>= 4.3)
      System.Security.Cryptography.Encoding (>= 4.3)
      System.Security.Cryptography.Primitives (>= 4.3)
      System.Text.Encoding (>= 4.3)
      System.Threading (>= 4.3)
    System.Security.Cryptography.Encoding (4.3)
      Microsoft.NETCore.Platforms (>= 1.1)
      runtime.native.System.Security.Cryptography.OpenSsl (>= 4.3)
      System.Collections (>= 4.3)
      System.Collections.Concurrent (>= 4.3)
      System.Linq (>= 4.3)
      System.Resources.ResourceManager (>= 4.3)
      System.Runtime (>= 4.3)
      System.Runtime.Extensions (>= 4.3)
      System.Runtime.Handles (>= 4.3)
      System.Runtime.InteropServices (>= 4.3)
      System.Security.Cryptography.Primitives (>= 4.3)
      System.Text.Encoding (>= 4.3)
    System.Security.Cryptography.OpenSsl (4.7)
    System.Security.Cryptography.Primitives (4.3)
      System.Diagnostics.Debug (>= 4.3)
      System.Globalization (>= 4.3)
      System.IO (>= 4.3)
      System.Resources.ResourceManager (>= 4.3)
      System.Runtime (>= 4.3)
      System.Threading (>= 4.3)
      System.Threading.Tasks (>= 4.3)
    System.Security.Cryptography.ProtectedData (4.7)
      System.Memory (>= 4.5.3)
    System.Security.Cryptography.X509Certificates (4.3.2)
      Microsoft.NETCore.Platforms (>= 1.1)
      runtime.native.System (>= 4.3)
      runtime.native.System.Net.Http (>= 4.3)
      runtime.native.System.Security.Cryptography.OpenSsl (>= 4.3.2)
      System.Collections (>= 4.3)
      System.Diagnostics.Debug (>= 4.3)
      System.Globalization (>= 4.3)
      System.Globalization.Calendars (>= 4.3)
      System.IO (>= 4.3)
      System.IO.FileSystem (>= 4.3)
      System.IO.FileSystem.Primitives (>= 4.3)
      System.Resources.ResourceManager (>= 4.3)
      System.Runtime (>= 4.3)
      System.Runtime.Extensions (>= 4.3)
      System.Runtime.Handles (>= 4.3)
      System.Runtime.InteropServices (>= 4.3)
      System.Runtime.Numerics (>= 4.3)
      System.Security.Cryptography.Algorithms (>= 4.3)
      System.Security.Cryptography.Cng (>= 4.3)
      System.Security.Cryptography.Csp (>= 4.3)
      System.Security.Cryptography.Encoding (>= 4.3)
      System.Security.Cryptography.OpenSsl (>= 4.3)
      System.Security.Cryptography.Primitives (>= 4.3)
      System.Text.Encoding (>= 4.3)
      System.Threading (>= 4.3)
    System.Security.Principal.Windows (4.7)
    System.Text.Encoding (4.3)
      Microsoft.NETCore.Platforms (>= 1.1)
      Microsoft.NETCore.Targets (>= 1.1)
      System.Runtime (>= 4.3)
    System.Text.Encoding.CodePages (4.7)
      System.Runtime.CompilerServices.Unsafe (>= 4.7)
    System.Text.Encoding.Extensions (4.3)
      Microsoft.NETCore.Platforms (>= 1.1)
      Microsoft.NETCore.Targets (>= 1.1)
      System.Runtime (>= 4.3)
      System.Text.Encoding (>= 4.3)
    System.Text.RegularExpressions (4.3.1)
      System.Collections (>= 4.3)
      System.Globalization (>= 4.3)
      System.Resources.ResourceManager (>= 4.3)
      System.Runtime (>= 4.3.1)
      System.Runtime.Extensions (>= 4.3.1)
      System.Threading (>= 4.3)
    System.Threading (4.3)
      System.Runtime (>= 4.3)
      System.Threading.Tasks (>= 4.3)
    System.Threading.Overlapped (4.3)
      Microsoft.NETCore.Platforms (>= 1.1)
      System.Resources.ResourceManager (>= 4.3)
      System.Runtime (>= 4.3)
      System.Runtime.Handles (>= 4.3)
    System.Threading.Tasks (4.3)
      Microsoft.NETCore.Platforms (>= 1.1)
      Microsoft.NETCore.Targets (>= 1.1)
      System.Runtime (>= 4.3)
    System.Threading.Tasks.Dataflow (4.11)
    System.Threading.Tasks.Extensions (4.5.4)
      System.Runtime.CompilerServices.Unsafe (>= 4.5.3)
    System.Threading.Thread (4.3)
      System.Runtime (>= 4.3)
    System.Threading.ThreadPool (4.3)
      System.Runtime (>= 4.3)
      System.Runtime.Handles (>= 4.3)
    System.Xml.ReaderWriter (4.3.1)
      System.Collections (>= 4.3)
      System.Diagnostics.Debug (>= 4.3)
      System.Globalization (>= 4.3)
      System.IO (>= 4.3)
      System.IO.FileSystem (>= 4.3)
      System.IO.FileSystem.Primitives (>= 4.3)
      System.Resources.ResourceManager (>= 4.3)
      System.Runtime (>= 4.3)
      System.Runtime.Extensions (>= 4.3)
      System.Runtime.InteropServices (>= 4.3)
      System.Text.Encoding (>= 4.3)
      System.Text.Encoding.Extensions (>= 4.3)
      System.Text.RegularExpressions (>= 4.3)
      System.Threading.Tasks (>= 4.3)
      System.Threading.Tasks.Extensions (>= 4.3)
    System.Xml.XDocument (4.3)
      System.Collections (>= 4.3)
      System.Diagnostics.Debug (>= 4.3)
      System.Diagnostics.Tools (>= 4.3)
      System.Globalization (>= 4.3)
      System.IO (>= 4.3)
      System.Reflection (>= 4.3)
      System.Resources.ResourceManager (>= 4.3)
      System.Runtime (>= 4.3)
      System.Runtime.Extensions (>= 4.3)
      System.Text.Encoding (>= 4.3)
      System.Threading (>= 4.3)
      System.Xml.ReaderWriter (>= 4.3)
    System.Xml.XmlDocument (4.3)
      System.Collections (>= 4.3)
      System.Diagnostics.Debug (>= 4.3)
      System.Globalization (>= 4.3)
      System.IO (>= 4.3)
      System.Resources.ResourceManager (>= 4.3)
      System.Runtime (>= 4.3)
      System.Runtime.Extensions (>= 4.3)
      System.Text.Encoding (>= 4.3)
      System.Threading (>= 4.3)
      System.Xml.ReaderWriter (>= 4.3)
    System.Xml.XPath (4.3)
      System.Collections (>= 4.3)
      System.Diagnostics.Debug (>= 4.3)
      System.Globalization (>= 4.3)
      System.IO (>= 4.3)
      System.Resources.ResourceManager (>= 4.3)
      System.Runtime (>= 4.3)
      System.Runtime.Extensions (>= 4.3)
      System.Threading (>= 4.3)
      System.Xml.ReaderWriter (>= 4.3)
    System.Xml.XPath.XDocument (4.3)
      System.Diagnostics.Debug (>= 4.3)
      System.Linq (>= 4.3)
      System.Resources.ResourceManager (>= 4.3)
      System.Runtime (>= 4.3)
      System.Runtime.Extensions (>= 4.3)
      System.Threading (>= 4.3)
      System.Xml.ReaderWriter (>= 4.3)
      System.Xml.XDocument (>= 4.3)
      System.Xml.XPath (>= 4.3)
    System.Xml.XPath.XmlDocument (4.3)
      System.Collections (>= 4.3)
      System.Globalization (>= 4.3)
      System.IO (>= 4.3)
      System.Resources.ResourceManager (>= 4.3)
      System.Runtime (>= 4.3)
      System.Runtime.Extensions (>= 4.3)
      System.Threading (>= 4.3)
      System.Xml.ReaderWriter (>= 4.3)
      System.Xml.XmlDocument (>= 4.3)
      System.Xml.XPath (>= 4.3)

GROUP documentation
RESTRICTION: || (== net452) (== net46) (== net461) (== net462) (== net472) (== netcoreapp3.0) (== netcoreapp3.1)
NUGET
  remote: https://www.nuget.org/api/v2
    FSharp.Compiler.Service (27.0.1)
      FSharp.Core (>= 4.5.2)
      System.Collections.Immutable (>= 1.5)
      System.Diagnostics.Process (>= 4.1) - restriction: || (&& (== net452) (< net45) (>= netstandard2.0)) (&& (== net46) (< net45) (>= netstandard2.0)) (&& (== net461) (< net45) (>= netstandard2.0)) (&& (== net462) (< net45) (>= netstandard2.0)) (&& (== net472) (< net45)) (== netcoreapp3.0) (== netcoreapp3.1)
      System.Diagnostics.TraceSource (>= 4.0) - restriction: || (&& (== net452) (< net45) (>= netstandard2.0)) (&& (== net46) (< net45) (>= netstandard2.0)) (&& (== net461) (< net45) (>= netstandard2.0)) (&& (== net462) (< net45) (>= netstandard2.0)) (&& (== net472) (< net45)) (== netcoreapp3.0) (== netcoreapp3.1)
      System.Reflection.Emit (>= 4.3) - restriction: || (&& (== net452) (< net45) (>= netstandard2.0)) (&& (== net46) (< net45) (>= netstandard2.0)) (&& (== net461) (< net45) (>= netstandard2.0)) (&& (== net462) (< net45) (>= netstandard2.0)) (&& (== net472) (< net45)) (== netcoreapp3.0) (== netcoreapp3.1)
      System.Reflection.Metadata (>= 1.6)
      System.Reflection.TypeExtensions (>= 4.3) - restriction: || (&& (== net452) (< net45) (>= netstandard2.0)) (&& (== net46) (< net45) (>= netstandard2.0)) (&& (== net461) (< net45) (>= netstandard2.0)) (&& (== net462) (< net45) (>= netstandard2.0)) (&& (== net472) (< net45)) (== netcoreapp3.0) (== netcoreapp3.1)
      System.Runtime.Loader (>= 4.0) - restriction: || (&& (== net452) (< net45) (>= netstandard2.0)) (&& (== net46) (< net45) (>= netstandard2.0)) (&& (== net461) (< net45) (>= netstandard2.0)) (&& (== net462) (< net45) (>= netstandard2.0)) (&& (== net472) (< net45)) (== netcoreapp3.0) (== netcoreapp3.1)
      System.Security.Cryptography.Algorithms (>= 4.3) - restriction: || (&& (== net452) (< net45) (>= netstandard2.0)) (&& (== net46) (< net45) (>= netstandard2.0)) (&& (== net461) (< net45) (>= netstandard2.0)) (&& (== net462) (< net45) (>= netstandard2.0)) (&& (== net472) (< net45)) (== netcoreapp3.0) (== netcoreapp3.1)
      System.ValueTuple (>= 4.4) - restriction: || (== net452) (== net46) (== net461) (== net462) (== net472) (&& (== netcoreapp3.0) (>= net45)) (&& (== netcoreapp3.1) (>= net45))
    FSharp.Core (4.7.1)
    FSharp.Formatting (3.1)
      FSharp.Compiler.Service (>= 27.0.1 < 28.0)
      Microsoft.AspNet.Razor (>= 3.2.7 < 4.0)
      System.ValueTuple (>= 4.5 < 5.0)
    Microsoft.AspNet.Razor (3.2.7)
    Microsoft.NETCore.Platforms (3.1) - restriction: || (&& (== net452) (>= netcoreapp2.0)) (&& (== net46) (>= netcoreapp2.0)) (&& (== net461) (>= netcoreapp2.0)) (&& (== net462) (>= netcoreapp2.0)) (&& (== net472) (>= netcoreapp2.0)) (== netcoreapp3.0) (== netcoreapp3.1)
    Microsoft.NETCore.Targets (3.1) - restriction: || (&& (== net452) (< net45) (>= netstandard2.0)) (&& (== net46) (< net45) (>= netstandard2.0)) (&& (== net461) (< net45) (>= netstandard2.0)) (&& (== net462) (< net45) (>= netstandard2.0)) (&& (== net472) (< net45)) (== netcoreapp3.0) (== netcoreapp3.1)
    Microsoft.Win32.Primitives (4.3) - restriction: || (&& (== net452) (< net45) (>= netstandard2.0)) (&& (== net46) (< net45) (>= netstandard2.0)) (&& (== net461) (< net45) (>= netstandard2.0)) (&& (== net462) (< net45) (>= netstandard2.0)) (&& (== net472) (< net45)) (== netcoreapp3.0) (== netcoreapp3.1)
      Microsoft.NETCore.Platforms (>= 1.1) - restriction: || (&& (== net452) (>= netstandard1.3)) (&& (== net461) (< net46)) (&& (== net462) (< net46)) (&& (== net472) (< net46)) (== netcoreapp3.0) (== netcoreapp3.1)
      Microsoft.NETCore.Targets (>= 1.1) - restriction: || (&& (== net452) (>= netstandard1.3)) (&& (== net461) (< net46)) (&& (== net462) (< net46)) (&& (== net472) (< net46)) (== netcoreapp3.0) (== netcoreapp3.1)
      System.Runtime (>= 4.3) - restriction: || (&& (== net452) (>= netstandard1.3)) (&& (== net461) (< net46)) (&& (== net462) (< net46)) (&& (== net472) (< net46)) (== netcoreapp3.0) (== netcoreapp3.1)
    Microsoft.Win32.Registry (4.7) - restriction: || (&& (== net452) (< net45) (>= netstandard2.0)) (&& (== net46) (< net45) (>= netstandard2.0)) (&& (== net461) (< net45) (>= netstandard2.0)) (&& (== net462) (< net45) (>= netstandard2.0)) (&& (== net472) (< net45)) (== netcoreapp3.0) (== netcoreapp3.1)
      System.Security.AccessControl (>= 4.7) - restriction: || (&& (== net452) (>= monoandroid)) (&& (== net452) (>= monotouch)) (&& (== net452) (>= net461)) (&& (== net452) (>= netcoreapp2.0)) (&& (== net452) (>= netstandard2.0)) (&& (== net452) (>= xamarinios)) (&& (== net452) (>= xamarinmac)) (&& (== net452) (>= xamarintvos)) (&& (== net452) (>= xamarinwatchos)) (&& (== net46) (>= monoandroid)) (&& (== net46) (>= monotouch)) (&& (== net46) (>= net461)) (&& (== net46) (>= netcoreapp2.0)) (&& (== net46) (>= xamarinios)) (&& (== net46) (>= xamarinmac)) (&& (== net46) (>= xamarintvos)) (&& (== net46) (>= xamarinwatchos)) (== net461) (== net462) (== net472) (== netcoreapp3.0) (== netcoreapp3.1)
      System.Security.Principal.Windows (>= 4.7) - restriction: || (&& (== net452) (>= monoandroid)) (&& (== net452) (>= monotouch)) (&& (== net452) (>= net461)) (&& (== net452) (>= netcoreapp2.0)) (&& (== net452) (>= netstandard2.0)) (&& (== net452) (>= xamarinios)) (&& (== net452) (>= xamarinmac)) (&& (== net452) (>= xamarintvos)) (&& (== net452) (>= xamarinwatchos)) (&& (== net46) (>= monoandroid)) (&& (== net46) (>= monotouch)) (&& (== net46) (>= net461)) (&& (== net46) (>= netcoreapp2.0)) (&& (== net46) (>= xamarinios)) (&& (== net46) (>= xamarinmac)) (&& (== net46) (>= xamarintvos)) (&& (== net46) (>= xamarinwatchos)) (== net461) (== net462) (== net472) (== netcoreapp3.0) (== netcoreapp3.1)
    runtime.debian.8-x64.runtime.native.System.Security.Cryptography.OpenSsl (4.3.3) - restriction: || (&& (== net452) (< net45) (>= netstandard2.0)) (&& (== net46) (< net45) (>= netstandard2.0)) (&& (== net461) (< net45) (>= netstandard2.0)) (&& (== net462) (< net45) (>= netstandard2.0)) (&& (== net472) (< net45)) (== netcoreapp3.0) (== netcoreapp3.1)
    runtime.debian.9-x64.runtime.native.System.Security.Cryptography.OpenSsl (4.3.3) - restriction: || (&& (== net452) (< net45) (>= netstandard2.0)) (&& (== net46) (< net45) (>= netstandard2.0)) (&& (== net461) (< net45) (>= netstandard2.0)) (&& (== net462) (< net45) (>= netstandard2.0)) (&& (== net472) (< net45)) (== netcoreapp3.0) (== netcoreapp3.1)
    runtime.fedora.23-x64.runtime.native.System.Security.Cryptography.OpenSsl (4.3.3) - restriction: || (&& (== net452) (< net45) (>= netstandard2.0)) (&& (== net46) (< net45) (>= netstandard2.0)) (&& (== net461) (< net45) (>= netstandard2.0)) (&& (== net462) (< net45) (>= netstandard2.0)) (&& (== net472) (< net45)) (== netcoreapp3.0) (== netcoreapp3.1)
    runtime.fedora.24-x64.runtime.native.System.Security.Cryptography.OpenSsl (4.3.3) - restriction: || (&& (== net452) (< net45) (>= netstandard2.0)) (&& (== net46) (< net45) (>= netstandard2.0)) (&& (== net461) (< net45) (>= netstandard2.0)) (&& (== net462) (< net45) (>= netstandard2.0)) (&& (== net472) (< net45)) (== netcoreapp3.0) (== netcoreapp3.1)
    runtime.fedora.27-x64.runtime.native.System.Security.Cryptography.OpenSsl (4.3.3) - restriction: || (&& (== net452) (< net45) (>= netstandard2.0)) (&& (== net46) (< net45) (>= netstandard2.0)) (&& (== net461) (< net45) (>= netstandard2.0)) (&& (== net462) (< net45) (>= netstandard2.0)) (&& (== net472) (< net45)) (== netcoreapp3.0) (== netcoreapp3.1)
    runtime.fedora.28-x64.runtime.native.System.Security.Cryptography.OpenSsl (4.3.3) - restriction: || (&& (== net452) (< net45) (>= netstandard2.0)) (&& (== net46) (< net45) (>= netstandard2.0)) (&& (== net461) (< net45) (>= netstandard2.0)) (&& (== net462) (< net45) (>= netstandard2.0)) (&& (== net472) (< net45)) (== netcoreapp3.0) (== netcoreapp3.1)
    runtime.native.System (4.3.1) - restriction: || (&& (== net452) (< net45) (>= netstandard2.0)) (&& (== net46) (< net45) (>= netstandard2.0)) (&& (== net461) (< net45) (>= netstandard2.0)) (&& (== net462) (< net45) (>= netstandard2.0)) (&& (== net472) (< net45)) (== netcoreapp3.0) (== netcoreapp3.1)
      Microsoft.NETCore.Platforms (>= 1.1.1)
      Microsoft.NETCore.Targets (>= 1.1.3)
    runtime.native.System.Security.Cryptography.Apple (4.3.1) - restriction: || (&& (== net452) (< net45) (>= netstandard2.0)) (&& (== net46) (< net45) (>= netstandard2.0)) (&& (== net461) (< net45) (>= netstandard2.0)) (&& (== net462) (< net45) (>= netstandard2.0)) (&& (== net472) (< net45)) (== netcoreapp3.0) (== netcoreapp3.1)
      runtime.osx.10.10-x64.runtime.native.System.Security.Cryptography.Apple (>= 4.3.1)
    runtime.native.System.Security.Cryptography.OpenSsl (4.3.3) - restriction: || (&& (== net452) (< net45) (>= netstandard2.0)) (&& (== net46) (< net45) (>= netstandard2.0)) (&& (== net461) (< net45) (>= netstandard2.0)) (&& (== net462) (< net45) (>= netstandard2.0)) (&& (== net472) (< net45)) (== netcoreapp3.0) (== netcoreapp3.1)
      runtime.debian.8-x64.runtime.native.System.Security.Cryptography.OpenSsl (>= 4.3.3)
      runtime.debian.9-x64.runtime.native.System.Security.Cryptography.OpenSsl (>= 4.3.3)
      runtime.fedora.23-x64.runtime.native.System.Security.Cryptography.OpenSsl (>= 4.3.3)
      runtime.fedora.24-x64.runtime.native.System.Security.Cryptography.OpenSsl (>= 4.3.3)
      runtime.fedora.27-x64.runtime.native.System.Security.Cryptography.OpenSsl (>= 4.3.3)
      runtime.fedora.28-x64.runtime.native.System.Security.Cryptography.OpenSsl (>= 4.3.3)
      runtime.opensuse.13.2-x64.runtime.native.System.Security.Cryptography.OpenSsl (>= 4.3.3)
      runtime.opensuse.42.1-x64.runtime.native.System.Security.Cryptography.OpenSsl (>= 4.3.3)
      runtime.opensuse.42.3-x64.runtime.native.System.Security.Cryptography.OpenSsl (>= 4.3.3)
      runtime.osx.10.10-x64.runtime.native.System.Security.Cryptography.OpenSsl (>= 4.3.3)
      runtime.rhel.7-x64.runtime.native.System.Security.Cryptography.OpenSsl (>= 4.3.3)
      runtime.ubuntu.14.04-x64.runtime.native.System.Security.Cryptography.OpenSsl (>= 4.3.3)
      runtime.ubuntu.16.04-x64.runtime.native.System.Security.Cryptography.OpenSsl (>= 4.3.3)
      runtime.ubuntu.16.10-x64.runtime.native.System.Security.Cryptography.OpenSsl (>= 4.3.3)
      runtime.ubuntu.18.04-x64.runtime.native.System.Security.Cryptography.OpenSsl (>= 4.3.3)
    runtime.opensuse.13.2-x64.runtime.native.System.Security.Cryptography.OpenSsl (4.3.3) - restriction: || (&& (== net452) (< net45) (>= netstandard2.0)) (&& (== net46) (< net45) (>= netstandard2.0)) (&& (== net461) (< net45) (>= netstandard2.0)) (&& (== net462) (< net45) (>= netstandard2.0)) (&& (== net472) (< net45)) (== netcoreapp3.0) (== netcoreapp3.1)
    runtime.opensuse.42.1-x64.runtime.native.System.Security.Cryptography.OpenSsl (4.3.3) - restriction: || (&& (== net452) (< net45) (>= netstandard2.0)) (&& (== net46) (< net45) (>= netstandard2.0)) (&& (== net461) (< net45) (>= netstandard2.0)) (&& (== net462) (< net45) (>= netstandard2.0)) (&& (== net472) (< net45)) (== netcoreapp3.0) (== netcoreapp3.1)
    runtime.opensuse.42.3-x64.runtime.native.System.Security.Cryptography.OpenSsl (4.3.3) - restriction: || (&& (== net452) (< net45) (>= netstandard2.0)) (&& (== net46) (< net45) (>= netstandard2.0)) (&& (== net461) (< net45) (>= netstandard2.0)) (&& (== net462) (< net45) (>= netstandard2.0)) (&& (== net472) (< net45)) (== netcoreapp3.0) (== netcoreapp3.1)
    runtime.osx.10.10-x64.runtime.native.System.Security.Cryptography.Apple (4.3.1) - restriction: || (&& (== net452) (< net45) (>= netstandard2.0)) (&& (== net46) (< net45) (>= netstandard2.0)) (&& (== net461) (< net45) (>= netstandard2.0)) (&& (== net462) (< net45) (>= netstandard2.0)) (&& (== net472) (< net45)) (== netcoreapp3.0) (== netcoreapp3.1)
    runtime.osx.10.10-x64.runtime.native.System.Security.Cryptography.OpenSsl (4.3.3) - restriction: || (&& (== net452) (< net45) (>= netstandard2.0)) (&& (== net46) (< net45) (>= netstandard2.0)) (&& (== net461) (< net45) (>= netstandard2.0)) (&& (== net462) (< net45) (>= netstandard2.0)) (&& (== net472) (< net45)) (== netcoreapp3.0) (== netcoreapp3.1)
    runtime.rhel.7-x64.runtime.native.System.Security.Cryptography.OpenSsl (4.3.3) - restriction: || (&& (== net452) (< net45) (>= netstandard2.0)) (&& (== net46) (< net45) (>= netstandard2.0)) (&& (== net461) (< net45) (>= netstandard2.0)) (&& (== net462) (< net45) (>= netstandard2.0)) (&& (== net472) (< net45)) (== netcoreapp3.0) (== netcoreapp3.1)
    runtime.ubuntu.14.04-x64.runtime.native.System.Security.Cryptography.OpenSsl (4.3.3) - restriction: || (&& (== net452) (< net45) (>= netstandard2.0)) (&& (== net46) (< net45) (>= netstandard2.0)) (&& (== net461) (< net45) (>= netstandard2.0)) (&& (== net462) (< net45) (>= netstandard2.0)) (&& (== net472) (< net45)) (== netcoreapp3.0) (== netcoreapp3.1)
    runtime.ubuntu.16.04-x64.runtime.native.System.Security.Cryptography.OpenSsl (4.3.3) - restriction: || (&& (== net452) (< net45) (>= netstandard2.0)) (&& (== net46) (< net45) (>= netstandard2.0)) (&& (== net461) (< net45) (>= netstandard2.0)) (&& (== net462) (< net45) (>= netstandard2.0)) (&& (== net472) (< net45)) (== netcoreapp3.0) (== netcoreapp3.1)
    runtime.ubuntu.16.10-x64.runtime.native.System.Security.Cryptography.OpenSsl (4.3.3) - restriction: || (&& (== net452) (< net45) (>= netstandard2.0)) (&& (== net46) (< net45) (>= netstandard2.0)) (&& (== net461) (< net45) (>= netstandard2.0)) (&& (== net462) (< net45) (>= netstandard2.0)) (&& (== net472) (< net45)) (== netcoreapp3.0) (== netcoreapp3.1)
    runtime.ubuntu.18.04-x64.runtime.native.System.Security.Cryptography.OpenSsl (4.3.3) - restriction: || (&& (== net452) (< net45) (>= netstandard2.0)) (&& (== net46) (< net45) (>= netstandard2.0)) (&& (== net461) (< net45) (>= netstandard2.0)) (&& (== net462) (< net45) (>= netstandard2.0)) (&& (== net472) (< net45)) (== netcoreapp3.0) (== netcoreapp3.1)
    System.Buffers (4.5.1) - restriction: || (&& (== net452) (== netcoreapp3.0)) (&& (== net452) (== netcoreapp3.1)) (&& (== net452) (>= monoandroid) (>= netstandard1.3)) (&& (== net452) (>= monoandroid) (>= netstandard2.0)) (&& (== net452) (>= monotouch)) (&& (== net452) (< net45) (>= netstandard1.3)) (&& (== net452) (< net45) (>= netstandard2.0)) (&& (== net452) (>= net46)) (&& (== net452) (>= net461)) (&& (== net452) (< netstandard1.1) (>= netstandard1.3)) (&& (== net452) (< netstandard1.1) (>= netstandard2.0)) (&& (== net452) (>= netstandard1.3) (>= wpa81)) (&& (== net452) (>= netstandard2.0) (>= wpa81)) (&& (== net452) (>= uap10.1)) (&& (== net452) (>= xamarinios)) (&& (== net452) (>= xamarinmac)) (&& (== net452) (>= xamarintvos)) (&& (== net452) (>= xamarinwatchos)) (== net46) (== net461) (== net462) (== net472) (&& (== netcoreapp3.0) (>= monotouch)) (&& (== netcoreapp3.0) (>= net46)) (&& (== netcoreapp3.0) (>= net461)) (&& (== netcoreapp3.0) (< netcoreapp2.0)) (&& (== netcoreapp3.0) (< netstandard1.1)) (&& (== netcoreapp3.0) (< netstandard2.0)) (&& (== netcoreapp3.0) (>= uap10.1)) (&& (== netcoreapp3.0) (>= xamarinios)) (&& (== netcoreapp3.0) (>= xamarinmac)) (&& (== netcoreapp3.0) (>= xamarintvos)) (&& (== netcoreapp3.0) (>= xamarinwatchos)) (&& (== netcoreapp3.1) (>= monotouch)) (&& (== netcoreapp3.1) (>= net46)) (&& (== netcoreapp3.1) (>= net461)) (&& (== netcoreapp3.1) (< netcoreapp2.0)) (&& (== netcoreapp3.1) (< netstandard1.1)) (&& (== netcoreapp3.1) (< netstandard2.0)) (&& (== netcoreapp3.1) (>= uap10.1)) (&& (== netcoreapp3.1) (>= xamarinios)) (&& (== netcoreapp3.1) (>= xamarinmac)) (&& (== netcoreapp3.1) (>= xamarintvos)) (&& (== netcoreapp3.1) (>= xamarinwatchos))
    System.Collections (4.3) - restriction: || (&& (== net452) (< net45) (>= netstandard2.0)) (&& (== net46) (< net45) (>= netstandard2.0)) (&& (== net461) (< net45) (>= netstandard2.0)) (&& (== net462) (< net45) (>= netstandard2.0)) (&& (== net472) (< net45)) (== netcoreapp3.0) (== netcoreapp3.1)
      Microsoft.NETCore.Platforms (>= 1.1) - restriction: || (&& (== net452) (< net45)) (&& (== net46) (< net45)) (&& (== net461) (< net45)) (&& (== net462) (< net45)) (&& (== net472) (< net45)) (== netcoreapp3.0) (== netcoreapp3.1)
      Microsoft.NETCore.Targets (>= 1.1) - restriction: || (&& (== net452) (< net45)) (&& (== net46) (< net45)) (&& (== net461) (< net45)) (&& (== net462) (< net45)) (&& (== net472) (< net45)) (== netcoreapp3.0) (== netcoreapp3.1)
      System.Runtime (>= 4.3) - restriction: || (&& (== net452) (< net45)) (&& (== net46) (< net45)) (&& (== net461) (< net45)) (&& (== net462) (< net45)) (&& (== net472) (< net45)) (== netcoreapp3.0) (== netcoreapp3.1)
    System.Collections.Concurrent (4.3) - restriction: || (&& (== net452) (< net45) (>= netstandard2.0)) (&& (== net46) (< net45) (>= netstandard2.0)) (&& (== net461) (< net45) (>= netstandard2.0)) (&& (== net462) (< net45) (>= netstandard2.0)) (&& (== net472) (< net45)) (== netcoreapp3.0) (== netcoreapp3.1)
      System.Collections (>= 4.3) - restriction: || (&& (== net452) (< net45) (>= netstandard1.3)) (&& (== net46) (< net45)) (&& (== net461) (< net45)) (&& (== net462) (< net45)) (&& (== net472) (< net45)) (== netcoreapp3.0) (== netcoreapp3.1)
      System.Diagnostics.Debug (>= 4.3) - restriction: || (&& (== net452) (< net45) (>= netstandard1.3)) (&& (== net46) (< net45)) (&& (== net461) (< net45)) (&& (== net462) (< net45)) (&& (== net472) (< net45)) (== netcoreapp3.0) (== netcoreapp3.1)
      System.Diagnostics.Tracing (>= 4.3) - restriction: || (&& (== net452) (< net45) (>= netstandard1.3)) (&& (== net46) (< net45)) (&& (== net461) (< net45)) (&& (== net462) (< net45)) (&& (== net472) (< net45)) (== netcoreapp3.0) (== netcoreapp3.1)
      System.Globalization (>= 4.3) - restriction: || (&& (== net452) (< net45) (>= netstandard1.3)) (&& (== net46) (< net45)) (&& (== net461) (< net45)) (&& (== net462) (< net45)) (&& (== net472) (< net45)) (== netcoreapp3.0) (== netcoreapp3.1)
      System.Reflection (>= 4.3) - restriction: || (&& (== net452) (< net45) (>= netstandard1.3)) (&& (== net46) (< net45)) (&& (== net461) (< net45)) (&& (== net462) (< net45)) (&& (== net472) (< net45)) (== netcoreapp3.0) (== netcoreapp3.1)
      System.Resources.ResourceManager (>= 4.3) - restriction: || (&& (== net452) (< net45) (>= netstandard1.3)) (&& (== net46) (< net45)) (&& (== net461) (< net45)) (&& (== net462) (< net45)) (&& (== net472) (< net45)) (== netcoreapp3.0) (== netcoreapp3.1)
      System.Runtime (>= 4.3) - restriction: || (&& (== net452) (< net45)) (&& (== net46) (< net45)) (&& (== net461) (< net45)) (&& (== net462) (< net45)) (&& (== net472) (< net45)) (== netcoreapp3.0) (== netcoreapp3.1)
      System.Runtime.Extensions (>= 4.3) - restriction: || (&& (== net452) (< net45) (>= netstandard1.3)) (&& (== net46) (< net45)) (&& (== net461) (< net45)) (&& (== net462) (< net45)) (&& (== net472) (< net45)) (== netcoreapp3.0) (== netcoreapp3.1)
      System.Threading (>= 4.3) - restriction: || (&& (== net452) (< net45) (>= netstandard1.3)) (&& (== net46) (< net45)) (&& (== net461) (< net45)) (&& (== net462) (< net45)) (&& (== net472) (< net45)) (== netcoreapp3.0) (== netcoreapp3.1)
      System.Threading.Tasks (>= 4.3) - restriction: || (&& (== net452) (< net45)) (&& (== net46) (< net45)) (&& (== net461) (< net45)) (&& (== net462) (< net45)) (&& (== net472) (< net45)) (== netcoreapp3.0) (== netcoreapp3.1)
    System.Collections.Immutable (1.7)
      System.Memory (>= 4.5.3) - restriction: || (&& (== net452) (< net45) (>= netstandard1.3)) (&& (== net452) (< net45) (>= netstandard2.0)) (&& (== net452) (>= net46)) (&& (== net452) (>= uap10.1)) (== net46) (== net461) (== net462) (== net472) (&& (== netcoreapp3.0) (>= net46)) (&& (== netcoreapp3.0) (< netcoreapp2.1)) (&& (== netcoreapp3.0) (< netstandard2.0)) (&& (== netcoreapp3.0) (>= uap10.1)) (&& (== netcoreapp3.1) (>= net46)) (&& (== netcoreapp3.1) (< netcoreapp2.1)) (&& (== netcoreapp3.1) (< netstandard2.0)) (&& (== netcoreapp3.1) (>= uap10.1))
    System.Diagnostics.Debug (4.3) - restriction: || (&& (== net452) (< net45) (>= netstandard2.0)) (&& (== net46) (< net45) (>= netstandard2.0)) (&& (== net461) (< net45) (>= netstandard2.0)) (&& (== net462) (< net45) (>= netstandard2.0)) (&& (== net472) (< net45)) (== netcoreapp3.0) (== netcoreapp3.1)
      Microsoft.NETCore.Platforms (>= 1.1) - restriction: || (&& (== net452) (< net45)) (&& (== net46) (< net45)) (&& (== net461) (< net45)) (&& (== net462) (< net45)) (&& (== net472) (< net45)) (== netcoreapp3.0) (== netcoreapp3.1)
      Microsoft.NETCore.Targets (>= 1.1) - restriction: || (&& (== net452) (< net45)) (&& (== net46) (< net45)) (&& (== net461) (< net45)) (&& (== net462) (< net45)) (&& (== net472) (< net45)) (== netcoreapp3.0) (== netcoreapp3.1)
      System.Runtime (>= 4.3) - restriction: || (&& (== net452) (< net45)) (&& (== net46) (< net45)) (&& (== net461) (< net45)) (&& (== net462) (< net45)) (&& (== net472) (< net45)) (== netcoreapp3.0) (== netcoreapp3.1)
    System.Diagnostics.Process (4.3) - restriction: || (&& (== net452) (< net45) (>= netstandard2.0)) (&& (== net46) (< net45) (>= netstandard2.0)) (&& (== net461) (< net45) (>= netstandard2.0)) (&& (== net462) (< net45) (>= netstandard2.0)) (&& (== net472) (< net45)) (== netcoreapp3.0) (== netcoreapp3.1)
      Microsoft.NETCore.Platforms (>= 1.1) - restriction: || (&& (== net452) (>= netstandard1.4)) (&& (== net461) (< net46)) (&& (== net462) (< net46)) (&& (== net472) (< net46)) (== netcoreapp3.0) (== netcoreapp3.1)
      Microsoft.Win32.Primitives (>= 4.3) - restriction: || (&& (== net452) (>= netstandard1.4)) (&& (== net461) (< net46)) (&& (== net462) (< net46)) (&& (== net472) (< net46)) (== netcoreapp3.0) (== netcoreapp3.1)
      Microsoft.Win32.Registry (>= 4.3) - restriction: || (&& (== net452) (>= netstandard1.4)) (&& (== net461) (< net46)) (&& (== net462) (< net46)) (&& (== net472) (< net46)) (== netcoreapp3.0) (== netcoreapp3.1)
      runtime.native.System (>= 4.3) - restriction: || (&& (== net452) (>= netstandard1.4)) (&& (== net461) (< net46)) (&& (== net462) (< net46)) (&& (== net472) (< net46)) (== netcoreapp3.0) (== netcoreapp3.1)
      System.Collections (>= 4.3) - restriction: || (&& (== net452) (>= netstandard1.4)) (&& (== net461) (< net46)) (&& (== net462) (< net46)) (&& (== net472) (< net46)) (== netcoreapp3.0) (== netcoreapp3.1)
      System.Diagnostics.Debug (>= 4.3) - restriction: || (&& (== net452) (>= netstandard1.4)) (&& (== net461) (< net46)) (&& (== net462) (< net46)) (&& (== net472) (< net46)) (== netcoreapp3.0) (== netcoreapp3.1)
      System.Globalization (>= 4.3) - restriction: || (&& (== net452) (>= netstandard1.4)) (&& (== net461) (< net46)) (&& (== net462) (< net46)) (&& (== net472) (< net46)) (== netcoreapp3.0) (== netcoreapp3.1)
      System.IO (>= 4.3) - restriction: || (&& (== net452) (>= netstandard1.3)) (&& (== net452) (>= netstandard1.4)) (&& (== net461) (< net46)) (&& (== net462) (< net46)) (&& (== net472) (< net46)) (== netcoreapp3.0) (== netcoreapp3.1)
      System.IO.FileSystem (>= 4.3) - restriction: || (&& (== net452) (>= netstandard1.4)) (&& (== net461) (< net46)) (&& (== net462) (< net46)) (&& (== net472) (< net46)) (== netcoreapp3.0) (== netcoreapp3.1)
      System.IO.FileSystem.Primitives (>= 4.3) - restriction: || (&& (== net452) (>= netstandard1.4)) (&& (== net461) (< net46)) (&& (== net462) (< net46)) (&& (== net472) (< net46)) (== netcoreapp3.0) (== netcoreapp3.1)
      System.Resources.ResourceManager (>= 4.3) - restriction: || (&& (== net452) (>= netstandard1.4)) (&& (== net461) (< net46)) (&& (== net462) (< net46)) (&& (== net472) (< net46)) (== netcoreapp3.0) (== netcoreapp3.1)
      System.Runtime (>= 4.3) - restriction: || (&& (== net452) (>= netstandard1.3)) (&& (== net452) (>= netstandard1.4)) (&& (== net461) (< net46)) (&& (== net462) (< net46)) (&& (== net472) (< net46)) (== netcoreapp3.0) (== netcoreapp3.1)
      System.Runtime.Extensions (>= 4.3) - restriction: || (&& (== net452) (>= netstandard1.4)) (&& (== net461) (< net46)) (&& (== net462) (< net46)) (&& (== net472) (< net46)) (== netcoreapp3.0) (== netcoreapp3.1)
      System.Runtime.Handles (>= 4.3) - restriction: || (&& (== net452) (>= netstandard1.3)) (&& (== net452) (>= netstandard1.4)) (&& (== net461) (< net46)) (&& (== net462) (< net46)) (&& (== net472) (< net46)) (== netcoreapp3.0) (== netcoreapp3.1)
      System.Runtime.InteropServices (>= 4.3) - restriction: || (&& (== net452) (>= netstandard1.4)) (&& (== net461) (< net46)) (&& (== net462) (< net46)) (&& (== net472) (< net46)) (== netcoreapp3.0) (== netcoreapp3.1)
      System.Text.Encoding (>= 4.3) - restriction: || (&& (== net452) (>= netstandard1.3)) (&& (== net452) (>= netstandard1.4)) (&& (== net461) (< net46)) (&& (== net462) (< net46)) (&& (== net472) (< net46)) (== netcoreapp3.0) (== netcoreapp3.1)
      System.Text.Encoding.Extensions (>= 4.3) - restriction: || (&& (== net452) (>= netstandard1.4)) (&& (== net461) (< net46)) (&& (== net462) (< net46)) (&& (== net472) (< net46)) (== netcoreapp3.0) (== netcoreapp3.1)
      System.Threading (>= 4.3) - restriction: || (&& (== net452) (>= netstandard1.4)) (&& (== net461) (< net46)) (&& (== net462) (< net46)) (&& (== net472) (< net46)) (== netcoreapp3.0) (== netcoreapp3.1)
      System.Threading.Tasks (>= 4.3) - restriction: || (&& (== net452) (>= netstandard1.4)) (&& (== net461) (< net46)) (&& (== net462) (< net46)) (&& (== net472) (< net46)) (== netcoreapp3.0) (== netcoreapp3.1)
      System.Threading.Thread (>= 4.3) - restriction: || (&& (== net452) (>= netstandard1.4)) (&& (== net461) (< net46)) (&& (== net462) (< net46)) (&& (== net472) (< net46)) (== netcoreapp3.0) (== netcoreapp3.1)
      System.Threading.ThreadPool (>= 4.3) - restriction: || (&& (== net452) (>= netstandard1.4)) (&& (== net461) (< net46)) (&& (== net462) (< net46)) (&& (== net472) (< net46)) (== netcoreapp3.0) (== netcoreapp3.1)
    System.Diagnostics.TraceSource (4.3) - restriction: || (&& (== net452) (< net45) (>= netstandard2.0)) (&& (== net46) (< net45) (>= netstandard2.0)) (&& (== net461) (< net45) (>= netstandard2.0)) (&& (== net462) (< net45) (>= netstandard2.0)) (&& (== net472) (< net45)) (== netcoreapp3.0) (== netcoreapp3.1)
      Microsoft.NETCore.Platforms (>= 1.1) - restriction: || (&& (== net452) (>= netstandard1.3)) (&& (== net461) (< net46)) (&& (== net462) (< net46)) (&& (== net472) (< net46)) (== netcoreapp3.0) (== netcoreapp3.1)
      runtime.native.System (>= 4.3) - restriction: || (&& (== net452) (>= netstandard1.3)) (&& (== net461) (< net46)) (&& (== net462) (< net46)) (&& (== net472) (< net46)) (== netcoreapp3.0) (== netcoreapp3.1)
      System.Collections (>= 4.3) - restriction: || (&& (== net452) (>= netstandard1.3)) (&& (== net461) (< net46)) (&& (== net462) (< net46)) (&& (== net472) (< net46)) (== netcoreapp3.0) (== netcoreapp3.1)
      System.Diagnostics.Debug (>= 4.3) - restriction: || (&& (== net452) (>= netstandard1.3)) (&& (== net461) (< net46)) (&& (== net462) (< net46)) (&& (== net472) (< net46)) (== netcoreapp3.0) (== netcoreapp3.1)
      System.Globalization (>= 4.3) - restriction: || (&& (== net452) (>= netstandard1.3)) (&& (== net461) (< net46)) (&& (== net462) (< net46)) (&& (== net472) (< net46)) (== netcoreapp3.0) (== netcoreapp3.1)
      System.Resources.ResourceManager (>= 4.3) - restriction: || (&& (== net452) (>= netstandard1.3)) (&& (== net461) (< net46)) (&& (== net462) (< net46)) (&& (== net472) (< net46)) (== netcoreapp3.0) (== netcoreapp3.1)
      System.Runtime (>= 4.3) - restriction: || (&& (== net452) (>= netstandard1.3)) (&& (== net461) (< net46)) (&& (== net462) (< net46)) (&& (== net472) (< net46)) (== netcoreapp3.0) (== netcoreapp3.1)
      System.Runtime.Extensions (>= 4.3) - restriction: || (&& (== net452) (>= netstandard1.3)) (&& (== net461) (< net46)) (&& (== net462) (< net46)) (&& (== net472) (< net46)) (== netcoreapp3.0) (== netcoreapp3.1)
      System.Threading (>= 4.3) - restriction: || (&& (== net452) (>= netstandard1.3)) (&& (== net461) (< net46)) (&& (== net462) (< net46)) (&& (== net472) (< net46)) (== netcoreapp3.0) (== netcoreapp3.1)
    System.Diagnostics.Tracing (4.3) - restriction: || (&& (== net452) (< net45) (>= netstandard2.0)) (&& (== net46) (< net45) (>= netstandard2.0)) (&& (== net461) (< net45) (>= netstandard2.0)) (&& (== net462) (< net45) (>= netstandard2.0)) (&& (== net472) (< net45)) (== netcoreapp3.0) (== netcoreapp3.1)
      Microsoft.NETCore.Platforms (>= 1.1) - restriction: || (&& (== net452) (< net45)) (&& (== net46) (< net45)) (&& (== net461) (< net45)) (&& (== net462) (< net45)) (&& (== net472) (< net45)) (== netcoreapp3.0) (== netcoreapp3.1)
      Microsoft.NETCore.Targets (>= 1.1) - restriction: || (&& (== net452) (< net45)) (&& (== net46) (< net45)) (&& (== net461) (< net45)) (&& (== net462) (< net45)) (&& (== net472) (< net45)) (== netcoreapp3.0) (== netcoreapp3.1)
      System.Runtime (>= 4.3) - restriction: || (&& (== net452) (< net45)) (&& (== net46) (< net45)) (&& (== net461) (< net45)) (&& (== net462) (< net45)) (&& (== net472) (< net45)) (== netcoreapp3.0) (== netcoreapp3.1)
    System.Globalization (4.3) - restriction: || (&& (== net452) (< net45) (>= netstandard2.0)) (&& (== net46) (< net45) (>= netstandard2.0)) (&& (== net461) (< net45) (>= netstandard2.0)) (&& (== net462) (< net45) (>= netstandard2.0)) (&& (== net472) (< net45)) (== netcoreapp3.0) (== netcoreapp3.1)
      Microsoft.NETCore.Platforms (>= 1.1) - restriction: || (&& (== net452) (< net45)) (&& (== net46) (< net45)) (&& (== net461) (< net45)) (&& (== net462) (< net45)) (&& (== net472) (< net45)) (== netcoreapp3.0) (== netcoreapp3.1)
      Microsoft.NETCore.Targets (>= 1.1) - restriction: || (&& (== net452) (< net45)) (&& (== net46) (< net45)) (&& (== net461) (< net45)) (&& (== net462) (< net45)) (&& (== net472) (< net45)) (== netcoreapp3.0) (== netcoreapp3.1)
      System.Runtime (>= 4.3) - restriction: || (&& (== net452) (< net45)) (&& (== net46) (< net45)) (&& (== net461) (< net45)) (&& (== net462) (< net45)) (&& (== net472) (< net45)) (== netcoreapp3.0) (== netcoreapp3.1)
    System.IO (4.3) - restriction: || (&& (== net452) (< net45) (>= netstandard2.0)) (&& (== net46) (< net45) (>= netstandard2.0)) (&& (== net461) (< net45) (>= netstandard2.0)) (&& (== net462) (< net45) (>= netstandard2.0)) (&& (== net472) (< net45)) (== netcoreapp3.0) (== netcoreapp3.1)
      Microsoft.NETCore.Platforms (>= 1.1) - restriction: || (&& (== net452) (< net45)) (&& (== net46) (< net45)) (&& (== net461) (< net45)) (&& (== net462) (< net45)) (&& (== net472) (< net45)) (== netcoreapp3.0) (== netcoreapp3.1)
      Microsoft.NETCore.Targets (>= 1.1) - restriction: || (&& (== net452) (< net45)) (&& (== net46) (< net45)) (&& (== net461) (< net45)) (&& (== net462) (< net45)) (&& (== net472) (< net45)) (== netcoreapp3.0) (== netcoreapp3.1)
      System.Runtime (>= 4.3) - restriction: || (&& (== net452) (< net45)) (&& (== net46) (< net45)) (&& (== net461) (< net45)) (&& (== net462) (< net45)) (&& (== net472) (< net45)) (== netcoreapp3.0) (== netcoreapp3.1)
      System.Text.Encoding (>= 4.3) - restriction: || (&& (== net452) (< net45)) (&& (== net46) (< net45)) (&& (== net461) (< net45)) (&& (== net462) (< net45)) (&& (== net472) (< net45)) (== netcoreapp3.0) (== netcoreapp3.1)
      System.Threading.Tasks (>= 4.3) - restriction: || (&& (== net452) (< net45)) (&& (== net46) (< net45)) (&& (== net461) (< net45)) (&& (== net462) (< net45)) (&& (== net472) (< net45)) (== netcoreapp3.0) (== netcoreapp3.1)
    System.IO.FileSystem (4.3) - restriction: || (&& (== net452) (< net45) (>= netstandard2.0)) (&& (== net46) (< net45) (>= netstandard2.0)) (&& (== net461) (< net45) (>= netstandard2.0)) (&& (== net462) (< net45) (>= netstandard2.0)) (&& (== net472) (< net45)) (== netcoreapp3.0) (== netcoreapp3.1)
      Microsoft.NETCore.Platforms (>= 1.1) - restriction: || (&& (== net452) (>= netstandard1.3)) (&& (== net461) (< net46)) (&& (== net462) (< net46)) (&& (== net472) (< net46)) (== netcoreapp3.0) (== netcoreapp3.1)
      Microsoft.NETCore.Targets (>= 1.1) - restriction: || (&& (== net452) (>= netstandard1.3)) (&& (== net461) (< net46)) (&& (== net462) (< net46)) (&& (== net472) (< net46)) (== netcoreapp3.0) (== netcoreapp3.1)
      System.IO (>= 4.3) - restriction: || (&& (== net452) (>= netstandard1.3)) (&& (== net461) (< net46)) (&& (== net462) (< net46)) (&& (== net472) (< net46)) (== netcoreapp3.0) (== netcoreapp3.1)
      System.IO.FileSystem.Primitives (>= 4.3) - restriction: || (&& (== net452) (>= net46)) (&& (== net452) (>= netstandard1.3)) (== net46) (== net461) (== net462) (== net472) (== netcoreapp3.0) (== netcoreapp3.1)
      System.Runtime (>= 4.3) - restriction: || (&& (== net452) (>= netstandard1.3)) (&& (== net461) (< net46)) (&& (== net462) (< net46)) (&& (== net472) (< net46)) (== netcoreapp3.0) (== netcoreapp3.1)
      System.Runtime.Handles (>= 4.3) - restriction: || (&& (== net452) (>= netstandard1.3)) (&& (== net461) (< net46)) (&& (== net462) (< net46)) (&& (== net472) (< net46)) (== netcoreapp3.0) (== netcoreapp3.1)
      System.Text.Encoding (>= 4.3) - restriction: || (&& (== net452) (>= netstandard1.3)) (&& (== net461) (< net46)) (&& (== net462) (< net46)) (&& (== net472) (< net46)) (== netcoreapp3.0) (== netcoreapp3.1)
      System.Threading.Tasks (>= 4.3) - restriction: || (&& (== net452) (>= netstandard1.3)) (&& (== net461) (< net46)) (&& (== net462) (< net46)) (&& (== net472) (< net46)) (== netcoreapp3.0) (== netcoreapp3.1)
    System.IO.FileSystem.Primitives (4.3) - restriction: || (&& (== net452) (< net45) (>= netstandard2.0)) (&& (== net46) (< net45) (>= netstandard2.0)) (&& (== net461) (< net45) (>= netstandard2.0)) (&& (== net462) (< net45) (>= netstandard2.0)) (&& (== net472) (< net45)) (== netcoreapp3.0) (== netcoreapp3.1)
      System.Runtime (>= 4.3) - restriction: || (&& (== net452) (>= netstandard1.3)) (&& (== net461) (< net46)) (&& (== net462) (< net46)) (&& (== net472) (< net46)) (== netcoreapp3.0) (== netcoreapp3.1)
    System.Linq (4.3) - restriction: || (&& (== net452) (< net45) (>= netstandard2.0)) (&& (== net46) (< net45) (>= netstandard2.0)) (&& (== net461) (< net45) (>= netstandard2.0)) (&& (== net462) (< net45) (>= netstandard2.0)) (&& (== net472) (< net45)) (== netcoreapp3.0) (== netcoreapp3.1)
      System.Collections (>= 4.3) - restriction: || (&& (== net452) (< net45)) (&& (== net46) (< net45)) (&& (== net461) (< net45)) (&& (== net462) (< net45)) (&& (== net472) (< net45)) (== netcoreapp3.0) (== netcoreapp3.1)
      System.Diagnostics.Debug (>= 4.3) - restriction: || (&& (== net452) (< net45) (>= netstandard1.6)) (&& (== net46) (< net45) (>= netstandard1.6)) (&& (== net461) (< net45) (>= netstandard1.6)) (&& (== net462) (< net45) (>= netstandard1.6)) (&& (== net472) (< net45)) (== netcoreapp3.0) (== netcoreapp3.1)
      System.Resources.ResourceManager (>= 4.3) - restriction: || (&& (== net452) (< net45) (>= netstandard1.6)) (&& (== net46) (< net45) (>= netstandard1.6)) (&& (== net461) (< net45) (>= netstandard1.6)) (&& (== net462) (< net45) (>= netstandard1.6)) (&& (== net472) (< net45)) (== netcoreapp3.0) (== netcoreapp3.1)
      System.Runtime (>= 4.3) - restriction: || (&& (== net452) (< net45)) (&& (== net46) (< net45)) (&& (== net461) (< net45)) (&& (== net462) (< net45)) (&& (== net472) (< net45)) (== netcoreapp3.0) (== netcoreapp3.1)
      System.Runtime.Extensions (>= 4.3) - restriction: || (&& (== net452) (< net45) (>= netstandard1.6)) (&& (== net46) (< net45) (>= netstandard1.6)) (&& (== net461) (< net45) (>= netstandard1.6)) (&& (== net462) (< net45) (>= netstandard1.6)) (&& (== net472) (< net45)) (== netcoreapp3.0) (== netcoreapp3.1)
    System.Memory (4.5.4) - restriction: || (&& (== net452) (== netcoreapp3.0)) (&& (== net452) (== netcoreapp3.1)) (&& (== net452) (< net45) (>= netstandard1.3)) (&& (== net452) (< net45) (>= netstandard2.0)) (&& (== net452) (>= net46)) (&& (== net452) (>= uap10.1)) (== net46) (== net461) (== net462) (== net472) (&& (== netcoreapp3.0) (>= net46)) (&& (== netcoreapp3.0) (< netcoreapp2.1)) (&& (== netcoreapp3.0) (< netstandard2.0)) (&& (== netcoreapp3.0) (>= uap10.1)) (&& (== netcoreapp3.1) (>= net46)) (&& (== netcoreapp3.1) (< netcoreapp2.1)) (&& (== netcoreapp3.1) (< netstandard2.0)) (&& (== netcoreapp3.1) (>= uap10.1))
      System.Buffers (>= 4.5.1) - restriction: || (== net452) (== net46) (== net461) (== net462) (== net472) (&& (== netcoreapp3.0) (>= monotouch)) (&& (== netcoreapp3.0) (>= net461)) (&& (== netcoreapp3.0) (< netcoreapp2.0)) (&& (== netcoreapp3.0) (< netstandard1.1)) (&& (== netcoreapp3.0) (< netstandard2.0)) (&& (== netcoreapp3.0) (>= xamarinios)) (&& (== netcoreapp3.0) (>= xamarinmac)) (&& (== netcoreapp3.0) (>= xamarintvos)) (&& (== netcoreapp3.0) (>= xamarinwatchos)) (&& (== netcoreapp3.1) (>= monotouch)) (&& (== netcoreapp3.1) (>= net461)) (&& (== netcoreapp3.1) (< netcoreapp2.0)) (&& (== netcoreapp3.1) (< netstandard1.1)) (&& (== netcoreapp3.1) (< netstandard2.0)) (&& (== netcoreapp3.1) (>= xamarinios)) (&& (== netcoreapp3.1) (>= xamarinmac)) (&& (== netcoreapp3.1) (>= xamarintvos)) (&& (== netcoreapp3.1) (>= xamarinwatchos))
      System.Numerics.Vectors (>= 4.5) - restriction: || (&& (== net452) (>= net461)) (&& (== net46) (>= net461)) (== net461) (== net462) (== net472) (&& (== netcoreapp3.0) (>= net461)) (&& (== netcoreapp3.1) (>= net461))
      System.Runtime.CompilerServices.Unsafe (>= 4.5.3) - restriction: || (== net452) (== net46) (== net461) (== net462) (== net472) (&& (== netcoreapp3.0) (>= monotouch)) (&& (== netcoreapp3.0) (>= net461)) (&& (== netcoreapp3.0) (< netcoreapp2.0)) (&& (== netcoreapp3.0) (< netcoreapp2.1)) (&& (== netcoreapp3.0) (< netstandard1.1)) (&& (== netcoreapp3.0) (< netstandard2.0)) (&& (== netcoreapp3.0) (>= uap10.1)) (&& (== netcoreapp3.0) (>= xamarinios)) (&& (== netcoreapp3.0) (>= xamarinmac)) (&& (== netcoreapp3.0) (>= xamarintvos)) (&& (== netcoreapp3.0) (>= xamarinwatchos)) (&& (== netcoreapp3.1) (>= monotouch)) (&& (== netcoreapp3.1) (>= net461)) (&& (== netcoreapp3.1) (< netcoreapp2.0)) (&& (== netcoreapp3.1) (< netcoreapp2.1)) (&& (== netcoreapp3.1) (< netstandard1.1)) (&& (== netcoreapp3.1) (< netstandard2.0)) (&& (== netcoreapp3.1) (>= uap10.1)) (&& (== netcoreapp3.1) (>= xamarinios)) (&& (== netcoreapp3.1) (>= xamarinmac)) (&& (== netcoreapp3.1) (>= xamarintvos)) (&& (== netcoreapp3.1) (>= xamarinwatchos))
    System.Numerics.Vectors (4.5) - restriction: || (&& (== net452) (>= net461)) (&& (== net46) (>= net461)) (== net461) (== net462) (== net472) (&& (== netcoreapp3.0) (>= net461)) (&& (== netcoreapp3.1) (>= net461))
    System.Reflection (4.3) - restriction: || (&& (== net452) (< net45) (>= netstandard2.0)) (&& (== net46) (< net45) (>= netstandard2.0)) (&& (== net461) (< net45) (>= netstandard2.0)) (&& (== net462) (< net45) (>= netstandard2.0)) (&& (== net472) (< net45)) (== netcoreapp3.0) (== netcoreapp3.1)
      Microsoft.NETCore.Platforms (>= 1.1) - restriction: || (&& (== net452) (< net45)) (&& (== net46) (< net45)) (&& (== net461) (< net45)) (&& (== net462) (< net45)) (&& (== net472) (< net45)) (== netcoreapp3.0) (== netcoreapp3.1)
      Microsoft.NETCore.Targets (>= 1.1) - restriction: || (&& (== net452) (< net45)) (&& (== net46) (< net45)) (&& (== net461) (< net45)) (&& (== net462) (< net45)) (&& (== net472) (< net45)) (== netcoreapp3.0) (== netcoreapp3.1)
      System.IO (>= 4.3) - restriction: || (&& (== net452) (< net45)) (&& (== net46) (< net45)) (&& (== net461) (< net45)) (&& (== net462) (< net45)) (&& (== net472) (< net45)) (== netcoreapp3.0) (== netcoreapp3.1)
      System.Reflection.Primitives (>= 4.3) - restriction: || (&& (== net452) (< net45)) (&& (== net46) (< net45)) (&& (== net461) (< net45)) (&& (== net462) (< net45)) (&& (== net472) (< net45)) (== netcoreapp3.0) (== netcoreapp3.1)
      System.Runtime (>= 4.3) - restriction: || (&& (== net452) (< net45)) (&& (== net46) (< net45)) (&& (== net461) (< net45)) (&& (== net462) (< net45)) (&& (== net472) (< net45)) (== netcoreapp3.0) (== netcoreapp3.1)
    System.Reflection.Emit (4.7) - restriction: || (&& (== net452) (< net45) (>= netstandard2.0)) (&& (== net46) (< net45) (>= netstandard2.0)) (&& (== net461) (< net45) (>= netstandard2.0)) (&& (== net462) (< net45) (>= netstandard2.0)) (&& (== net472) (< net45)) (== netcoreapp3.0) (== netcoreapp3.1)
    System.Reflection.Metadata (1.8)
      System.Collections.Immutable (>= 1.7) - restriction: || (== net452) (== net46) (== net461) (== net462) (== net472) (== netcoreapp3.0) (&& (== netcoreapp3.1) (>= net45)) (&& (== netcoreapp3.1) (< netstandard1.1)) (&& (== netcoreapp3.1) (< netstandard2.0))
    System.Reflection.Primitives (4.3) - restriction: || (&& (== net452) (< net45) (>= netstandard2.0)) (&& (== net46) (< net45) (>= netstandard2.0)) (&& (== net461) (< net45) (>= netstandard2.0)) (&& (== net462) (< net45) (>= netstandard2.0)) (&& (== net472) (< net45)) (== netcoreapp3.0) (== netcoreapp3.1)
      Microsoft.NETCore.Platforms (>= 1.1) - restriction: || (&& (== net452) (< net45)) (&& (== net46) (< net45)) (&& (== net461) (< net45)) (&& (== net462) (< net45)) (&& (== net472) (< net45)) (== netcoreapp3.0) (== netcoreapp3.1)
      Microsoft.NETCore.Targets (>= 1.1) - restriction: || (&& (== net452) (< net45)) (&& (== net46) (< net45)) (&& (== net461) (< net45)) (&& (== net462) (< net45)) (&& (== net472) (< net45)) (== netcoreapp3.0) (== netcoreapp3.1)
      System.Runtime (>= 4.3) - restriction: || (&& (== net452) (< net45)) (&& (== net46) (< net45)) (&& (== net461) (< net45)) (&& (== net462) (< net45)) (&& (== net472) (< net45)) (== netcoreapp3.0) (== netcoreapp3.1)
    System.Reflection.TypeExtensions (4.7) - restriction: || (&& (== net452) (< net45) (>= netstandard2.0)) (&& (== net46) (< net45) (>= netstandard2.0)) (&& (== net461) (< net45) (>= netstandard2.0)) (&& (== net462) (< net45) (>= netstandard2.0)) (&& (== net472) (< net45)) (== netcoreapp3.0) (== netcoreapp3.1)
    System.Resources.ResourceManager (4.3) - restriction: || (&& (== net452) (< net45) (>= netstandard2.0)) (&& (== net46) (< net45) (>= netstandard2.0)) (&& (== net461) (< net45) (>= netstandard2.0)) (&& (== net462) (< net45) (>= netstandard2.0)) (&& (== net472) (< net45)) (== netcoreapp3.0) (== netcoreapp3.1)
      Microsoft.NETCore.Platforms (>= 1.1) - restriction: || (&& (== net452) (< net45)) (&& (== net46) (< net45)) (&& (== net461) (< net45)) (&& (== net462) (< net45)) (&& (== net472) (< net45)) (== netcoreapp3.0) (== netcoreapp3.1)
      Microsoft.NETCore.Targets (>= 1.1) - restriction: || (&& (== net452) (< net45)) (&& (== net46) (< net45)) (&& (== net461) (< net45)) (&& (== net462) (< net45)) (&& (== net472) (< net45)) (== netcoreapp3.0) (== netcoreapp3.1)
      System.Globalization (>= 4.3) - restriction: || (&& (== net452) (< net45)) (&& (== net46) (< net45)) (&& (== net461) (< net45)) (&& (== net462) (< net45)) (&& (== net472) (< net45)) (== netcoreapp3.0) (== netcoreapp3.1)
      System.Reflection (>= 4.3) - restriction: || (&& (== net452) (< net45)) (&& (== net46) (< net45)) (&& (== net461) (< net45)) (&& (== net462) (< net45)) (&& (== net472) (< net45)) (== netcoreapp3.0) (== netcoreapp3.1)
      System.Runtime (>= 4.3) - restriction: || (&& (== net452) (< net45)) (&& (== net46) (< net45)) (&& (== net461) (< net45)) (&& (== net462) (< net45)) (&& (== net472) (< net45)) (== netcoreapp3.0) (== netcoreapp3.1)
    System.Runtime (4.3.1) - restriction: || (&& (== net452) (< net45) (>= netstandard2.0)) (&& (== net46) (< net45) (>= netstandard2.0)) (&& (== net461) (< net45) (>= netstandard2.0)) (&& (== net462) (< net45) (>= netstandard2.0)) (&& (== net472) (< net45)) (== netcoreapp3.0) (== netcoreapp3.1)
      Microsoft.NETCore.Platforms (>= 1.1.1) - restriction: || (&& (== net452) (< net45)) (&& (== net46) (< net45)) (&& (== net461) (< net45)) (&& (== net462) (< net45)) (&& (== net472) (< net45)) (== netcoreapp3.0) (== netcoreapp3.1)
      Microsoft.NETCore.Targets (>= 1.1.3) - restriction: || (&& (== net452) (< net45)) (&& (== net46) (< net45)) (&& (== net461) (< net45)) (&& (== net462) (< net45)) (&& (== net472) (< net45)) (== netcoreapp3.0) (== netcoreapp3.1)
    System.Runtime.CompilerServices.Unsafe (4.7.1) - restriction: || (&& (== net452) (== netcoreapp3.0)) (&& (== net452) (== netcoreapp3.1)) (&& (== net452) (>= monoandroid) (>= netstandard1.3)) (&& (== net452) (>= monoandroid) (>= netstandard2.0)) (&& (== net452) (>= monotouch)) (&& (== net452) (< net45) (>= netstandard1.3)) (&& (== net452) (< net45) (>= netstandard2.0)) (&& (== net452) (>= net46)) (&& (== net452) (>= net461)) (&& (== net452) (>= netcoreapp2.0)) (&& (== net452) (< netstandard1.1) (>= netstandard1.3)) (&& (== net452) (< netstandard1.1) (>= netstandard2.0)) (&& (== net452) (>= netstandard1.3) (>= wpa81)) (&& (== net452) (>= netstandard2.0) (>= wpa81)) (&& (== net452) (>= uap10.1)) (&& (== net452) (>= xamarinios)) (&& (== net452) (>= xamarinmac)) (&& (== net452) (>= xamarintvos)) (&& (== net452) (>= xamarinwatchos)) (== net46) (== net461) (== net462) (== net472) (&& (== netcoreapp3.0) (>= monotouch)) (&& (== netcoreapp3.0) (>= net46)) (&& (== netcoreapp3.0) (>= net461)) (&& (== netcoreapp3.0) (< netcoreapp2.0)) (&& (== netcoreapp3.0) (< netcoreapp2.1)) (&& (== netcoreapp3.0) (< netstandard1.1)) (&& (== netcoreapp3.0) (< netstandard2.0)) (&& (== netcoreapp3.0) (>= uap10.1)) (&& (== netcoreapp3.0) (>= xamarinios)) (&& (== netcoreapp3.0) (>= xamarinmac)) (&& (== netcoreapp3.0) (>= xamarintvos)) (&& (== netcoreapp3.0) (>= xamarinwatchos)) (&& (== netcoreapp3.1) (>= monotouch)) (&& (== netcoreapp3.1) (>= net46)) (&& (== netcoreapp3.1) (>= net461)) (&& (== netcoreapp3.1) (< netcoreapp2.0)) (&& (== netcoreapp3.1) (< netcoreapp2.1)) (&& (== netcoreapp3.1) (< netstandard1.1)) (&& (== netcoreapp3.1) (< netstandard2.0)) (&& (== netcoreapp3.1) (>= uap10.1)) (&& (== netcoreapp3.1) (>= xamarinios)) (&& (== netcoreapp3.1) (>= xamarinmac)) (&& (== netcoreapp3.1) (>= xamarintvos)) (&& (== netcoreapp3.1) (>= xamarinwatchos))
    System.Runtime.Extensions (4.3.1) - restriction: || (&& (== net452) (< net45) (>= netstandard2.0)) (&& (== net46) (< net45) (>= netstandard2.0)) (&& (== net461) (< net45) (>= netstandard2.0)) (&& (== net462) (< net45) (>= netstandard2.0)) (&& (== net472) (< net45)) (== netcoreapp3.0) (== netcoreapp3.1)
      Microsoft.NETCore.Platforms (>= 1.1.1) - restriction: || (&& (== net452) (< net45)) (&& (== net46) (< net45)) (&& (== net461) (< net45)) (&& (== net462) (< net45)) (&& (== net472) (< net45)) (== netcoreapp3.0) (== netcoreapp3.1)
      Microsoft.NETCore.Targets (>= 1.1.3) - restriction: || (&& (== net452) (< net45)) (&& (== net46) (< net45)) (&& (== net461) (< net45)) (&& (== net462) (< net45)) (&& (== net472) (< net45)) (== netcoreapp3.0) (== netcoreapp3.1)
      System.Runtime (>= 4.3.1) - restriction: || (&& (== net452) (< net45)) (&& (== net46) (< net45)) (&& (== net461) (< net45)) (&& (== net462) (< net45)) (&& (== net472) (< net45)) (== netcoreapp3.0) (== netcoreapp3.1)
    System.Runtime.Handles (4.3) - restriction: || (&& (== net452) (< net45) (>= netstandard2.0)) (&& (== net46) (< net45) (>= netstandard2.0)) (&& (== net461) (< net45) (>= netstandard2.0)) (&& (== net462) (< net45) (>= netstandard2.0)) (&& (== net472) (< net45)) (== netcoreapp3.0) (== netcoreapp3.1)
      Microsoft.NETCore.Platforms (>= 1.1) - restriction: || (&& (== net452) (>= netstandard1.3)) (&& (== net461) (< net46)) (&& (== net462) (< net46)) (&& (== net472) (< net46)) (== netcoreapp3.0) (== netcoreapp3.1)
      Microsoft.NETCore.Targets (>= 1.1) - restriction: || (&& (== net452) (>= netstandard1.3)) (&& (== net461) (< net46)) (&& (== net462) (< net46)) (&& (== net472) (< net46)) (== netcoreapp3.0) (== netcoreapp3.1)
      System.Runtime (>= 4.3) - restriction: || (&& (== net452) (>= netstandard1.3)) (&& (== net461) (< net46)) (&& (== net462) (< net46)) (&& (== net472) (< net46)) (== netcoreapp3.0) (== netcoreapp3.1)
    System.Runtime.InteropServices (4.3) - restriction: || (&& (== net452) (< net45) (>= netstandard2.0)) (&& (== net46) (< net45) (>= netstandard2.0)) (&& (== net461) (< net45) (>= netstandard2.0)) (&& (== net462) (< net45) (>= netstandard2.0)) (&& (== net472) (< net45)) (== netcoreapp3.0) (== netcoreapp3.1)
      Microsoft.NETCore.Platforms (>= 1.1) - restriction: || (&& (== net452) (< net45)) (&& (== net452) (>= netcoreapp1.1)) (&& (== net46) (< net45)) (&& (== net46) (>= netcoreapp1.1)) (&& (== net461) (< net45)) (&& (== net461) (>= netcoreapp1.1)) (&& (== net462) (< net45)) (&& (== net462) (>= netcoreapp1.1)) (&& (== net472) (< net45)) (&& (== net472) (>= netcoreapp1.1)) (== netcoreapp3.0) (== netcoreapp3.1)
      Microsoft.NETCore.Targets (>= 1.1) - restriction: || (&& (== net452) (< net45)) (&& (== net452) (>= netcoreapp1.1)) (&& (== net46) (< net45)) (&& (== net46) (>= netcoreapp1.1)) (&& (== net461) (< net45)) (&& (== net461) (>= netcoreapp1.1)) (&& (== net462) (< net45)) (&& (== net462) (>= netcoreapp1.1)) (&& (== net472) (< net45)) (&& (== net472) (>= netcoreapp1.1)) (== netcoreapp3.0) (== netcoreapp3.1)
      System.Reflection (>= 4.3) - restriction: || (&& (== net452) (< net45)) (&& (== net452) (>= netcoreapp1.1)) (&& (== net46) (< net45)) (&& (== net46) (>= netcoreapp1.1)) (&& (== net461) (< net45)) (&& (== net461) (>= netcoreapp1.1)) (&& (== net462) (< net45)) (&& (== net462) (>= netcoreapp1.1)) (&& (== net472) (< net45)) (&& (== net472) (>= netcoreapp1.1)) (== netcoreapp3.0) (== netcoreapp3.1)
      System.Reflection.Primitives (>= 4.3) - restriction: || (&& (== net452) (< net45)) (&& (== net452) (>= netcoreapp1.1)) (&& (== net46) (< net45)) (&& (== net46) (>= netcoreapp1.1)) (&& (== net461) (< net45)) (&& (== net461) (>= netcoreapp1.1)) (&& (== net462) (< net45)) (&& (== net462) (>= netcoreapp1.1)) (&& (== net472) (< net45)) (&& (== net472) (>= netcoreapp1.1)) (== netcoreapp3.0) (== netcoreapp3.1)
      System.Runtime (>= 4.3) - restriction: || (&& (== net452) (< net45)) (&& (== net452) (>= net462)) (&& (== net452) (>= netcoreapp1.1)) (&& (== net46) (< net45)) (&& (== net46) (>= net462)) (&& (== net46) (>= netcoreapp1.1)) (&& (== net461) (< net45)) (&& (== net461) (>= net462)) (&& (== net461) (>= netcoreapp1.1)) (== net462) (== net472) (== netcoreapp3.0) (== netcoreapp3.1)
      System.Runtime.Handles (>= 4.3) - restriction: || (&& (== net452) (< net45) (>= netstandard1.3)) (&& (== net452) (< net45) (>= netstandard1.5)) (&& (== net452) (>= netcoreapp1.1)) (&& (== net46) (< net45)) (&& (== net46) (>= netcoreapp1.1)) (&& (== net461) (< net45)) (&& (== net461) (>= netcoreapp1.1)) (&& (== net462) (< net45)) (&& (== net462) (>= netcoreapp1.1)) (&& (== net472) (< net45)) (&& (== net472) (>= netcoreapp1.1)) (== netcoreapp3.0) (== netcoreapp3.1)
    System.Runtime.Loader (4.3) - restriction: || (&& (== net452) (< net45) (>= netstandard2.0)) (&& (== net46) (< net45) (>= netstandard2.0)) (&& (== net461) (< net45) (>= netstandard2.0)) (&& (== net462) (< net45) (>= netstandard2.0)) (&& (== net472) (< net45)) (== netcoreapp3.0) (== netcoreapp3.1)
      System.IO (>= 4.3) - restriction: || (&& (== net452) (>= netstandard1.5)) (&& (== net46) (>= netstandard1.5)) (&& (== net461) (>= netstandard1.5)) (&& (== net472) (< net462)) (== netcoreapp3.0) (== netcoreapp3.1)
      System.Reflection (>= 4.3) - restriction: || (&& (== net452) (>= netstandard1.5)) (&& (== net46) (>= netstandard1.5)) (&& (== net461) (>= netstandard1.5)) (&& (== net472) (< net462)) (== netcoreapp3.0) (== netcoreapp3.1)
      System.Runtime (>= 4.3) - restriction: || (&& (== net452) (>= netstandard1.5)) (&& (== net46) (>= netstandard1.5)) (&& (== net461) (>= netstandard1.5)) (&& (== net472) (< net462)) (== netcoreapp3.0) (== netcoreapp3.1)
    System.Runtime.Numerics (4.3) - restriction: || (&& (== net452) (< net45) (>= netstandard2.0)) (&& (== net46) (< net45) (>= netstandard2.0)) (&& (== net461) (< net45) (>= netstandard2.0)) (&& (== net462) (< net45) (>= netstandard2.0)) (&& (== net472) (< net45)) (== netcoreapp3.0) (== netcoreapp3.1)
      System.Globalization (>= 4.3) - restriction: || (&& (== net452) (< net45) (>= netstandard1.3)) (&& (== net46) (< net45)) (&& (== net461) (< net45)) (&& (== net462) (< net45)) (&& (== net472) (< net45)) (== netcoreapp3.0) (== netcoreapp3.1)
      System.Resources.ResourceManager (>= 4.3) - restriction: || (&& (== net452) (< net45) (>= netstandard1.3)) (&& (== net46) (< net45)) (&& (== net461) (< net45)) (&& (== net462) (< net45)) (&& (== net472) (< net45)) (== netcoreapp3.0) (== netcoreapp3.1)
      System.Runtime (>= 4.3) - restriction: || (&& (== net452) (< net45)) (&& (== net46) (< net45)) (&& (== net461) (< net45)) (&& (== net462) (< net45)) (&& (== net472) (< net45)) (== netcoreapp3.0) (== netcoreapp3.1)
      System.Runtime.Extensions (>= 4.3) - restriction: || (&& (== net452) (< net45) (>= netstandard1.3)) (&& (== net46) (< net45)) (&& (== net461) (< net45)) (&& (== net462) (< net45)) (&& (== net472) (< net45)) (== netcoreapp3.0) (== netcoreapp3.1)
    System.Security.AccessControl (4.7) - restriction: || (&& (== net452) (== net472) (>= monoandroid)) (&& (== net452) (>= monoandroid) (>= netstandard2.0)) (&& (== net452) (>= monotouch) (>= netstandard2.0)) (&& (== net452) (< net45) (>= netstandard2.0)) (&& (== net452) (>= netcoreapp2.0)) (&& (== net452) (>= netstandard2.0) (>= xamarintvos)) (&& (== net452) (>= netstandard2.0) (>= xamarinwatchos)) (&& (== net452) (>= xamarinios)) (&& (== net452) (>= xamarinmac)) (&& (== net46) (== net472) (>= monoandroid)) (&& (== net46) (>= monoandroid) (>= netstandard2.0)) (&& (== net46) (>= monotouch) (>= netstandard2.0)) (&& (== net46) (< net45) (>= netstandard2.0)) (&& (== net46) (>= netcoreapp2.0)) (&& (== net46) (>= netstandard2.0) (>= xamarintvos)) (&& (== net46) (>= netstandard2.0) (>= xamarinwatchos)) (&& (== net46) (>= xamarinios)) (&& (== net46) (>= xamarinmac)) (&& (== net461) (== net472) (>= monoandroid)) (&& (== net461) (>= monoandroid) (>= netstandard2.0)) (&& (== net461) (>= monotouch) (>= netstandard2.0)) (&& (== net461) (< net45) (>= netstandard2.0)) (&& (== net461) (>= netcoreapp2.0)) (&& (== net461) (>= netstandard2.0) (>= xamarintvos)) (&& (== net461) (>= netstandard2.0) (>= xamarinwatchos)) (&& (== net461) (>= xamarinios)) (&& (== net461) (>= xamarinmac)) (&& (== net462) (== net472) (>= monoandroid)) (&& (== net462) (>= monoandroid) (>= netstandard2.0)) (&& (== net462) (>= monotouch) (>= netstandard2.0)) (&& (== net462) (< net45) (>= netstandard2.0)) (&& (== net462) (>= netcoreapp2.0)) (&& (== net462) (>= netstandard2.0) (>= xamarintvos)) (&& (== net462) (>= netstandard2.0) (>= xamarinwatchos)) (&& (== net462) (>= xamarinios)) (&& (== net462) (>= xamarinmac)) (&& (== net472) (>= monoandroid) (< netstandard2.0)) (&& (== net472) (>= monotouch)) (&& (== net472) (< net45)) (&& (== net472) (>= netcoreapp2.0)) (&& (== net472) (>= xamarinios)) (&& (== net472) (>= xamarinmac)) (&& (== net472) (>= xamarintvos)) (&& (== net472) (>= xamarinwatchos)) (== netcoreapp3.0) (== netcoreapp3.1)
      Microsoft.NETCore.Platforms (>= 3.1) - restriction: || (&& (== net452) (>= netcoreapp2.0)) (&& (== net46) (>= netcoreapp2.0)) (&& (== net461) (>= netcoreapp2.0)) (&& (== net462) (>= netcoreapp2.0)) (&& (== net472) (>= netcoreapp2.0)) (== netcoreapp3.0) (== netcoreapp3.1)
      System.Security.Principal.Windows (>= 4.7) - restriction: || (&& (== net452) (>= net46)) (&& (== net452) (>= net461)) (&& (== net452) (>= netcoreapp2.0)) (&& (== net452) (>= netstandard1.3)) (&& (== net452) (>= netstandard2.0)) (== net46) (== net461) (== net462) (== net472) (== netcoreapp3.0) (== netcoreapp3.1)
    System.Security.Cryptography.Algorithms (4.3.1) - restriction: || (&& (== net452) (< net45) (>= netstandard2.0)) (&& (== net46) (< net45) (>= netstandard2.0)) (&& (== net461) (< net45) (>= netstandard2.0)) (&& (== net462) (< net45) (>= netstandard2.0)) (&& (== net472) (< net45)) (== netcoreapp3.0) (== netcoreapp3.1)
      Microsoft.NETCore.Platforms (>= 1.1) - restriction: || (&& (== net452) (>= netstandard1.6)) (&& (== net461) (< net46) (>= netstandard1.6)) (&& (== net462) (< net46) (>= netstandard1.6)) (&& (== net472) (< net46)) (== netcoreapp3.0) (== netcoreapp3.1)
      runtime.native.System.Security.Cryptography.Apple (>= 4.3.1) - restriction: || (&& (== net452) (>= netstandard1.6)) (&& (== net461) (< net46) (>= netstandard1.6)) (&& (== net462) (< net46) (>= netstandard1.6)) (&& (== net472) (< net46)) (== netcoreapp3.0) (== netcoreapp3.1)
      runtime.native.System.Security.Cryptography.OpenSsl (>= 4.3.2) - restriction: || (&& (== net452) (>= netstandard1.6)) (&& (== net461) (< net46) (>= netstandard1.6)) (&& (== net462) (< net46) (>= netstandard1.6)) (&& (== net472) (< net46)) (== netcoreapp3.0) (== netcoreapp3.1)
      System.Collections (>= 4.3) - restriction: || (&& (== net452) (>= netstandard1.6)) (&& (== net461) (< net46) (>= netstandard1.6)) (&& (== net462) (< net46) (>= netstandard1.6)) (&& (== net472) (< net46)) (== netcoreapp3.0) (== netcoreapp3.1)
      System.IO (>= 4.3) - restriction: || (&& (== net452) (>= net463)) (&& (== net452) (>= netstandard1.3)) (&& (== net452) (>= netstandard1.4)) (&& (== net452) (>= netstandard1.6)) (&& (== net46) (>= net463)) (&& (== net461) (< net46)) (&& (== net461) (>= net463)) (&& (== net462) (< net46)) (&& (== net462) (>= net463)) (== net472) (== netcoreapp3.0) (== netcoreapp3.1)
      System.Resources.ResourceManager (>= 4.3) - restriction: || (&& (== net452) (>= netstandard1.6)) (&& (== net461) (< net46) (>= netstandard1.6)) (&& (== net462) (< net46) (>= netstandard1.6)) (&& (== net472) (< net46)) (== netcoreapp3.0) (== netcoreapp3.1)
      System.Runtime (>= 4.3) - restriction: || (&& (== net452) (>= net463)) (&& (== net452) (>= netstandard1.3)) (&& (== net452) (>= netstandard1.4)) (&& (== net452) (>= netstandard1.6)) (&& (== net46) (>= net463)) (&& (== net461) (< net46)) (&& (== net461) (>= net463)) (&& (== net462) (< net46)) (&& (== net462) (>= net463)) (== net472) (== netcoreapp3.0) (== netcoreapp3.1)
      System.Runtime.Extensions (>= 4.3) - restriction: || (&& (== net452) (>= netstandard1.6)) (&& (== net461) (< net46) (>= netstandard1.6)) (&& (== net462) (< net46) (>= netstandard1.6)) (&& (== net472) (< net46)) (== netcoreapp3.0) (== netcoreapp3.1)
      System.Runtime.Handles (>= 4.3) - restriction: || (&& (== net452) (>= netstandard1.6)) (&& (== net461) (< net46) (>= netstandard1.6)) (&& (== net462) (< net46) (>= netstandard1.6)) (&& (== net472) (< net46)) (== netcoreapp3.0) (== netcoreapp3.1)
      System.Runtime.InteropServices (>= 4.3) - restriction: || (&& (== net452) (>= netstandard1.6)) (&& (== net461) (< net46) (>= netstandard1.6)) (&& (== net462) (< net46) (>= netstandard1.6)) (&& (== net472) (< net46)) (== netcoreapp3.0) (== netcoreapp3.1)
      System.Runtime.Numerics (>= 4.3) - restriction: || (&& (== net452) (>= netstandard1.6)) (&& (== net461) (< net46) (>= netstandard1.6)) (&& (== net462) (< net46) (>= netstandard1.6)) (&& (== net472) (< net46)) (== netcoreapp3.0) (== netcoreapp3.1)
      System.Security.Cryptography.Encoding (>= 4.3) - restriction: || (&& (== net452) (>= net463)) (&& (== net452) (>= netstandard1.6)) (&& (== net46) (>= net463)) (&& (== net461) (< net46) (>= netstandard1.6)) (&& (== net461) (>= net463)) (&& (== net462) (< net46) (>= netstandard1.6)) (&& (== net462) (>= net463)) (== net472) (== netcoreapp3.0) (== netcoreapp3.1)
      System.Security.Cryptography.Primitives (>= 4.3) - restriction: || (&& (== net452) (>= net46)) (&& (== net452) (>= net461)) (&& (== net452) (>= net463)) (&& (== net452) (>= netstandard1.3)) (&& (== net452) (>= netstandard1.4)) (&& (== net452) (>= netstandard1.6)) (== net46) (== net461) (== net462) (== net472) (== netcoreapp3.0) (== netcoreapp3.1)
      System.Text.Encoding (>= 4.3) - restriction: || (&& (== net452) (>= netstandard1.6)) (&& (== net461) (< net46) (>= netstandard1.6)) (&& (== net462) (< net46) (>= netstandard1.6)) (&& (== net472) (< net46)) (== netcoreapp3.0) (== netcoreapp3.1)
    System.Security.Cryptography.Encoding (4.3) - restriction: || (&& (== net452) (< net45) (>= netstandard2.0)) (&& (== net46) (< net45) (>= netstandard2.0)) (&& (== net461) (< net45) (>= netstandard2.0)) (&& (== net462) (< net45) (>= netstandard2.0)) (&& (== net472) (< net45)) (== netcoreapp3.0) (== netcoreapp3.1)
      Microsoft.NETCore.Platforms (>= 1.1) - restriction: || (&& (== net452) (>= netstandard1.3)) (&& (== net461) (< net46)) (&& (== net462) (< net46)) (&& (== net472) (< net46)) (== netcoreapp3.0) (== netcoreapp3.1)
      runtime.native.System.Security.Cryptography.OpenSsl (>= 4.3) - restriction: || (&& (== net452) (>= netstandard1.3)) (&& (== net461) (< net46)) (&& (== net462) (< net46)) (&& (== net472) (< net46)) (== netcoreapp3.0) (== netcoreapp3.1)
      System.Collections (>= 4.3) - restriction: || (&& (== net452) (>= netstandard1.3)) (&& (== net461) (< net46)) (&& (== net462) (< net46)) (&& (== net472) (< net46)) (== netcoreapp3.0) (== netcoreapp3.1)
      System.Collections.Concurrent (>= 4.3) - restriction: || (&& (== net452) (>= netstandard1.3)) (&& (== net461) (< net46)) (&& (== net462) (< net46)) (&& (== net472) (< net46)) (== netcoreapp3.0) (== netcoreapp3.1)
      System.Linq (>= 4.3) - restriction: || (&& (== net452) (>= netstandard1.3)) (&& (== net461) (< net46)) (&& (== net462) (< net46)) (&& (== net472) (< net46)) (== netcoreapp3.0) (== netcoreapp3.1)
      System.Resources.ResourceManager (>= 4.3) - restriction: || (&& (== net452) (>= netstandard1.3)) (&& (== net461) (< net46)) (&& (== net462) (< net46)) (&& (== net472) (< net46)) (== netcoreapp3.0) (== netcoreapp3.1)
      System.Runtime (>= 4.3) - restriction: || (&& (== net452) (>= netstandard1.3)) (&& (== net461) (< net46)) (&& (== net462) (< net46)) (&& (== net472) (< net46)) (== netcoreapp3.0) (== netcoreapp3.1)
      System.Runtime.Extensions (>= 4.3) - restriction: || (&& (== net452) (>= netstandard1.3)) (&& (== net461) (< net46)) (&& (== net462) (< net46)) (&& (== net472) (< net46)) (== netcoreapp3.0) (== netcoreapp3.1)
      System.Runtime.Handles (>= 4.3) - restriction: || (&& (== net452) (>= netstandard1.3)) (&& (== net461) (< net46)) (&& (== net462) (< net46)) (&& (== net472) (< net46)) (== netcoreapp3.0) (== netcoreapp3.1)
      System.Runtime.InteropServices (>= 4.3) - restriction: || (&& (== net452) (>= netstandard1.3)) (&& (== net461) (< net46)) (&& (== net462) (< net46)) (&& (== net472) (< net46)) (== netcoreapp3.0) (== netcoreapp3.1)
      System.Security.Cryptography.Primitives (>= 4.3) - restriction: || (&& (== net452) (>= netstandard1.3)) (&& (== net461) (< net46)) (&& (== net462) (< net46)) (&& (== net472) (< net46)) (== netcoreapp3.0) (== netcoreapp3.1)
      System.Text.Encoding (>= 4.3) - restriction: || (&& (== net452) (>= netstandard1.3)) (&& (== net461) (< net46)) (&& (== net462) (< net46)) (&& (== net472) (< net46)) (== netcoreapp3.0) (== netcoreapp3.1)
    System.Security.Cryptography.Primitives (4.3) - restriction: || (&& (== net452) (< net45) (>= netstandard2.0)) (&& (== net46) (< net45) (>= netstandard2.0)) (&& (== net461) (< net45) (>= netstandard2.0)) (&& (== net462) (< net45) (>= netstandard2.0)) (&& (== net472) (< net45)) (== netcoreapp3.0) (== netcoreapp3.1)
      System.Diagnostics.Debug (>= 4.3) - restriction: || (&& (== net452) (>= netstandard1.3)) (&& (== net461) (< net46)) (&& (== net462) (< net46)) (&& (== net472) (< net46)) (== netcoreapp3.0) (== netcoreapp3.1)
      System.Globalization (>= 4.3) - restriction: || (&& (== net452) (>= netstandard1.3)) (&& (== net461) (< net46)) (&& (== net462) (< net46)) (&& (== net472) (< net46)) (== netcoreapp3.0) (== netcoreapp3.1)
      System.IO (>= 4.3) - restriction: || (&& (== net452) (>= netstandard1.3)) (&& (== net461) (< net46)) (&& (== net462) (< net46)) (&& (== net472) (< net46)) (== netcoreapp3.0) (== netcoreapp3.1)
      System.Resources.ResourceManager (>= 4.3) - restriction: || (&& (== net452) (>= netstandard1.3)) (&& (== net461) (< net46)) (&& (== net462) (< net46)) (&& (== net472) (< net46)) (== netcoreapp3.0) (== netcoreapp3.1)
      System.Runtime (>= 4.3) - restriction: || (&& (== net452) (>= netstandard1.3)) (&& (== net461) (< net46)) (&& (== net462) (< net46)) (&& (== net472) (< net46)) (== netcoreapp3.0) (== netcoreapp3.1)
      System.Threading (>= 4.3) - restriction: || (&& (== net452) (>= netstandard1.3)) (&& (== net461) (< net46)) (&& (== net462) (< net46)) (&& (== net472) (< net46)) (== netcoreapp3.0) (== netcoreapp3.1)
      System.Threading.Tasks (>= 4.3) - restriction: || (&& (== net452) (>= netstandard1.3)) (&& (== net461) (< net46)) (&& (== net462) (< net46)) (&& (== net472) (< net46)) (== netcoreapp3.0) (== netcoreapp3.1)
    System.Security.Principal.Windows (4.7) - restriction: || (&& (== net452) (== net472) (>= monoandroid)) (&& (== net452) (>= monoandroid) (>= netstandard2.0)) (&& (== net452) (>= monotouch) (>= netstandard2.0)) (&& (== net452) (< net45) (>= netstandard2.0)) (&& (== net452) (>= netcoreapp2.0)) (&& (== net452) (>= netstandard2.0) (>= xamarintvos)) (&& (== net452) (>= netstandard2.0) (>= xamarinwatchos)) (&& (== net452) (>= xamarinios)) (&& (== net452) (>= xamarinmac)) (&& (== net46) (== net472) (>= monoandroid)) (&& (== net46) (>= monoandroid) (>= netstandard2.0)) (&& (== net46) (>= monotouch) (>= netstandard2.0)) (&& (== net46) (< net45) (>= netstandard2.0)) (&& (== net46) (>= netcoreapp2.0)) (&& (== net46) (>= netstandard2.0) (>= xamarintvos)) (&& (== net46) (>= netstandard2.0) (>= xamarinwatchos)) (&& (== net46) (>= xamarinios)) (&& (== net46) (>= xamarinmac)) (&& (== net461) (== net472) (>= monoandroid)) (&& (== net461) (>= monoandroid) (>= netstandard2.0)) (&& (== net461) (>= monotouch) (>= netstandard2.0)) (&& (== net461) (< net45) (>= netstandard2.0)) (&& (== net461) (>= netcoreapp2.0)) (&& (== net461) (>= netstandard2.0) (>= xamarintvos)) (&& (== net461) (>= netstandard2.0) (>= xamarinwatchos)) (&& (== net461) (>= xamarinios)) (&& (== net461) (>= xamarinmac)) (&& (== net462) (== net472) (>= monoandroid)) (&& (== net462) (>= monoandroid) (>= netstandard2.0)) (&& (== net462) (>= monotouch) (>= netstandard2.0)) (&& (== net462) (< net45) (>= netstandard2.0)) (&& (== net462) (>= netcoreapp2.0)) (&& (== net462) (>= netstandard2.0) (>= xamarintvos)) (&& (== net462) (>= netstandard2.0) (>= xamarinwatchos)) (&& (== net462) (>= xamarinios)) (&& (== net462) (>= xamarinmac)) (&& (== net472) (>= monoandroid) (< netstandard2.0)) (&& (== net472) (>= monotouch)) (&& (== net472) (< net45)) (&& (== net472) (>= netcoreapp2.0)) (&& (== net472) (>= xamarinios)) (&& (== net472) (>= xamarinmac)) (&& (== net472) (>= xamarintvos)) (&& (== net472) (>= xamarinwatchos)) (== netcoreapp3.0) (== netcoreapp3.1)
    System.Text.Encoding (4.3) - restriction: || (&& (== net452) (< net45) (>= netstandard2.0)) (&& (== net46) (< net45) (>= netstandard2.0)) (&& (== net461) (< net45) (>= netstandard2.0)) (&& (== net462) (< net45) (>= netstandard2.0)) (&& (== net472) (< net45)) (== netcoreapp3.0) (== netcoreapp3.1)
      Microsoft.NETCore.Platforms (>= 1.1) - restriction: || (&& (== net452) (< net45)) (&& (== net46) (< net45)) (&& (== net461) (< net45)) (&& (== net462) (< net45)) (&& (== net472) (< net45)) (== netcoreapp3.0) (== netcoreapp3.1)
      Microsoft.NETCore.Targets (>= 1.1) - restriction: || (&& (== net452) (< net45)) (&& (== net46) (< net45)) (&& (== net461) (< net45)) (&& (== net462) (< net45)) (&& (== net472) (< net45)) (== netcoreapp3.0) (== netcoreapp3.1)
      System.Runtime (>= 4.3) - restriction: || (&& (== net452) (< net45)) (&& (== net46) (< net45)) (&& (== net461) (< net45)) (&& (== net462) (< net45)) (&& (== net472) (< net45)) (== netcoreapp3.0) (== netcoreapp3.1)
    System.Text.Encoding.Extensions (4.3) - restriction: || (&& (== net452) (< net45) (>= netstandard2.0)) (&& (== net46) (< net45) (>= netstandard2.0)) (&& (== net461) (< net45) (>= netstandard2.0)) (&& (== net462) (< net45) (>= netstandard2.0)) (&& (== net472) (< net45)) (== netcoreapp3.0) (== netcoreapp3.1)
      Microsoft.NETCore.Platforms (>= 1.1) - restriction: || (&& (== net452) (< net45)) (&& (== net46) (< net45)) (&& (== net461) (< net45)) (&& (== net462) (< net45)) (&& (== net472) (< net45)) (== netcoreapp3.0) (== netcoreapp3.1)
      Microsoft.NETCore.Targets (>= 1.1) - restriction: || (&& (== net452) (< net45)) (&& (== net46) (< net45)) (&& (== net461) (< net45)) (&& (== net462) (< net45)) (&& (== net472) (< net45)) (== netcoreapp3.0) (== netcoreapp3.1)
      System.Runtime (>= 4.3) - restriction: || (&& (== net452) (< net45)) (&& (== net46) (< net45)) (&& (== net461) (< net45)) (&& (== net462) (< net45)) (&& (== net472) (< net45)) (== netcoreapp3.0) (== netcoreapp3.1)
      System.Text.Encoding (>= 4.3) - restriction: || (&& (== net452) (< net45)) (&& (== net46) (< net45)) (&& (== net461) (< net45)) (&& (== net462) (< net45)) (&& (== net472) (< net45)) (== netcoreapp3.0) (== netcoreapp3.1)
    System.Threading (4.3) - restriction: || (&& (== net452) (< net45) (>= netstandard2.0)) (&& (== net46) (< net45) (>= netstandard2.0)) (&& (== net461) (< net45) (>= netstandard2.0)) (&& (== net462) (< net45) (>= netstandard2.0)) (&& (== net472) (< net45)) (== netcoreapp3.0) (== netcoreapp3.1)
      System.Runtime (>= 4.3) - restriction: || (&& (== net452) (< net45)) (&& (== net46) (< net45)) (&& (== net461) (< net45)) (&& (== net462) (< net45)) (&& (== net472) (< net45)) (== netcoreapp3.0) (== netcoreapp3.1)
      System.Threading.Tasks (>= 4.3) - restriction: || (&& (== net452) (< net45)) (&& (== net46) (< net45)) (&& (== net461) (< net45)) (&& (== net462) (< net45)) (&& (== net472) (< net45)) (== netcoreapp3.0) (== netcoreapp3.1)
    System.Threading.Tasks (4.3) - restriction: || (&& (== net452) (< net45) (>= netstandard2.0)) (&& (== net46) (< net45) (>= netstandard2.0)) (&& (== net461) (< net45) (>= netstandard2.0)) (&& (== net462) (< net45) (>= netstandard2.0)) (&& (== net472) (< net45)) (== netcoreapp3.0) (== netcoreapp3.1)
      Microsoft.NETCore.Platforms (>= 1.1) - restriction: || (&& (== net452) (< net45)) (&& (== net46) (< net45)) (&& (== net461) (< net45)) (&& (== net462) (< net45)) (&& (== net472) (< net45)) (== netcoreapp3.0) (== netcoreapp3.1)
      Microsoft.NETCore.Targets (>= 1.1) - restriction: || (&& (== net452) (< net45)) (&& (== net46) (< net45)) (&& (== net461) (< net45)) (&& (== net462) (< net45)) (&& (== net472) (< net45)) (== netcoreapp3.0) (== netcoreapp3.1)
      System.Runtime (>= 4.3) - restriction: || (&& (== net452) (< net45)) (&& (== net46) (< net45)) (&& (== net461) (< net45)) (&& (== net462) (< net45)) (&& (== net472) (< net45)) (== netcoreapp3.0) (== netcoreapp3.1)
    System.Threading.Thread (4.3) - restriction: || (&& (== net452) (< net45) (>= netstandard2.0)) (&& (== net46) (< net45) (>= netstandard2.0)) (&& (== net461) (< net45) (>= netstandard2.0)) (&& (== net462) (< net45) (>= netstandard2.0)) (&& (== net472) (< net45)) (== netcoreapp3.0) (== netcoreapp3.1)
      System.Runtime (>= 4.3) - restriction: || (&& (== net452) (>= netstandard1.3)) (&& (== net461) (< net46)) (&& (== net462) (< net46)) (&& (== net472) (< net46)) (== netcoreapp3.0) (== netcoreapp3.1)
    System.Threading.ThreadPool (4.3) - restriction: || (&& (== net452) (< net45) (>= netstandard2.0)) (&& (== net46) (< net45) (>= netstandard2.0)) (&& (== net461) (< net45) (>= netstandard2.0)) (&& (== net462) (< net45) (>= netstandard2.0)) (&& (== net472) (< net45)) (== netcoreapp3.0) (== netcoreapp3.1)
      System.Runtime (>= 4.3) - restriction: || (&& (== net452) (>= netstandard1.3)) (&& (== net461) (< net46)) (&& (== net462) (< net46)) (&& (== net472) (< net46)) (== netcoreapp3.0) (== netcoreapp3.1)
      System.Runtime.Handles (>= 4.3) - restriction: || (&& (== net452) (>= netstandard1.3)) (&& (== net461) (< net46)) (&& (== net462) (< net46)) (&& (== net472) (< net46)) (== netcoreapp3.0) (== netcoreapp3.1)
    System.ValueTuple (4.5)

GROUP GitCollector
STORAGE: NONE
RESTRICTION: || (== net452) (== net46) (== net461) (== net462) (== net472) (== netcoreapp3.0) (== netcoreapp3.1)
NUGET
  remote: https://www.nuget.org/api/v2
    LibGit2Sharp (0.26.2)
      LibGit2Sharp.NativeBinaries (2.0.306) - restriction: || (&& (== net452) (>= net46)) (&& (== net452) (>= netstandard2.0)) (== net46) (== net461) (== net462) (== net472) (== netcoreapp3.0) (== netcoreapp3.1)
    LibGit2Sharp.NativeBinaries (2.0.306) - restriction: || (&& (== net452) (>= net46)) (&& (== net452) (>= netstandard2.0)) (== net46) (== net461) (== net462) (== net472) (== netcoreapp3.0) (== netcoreapp3.1)

GROUP test
STORAGE: NONE
RESTRICTION: || (== net452) (== net46) (== net461) (== net462) (== net472) (== netcoreapp3.0) (== netcoreapp3.1)
NUGET
  remote: https://www.nuget.org/api/v2
    FSharp.Core (4.7.1) - restriction: || (&& (== net452) (>= net46)) (&& (== net452) (>= netstandard2.0)) (== net46) (== net461) (== net462) (== net472) (== netcoreapp3.0) (== netcoreapp3.1)
    FsUnit (3.8.1)
      FSharp.Core (>= 4.2.3) - restriction: || (&& (== net452) (>= net46)) (&& (== net452) (>= netstandard2.0)) (== net46) (== net461) (== net462) (== net472) (== netcoreapp3.0) (== netcoreapp3.1)
      NETStandard.Library (>= 2.0.3) - restriction: || (&& (== net452) (>= netstandard2.0)) (&& (== net461) (< net46) (>= netstandard2.0)) (&& (== net462) (< net46) (>= netstandard2.0)) (&& (== net472) (< net46)) (== netcoreapp3.0) (== netcoreapp3.1)
      NUnit (>= 3.12 < 4.0) - restriction: || (&& (== net452) (>= net46)) (&& (== net452) (>= netstandard2.0)) (== net46) (== net461) (== net462) (== net472) (== netcoreapp3.0) (== netcoreapp3.1)
    FsUnit.xUnit (3.8.1)
      FSharp.Core (>= 4.2.3) - restriction: || (&& (== net452) (>= net46)) (&& (== net452) (>= netstandard2.0)) (== net46) (== net461) (== net462) (== net472) (== netcoreapp3.0) (== netcoreapp3.1)
      NETStandard.Library (>= 2.0.3) - restriction: || (&& (== net452) (>= netstandard2.0)) (&& (== net461) (< net46) (>= netstandard2.0)) (&& (== net462) (< net46) (>= netstandard2.0)) (&& (== net472) (< net46)) (== netcoreapp3.0) (== netcoreapp3.1)
      NHamcrest (>= 2.0.1 < 2.1) - restriction: || (&& (== net452) (>= net46)) (&& (== net452) (>= netstandard2.0)) (== net46) (== net461) (== net462) (== net472) (== netcoreapp3.0) (== netcoreapp3.1)
      xunit (>= 2.4.1 < 2.5) - restriction: || (&& (== net452) (>= net46)) (&& (== net452) (>= netstandard2.0)) (== net46) (== net461) (== net462) (== net472) (== netcoreapp3.0) (== netcoreapp3.1)
    Microsoft.CodeCoverage (16.5)
    Microsoft.NET.Test.Sdk (16.5)
      Microsoft.CodeCoverage (>= 16.5)
      Microsoft.TestPlatform.TestHost (>= 16.5) - restriction: || (&& (== net452) (>= netcoreapp2.1)) (&& (== net46) (>= netcoreapp2.1)) (&& (== net461) (>= netcoreapp2.1)) (&& (== net462) (>= netcoreapp2.1)) (&& (== net472) (>= netcoreapp2.1)) (== netcoreapp3.0) (== netcoreapp3.1)
    Microsoft.NETCore.Platforms (3.1) - restriction: || (&& (== net452) (== net472)) (&& (== net452) (>= netcoreapp2.0)) (&& (== net452) (>= netstandard2.0)) (&& (== net46) (== net462) (>= netstandard2.0) (>= uap10.0)) (&& (== net46) (== net472) (>= uap10.0)) (&& (== net461) (== net472) (>= uap10.0)) (&& (== net461) (< net45) (>= netstandard2.0)) (&& (== net461) (< net46) (>= netstandard2.0)) (&& (== net461) (>= netcoreapp2.0)) (&& (== net461) (< netstandard1.0) (>= netstandard2.0)) (&& (== net461) (< netstandard1.3) (>= netstandard2.0)) (&& (== net461) (>= netstandard2.0) (< portable-net45+win8+wpa81)) (&& (== net461) (>= netstandard2.0) (>= uap10.0)) (&& (== net461) (>= netstandard2.0) (>= uap10.1)) (&& (== net461) (>= netstandard2.0) (>= wp8)) (&& (== net462) (< net45) (>= netstandard2.0)) (&& (== net462) (< net46) (>= netstandard2.0)) (&& (== net462) (>= netcoreapp2.0)) (&& (== net462) (< netstandard1.0) (>= netstandard2.0)) (&& (== net462) (< netstandard1.3) (>= netstandard2.0)) (&& (== net462) (< netstandard1.5) (>= netstandard2.0) (>= uap10.0)) (&& (== net462) (>= netstandard2.0) (< portable-net45+win8+wpa81)) (&& (== net462) (>= netstandard2.0) (>= uap10.1)) (&& (== net462) (>= netstandard2.0) (>= wp8)) (&& (== net472) (< net45)) (&& (== net472) (< net46)) (&& (== net472) (>= netcoreapp2.0)) (&& (== net472) (< netstandard1.0)) (&& (== net472) (< netstandard1.3)) (&& (== net472) (< netstandard1.5) (>= uap10.0)) (&& (== net472) (< portable-net45+win8+wpa81)) (&& (== net472) (>= uap10.1)) (&& (== net472) (>= wp8)) (== netcoreapp3.0) (== netcoreapp3.1)
    Microsoft.TestPlatform.ObjectModel (16.5) - restriction: || (&& (== net452) (>= netcoreapp2.1)) (&& (== net452) (>= uap10.0)) (&& (== net46) (>= netcoreapp2.1)) (&& (== net46) (>= uap10.0)) (&& (== net461) (>= netcoreapp2.1)) (&& (== net461) (>= uap10.0)) (&& (== net462) (>= netcoreapp2.1)) (&& (== net462) (>= uap10.0)) (&& (== net472) (>= netcoreapp2.1)) (&& (== net472) (>= uap10.0)) (== netcoreapp3.0) (== netcoreapp3.1)
      NuGet.Frameworks (>= 5.0)
    Microsoft.TestPlatform.TestHost (16.5)
      Microsoft.TestPlatform.ObjectModel (>= 16.5) - restriction: || (&& (== net452) (>= netcoreapp2.1)) (&& (== net452) (>= uap10.0)) (&& (== net46) (>= netcoreapp2.1)) (&& (== net46) (>= uap10.0)) (&& (== net461) (>= netcoreapp2.1)) (&& (== net461) (>= uap10.0)) (&& (== net462) (>= netcoreapp2.1)) (&& (== net462) (>= uap10.0)) (&& (== net472) (>= netcoreapp2.1)) (&& (== net472) (>= uap10.0)) (== netcoreapp3.0) (== netcoreapp3.1)
      Newtonsoft.Json (>= 9.0.1) - restriction: || (&& (== net452) (>= netcoreapp2.1)) (&& (== net452) (>= uap10.0)) (&& (== net46) (>= netcoreapp2.1)) (&& (== net46) (>= uap10.0)) (&& (== net461) (>= netcoreapp2.1)) (&& (== net461) (>= uap10.0)) (&& (== net462) (>= netcoreapp2.1)) (&& (== net462) (>= uap10.0)) (&& (== net472) (>= netcoreapp2.1)) (&& (== net472) (>= uap10.0)) (== netcoreapp3.0) (== netcoreapp3.1)
    NETStandard.Library (2.0.3) - restriction: || (&& (== net452) (== net472)) (&& (== net452) (>= netstandard2.0)) (&& (== net461) (< net46) (>= netstandard2.0)) (&& (== net462) (< net46) (>= netstandard2.0)) (&& (== net472) (< net46)) (== netcoreapp3.0) (== netcoreapp3.1)
      Microsoft.NETCore.Platforms (>= 1.1)
    Newtonsoft.Json (12.0.3) - restriction: || (&& (== net452) (>= netcoreapp2.1)) (&& (== net452) (>= uap10.0)) (&& (== net46) (>= netcoreapp2.1)) (&& (== net46) (>= uap10.0)) (&& (== net461) (>= netcoreapp2.1)) (&& (== net461) (>= uap10.0)) (&& (== net462) (>= netcoreapp2.1)) (&& (== net462) (>= uap10.0)) (&& (== net472) (>= netcoreapp2.1)) (&& (== net472) (>= uap10.0)) (== netcoreapp3.0) (== netcoreapp3.1)
    NHamcrest (2.0.1) - restriction: || (&& (== net452) (>= net46)) (&& (== net452) (>= netstandard2.0)) (== net46) (== net461) (== net462) (== net472) (== netcoreapp3.0) (== netcoreapp3.1)
      NETStandard.Library (>= 1.6.1) - restriction: || (&& (== net452) (< net451) (>= netstandard1.5)) (&& (== net46) (< net451) (>= netstandard1.5)) (&& (== net461) (< net451) (>= netstandard1.5)) (&& (== net462) (< net451)) (&& (== net472) (< net451)) (== netcoreapp3.0) (== netcoreapp3.1)
    NuGet.Frameworks (5.5) - restriction: || (&& (== net452) (>= netcoreapp2.1)) (&& (== net452) (>= uap10.0)) (&& (== net46) (>= netcoreapp2.1)) (&& (== net46) (>= uap10.0)) (&& (== net461) (>= netcoreapp2.1)) (&& (== net461) (>= uap10.0)) (&& (== net462) (>= netcoreapp2.1)) (&& (== net462) (>= uap10.0)) (&& (== net472) (>= netcoreapp2.1)) (&& (== net472) (>= uap10.0)) (== netcoreapp3.0) (== netcoreapp3.1)
    NUnit (3.12) - restriction: || (&& (== net452) (>= net46)) (&& (== net452) (>= netstandard2.0)) (== net46) (== net461) (== net462) (== net472) (== netcoreapp3.0) (== netcoreapp3.1)
      NETStandard.Library (>= 2.0) - restriction: || (&& (== net452) (< net35) (>= netstandard2.0)) (&& (== net46) (< net35) (>= netstandard2.0)) (&& (== net461) (< net35) (>= netstandard2.0)) (&& (== net462) (< net35) (>= netstandard2.0)) (&& (== net472) (< net35)) (== netcoreapp3.0) (== netcoreapp3.1)
    xunit (2.4.1)
      xunit.analyzers (>= 0.10)
      xunit.assert (2.4.1)
      xunit.core (2.4.1)
    xunit.abstractions (2.0.3)
    xunit.analyzers (0.10)
    xunit.assert (2.4.1)
      NETStandard.Library (>= 1.6.1) - restriction: || (&& (== net46) (< net452)) (&& (== net461) (< net452)) (&& (== net462) (< net452)) (&& (== net472) (< net452)) (== netcoreapp3.0) (== netcoreapp3.1)
    xunit.core (2.4.1)
      xunit.extensibility.core (2.4.1)
      xunit.extensibility.execution (2.4.1)
    xunit.extensibility.core (2.4.1)
      NETStandard.Library (>= 1.6.1) - restriction: || (&& (== net46) (< net452)) (&& (== net461) (< net452)) (&& (== net462) (< net452)) (&& (== net472) (< net452)) (== netcoreapp3.0) (== netcoreapp3.1)
      xunit.abstractions (>= 2.0.3)
    xunit.extensibility.execution (2.4.1)
      NETStandard.Library (>= 1.6.1) - restriction: || (&& (== net46) (< net452)) (&& (== net461) (< net452)) (&& (== net462) (< net452)) (&& (== net472) (< net452)) (== netcoreapp3.0) (== netcoreapp3.1)
      xunit.extensibility.core (2.4.1)
    xunit.runner.visualstudio (2.4.1)
      Microsoft.NET.Test.Sdk (>= 15.0) - restriction: || (&& (== net452) (>= netcoreapp1.0)) (&& (== net46) (>= netcoreapp1.0)) (&& (== net461) (>= netcoreapp1.0)) (&& (== net462) (>= netcoreapp1.0)) (&& (== net472) (>= netcoreapp1.0)) (== netcoreapp3.0) (== netcoreapp3.1)

GROUP web
STORAGE: NONE
RESTRICTION: || (== net452) (== net46) (== net461) (== net462) (== net472) (== netcoreapp3.0) (== netcoreapp3.1)
NUGET
  remote: https://www.nuget.org/api/v2
    FSharp.Control.Websockets (0.2.2) - restriction: || (&& (== net452) (>= netstandard2.0)) (&& (== net46) (>= netstandard2.0)) (&& (== net461) (>= netstandard2.0)) (&& (== net462) (>= netstandard2.0)) (== net472) (== netcoreapp3.0) (== netcoreapp3.1)
      FSharp.Core (>= 4.3.4) - restriction: || (&& (== net452) (>= net461)) (&& (== net452) (>= netstandard2.0)) (&& (== net46) (>= net461)) (&& (== net46) (>= netstandard2.0)) (== net461) (== net462) (== net472) (== netcoreapp3.0) (== netcoreapp3.1)
      Microsoft.IO.RecyclableMemoryStream (>= 1.2.2) - restriction: || (&& (== net452) (>= net461)) (&& (== net452) (>= netstandard2.0)) (&& (== net46) (>= net461)) (&& (== net46) (>= netstandard2.0)) (== net461) (== net462) (== net472) (== netcoreapp3.0) (== netcoreapp3.1)
    FSharp.Core (4.7.1)
    FSharp.Data (3.3.3)
      FSharp.Core (>= 4.0.0.1) - restriction: || (== net452) (== net46) (== net461) (== net462) (== net472) (&& (== netcoreapp3.0) (>= net45)) (&& (== netcoreapp3.1) (>= net45))
      FSharp.Core (>= 4.3.4) - restriction: || (&& (== net452) (< net45) (>= netstandard2.0)) (&& (== net46) (< net45) (>= netstandard2.0)) (&& (== net461) (< net45) (>= netstandard2.0)) (&& (== net462) (< net45) (>= netstandard2.0)) (&& (== net472) (< net45)) (== netcoreapp3.0) (== netcoreapp3.1)
    Giraffe (4.0.1)
      FSharp.Core (>= 4.7) - restriction: || (&& (== net452) (>= net461)) (&& (== net452) (>= netstandard2.0)) (&& (== net46) (>= net461)) (&& (== net46) (>= netstandard2.0)) (== net461) (== net462) (== net472) (== netcoreapp3.0) (== netcoreapp3.1)
      Microsoft.AspNetCore.Authentication (>= 2.2) - restriction: || (&& (== net452) (>= net461)) (&& (== net452) (>= netstandard2.0)) (&& (== net46) (>= net461)) (&& (== net46) (>= netstandard2.0)) (== net461) (== net462) (== net472) (&& (== netcoreapp3.0) (>= net461)) (&& (== netcoreapp3.1) (>= net461)) (&& (== netcoreapp3.1) (< netcoreapp3.0))
      Microsoft.AspNetCore.Authorization (>= 2.2) - restriction: || (&& (== net452) (>= net461)) (&& (== net452) (>= netstandard2.0)) (&& (== net46) (>= net461)) (&& (== net46) (>= netstandard2.0)) (== net461) (== net462) (== net472) (&& (== netcoreapp3.0) (>= net461)) (&& (== netcoreapp3.1) (>= net461)) (&& (== netcoreapp3.1) (< netcoreapp3.0))
      Microsoft.AspNetCore.Diagnostics (>= 2.2) - restriction: || (&& (== net452) (>= net461)) (&& (== net452) (>= netstandard2.0)) (&& (== net46) (>= net461)) (&& (== net46) (>= netstandard2.0)) (== net461) (== net462) (== net472) (&& (== netcoreapp3.0) (>= net461)) (&& (== netcoreapp3.1) (>= net461)) (&& (== netcoreapp3.1) (< netcoreapp3.0))
      Microsoft.AspNetCore.Hosting.Abstractions (>= 2.2) - restriction: || (&& (== net452) (>= net461)) (&& (== net452) (>= netstandard2.0)) (&& (== net46) (>= net461)) (&& (== net46) (>= netstandard2.0)) (== net461) (== net462) (== net472) (&& (== netcoreapp3.0) (>= net461)) (&& (== netcoreapp3.1) (>= net461)) (&& (== netcoreapp3.1) (< netcoreapp3.0))
      Microsoft.AspNetCore.ResponseCaching (>= 2.2) - restriction: || (&& (== net452) (>= net461)) (&& (== net452) (>= netstandard2.0)) (&& (== net46) (>= net461)) (&& (== net46) (>= netstandard2.0)) (== net461) (== net462) (== net472) (&& (== netcoreapp3.0) (>= net461)) (&& (== netcoreapp3.1) (>= net461)) (&& (== netcoreapp3.1) (< netcoreapp3.0))
      Microsoft.IO.RecyclableMemoryStream (>= 1.2.2) - restriction: || (&& (== net452) (>= net461)) (&& (== net452) (>= netstandard2.0)) (&& (== net46) (>= net461)) (&& (== net46) (>= netstandard2.0)) (== net461) (== net462) (== net472) (== netcoreapp3.0) (== netcoreapp3.1)
      Newtonsoft.Json (>= 12.0.2) - restriction: || (&& (== net452) (>= net461)) (&& (== net452) (>= netstandard2.0)) (&& (== net46) (>= net461)) (&& (== net46) (>= netstandard2.0)) (== net461) (== net462) (== net472) (== netcoreapp3.0) (== netcoreapp3.1)
      System.Text.RegularExpressions (>= 4.3.1) - restriction: || (&& (== net452) (>= net461)) (&& (== net452) (>= netstandard2.0)) (&& (== net46) (>= net461)) (&& (== net46) (>= netstandard2.0)) (== net461) (== net462) (== net472) (== netcoreapp3.0) (== netcoreapp3.1)
      System.ValueTuple (>= 4.4) - restriction: || (&& (== net452) (>= net461)) (&& (== net46) (>= net461)) (== net461) (== net462) (== net472) (&& (== netcoreapp3.0) (>= net461)) (&& (== netcoreapp3.1) (>= net461))
      System.ValueTuple (>= 4.5) - restriction: || (&& (== net452) (>= netcoreapp3.0)) (&& (== net452) (>= netstandard2.0)) (&& (== net46) (>= netcoreapp3.0)) (&& (== net46) (>= netstandard2.0)) (&& (== net461) (>= netcoreapp3.0)) (&& (== net462) (< net461) (>= netstandard2.0)) (&& (== net462) (>= netcoreapp3.0)) (&& (== net472) (< net461)) (&& (== net472) (>= netcoreapp3.0)) (== netcoreapp3.0) (== netcoreapp3.1)
      System.Xml.XmlSerializer (>= 4.3) - restriction: || (&& (== net452) (>= net461)) (&& (== net452) (>= netstandard2.0)) (&& (== net46) (>= net461)) (&& (== net46) (>= netstandard2.0)) (== net461) (== net462) (== net472) (== netcoreapp3.0) (== netcoreapp3.1)
      TaskBuilder.fs (>= 2.1) - restriction: || (&& (== net452) (>= net461)) (&& (== net452) (>= netstandard2.0)) (&& (== net46) (>= net461)) (&& (== net46) (>= netstandard2.0)) (== net461) (== net462) (== net472) (== netcoreapp3.0) (== netcoreapp3.1)
      Utf8Json (>= 1.3.7) - restriction: || (&& (== net452) (>= net461)) (&& (== net452) (>= netstandard2.0)) (&& (== net46) (>= net461)) (&& (== net46) (>= netstandard2.0)) (== net461) (== net462) (== net472) (== netcoreapp3.0) (== netcoreapp3.1)
    Microsoft.AspNetCore (2.2) - restriction: || (&& (== net452) (== netcoreapp3.1)) (&& (== net452) (>= netstandard2.0)) (&& (== net46) (== netcoreapp3.1)) (&& (== net46) (>= netstandard2.0)) (&& (== net461) (== netcoreapp3.1)) (&& (== net461) (>= netstandard2.0)) (&& (== net462) (== netcoreapp3.1)) (&& (== net462) (>= netstandard2.0)) (== net472) (== netcoreapp3.0)
      Microsoft.AspNetCore.Diagnostics (>= 2.2) - restriction: || (&& (== net452) (>= netstandard2.0)) (&& (== net46) (>= netstandard2.0)) (&& (== net461) (>= netstandard2.0)) (&& (== net462) (>= netstandard2.0)) (== net472) (== netcoreapp3.0) (== netcoreapp3.1)
      Microsoft.AspNetCore.HostFiltering (>= 2.2) - restriction: || (&& (== net452) (>= netstandard2.0)) (&& (== net46) (>= netstandard2.0)) (&& (== net461) (>= netstandard2.0)) (&& (== net462) (>= netstandard2.0)) (== net472) (== netcoreapp3.0) (== netcoreapp3.1)
      Microsoft.AspNetCore.Hosting (>= 2.2) - restriction: || (&& (== net452) (>= netstandard2.0)) (&& (== net46) (>= netstandard2.0)) (&& (== net461) (>= netstandard2.0)) (&& (== net462) (>= netstandard2.0)) (== net472) (== netcoreapp3.0) (== netcoreapp3.1)
      Microsoft.AspNetCore.Routing (>= 2.2) - restriction: || (&& (== net452) (>= netstandard2.0)) (&& (== net46) (>= netstandard2.0)) (&& (== net461) (>= netstandard2.0)) (&& (== net462) (>= netstandard2.0)) (== net472) (== netcoreapp3.0) (== netcoreapp3.1)
      Microsoft.AspNetCore.Server.IIS (>= 2.2) - restriction: || (&& (== net452) (>= netstandard2.0)) (&& (== net46) (>= netstandard2.0)) (&& (== net461) (>= netstandard2.0)) (&& (== net462) (>= netstandard2.0)) (== net472) (== netcoreapp3.0) (== netcoreapp3.1)
      Microsoft.AspNetCore.Server.IISIntegration (>= 2.2) - restriction: || (&& (== net452) (>= netstandard2.0)) (&& (== net46) (>= netstandard2.0)) (&& (== net461) (>= netstandard2.0)) (&& (== net462) (>= netstandard2.0)) (== net472) (== netcoreapp3.0) (== netcoreapp3.1)
      Microsoft.AspNetCore.Server.Kestrel (>= 2.2) - restriction: || (&& (== net452) (>= netstandard2.0)) (&& (== net46) (>= netstandard2.0)) (&& (== net461) (>= netstandard2.0)) (&& (== net462) (>= netstandard2.0)) (== net472) (== netcoreapp3.0) (== netcoreapp3.1)
      Microsoft.AspNetCore.Server.Kestrel.Https (>= 2.2) - restriction: || (&& (== net452) (>= netstandard2.0)) (&& (== net46) (>= netstandard2.0)) (&& (== net461) (>= netstandard2.0)) (&& (== net462) (>= netstandard2.0)) (== net472) (== netcoreapp3.0) (== netcoreapp3.1)
      Microsoft.Extensions.Configuration.CommandLine (>= 2.2) - restriction: || (&& (== net452) (>= netstandard2.0)) (&& (== net46) (>= netstandard2.0)) (&& (== net461) (>= netstandard2.0)) (&& (== net462) (>= netstandard2.0)) (== net472) (== netcoreapp3.0) (== netcoreapp3.1)
      Microsoft.Extensions.Configuration.EnvironmentVariables (>= 2.2) - restriction: || (&& (== net452) (>= netstandard2.0)) (&& (== net46) (>= netstandard2.0)) (&& (== net461) (>= netstandard2.0)) (&& (== net462) (>= netstandard2.0)) (== net472) (== netcoreapp3.0) (== netcoreapp3.1)
      Microsoft.Extensions.Configuration.FileExtensions (>= 2.2) - restriction: || (&& (== net452) (>= netstandard2.0)) (&& (== net46) (>= netstandard2.0)) (&& (== net461) (>= netstandard2.0)) (&& (== net462) (>= netstandard2.0)) (== net472) (== netcoreapp3.0) (== netcoreapp3.1)
      Microsoft.Extensions.Configuration.Json (>= 2.2) - restriction: || (&& (== net452) (>= netstandard2.0)) (&& (== net46) (>= netstandard2.0)) (&& (== net461) (>= netstandard2.0)) (&& (== net462) (>= netstandard2.0)) (== net472) (== netcoreapp3.0) (== netcoreapp3.1)
      Microsoft.Extensions.Configuration.UserSecrets (>= 2.2) - restriction: || (&& (== net452) (>= netstandard2.0)) (&& (== net46) (>= netstandard2.0)) (&& (== net461) (>= netstandard2.0)) (&& (== net462) (>= netstandard2.0)) (== net472) (== netcoreapp3.0) (== netcoreapp3.1)
      Microsoft.Extensions.Logging (>= 2.2) - restriction: || (&& (== net452) (>= netstandard2.0)) (&& (== net46) (>= netstandard2.0)) (&& (== net461) (>= netstandard2.0)) (&& (== net462) (>= netstandard2.0)) (== net472) (== netcoreapp3.0) (== netcoreapp3.1)
      Microsoft.Extensions.Logging.Configuration (>= 2.2) - restriction: || (&& (== net452) (>= netstandard2.0)) (&& (== net46) (>= netstandard2.0)) (&& (== net461) (>= netstandard2.0)) (&& (== net462) (>= netstandard2.0)) (== net472) (== netcoreapp3.0) (== netcoreapp3.1)
      Microsoft.Extensions.Logging.Console (>= 2.2) - restriction: || (&& (== net452) (>= netstandard2.0)) (&& (== net46) (>= netstandard2.0)) (&& (== net461) (>= netstandard2.0)) (&& (== net462) (>= netstandard2.0)) (== net472) (== netcoreapp3.0) (== netcoreapp3.1)
      Microsoft.Extensions.Logging.Debug (>= 2.2) - restriction: || (&& (== net452) (>= netstandard2.0)) (&& (== net46) (>= netstandard2.0)) (&& (== net461) (>= netstandard2.0)) (&& (== net462) (>= netstandard2.0)) (== net472) (== netcoreapp3.0) (== netcoreapp3.1)
      Microsoft.Extensions.Logging.EventSource (>= 2.2) - restriction: || (&& (== net452) (>= netstandard2.0)) (&& (== net46) (>= netstandard2.0)) (&& (== net461) (>= netstandard2.0)) (&& (== net462) (>= netstandard2.0)) (== net472) (== netcoreapp3.0) (== netcoreapp3.1)
    Microsoft.AspNetCore.Antiforgery (2.2) - restriction: || (&& (== net452) (== netcoreapp3.1)) (&& (== net452) (>= netstandard2.0)) (&& (== net46) (== netcoreapp3.1)) (&& (== net46) (>= netstandard2.0)) (&& (== net461) (== netcoreapp3.1)) (&& (== net461) (>= netstandard2.0)) (&& (== net462) (== netcoreapp3.1)) (&& (== net462) (>= netstandard2.0)) (== net472) (== netcoreapp3.0)
      Microsoft.AspNetCore.DataProtection (>= 2.2) - restriction: || (&& (== net452) (>= netstandard2.0)) (&& (== net46) (>= netstandard2.0)) (&& (== net461) (>= netstandard2.0)) (&& (== net462) (>= netstandard2.0)) (== net472) (== netcoreapp3.0) (== netcoreapp3.1)
      Microsoft.AspNetCore.Http.Abstractions (>= 2.2) - restriction: || (&& (== net452) (>= netstandard2.0)) (&& (== net46) (>= netstandard2.0)) (&& (== net461) (>= netstandard2.0)) (&& (== net462) (>= netstandard2.0)) (== net472) (== netcoreapp3.0) (== netcoreapp3.1)
      Microsoft.AspNetCore.Http.Extensions (>= 2.2) - restriction: || (&& (== net452) (>= netstandard2.0)) (&& (== net46) (>= netstandard2.0)) (&& (== net461) (>= netstandard2.0)) (&& (== net462) (>= netstandard2.0)) (== net472) (== netcoreapp3.0) (== netcoreapp3.1)
      Microsoft.AspNetCore.WebUtilities (>= 2.2) - restriction: || (&& (== net452) (>= netstandard2.0)) (&& (== net46) (>= netstandard2.0)) (&& (== net461) (>= netstandard2.0)) (&& (== net462) (>= netstandard2.0)) (== net472) (== netcoreapp3.0) (== netcoreapp3.1)
      Microsoft.Extensions.ObjectPool (>= 2.2) - restriction: || (&& (== net452) (>= netstandard2.0)) (&& (== net46) (>= netstandard2.0)) (&& (== net461) (>= netstandard2.0)) (&& (== net462) (>= netstandard2.0)) (== net472) (== netcoreapp3.0) (== netcoreapp3.1)
    Microsoft.AspNetCore.Authentication (2.2) - restriction: || (&& (== net452) (== netcoreapp3.1)) (&& (== net452) (>= net461)) (&& (== net452) (>= netstandard2.0)) (&& (== net46) (== netcoreapp3.1)) (&& (== net46) (>= net461)) (&& (== net46) (>= netstandard2.0)) (== net461) (== net462) (== net472) (== netcoreapp3.0) (&& (== netcoreapp3.1) (>= net461)) (&& (== netcoreapp3.1) (< netcoreapp3.0))
      Microsoft.AspNetCore.Authentication.Core (>= 2.2) - restriction: || (&& (== net452) (>= netstandard2.0)) (&& (== net46) (>= netstandard2.0)) (&& (== net461) (>= netstandard2.0)) (&& (== net462) (>= netstandard2.0)) (== net472) (== netcoreapp3.0) (== netcoreapp3.1)
      Microsoft.AspNetCore.DataProtection (>= 2.2) - restriction: || (&& (== net452) (>= netstandard2.0)) (&& (== net46) (>= netstandard2.0)) (&& (== net461) (>= netstandard2.0)) (&& (== net462) (>= netstandard2.0)) (== net472) (== netcoreapp3.0) (== netcoreapp3.1)
      Microsoft.AspNetCore.Http (>= 2.2) - restriction: || (&& (== net452) (>= netstandard2.0)) (&& (== net46) (>= netstandard2.0)) (&& (== net461) (>= netstandard2.0)) (&& (== net462) (>= netstandard2.0)) (== net472) (== netcoreapp3.0) (== netcoreapp3.1)
      Microsoft.AspNetCore.Http.Extensions (>= 2.2) - restriction: || (&& (== net452) (>= netstandard2.0)) (&& (== net46) (>= netstandard2.0)) (&& (== net461) (>= netstandard2.0)) (&& (== net462) (>= netstandard2.0)) (== net472) (== netcoreapp3.0) (== netcoreapp3.1)
      Microsoft.Extensions.Logging.Abstractions (>= 2.2) - restriction: || (&& (== net452) (>= netstandard2.0)) (&& (== net46) (>= netstandard2.0)) (&& (== net461) (>= netstandard2.0)) (&& (== net462) (>= netstandard2.0)) (== net472) (== netcoreapp3.0) (== netcoreapp3.1)
      Microsoft.Extensions.Options (>= 2.2) - restriction: || (&& (== net452) (>= netstandard2.0)) (&& (== net46) (>= netstandard2.0)) (&& (== net461) (>= netstandard2.0)) (&& (== net462) (>= netstandard2.0)) (== net472) (== netcoreapp3.0) (== netcoreapp3.1)
      Microsoft.Extensions.WebEncoders (>= 2.2) - restriction: || (&& (== net452) (>= netstandard2.0)) (&& (== net46) (>= netstandard2.0)) (&& (== net461) (>= netstandard2.0)) (&& (== net462) (>= netstandard2.0)) (== net472) (== netcoreapp3.0) (== netcoreapp3.1)
    Microsoft.AspNetCore.Authentication.Abstractions (2.2) - restriction: || (&& (== net452) (== netcoreapp3.0)) (&& (== net452) (== netcoreapp3.1)) (&& (== net452) (>= netstandard2.0)) (&& (== net46) (== netcoreapp3.0)) (&& (== net46) (== netcoreapp3.1)) (&& (== net46) (>= netstandard2.0)) (&& (== net461) (== netcoreapp3.0)) (&& (== net461) (== netcoreapp3.1)) (&& (== net461) (>= netstandard2.0)) (&& (== net462) (== netcoreapp3.0)) (&& (== net462) (== netcoreapp3.1)) (&& (== net462) (>= netstandard2.0)) (== net472) (&& (== netcoreapp3.0) (>= net461)) (&& (== netcoreapp3.1) (>= net461)) (&& (== netcoreapp3.1) (< netcoreapp3.0))
      Microsoft.AspNetCore.Http.Abstractions (>= 2.2) - restriction: || (&& (== net452) (>= netstandard2.0)) (&& (== net46) (>= netstandard2.0)) (&& (== net461) (>= netstandard2.0)) (&& (== net462) (>= netstandard2.0)) (== net472) (== netcoreapp3.0) (== netcoreapp3.1)
      Microsoft.Extensions.Logging.Abstractions (>= 2.2) - restriction: || (&& (== net452) (>= netstandard2.0)) (&& (== net46) (>= netstandard2.0)) (&& (== net461) (>= netstandard2.0)) (&& (== net462) (>= netstandard2.0)) (== net472) (== netcoreapp3.0) (== netcoreapp3.1)
      Microsoft.Extensions.Options (>= 2.2) - restriction: || (&& (== net452) (>= netstandard2.0)) (&& (== net46) (>= netstandard2.0)) (&& (== net461) (>= netstandard2.0)) (&& (== net462) (>= netstandard2.0)) (== net472) (== netcoreapp3.0) (== netcoreapp3.1)
    Microsoft.AspNetCore.Authentication.Cookies (2.2) - restriction: || (&& (== net452) (== netcoreapp3.1)) (&& (== net452) (>= netstandard2.0)) (&& (== net46) (== netcoreapp3.1)) (&& (== net46) (>= netstandard2.0)) (&& (== net461) (== netcoreapp3.1)) (&& (== net461) (>= netstandard2.0)) (&& (== net462) (== netcoreapp3.1)) (&& (== net462) (>= netstandard2.0)) (== net472) (== netcoreapp3.0)
      Microsoft.AspNetCore.Authentication (>= 2.2) - restriction: || (&& (== net452) (>= netstandard2.0)) (&& (== net46) (>= netstandard2.0)) (&& (== net461) (>= netstandard2.0)) (&& (== net462) (>= netstandard2.0)) (== net472) (== netcoreapp3.0) (== netcoreapp3.1)
    Microsoft.AspNetCore.Authentication.Core (2.2) - restriction: || (&& (== net452) (== netcoreapp3.1)) (&& (== net452) (>= netstandard2.0)) (&& (== net46) (== netcoreapp3.1)) (&& (== net46) (>= netstandard2.0)) (&& (== net461) (== netcoreapp3.1)) (&& (== net461) (>= netstandard2.0)) (&& (== net462) (== netcoreapp3.1)) (&& (== net462) (>= netstandard2.0)) (== net472) (== netcoreapp3.0) (&& (== netcoreapp3.1) (>= net461)) (&& (== netcoreapp3.1) (< netcoreapp3.0))
      Microsoft.AspNetCore.Authentication.Abstractions (>= 2.2) - restriction: || (&& (== net452) (>= netstandard2.0)) (&& (== net46) (>= netstandard2.0)) (&& (== net461) (>= netstandard2.0)) (&& (== net462) (>= netstandard2.0)) (== net472) (== netcoreapp3.0) (== netcoreapp3.1)
      Microsoft.AspNetCore.Http (>= 2.2) - restriction: || (&& (== net452) (>= netstandard2.0)) (&& (== net46) (>= netstandard2.0)) (&& (== net461) (>= netstandard2.0)) (&& (== net462) (>= netstandard2.0)) (== net472) (== netcoreapp3.0) (== netcoreapp3.1)
      Microsoft.AspNetCore.Http.Extensions (>= 2.2) - restriction: || (&& (== net452) (>= netstandard2.0)) (&& (== net46) (>= netstandard2.0)) (&& (== net461) (>= netstandard2.0)) (&& (== net462) (>= netstandard2.0)) (== net472) (== netcoreapp3.0) (== netcoreapp3.1)
    Microsoft.AspNetCore.Authentication.JwtBearer (3.1.3) - restriction: || (&& (== net452) (>= netstandard2.0)) (&& (== net46) (>= netstandard2.0)) (&& (== net461) (>= netstandard2.0)) (&& (== net462) (>= netstandard2.0)) (== net472) (== netcoreapp3.0) (== netcoreapp3.1)
      Microsoft.IdentityModel.Protocols.OpenIdConnect (>= 5.5) - restriction: || (&& (== net452) (>= netcoreapp3.1)) (&& (== net46) (>= netcoreapp3.1)) (&& (== net461) (>= netcoreapp3.1)) (&& (== net462) (>= netcoreapp3.1)) (&& (== net472) (>= netcoreapp3.1)) (&& (== netcoreapp3.0) (>= netcoreapp3.1)) (== netcoreapp3.1)
    Microsoft.AspNetCore.Authentication.OAuth (2.2) - restriction: || (&& (== net452) (== netcoreapp3.1)) (&& (== net452) (>= netstandard2.0)) (&& (== net46) (== netcoreapp3.1)) (&& (== net46) (>= netstandard2.0)) (&& (== net461) (== netcoreapp3.1)) (&& (== net461) (>= netstandard2.0)) (&& (== net462) (== netcoreapp3.1)) (&& (== net462) (>= netstandard2.0)) (== net472) (== netcoreapp3.0)
      Microsoft.AspNetCore.Authentication (>= 2.2) - restriction: || (&& (== net452) (>= netstandard2.0)) (&& (== net46) (>= netstandard2.0)) (&& (== net461) (>= netstandard2.0)) (&& (== net462) (>= netstandard2.0)) (== net472) (== netcoreapp3.0) (== netcoreapp3.1)
      Newtonsoft.Json (>= 11.0.2) - restriction: || (&& (== net452) (>= netstandard2.0)) (&& (== net46) (>= netstandard2.0)) (&& (== net461) (>= netstandard2.0)) (&& (== net462) (>= netstandard2.0)) (== net472) (== netcoreapp3.0) (== netcoreapp3.1)
    Microsoft.AspNetCore.Authorization (3.1.3) - restriction: || (&& (== net452) (== netcoreapp3.1)) (&& (== net452) (>= net461)) (&& (== net452) (>= netstandard2.0)) (&& (== net46) (== netcoreapp3.1)) (&& (== net46) (>= net461)) (&& (== net46) (>= netstandard2.0)) (== net461) (== net462) (== net472) (== netcoreapp3.0) (&& (== netcoreapp3.1) (>= net461)) (&& (== netcoreapp3.1) (< netcoreapp3.0))
      Microsoft.AspNetCore.Metadata (>= 3.1.3) - restriction: || (&& (== net452) (>= netstandard2.0)) (&& (== net46) (>= netstandard2.0)) (&& (== net461) (>= netstandard2.0)) (&& (== net462) (>= netstandard2.0)) (== net472) (== netcoreapp3.0) (== netcoreapp3.1)
      Microsoft.Extensions.Logging.Abstractions (>= 3.1.3) - restriction: || (&& (== net452) (>= netstandard2.0)) (&& (== net46) (>= netstandard2.0)) (&& (== net461) (>= netstandard2.0)) (&& (== net462) (>= netstandard2.0)) (== net472) (== netcoreapp3.0) (== netcoreapp3.1)
      Microsoft.Extensions.Options (>= 3.1.3) - restriction: || (&& (== net452) (>= netstandard2.0)) (&& (== net46) (>= netstandard2.0)) (&& (== net461) (>= netstandard2.0)) (&& (== net462) (>= netstandard2.0)) (== net472) (== netcoreapp3.0) (== netcoreapp3.1)
    Microsoft.AspNetCore.Connections.Abstractions (3.1.3) - restriction: || (&& (== net452) (== netcoreapp3.1)) (&& (== net452) (>= netstandard2.0)) (&& (== net46) (== netcoreapp3.1)) (&& (== net46) (>= netstandard2.0)) (&& (== net461) (== netcoreapp3.1)) (&& (== net461) (>= netstandard2.0)) (&& (== net462) (== netcoreapp3.1)) (&& (== net462) (>= netstandard2.0)) (== net472) (== netcoreapp3.0)
      Microsoft.AspNetCore.Http.Features (>= 3.1.3) - restriction: || (&& (== net452) (>= netstandard2.0)) (&& (== net46) (>= netstandard2.0)) (&& (== net461) (>= netstandard2.0)) (&& (== net462) (>= netstandard2.0)) (== net472) (== netcoreapp3.0) (== netcoreapp3.1)
      Microsoft.Bcl.AsyncInterfaces (>= 1.1) - restriction: || (&& (== net452) (>= netstandard2.0)) (&& (== net46) (>= netstandard2.0)) (&& (== net461) (>= netstandard2.0)) (&& (== net462) (>= netstandard2.0)) (== net472) (&& (== netcoreapp3.0) (< netstandard2.1)) (&& (== netcoreapp3.1) (< netstandard2.1))
      System.IO.Pipelines (>= 4.7.1) - restriction: || (&& (== net452) (>= netstandard2.0)) (&& (== net46) (>= netstandard2.0)) (&& (== net461) (>= netstandard2.0)) (&& (== net462) (>= netstandard2.0)) (== net472) (== netcoreapp3.0) (== netcoreapp3.1)
    Microsoft.AspNetCore.Cors (2.2) - restriction: || (&& (== net452) (== netcoreapp3.1)) (&& (== net452) (>= netstandard2.0)) (&& (== net46) (== netcoreapp3.1)) (&& (== net46) (>= netstandard2.0)) (&& (== net461) (== netcoreapp3.1)) (&& (== net461) (>= netstandard2.0)) (&& (== net462) (== netcoreapp3.1)) (&& (== net462) (>= netstandard2.0)) (== net472) (== netcoreapp3.0)
      Microsoft.AspNetCore.Http.Extensions (>= 2.2) - restriction: || (&& (== net452) (>= netstandard2.0)) (&& (== net46) (>= netstandard2.0)) (&& (== net461) (>= netstandard2.0)) (&& (== net462) (>= netstandard2.0)) (== net472) (== netcoreapp3.0) (== netcoreapp3.1)
      Microsoft.Extensions.Configuration.Abstractions (>= 2.2) - restriction: || (&& (== net452) (>= netstandard2.0)) (&& (== net46) (>= netstandard2.0)) (&& (== net461) (>= netstandard2.0)) (&& (== net462) (>= netstandard2.0)) (== net472) (== netcoreapp3.0) (== netcoreapp3.1)
      Microsoft.Extensions.DependencyInjection.Abstractions (>= 2.2) - restriction: || (&& (== net452) (>= netstandard2.0)) (&& (== net46) (>= netstandard2.0)) (&& (== net461) (>= netstandard2.0)) (&& (== net462) (>= netstandard2.0)) (== net472) (== netcoreapp3.0) (== netcoreapp3.1)
      Microsoft.Extensions.Logging.Abstractions (>= 2.2) - restriction: || (&& (== net452) (>= netstandard2.0)) (&& (== net46) (>= netstandard2.0)) (&& (== net461) (>= netstandard2.0)) (&& (== net462) (>= netstandard2.0)) (== net472) (== netcoreapp3.0) (== netcoreapp3.1)
      Microsoft.Extensions.Options (>= 2.2) - restriction: || (&& (== net452) (>= netstandard2.0)) (&& (== net46) (>= netstandard2.0)) (&& (== net461) (>= netstandard2.0)) (&& (== net462) (>= netstandard2.0)) (== net472) (== netcoreapp3.0) (== netcoreapp3.1)
    Microsoft.AspNetCore.Cryptography.Internal (3.1.3) - restriction: || (&& (== net452) (== netcoreapp3.1)) (&& (== net452) (>= netstandard2.0)) (&& (== net46) (== netcoreapp3.1)) (&& (== net46) (>= netstandard2.0)) (&& (== net461) (== netcoreapp3.1)) (&& (== net461) (>= netstandard2.0)) (&& (== net462) (== netcoreapp3.1)) (&& (== net462) (>= netstandard2.0)) (== net472) (== netcoreapp3.0)
    Microsoft.AspNetCore.DataProtection (3.1.3) - restriction: || (&& (== net452) (== netcoreapp3.1)) (&& (== net452) (>= netstandard2.0)) (&& (== net46) (== netcoreapp3.1)) (&& (== net46) (>= netstandard2.0)) (&& (== net461) (== netcoreapp3.1)) (&& (== net461) (>= netstandard2.0)) (&& (== net462) (== netcoreapp3.1)) (&& (== net462) (>= netstandard2.0)) (== net472) (== netcoreapp3.0) (&& (== netcoreapp3.1) (>= net461)) (&& (== netcoreapp3.1) (< netcoreapp3.0))
      Microsoft.AspNetCore.Cryptography.Internal (>= 3.1.3) - restriction: || (&& (== net452) (>= netstandard2.0)) (&& (== net46) (>= netstandard2.0)) (&& (== net461) (>= netstandard2.0)) (&& (== net462) (>= netstandard2.0)) (== net472) (== netcoreapp3.0) (== netcoreapp3.1)
      Microsoft.AspNetCore.DataProtection.Abstractions (>= 3.1.3) - restriction: || (&& (== net452) (>= netstandard2.0)) (&& (== net46) (>= netstandard2.0)) (&& (== net461) (>= netstandard2.0)) (&& (== net462) (>= netstandard2.0)) (== net472) (== netcoreapp3.0) (== netcoreapp3.1)
      Microsoft.Extensions.DependencyInjection.Abstractions (>= 3.1.3) - restriction: || (&& (== net452) (>= netstandard2.0)) (&& (== net46) (>= netstandard2.0)) (&& (== net461) (>= netstandard2.0)) (&& (== net462) (>= netstandard2.0)) (== net472) (== netcoreapp3.0) (== netcoreapp3.1)
      Microsoft.Extensions.Hosting.Abstractions (>= 3.1.3) - restriction: || (&& (== net452) (>= netstandard2.0)) (&& (== net46) (>= netstandard2.0)) (&& (== net461) (>= netstandard2.0)) (&& (== net462) (>= netstandard2.0)) (== net472) (== netcoreapp3.0) (== netcoreapp3.1)
      Microsoft.Extensions.Logging.Abstractions (>= 3.1.3) - restriction: || (&& (== net452) (>= netstandard2.0)) (&& (== net46) (>= netstandard2.0)) (&& (== net461) (>= netstandard2.0)) (&& (== net462) (>= netstandard2.0)) (== net472) (== netcoreapp3.0) (== netcoreapp3.1)
      Microsoft.Extensions.Options (>= 3.1.3) - restriction: || (&& (== net452) (>= netstandard2.0)) (&& (== net46) (>= netstandard2.0)) (&& (== net461) (>= netstandard2.0)) (&& (== net462) (>= netstandard2.0)) (== net472) (== netcoreapp3.0) (== netcoreapp3.1)
      Microsoft.Win32.Registry (>= 4.7) - restriction: || (&& (== net452) (>= netstandard2.0)) (&& (== net46) (>= netstandard2.0)) (&& (== net461) (>= netstandard2.0)) (&& (== net462) (>= netstandard2.0)) (== net472) (== netcoreapp3.0) (== netcoreapp3.1)
      System.Security.Cryptography.Xml (>= 4.7) - restriction: || (&& (== net452) (>= netstandard2.0)) (&& (== net46) (>= netstandard2.0)) (&& (== net461) (>= netstandard2.0)) (&& (== net462) (>= netstandard2.0)) (== net472) (== netcoreapp3.0) (== netcoreapp3.1)
      System.Security.Principal.Windows (>= 4.7) - restriction: || (&& (== net452) (>= netstandard2.0)) (&& (== net46) (>= netstandard2.0)) (&& (== net461) (>= netstandard2.0)) (&& (== net462) (>= netstandard2.0)) (== net472) (== netcoreapp3.0)
    Microsoft.AspNetCore.DataProtection.Abstractions (3.1.3) - restriction: || (&& (== net452) (== netcoreapp3.1)) (&& (== net452) (>= netstandard2.0)) (&& (== net46) (== netcoreapp3.1)) (&& (== net46) (>= netstandard2.0)) (&& (== net461) (== netcoreapp3.1)) (&& (== net461) (>= netstandard2.0)) (&& (== net462) (== netcoreapp3.1)) (&& (== net462) (>= netstandard2.0)) (== net472) (== netcoreapp3.0)
    Microsoft.AspNetCore.Diagnostics (2.2) - restriction: || (&& (== net452) (== netcoreapp3.1)) (&& (== net452) (>= net461)) (&& (== net452) (>= netstandard2.0)) (&& (== net46) (== netcoreapp3.1)) (&& (== net46) (>= net461)) (&& (== net46) (>= netstandard2.0)) (== net461) (== net462) (== net472) (== netcoreapp3.0) (&& (== netcoreapp3.1) (>= net461)) (&& (== netcoreapp3.1) (< netcoreapp3.0))
      Microsoft.AspNetCore.Diagnostics.Abstractions (>= 2.2) - restriction: || (&& (== net452) (>= netstandard2.0)) (&& (== net46) (>= netstandard2.0)) (&& (== net461) (>= netstandard2.0)) (&& (== net462) (>= netstandard2.0)) (== net472) (== netcoreapp3.0) (== netcoreapp3.1)
      Microsoft.AspNetCore.Hosting.Abstractions (>= 2.2) - restriction: || (&& (== net452) (>= netstandard2.0)) (&& (== net46) (>= netstandard2.0)) (&& (== net461) (>= netstandard2.0)) (&& (== net462) (>= netstandard2.0)) (== net472) (== netcoreapp3.0) (== netcoreapp3.1)
      Microsoft.AspNetCore.Http.Extensions (>= 2.2) - restriction: || (&& (== net452) (>= netstandard2.0)) (&& (== net46) (>= netstandard2.0)) (&& (== net461) (>= netstandard2.0)) (&& (== net462) (>= netstandard2.0)) (== net472) (== netcoreapp3.0) (== netcoreapp3.1)
      Microsoft.AspNetCore.WebUtilities (>= 2.2) - restriction: || (&& (== net452) (>= netstandard2.0)) (&& (== net46) (>= netstandard2.0)) (&& (== net461) (>= netstandard2.0)) (&& (== net462) (>= netstandard2.0)) (== net472) (== netcoreapp3.0) (== netcoreapp3.1)
      Microsoft.Extensions.FileProviders.Physical (>= 2.2) - restriction: || (&& (== net452) (>= netstandard2.0)) (&& (== net46) (>= netstandard2.0)) (&& (== net461) (>= netstandard2.0)) (&& (== net462) (>= netstandard2.0)) (== net472) (== netcoreapp3.0) (== netcoreapp3.1)
      Microsoft.Extensions.Logging.Abstractions (>= 2.2) - restriction: || (&& (== net452) (>= netstandard2.0)) (&& (== net46) (>= netstandard2.0)) (&& (== net461) (>= netstandard2.0)) (&& (== net462) (>= netstandard2.0)) (== net472) (== netcoreapp3.0) (== netcoreapp3.1)
      Microsoft.Extensions.Options (>= 2.2) - restriction: || (&& (== net452) (>= netstandard2.0)) (&& (== net46) (>= netstandard2.0)) (&& (== net461) (>= netstandard2.0)) (&& (== net462) (>= netstandard2.0)) (== net472) (== netcoreapp3.0) (== netcoreapp3.1)
      System.Diagnostics.DiagnosticSource (>= 4.5) - restriction: || (&& (== net452) (>= netstandard2.0)) (&& (== net46) (>= netstandard2.0)) (&& (== net461) (>= netstandard2.0)) (&& (== net462) (>= netstandard2.0)) (== net472) (== netcoreapp3.0) (== netcoreapp3.1)
      System.Reflection.Metadata (>= 1.6) - restriction: || (&& (== net452) (>= netstandard2.0)) (&& (== net46) (>= netstandard2.0)) (&& (== net461) (>= netstandard2.0)) (&& (== net462) (>= netstandard2.0)) (== net472) (== netcoreapp3.0) (== netcoreapp3.1)
    Microsoft.AspNetCore.Diagnostics.Abstractions (2.2) - restriction: || (&& (== net452) (== netcoreapp3.0)) (&& (== net452) (== netcoreapp3.1)) (&& (== net452) (>= netstandard2.0)) (&& (== net46) (== netcoreapp3.0)) (&& (== net46) (== netcoreapp3.1)) (&& (== net46) (>= netstandard2.0)) (&& (== net461) (== netcoreapp3.0)) (&& (== net461) (== netcoreapp3.1)) (&& (== net461) (>= netstandard2.0)) (&& (== net462) (== netcoreapp3.0)) (&& (== net462) (== netcoreapp3.1)) (&& (== net462) (>= netstandard2.0)) (== net472) (&& (== netcoreapp3.0) (>= net461)) (&& (== netcoreapp3.1) (>= net461)) (&& (== netcoreapp3.1) (< netcoreapp3.0))
    Microsoft.AspNetCore.HostFiltering (2.2) - restriction: || (&& (== net452) (== netcoreapp3.1)) (&& (== net452) (>= netstandard2.0)) (&& (== net46) (== netcoreapp3.1)) (&& (== net46) (>= netstandard2.0)) (&& (== net461) (== netcoreapp3.1)) (&& (== net461) (>= netstandard2.0)) (&& (== net462) (== netcoreapp3.1)) (&& (== net462) (>= netstandard2.0)) (== net472) (== netcoreapp3.0)
      Microsoft.AspNetCore.Hosting.Abstractions (>= 2.2) - restriction: || (&& (== net452) (>= netstandard2.0)) (&& (== net46) (>= netstandard2.0)) (&& (== net461) (>= netstandard2.0)) (&& (== net462) (>= netstandard2.0)) (== net472) (== netcoreapp3.0) (== netcoreapp3.1)
      Microsoft.AspNetCore.Http (>= 2.2) - restriction: || (&& (== net452) (>= netstandard2.0)) (&& (== net46) (>= netstandard2.0)) (&& (== net461) (>= netstandard2.0)) (&& (== net462) (>= netstandard2.0)) (== net472) (== netcoreapp3.0) (== netcoreapp3.1)
      Microsoft.AspNetCore.Http.Extensions (>= 2.2) - restriction: || (&& (== net452) (>= netstandard2.0)) (&& (== net46) (>= netstandard2.0)) (&& (== net461) (>= netstandard2.0)) (&& (== net462) (>= netstandard2.0)) (== net472) (== netcoreapp3.0) (== netcoreapp3.1)
      Microsoft.Extensions.Options (>= 2.2) - restriction: || (&& (== net452) (>= netstandard2.0)) (&& (== net46) (>= netstandard2.0)) (&& (== net461) (>= netstandard2.0)) (&& (== net462) (>= netstandard2.0)) (== net472) (== netcoreapp3.0) (== netcoreapp3.1)
    Microsoft.AspNetCore.Hosting (2.2.7) - restriction: || (&& (== net452) (== netcoreapp3.1)) (&& (== net452) (>= netstandard2.0)) (&& (== net46) (== netcoreapp3.1)) (&& (== net46) (>= netstandard2.0)) (&& (== net461) (== netcoreapp3.1)) (&& (== net461) (>= netstandard2.0)) (&& (== net462) (== netcoreapp3.1)) (&& (== net462) (>= netstandard2.0)) (== net472) (== netcoreapp3.0)
      Microsoft.AspNetCore.Hosting.Abstractions (>= 2.2) - restriction: || (&& (== net452) (>= netstandard2.0)) (&& (== net46) (>= netstandard2.0)) (&& (== net461) (>= netstandard2.0)) (&& (== net462) (>= netstandard2.0)) (== net472) (== netcoreapp3.0) (== netcoreapp3.1)
      Microsoft.AspNetCore.Http (>= 2.2) - restriction: || (&& (== net452) (>= netstandard2.0)) (&& (== net46) (>= netstandard2.0)) (&& (== net461) (>= netstandard2.0)) (&& (== net462) (>= netstandard2.0)) (== net472) (== netcoreapp3.0) (== netcoreapp3.1)
      Microsoft.AspNetCore.Http.Extensions (>= 2.2) - restriction: || (&& (== net452) (>= netstandard2.0)) (&& (== net46) (>= netstandard2.0)) (&& (== net461) (>= netstandard2.0)) (&& (== net462) (>= netstandard2.0)) (== net472) (== netcoreapp3.0) (== netcoreapp3.1)
      Microsoft.Extensions.Configuration (>= 2.2) - restriction: || (&& (== net452) (>= netstandard2.0)) (&& (== net46) (>= netstandard2.0)) (&& (== net461) (>= netstandard2.0)) (&& (== net462) (>= netstandard2.0)) (== net472) (== netcoreapp3.0) (== netcoreapp3.1)
      Microsoft.Extensions.Configuration.EnvironmentVariables (>= 2.2.4) - restriction: || (&& (== net452) (>= netstandard2.0)) (&& (== net46) (>= netstandard2.0)) (&& (== net461) (>= netstandard2.0)) (&& (== net462) (>= netstandard2.0)) (== net472) (== netcoreapp3.0) (== netcoreapp3.1)
      Microsoft.Extensions.Configuration.FileExtensions (>= 2.2) - restriction: || (&& (== net452) (>= netstandard2.0)) (&& (== net46) (>= netstandard2.0)) (&& (== net461) (>= netstandard2.0)) (&& (== net462) (>= netstandard2.0)) (== net472) (== netcoreapp3.0) (== netcoreapp3.1)
      Microsoft.Extensions.DependencyInjection (>= 2.2) - restriction: || (&& (== net452) (>= netstandard2.0)) (&& (== net46) (>= netstandard2.0)) (&& (== net461) (>= netstandard2.0)) (&& (== net462) (>= netstandard2.0)) (== net472) (== netcoreapp3.0) (== netcoreapp3.1)
      Microsoft.Extensions.FileProviders.Physical (>= 2.2) - restriction: || (&& (== net452) (>= netstandard2.0)) (&& (== net46) (>= netstandard2.0)) (&& (== net461) (>= netstandard2.0)) (&& (== net462) (>= netstandard2.0)) (== net472) (== netcoreapp3.0) (== netcoreapp3.1)
      Microsoft.Extensions.Hosting.Abstractions (>= 2.2) - restriction: || (&& (== net452) (>= netstandard2.0)) (&& (== net46) (>= netstandard2.0)) (&& (== net461) (>= netstandard2.0)) (&& (== net462) (>= netstandard2.0)) (== net472) (== netcoreapp3.0) (== netcoreapp3.1)
      Microsoft.Extensions.Logging (>= 2.2) - restriction: || (&& (== net452) (>= netstandard2.0)) (&& (== net46) (>= netstandard2.0)) (&& (== net461) (>= netstandard2.0)) (&& (== net462) (>= netstandard2.0)) (== net472) (== netcoreapp3.0) (== netcoreapp3.1)
      Microsoft.Extensions.Options (>= 2.2) - restriction: || (&& (== net452) (>= netstandard2.0)) (&& (== net46) (>= netstandard2.0)) (&& (== net461) (>= netstandard2.0)) (&& (== net462) (>= netstandard2.0)) (== net472) (== netcoreapp3.0) (== netcoreapp3.1)
      System.Diagnostics.DiagnosticSource (>= 4.5.1) - restriction: || (&& (== net452) (>= netstandard2.0)) (&& (== net46) (>= netstandard2.0)) (&& (== net461) (>= netstandard2.0)) (&& (== net462) (>= netstandard2.0)) (== net472) (== netcoreapp3.0) (== netcoreapp3.1)
      System.Reflection.Metadata (>= 1.6) - restriction: || (&& (== net452) (>= netstandard2.0)) (&& (== net46) (>= netstandard2.0)) (&& (== net461) (>= netstandard2.0)) (&& (== net462) (>= netstandard2.0)) (== net472) (== netcoreapp3.0) (== netcoreapp3.1)
    Microsoft.AspNetCore.Hosting.Abstractions (2.2) - restriction: || (&& (== net452) (== netcoreapp3.1)) (&& (== net452) (>= net461)) (&& (== net452) (>= netstandard2.0)) (&& (== net46) (== netcoreapp3.1)) (&& (== net46) (>= net461)) (&& (== net46) (>= netstandard2.0)) (== net461) (== net462) (== net472) (== netcoreapp3.0) (&& (== netcoreapp3.1) (>= net461)) (&& (== netcoreapp3.1) (< netcoreapp3.0))
      Microsoft.AspNetCore.Hosting.Server.Abstractions (>= 2.2) - restriction: || (&& (== net452) (>= netstandard2.0)) (&& (== net46) (>= netstandard2.0)) (&& (== net461) (>= netstandard2.0)) (&& (== net462) (>= netstandard2.0)) (== net472) (== netcoreapp3.0) (== netcoreapp3.1)
      Microsoft.AspNetCore.Http.Abstractions (>= 2.2) - restriction: || (&& (== net452) (>= netstandard2.0)) (&& (== net46) (>= netstandard2.0)) (&& (== net461) (>= netstandard2.0)) (&& (== net462) (>= netstandard2.0)) (== net472) (== netcoreapp3.0) (== netcoreapp3.1)
      Microsoft.Extensions.Hosting.Abstractions (>= 2.2) - restriction: || (&& (== net452) (>= netstandard2.0)) (&& (== net46) (>= netstandard2.0)) (&& (== net461) (>= netstandard2.0)) (&& (== net462) (>= netstandard2.0)) (== net472) (== netcoreapp3.0) (== netcoreapp3.1)
    Microsoft.AspNetCore.Hosting.Server.Abstractions (2.2) - restriction: || (&& (== net452) (== netcoreapp3.0)) (&& (== net452) (== netcoreapp3.1)) (&& (== net452) (>= netstandard2.0)) (&& (== net46) (== netcoreapp3.0)) (&& (== net46) (== netcoreapp3.1)) (&& (== net46) (>= netstandard2.0)) (&& (== net461) (== netcoreapp3.0)) (&& (== net461) (== netcoreapp3.1)) (&& (== net461) (>= netstandard2.0)) (&& (== net462) (== netcoreapp3.0)) (&& (== net462) (== netcoreapp3.1)) (&& (== net462) (>= netstandard2.0)) (== net472) (&& (== netcoreapp3.0) (>= net461)) (&& (== netcoreapp3.1) (>= net461)) (&& (== netcoreapp3.1) (< netcoreapp3.0))
      Microsoft.AspNetCore.Http.Features (>= 2.2) - restriction: || (&& (== net452) (>= netstandard2.0)) (&& (== net46) (>= netstandard2.0)) (&& (== net461) (>= netstandard2.0)) (&& (== net462) (>= netstandard2.0)) (== net472) (== netcoreapp3.0) (== netcoreapp3.1)
      Microsoft.Extensions.Configuration.Abstractions (>= 2.2) - restriction: || (&& (== net452) (>= netstandard2.0)) (&& (== net46) (>= netstandard2.0)) (&& (== net461) (>= netstandard2.0)) (&& (== net462) (>= netstandard2.0)) (== net472) (== netcoreapp3.0) (== netcoreapp3.1)
    Microsoft.AspNetCore.Http (2.2.2) - restriction: || (&& (== net452) (== netcoreapp3.1)) (&& (== net452) (>= netstandard2.0)) (&& (== net46) (== netcoreapp3.1)) (&& (== net46) (>= netstandard2.0)) (&& (== net461) (== netcoreapp3.1)) (&& (== net461) (>= netstandard2.0)) (&& (== net462) (== netcoreapp3.1)) (&& (== net462) (>= netstandard2.0)) (== net472) (== netcoreapp3.0) (&& (== netcoreapp3.1) (>= net461)) (&& (== netcoreapp3.1) (< netcoreapp3.0))
      Microsoft.AspNetCore.Http.Abstractions (>= 2.2) - restriction: || (&& (== net452) (>= netstandard2.0)) (&& (== net46) (>= netstandard2.0)) (&& (== net461) (>= netstandard2.0)) (&& (== net462) (>= netstandard2.0)) (== net472) (== netcoreapp3.0) (== netcoreapp3.1)
      Microsoft.AspNetCore.WebUtilities (>= 2.2) - restriction: || (&& (== net452) (>= netstandard2.0)) (&& (== net46) (>= netstandard2.0)) (&& (== net461) (>= netstandard2.0)) (&& (== net462) (>= netstandard2.0)) (== net472) (== netcoreapp3.0) (== netcoreapp3.1)
      Microsoft.Extensions.ObjectPool (>= 2.2) - restriction: || (&& (== net452) (>= netstandard2.0)) (&& (== net46) (>= netstandard2.0)) (&& (== net461) (>= netstandard2.0)) (&& (== net462) (>= netstandard2.0)) (== net472) (== netcoreapp3.0) (== netcoreapp3.1)
      Microsoft.Extensions.Options (>= 2.2) - restriction: || (&& (== net452) (>= netstandard2.0)) (&& (== net46) (>= netstandard2.0)) (&& (== net461) (>= netstandard2.0)) (&& (== net462) (>= netstandard2.0)) (== net472) (== netcoreapp3.0) (== netcoreapp3.1)
      Microsoft.Net.Http.Headers (>= 2.2) - restriction: || (&& (== net452) (>= netstandard2.0)) (&& (== net46) (>= netstandard2.0)) (&& (== net461) (>= netstandard2.0)) (&& (== net462) (>= netstandard2.0)) (== net472) (== netcoreapp3.0) (== netcoreapp3.1)
    Microsoft.AspNetCore.Http.Abstractions (2.2) - restriction: || (&& (== net452) (== netcoreapp3.1)) (&& (== net452) (>= netstandard2.0)) (&& (== net46) (== netcoreapp3.1)) (&& (== net46) (>= netstandard2.0)) (&& (== net461) (== netcoreapp3.1)) (&& (== net461) (>= netstandard2.0)) (&& (== net462) (== netcoreapp3.1)) (&& (== net462) (>= netstandard2.0)) (== net472) (== netcoreapp3.0) (&& (== netcoreapp3.1) (>= net461)) (&& (== netcoreapp3.1) (< netcoreapp3.0))
      Microsoft.AspNetCore.Http.Features (>= 2.2) - restriction: || (&& (== net452) (>= netstandard2.0)) (&& (== net46) (>= netstandard2.0)) (&& (== net461) (>= netstandard2.0)) (&& (== net462) (>= netstandard2.0)) (== net472) (== netcoreapp3.0) (== netcoreapp3.1)
      System.Text.Encodings.Web (>= 4.5) - restriction: || (&& (== net452) (>= netstandard2.0)) (&& (== net46) (>= netstandard2.0)) (&& (== net461) (>= netstandard2.0)) (&& (== net462) (>= netstandard2.0)) (== net472) (== netcoreapp3.0) (== netcoreapp3.1)
    Microsoft.AspNetCore.Http.Extensions (2.2) - restriction: || (&& (== net452) (== netcoreapp3.1)) (&& (== net452) (>= netstandard2.0)) (&& (== net46) (== netcoreapp3.1)) (&& (== net46) (>= netstandard2.0)) (&& (== net461) (== netcoreapp3.1)) (&& (== net461) (>= netstandard2.0)) (&& (== net462) (== netcoreapp3.1)) (&& (== net462) (>= netstandard2.0)) (== net472) (== netcoreapp3.0) (&& (== netcoreapp3.1) (>= net461)) (&& (== netcoreapp3.1) (< netcoreapp3.0))
      Microsoft.AspNetCore.Http.Abstractions (>= 2.2) - restriction: || (&& (== net452) (>= netstandard2.0)) (&& (== net46) (>= netstandard2.0)) (&& (== net461) (>= netstandard2.0)) (&& (== net462) (>= netstandard2.0)) (== net472) (== netcoreapp3.0) (== netcoreapp3.1)
      Microsoft.Extensions.FileProviders.Abstractions (>= 2.2) - restriction: || (&& (== net452) (>= netstandard2.0)) (&& (== net46) (>= netstandard2.0)) (&& (== net461) (>= netstandard2.0)) (&& (== net462) (>= netstandard2.0)) (== net472) (== netcoreapp3.0) (== netcoreapp3.1)
      Microsoft.Net.Http.Headers (>= 2.2) - restriction: || (&& (== net452) (>= netstandard2.0)) (&& (== net46) (>= netstandard2.0)) (&& (== net461) (>= netstandard2.0)) (&& (== net462) (>= netstandard2.0)) (== net472) (== netcoreapp3.0) (== netcoreapp3.1)
      System.Buffers (>= 4.5) - restriction: || (&& (== net452) (>= netstandard2.0)) (&& (== net46) (>= netstandard2.0)) (&& (== net461) (>= netstandard2.0)) (&& (== net462) (>= netstandard2.0)) (== net472) (== netcoreapp3.0) (== netcoreapp3.1)
    Microsoft.AspNetCore.Http.Features (3.1.3) - restriction: || (&& (== net452) (== netcoreapp3.1)) (&& (== net452) (>= netstandard2.0)) (&& (== net46) (== netcoreapp3.1)) (&& (== net46) (>= netstandard2.0)) (&& (== net461) (== netcoreapp3.1)) (&& (== net461) (>= netstandard2.0)) (&& (== net462) (== netcoreapp3.1)) (&& (== net462) (>= netstandard2.0)) (== net472) (== netcoreapp3.0) (&& (== netcoreapp3.1) (>= net461)) (&& (== netcoreapp3.1) (< netcoreapp3.0))
      Microsoft.Extensions.Primitives (>= 3.1.3) - restriction: || (&& (== net452) (>= netstandard2.0)) (&& (== net46) (>= netstandard2.0)) (&& (== net461) (>= netstandard2.0)) (&& (== net462) (>= netstandard2.0)) (== net472) (== netcoreapp3.0) (== netcoreapp3.1)
      System.IO.Pipelines (>= 4.7.1) - restriction: || (&& (== net452) (>= netstandard2.0)) (&& (== net46) (>= netstandard2.0)) (&& (== net461) (>= netstandard2.0)) (&& (== net462) (>= netstandard2.0)) (== net472) (== netcoreapp3.0) (== netcoreapp3.1)
    Microsoft.AspNetCore.HttpOverrides (2.2) - restriction: || (&& (== net452) (== netcoreapp3.1)) (&& (== net452) (>= netstandard2.0)) (&& (== net46) (== netcoreapp3.1)) (&& (== net46) (>= netstandard2.0)) (&& (== net461) (== netcoreapp3.1)) (&& (== net461) (>= netstandard2.0)) (&& (== net462) (== netcoreapp3.1)) (&& (== net462) (>= netstandard2.0)) (== net472) (== netcoreapp3.0)
      Microsoft.AspNetCore.Http.Extensions (>= 2.2) - restriction: || (&& (== net452) (>= netstandard2.0)) (&& (== net46) (>= netstandard2.0)) (&& (== net461) (>= netstandard2.0)) (&& (== net462) (>= netstandard2.0)) (== net472) (== netcoreapp3.0) (== netcoreapp3.1)
      Microsoft.Extensions.Logging.Abstractions (>= 2.2) - restriction: || (&& (== net452) (>= netstandard2.0)) (&& (== net46) (>= netstandard2.0)) (&& (== net461) (>= netstandard2.0)) (&& (== net462) (>= netstandard2.0)) (== net472) (== netcoreapp3.0) (== netcoreapp3.1)
      Microsoft.Extensions.Options (>= 2.2) - restriction: || (&& (== net452) (>= netstandard2.0)) (&& (== net46) (>= netstandard2.0)) (&& (== net461) (>= netstandard2.0)) (&& (== net462) (>= netstandard2.0)) (== net472) (== netcoreapp3.0) (== netcoreapp3.1)
    Microsoft.AspNetCore.Metadata (3.1.3) - restriction: || (&& (== net452) (== netcoreapp3.0)) (&& (== net452) (== netcoreapp3.1)) (&& (== net452) (>= netstandard2.0)) (&& (== net46) (== netcoreapp3.0)) (&& (== net46) (== netcoreapp3.1)) (&& (== net46) (>= netstandard2.0)) (&& (== net461) (== netcoreapp3.0)) (&& (== net461) (== netcoreapp3.1)) (&& (== net461) (>= netstandard2.0)) (&& (== net462) (== netcoreapp3.0)) (&& (== net462) (== netcoreapp3.1)) (&& (== net462) (>= netstandard2.0)) (== net472) (&& (== netcoreapp3.0) (>= net461)) (&& (== netcoreapp3.1) (>= net461)) (&& (== netcoreapp3.1) (< netcoreapp3.0))
    Microsoft.AspNetCore.ResponseCaching (2.2) - restriction: || (&& (== net452) (== netcoreapp3.0)) (&& (== net452) (== netcoreapp3.1)) (&& (== net452) (>= net461)) (&& (== net452) (>= netstandard2.0)) (&& (== net46) (== netcoreapp3.0)) (&& (== net46) (== netcoreapp3.1)) (&& (== net46) (>= net461)) (&& (== net46) (>= netstandard2.0)) (== net461) (== net462) (== net472) (&& (== netcoreapp3.0) (>= net461)) (&& (== netcoreapp3.1) (>= net461)) (&& (== netcoreapp3.1) (< netcoreapp3.0))
      Microsoft.AspNetCore.Http (>= 2.2) - restriction: || (&& (== net452) (>= netstandard2.0)) (&& (== net46) (>= netstandard2.0)) (&& (== net461) (>= netstandard2.0)) (&& (== net462) (>= netstandard2.0)) (== net472) (== netcoreapp3.0) (== netcoreapp3.1)
      Microsoft.AspNetCore.Http.Extensions (>= 2.2) - restriction: || (&& (== net452) (>= netstandard2.0)) (&& (== net46) (>= netstandard2.0)) (&& (== net461) (>= netstandard2.0)) (&& (== net462) (>= netstandard2.0)) (== net472) (== netcoreapp3.0) (== netcoreapp3.1)
      Microsoft.AspNetCore.ResponseCaching.Abstractions (>= 2.2) - restriction: || (&& (== net452) (>= netstandard2.0)) (&& (== net46) (>= netstandard2.0)) (&& (== net461) (>= netstandard2.0)) (&& (== net462) (>= netstandard2.0)) (== net472) (== netcoreapp3.0) (== netcoreapp3.1)
      Microsoft.Extensions.Caching.Memory (>= 2.2) - restriction: || (&& (== net452) (>= netstandard2.0)) (&& (== net46) (>= netstandard2.0)) (&& (== net461) (>= netstandard2.0)) (&& (== net462) (>= netstandard2.0)) (== net472) (== netcoreapp3.0) (== netcoreapp3.1)
      Microsoft.Extensions.Logging.Abstractions (>= 2.2) - restriction: || (&& (== net452) (>= netstandard2.0)) (&& (== net46) (>= netstandard2.0)) (&& (== net461) (>= netstandard2.0)) (&& (== net462) (>= netstandard2.0)) (== net472) (== netcoreapp3.0) (== netcoreapp3.1)
    Microsoft.AspNetCore.ResponseCaching.Abstractions (2.2) - restriction: || (&& (== net452) (== netcoreapp3.0)) (&& (== net452) (== netcoreapp3.1)) (&& (== net452) (>= netstandard2.0)) (&& (== net46) (== netcoreapp3.0)) (&& (== net46) (== netcoreapp3.1)) (&& (== net46) (>= netstandard2.0)) (&& (== net461) (== netcoreapp3.0)) (&& (== net461) (== netcoreapp3.1)) (&& (== net461) (>= netstandard2.0)) (&& (== net462) (== netcoreapp3.0)) (&& (== net462) (== netcoreapp3.1)) (&& (== net462) (>= netstandard2.0)) (== net472) (&& (== netcoreapp3.0) (>= net461)) (&& (== netcoreapp3.1) (>= net461)) (&& (== netcoreapp3.1) (< netcoreapp3.0))
      Microsoft.Extensions.Primitives (>= 2.2) - restriction: || (&& (== net452) (>= netstandard2.0)) (&& (== net46) (>= netstandard2.0)) (&& (== net461) (>= netstandard2.0)) (&& (== net462) (>= netstandard2.0)) (== net472) (== netcoreapp3.0) (== netcoreapp3.1)
    Microsoft.AspNetCore.ResponseCompression (2.2) - restriction: || (&& (== net452) (== netcoreapp3.1)) (&& (== net452) (>= netstandard2.0)) (&& (== net46) (== netcoreapp3.1)) (&& (== net46) (>= netstandard2.0)) (&& (== net461) (== netcoreapp3.1)) (&& (== net461) (>= netstandard2.0)) (&& (== net462) (== netcoreapp3.1)) (&& (== net462) (>= netstandard2.0)) (== net472) (== netcoreapp3.0)
      Microsoft.AspNetCore.Http.Extensions (>= 2.2) - restriction: || (&& (== net452) (>= net461)) (&& (== net452) (>= netstandard2.0)) (&& (== net46) (>= net461)) (&& (== net46) (>= netstandard2.0)) (== net461) (== net462) (== net472) (== netcoreapp3.0) (== netcoreapp3.1)
      Microsoft.Extensions.Logging.Abstractions (>= 2.2) - restriction: || (&& (== net452) (>= net461)) (&& (== net452) (>= netstandard2.0)) (&& (== net46) (>= net461)) (&& (== net46) (>= netstandard2.0)) (== net461) (== net462) (== net472) (== netcoreapp3.0) (== netcoreapp3.1)
      Microsoft.Extensions.Options (>= 2.2) - restriction: || (&& (== net452) (>= net461)) (&& (== net452) (>= netstandard2.0)) (&& (== net46) (>= net461)) (&& (== net46) (>= netstandard2.0)) (== net461) (== net462) (== net472) (== netcoreapp3.0) (== netcoreapp3.1)
    Microsoft.AspNetCore.Rewrite (2.2) - restriction: || (&& (== net452) (== netcoreapp3.1)) (&& (== net452) (>= netstandard2.0)) (&& (== net46) (== netcoreapp3.1)) (&& (== net46) (>= netstandard2.0)) (&& (== net461) (== netcoreapp3.1)) (&& (== net461) (>= netstandard2.0)) (&& (== net462) (== netcoreapp3.1)) (&& (== net462) (>= netstandard2.0)) (== net472) (== netcoreapp3.0)
      Microsoft.AspNetCore.Hosting.Abstractions (>= 2.2) - restriction: || (&& (== net452) (>= netstandard2.0)) (&& (== net46) (>= netstandard2.0)) (&& (== net461) (>= netstandard2.0)) (&& (== net462) (>= netstandard2.0)) (== net472) (== netcoreapp3.0) (== netcoreapp3.1)
      Microsoft.AspNetCore.Http.Extensions (>= 2.2) - restriction: || (&& (== net452) (>= netstandard2.0)) (&& (== net46) (>= netstandard2.0)) (&& (== net461) (>= netstandard2.0)) (&& (== net462) (>= netstandard2.0)) (== net472) (== netcoreapp3.0) (== netcoreapp3.1)
      Microsoft.Extensions.Configuration.Abstractions (>= 2.2) - restriction: || (&& (== net452) (>= netstandard2.0)) (&& (== net46) (>= netstandard2.0)) (&& (== net461) (>= netstandard2.0)) (&& (== net462) (>= netstandard2.0)) (== net472) (== netcoreapp3.0) (== netcoreapp3.1)
      Microsoft.Extensions.FileProviders.Abstractions (>= 2.2) - restriction: || (&& (== net452) (>= netstandard2.0)) (&& (== net46) (>= netstandard2.0)) (&& (== net461) (>= netstandard2.0)) (&& (== net462) (>= netstandard2.0)) (== net472) (== netcoreapp3.0) (== netcoreapp3.1)
      Microsoft.Extensions.Logging.Abstractions (>= 2.2) - restriction: || (&& (== net452) (>= netstandard2.0)) (&& (== net46) (>= netstandard2.0)) (&& (== net461) (>= netstandard2.0)) (&& (== net462) (>= netstandard2.0)) (== net472) (== netcoreapp3.0) (== netcoreapp3.1)
      Microsoft.Extensions.Options (>= 2.2) - restriction: || (&& (== net452) (>= netstandard2.0)) (&& (== net46) (>= netstandard2.0)) (&& (== net461) (>= netstandard2.0)) (&& (== net462) (>= netstandard2.0)) (== net472) (== netcoreapp3.0) (== netcoreapp3.1)
    Microsoft.AspNetCore.Routing (2.2.2) - restriction: || (&& (== net452) (== netcoreapp3.1)) (&& (== net452) (>= netstandard2.0)) (&& (== net46) (== netcoreapp3.1)) (&& (== net46) (>= netstandard2.0)) (&& (== net461) (== netcoreapp3.1)) (&& (== net461) (>= netstandard2.0)) (&& (== net462) (== netcoreapp3.1)) (&& (== net462) (>= netstandard2.0)) (== net472) (== netcoreapp3.0)
      Microsoft.AspNetCore.Http.Extensions (>= 2.2) - restriction: || (&& (== net452) (>= netstandard2.0)) (&& (== net46) (>= netstandard2.0)) (&& (== net461) (>= netstandard2.0)) (&& (== net462) (>= netstandard2.0)) (== net472) (== netcoreapp3.0) (== netcoreapp3.1)
      Microsoft.AspNetCore.Routing.Abstractions (>= 2.2) - restriction: || (&& (== net452) (>= netstandard2.0)) (&& (== net46) (>= netstandard2.0)) (&& (== net461) (>= netstandard2.0)) (&& (== net462) (>= netstandard2.0)) (== net472) (== netcoreapp3.0) (== netcoreapp3.1)
      Microsoft.Extensions.Logging.Abstractions (>= 2.2) - restriction: || (&& (== net452) (>= netstandard2.0)) (&& (== net46) (>= netstandard2.0)) (&& (== net461) (>= netstandard2.0)) (&& (== net462) (>= netstandard2.0)) (== net472) (== netcoreapp3.0) (== netcoreapp3.1)
      Microsoft.Extensions.ObjectPool (>= 2.2) - restriction: || (&& (== net452) (>= netstandard2.0)) (&& (== net46) (>= netstandard2.0)) (&& (== net461) (>= netstandard2.0)) (&& (== net462) (>= netstandard2.0)) (== net472) (== netcoreapp3.0) (== netcoreapp3.1)
      Microsoft.Extensions.Options (>= 2.2) - restriction: || (&& (== net452) (>= netstandard2.0)) (&& (== net46) (>= netstandard2.0)) (&& (== net461) (>= netstandard2.0)) (&& (== net462) (>= netstandard2.0)) (== net472) (== netcoreapp3.0) (== netcoreapp3.1)
    Microsoft.AspNetCore.Routing.Abstractions (2.2) - restriction: || (&& (== net452) (== netcoreapp3.1)) (&& (== net452) (>= netstandard2.0)) (&& (== net46) (== netcoreapp3.1)) (&& (== net46) (>= netstandard2.0)) (&& (== net461) (== netcoreapp3.1)) (&& (== net461) (>= netstandard2.0)) (&& (== net462) (== netcoreapp3.1)) (&& (== net462) (>= netstandard2.0)) (== net472) (== netcoreapp3.0)
      Microsoft.AspNetCore.Http.Abstractions (>= 2.2) - restriction: || (&& (== net452) (>= netstandard2.0)) (&& (== net46) (>= netstandard2.0)) (&& (== net461) (>= netstandard2.0)) (&& (== net462) (>= netstandard2.0)) (== net472) (== netcoreapp3.0) (== netcoreapp3.1)
    Microsoft.AspNetCore.Server.IIS (2.2.6) - restriction: || (&& (== net452) (== netcoreapp3.1)) (&& (== net452) (>= netstandard2.0)) (&& (== net46) (== netcoreapp3.1)) (&& (== net46) (>= netstandard2.0)) (&& (== net461) (== netcoreapp3.1)) (&& (== net461) (>= netstandard2.0)) (&& (== net462) (== netcoreapp3.1)) (&& (== net462) (>= netstandard2.0)) (== net472) (== netcoreapp3.0)
      Microsoft.AspNetCore.Authentication.Core (>= 2.2) - restriction: || (&& (== net452) (>= netstandard2.0)) (&& (== net46) (>= netstandard2.0)) (&& (== net461) (>= netstandard2.0)) (&& (== net462) (>= netstandard2.0)) (== net472) (== netcoreapp3.0) (== netcoreapp3.1)
      Microsoft.AspNetCore.Connections.Abstractions (>= 2.2) - restriction: || (&& (== net452) (>= netstandard2.0)) (&& (== net46) (>= netstandard2.0)) (&& (== net461) (>= netstandard2.0)) (&& (== net462) (>= netstandard2.0)) (== net472) (== netcoreapp3.0) (== netcoreapp3.1)
      Microsoft.AspNetCore.Hosting.Abstractions (>= 2.2) - restriction: || (&& (== net452) (>= netstandard2.0)) (&& (== net46) (>= netstandard2.0)) (&& (== net461) (>= netstandard2.0)) (&& (== net462) (>= netstandard2.0)) (== net472) (== netcoreapp3.0) (== netcoreapp3.1)
      System.IO.Pipelines (>= 4.5.3) - restriction: || (&& (== net452) (>= netstandard2.0)) (&& (== net46) (>= netstandard2.0)) (&& (== net461) (>= netstandard2.0)) (&& (== net462) (>= netstandard2.0)) (== net472) (== netcoreapp3.0) (== netcoreapp3.1)
      System.Security.Principal.Windows (>= 4.5) - restriction: || (&& (== net452) (>= netstandard2.0)) (&& (== net46) (>= netstandard2.0)) (&& (== net461) (>= netstandard2.0)) (&& (== net462) (>= netstandard2.0)) (== net472) (== netcoreapp3.0) (== netcoreapp3.1)
    Microsoft.AspNetCore.Server.IISIntegration (2.2.1) - restriction: || (&& (== net452) (== netcoreapp3.1)) (&& (== net452) (>= netstandard2.0)) (&& (== net46) (== netcoreapp3.1)) (&& (== net46) (>= netstandard2.0)) (&& (== net461) (== netcoreapp3.1)) (&& (== net461) (>= netstandard2.0)) (&& (== net462) (== netcoreapp3.1)) (&& (== net462) (>= netstandard2.0)) (== net472) (== netcoreapp3.0)
      Microsoft.AspNetCore.Authentication.Core (>= 2.2) - restriction: || (&& (== net452) (>= netstandard2.0)) (&& (== net46) (>= netstandard2.0)) (&& (== net461) (>= netstandard2.0)) (&& (== net462) (>= netstandard2.0)) (== net472) (== netcoreapp3.0) (== netcoreapp3.1)
      Microsoft.AspNetCore.Hosting.Abstractions (>= 2.2) - restriction: || (&& (== net452) (>= netstandard2.0)) (&& (== net46) (>= netstandard2.0)) (&& (== net461) (>= netstandard2.0)) (&& (== net462) (>= netstandard2.0)) (== net472) (== netcoreapp3.0) (== netcoreapp3.1)
      Microsoft.AspNetCore.Http (>= 2.2) - restriction: || (&& (== net452) (>= netstandard2.0)) (&& (== net46) (>= netstandard2.0)) (&& (== net461) (>= netstandard2.0)) (&& (== net462) (>= netstandard2.0)) (== net472) (== netcoreapp3.0) (== netcoreapp3.1)
      Microsoft.AspNetCore.Http.Extensions (>= 2.2) - restriction: || (&& (== net452) (>= netstandard2.0)) (&& (== net46) (>= netstandard2.0)) (&& (== net461) (>= netstandard2.0)) (&& (== net462) (>= netstandard2.0)) (== net472) (== netcoreapp3.0) (== netcoreapp3.1)
      Microsoft.AspNetCore.HttpOverrides (>= 2.2) - restriction: || (&& (== net452) (>= netstandard2.0)) (&& (== net46) (>= netstandard2.0)) (&& (== net461) (>= netstandard2.0)) (&& (== net462) (>= netstandard2.0)) (== net472) (== netcoreapp3.0) (== netcoreapp3.1)
      Microsoft.Extensions.Logging.Abstractions (>= 2.2) - restriction: || (&& (== net452) (>= netstandard2.0)) (&& (== net46) (>= netstandard2.0)) (&& (== net461) (>= netstandard2.0)) (&& (== net462) (>= netstandard2.0)) (== net472) (== netcoreapp3.0) (== netcoreapp3.1)
      Microsoft.Extensions.Options (>= 2.2) - restriction: || (&& (== net452) (>= netstandard2.0)) (&& (== net46) (>= netstandard2.0)) (&& (== net461) (>= netstandard2.0)) (&& (== net462) (>= netstandard2.0)) (== net472) (== netcoreapp3.0) (== netcoreapp3.1)
      System.Buffers (>= 4.5) - restriction: || (&& (== net452) (>= netstandard2.0)) (&& (== net46) (>= netstandard2.0)) (&& (== net461) (>= netstandard2.0)) (&& (== net462) (>= netstandard2.0)) (== net472) (== netcoreapp3.0) (== netcoreapp3.1)
      System.IO.Pipelines (>= 4.5.2) - restriction: || (&& (== net452) (>= netstandard2.0)) (&& (== net46) (>= netstandard2.0)) (&& (== net461) (>= netstandard2.0)) (&& (== net462) (>= netstandard2.0)) (== net472) (== netcoreapp3.0) (== netcoreapp3.1)
      System.Memory (>= 4.5.1) - restriction: || (&& (== net452) (>= netstandard2.0)) (&& (== net46) (>= netstandard2.0)) (&& (== net461) (>= netstandard2.0)) (&& (== net462) (>= netstandard2.0)) (== net472) (== netcoreapp3.0) (== netcoreapp3.1)
      System.Numerics.Vectors (>= 4.5) - restriction: || (&& (== net452) (>= netstandard2.0)) (&& (== net46) (>= netstandard2.0)) (&& (== net461) (>= netstandard2.0)) (&& (== net462) (>= netstandard2.0)) (== net472) (== netcoreapp3.0) (== netcoreapp3.1)
      System.Runtime.CompilerServices.Unsafe (>= 4.5.1) - restriction: || (&& (== net452) (>= netstandard2.0)) (&& (== net46) (>= netstandard2.0)) (&& (== net461) (>= netstandard2.0)) (&& (== net462) (>= netstandard2.0)) (== net472) (== netcoreapp3.0) (== netcoreapp3.1)
      System.Security.Principal.Windows (>= 4.5) - restriction: || (&& (== net452) (>= netstandard2.0)) (&& (== net46) (>= netstandard2.0)) (&& (== net461) (>= netstandard2.0)) (&& (== net462) (>= netstandard2.0)) (== net472) (== netcoreapp3.0) (== netcoreapp3.1)
    Microsoft.AspNetCore.Server.Kestrel (2.2) - restriction: || (&& (== net452) (== netcoreapp3.1)) (&& (== net452) (>= netstandard2.0)) (&& (== net46) (== netcoreapp3.1)) (&& (== net46) (>= netstandard2.0)) (&& (== net461) (== netcoreapp3.1)) (&& (== net461) (>= netstandard2.0)) (&& (== net462) (== netcoreapp3.1)) (&& (== net462) (>= netstandard2.0)) (== net472) (== netcoreapp3.0)
      Microsoft.AspNetCore.Hosting (>= 2.2) - restriction: || (&& (== net452) (>= netstandard2.0)) (&& (== net46) (>= netstandard2.0)) (&& (== net461) (>= netstandard2.0)) (&& (== net462) (>= netstandard2.0)) (== net472) (== netcoreapp3.0) (== netcoreapp3.1)
      Microsoft.AspNetCore.Server.Kestrel.Core (>= 2.2) - restriction: || (&& (== net452) (>= netstandard2.0)) (&& (== net46) (>= netstandard2.0)) (&& (== net461) (>= netstandard2.0)) (&& (== net462) (>= netstandard2.0)) (== net472) (== netcoreapp3.0) (== netcoreapp3.1)
      Microsoft.AspNetCore.Server.Kestrel.Https (>= 2.2) - restriction: || (&& (== net452) (>= netstandard2.0)) (&& (== net46) (>= netstandard2.0)) (&& (== net461) (>= netstandard2.0)) (&& (== net462) (>= netstandard2.0)) (== net472) (== netcoreapp3.0) (== netcoreapp3.1)
      Microsoft.AspNetCore.Server.Kestrel.Transport.Sockets (>= 2.2) - restriction: || (&& (== net452) (>= netstandard2.0)) (&& (== net46) (>= netstandard2.0)) (&& (== net461) (>= netstandard2.0)) (&& (== net462) (>= netstandard2.0)) (== net472) (== netcoreapp3.0) (== netcoreapp3.1)
    Microsoft.AspNetCore.Server.Kestrel.Core (2.2) - restriction: || (&& (== net452) (== netcoreapp3.1)) (&& (== net452) (>= netstandard2.0)) (&& (== net46) (== netcoreapp3.1)) (&& (== net46) (>= netstandard2.0)) (&& (== net461) (== netcoreapp3.1)) (&& (== net461) (>= netstandard2.0)) (&& (== net462) (== netcoreapp3.1)) (&& (== net462) (>= netstandard2.0)) (== net472) (== netcoreapp3.0)
      Microsoft.AspNetCore.Hosting.Abstractions (>= 2.2) - restriction: || (&& (== net452) (>= netstandard2.0)) (&& (== net46) (>= netstandard2.0)) (&& (== net461) (>= netstandard2.0)) (&& (== net462) (>= netstandard2.0)) (== net472) (== netcoreapp3.0) (== netcoreapp3.1)
      Microsoft.AspNetCore.Http (>= 2.2) - restriction: || (&& (== net452) (>= netstandard2.0)) (&& (== net46) (>= netstandard2.0)) (&& (== net461) (>= netstandard2.0)) (&& (== net462) (>= netstandard2.0)) (== net472) (== netcoreapp3.0) (== netcoreapp3.1)
      Microsoft.AspNetCore.Server.Kestrel.Transport.Abstractions (>= 2.2) - restriction: || (&& (== net452) (>= netstandard2.0)) (&& (== net46) (>= netstandard2.0)) (&& (== net461) (>= netstandard2.0)) (&& (== net462) (>= netstandard2.0)) (== net472) (== netcoreapp3.0) (== netcoreapp3.1)
      Microsoft.AspNetCore.WebUtilities (>= 2.2) - restriction: || (&& (== net452) (>= netstandard2.0)) (&& (== net46) (>= netstandard2.0)) (&& (== net461) (>= netstandard2.0)) (&& (== net462) (>= netstandard2.0)) (== net472) (== netcoreapp3.0) (== netcoreapp3.1)
      Microsoft.Extensions.Configuration.Binder (>= 2.2) - restriction: || (&& (== net452) (>= netstandard2.0)) (&& (== net46) (>= netstandard2.0)) (&& (== net461) (>= netstandard2.0)) (&& (== net462) (>= netstandard2.0)) (== net472) (== netcoreapp3.0) (== netcoreapp3.1)
      Microsoft.Extensions.Logging.Abstractions (>= 2.2) - restriction: || (&& (== net452) (>= netstandard2.0)) (&& (== net46) (>= netstandard2.0)) (&& (== net461) (>= netstandard2.0)) (&& (== net462) (>= netstandard2.0)) (== net472) (== netcoreapp3.0) (== netcoreapp3.1)
      Microsoft.Extensions.Options (>= 2.2) - restriction: || (&& (== net452) (>= netstandard2.0)) (&& (== net46) (>= netstandard2.0)) (&& (== net461) (>= netstandard2.0)) (&& (== net462) (>= netstandard2.0)) (== net472) (== netcoreapp3.0) (== netcoreapp3.1)
      Microsoft.Net.Http.Headers (>= 2.2) - restriction: || (&& (== net452) (>= netstandard2.0)) (&& (== net46) (>= netstandard2.0)) (&& (== net461) (>= netstandard2.0)) (&& (== net462) (>= netstandard2.0)) (== net472) (== netcoreapp3.0) (== netcoreapp3.1)
      System.Memory (>= 4.5.1) - restriction: || (&& (== net452) (>= netstandard2.0)) (&& (== net46) (>= netstandard2.0)) (&& (== net461) (>= netstandard2.0)) (&& (== net462) (>= netstandard2.0)) (== net472) (== netcoreapp3.0) (== netcoreapp3.1)
      System.Numerics.Vectors (>= 4.5) - restriction: || (&& (== net452) (>= netstandard2.0)) (&& (== net46) (>= netstandard2.0)) (&& (== net461) (>= netstandard2.0)) (&& (== net462) (>= netstandard2.0)) (== net472) (== netcoreapp3.0) (== netcoreapp3.1)
      System.Runtime.CompilerServices.Unsafe (>= 4.5.1) - restriction: || (&& (== net452) (>= netstandard2.0)) (&& (== net46) (>= netstandard2.0)) (&& (== net461) (>= netstandard2.0)) (&& (== net462) (>= netstandard2.0)) (== net472) (== netcoreapp3.0) (== netcoreapp3.1)
      System.Security.Cryptography.Cng (>= 4.5) - restriction: || (&& (== net452) (>= netstandard2.0)) (&& (== net46) (>= netstandard2.0)) (&& (== net461) (>= netstandard2.0)) (&& (== net462) (>= netstandard2.0)) (== net472) (== netcoreapp3.0) (== netcoreapp3.1)
      System.Threading.Tasks.Extensions (>= 4.5.1) - restriction: || (&& (== net452) (>= netstandard2.0)) (&& (== net46) (>= netstandard2.0)) (&& (== net461) (>= netstandard2.0)) (&& (== net462) (>= netstandard2.0)) (== net472) (== netcoreapp3.0) (== netcoreapp3.1)
    Microsoft.AspNetCore.Server.Kestrel.Https (2.2) - restriction: || (&& (== net452) (== netcoreapp3.1)) (&& (== net452) (>= netstandard2.0)) (&& (== net46) (== netcoreapp3.1)) (&& (== net46) (>= netstandard2.0)) (&& (== net461) (== netcoreapp3.1)) (&& (== net461) (>= netstandard2.0)) (&& (== net462) (== netcoreapp3.1)) (&& (== net462) (>= netstandard2.0)) (== net472) (== netcoreapp3.0)
      Microsoft.AspNetCore.Http.Abstractions (>= 2.2) - restriction: || (&& (== net452) (>= netstandard2.0)) (&& (== net46) (>= netstandard2.0)) (&& (== net461) (>= netstandard2.0)) (&& (== net462) (>= netstandard2.0)) (== net472) (== netcoreapp3.0) (== netcoreapp3.1)
      Microsoft.AspNetCore.Server.Kestrel.Core (>= 2.2) - restriction: || (&& (== net452) (>= netstandard2.0)) (&& (== net46) (>= netstandard2.0)) (&& (== net461) (>= netstandard2.0)) (&& (== net462) (>= netstandard2.0)) (== net472) (== netcoreapp3.0) (== netcoreapp3.1)
    Microsoft.AspNetCore.Server.Kestrel.Transport.Abstractions (2.2) - restriction: || (&& (== net452) (== netcoreapp3.1)) (&& (== net452) (>= netstandard2.0)) (&& (== net46) (== netcoreapp3.1)) (&& (== net46) (>= netstandard2.0)) (&& (== net461) (== netcoreapp3.1)) (&& (== net461) (>= netstandard2.0)) (&& (== net462) (== netcoreapp3.1)) (&& (== net462) (>= netstandard2.0)) (== net472) (== netcoreapp3.0)
      Microsoft.AspNetCore.Connections.Abstractions (>= 2.2) - restriction: || (&& (== net452) (>= netstandard2.0)) (&& (== net46) (>= netstandard2.0)) (&& (== net461) (>= netstandard2.0)) (&& (== net462) (>= netstandard2.0)) (== net472) (== netcoreapp3.0) (== netcoreapp3.1)
    Microsoft.AspNetCore.Server.Kestrel.Transport.Sockets (2.2.1) - restriction: || (&& (== net452) (== netcoreapp3.1)) (&& (== net452) (>= netstandard2.0)) (&& (== net46) (== netcoreapp3.1)) (&& (== net46) (>= netstandard2.0)) (&& (== net461) (== netcoreapp3.1)) (&& (== net461) (>= netstandard2.0)) (&& (== net462) (== netcoreapp3.1)) (&& (== net462) (>= netstandard2.0)) (== net472) (== netcoreapp3.0)
      Microsoft.AspNetCore.Hosting.Abstractions (>= 2.2) - restriction: || (&& (== net452) (>= netstandard2.0)) (&& (== net46) (>= netstandard2.0)) (&& (== net461) (>= netstandard2.0)) (&& (== net462) (>= netstandard2.0)) (== net472) (== netcoreapp3.0) (== netcoreapp3.1)
      Microsoft.AspNetCore.Server.Kestrel.Transport.Abstractions (>= 2.2) - restriction: || (&& (== net452) (>= netstandard2.0)) (&& (== net46) (>= netstandard2.0)) (&& (== net461) (>= netstandard2.0)) (&& (== net462) (>= netstandard2.0)) (== net472) (== netcoreapp3.0) (== netcoreapp3.1)
      Microsoft.Extensions.Options (>= 2.2) - restriction: || (&& (== net452) (>= netstandard2.0)) (&& (== net46) (>= netstandard2.0)) (&& (== net461) (>= netstandard2.0)) (&& (== net462) (>= netstandard2.0)) (== net472) (== netcoreapp3.0) (== netcoreapp3.1)
    Microsoft.AspNetCore.Session (2.2) - restriction: || (&& (== net452) (== netcoreapp3.1)) (&& (== net452) (>= netstandard2.0)) (&& (== net46) (== netcoreapp3.1)) (&& (== net46) (>= netstandard2.0)) (&& (== net461) (== netcoreapp3.1)) (&& (== net461) (>= netstandard2.0)) (&& (== net462) (== netcoreapp3.1)) (&& (== net462) (>= netstandard2.0)) (== net472) (== netcoreapp3.0)
      Microsoft.AspNetCore.DataProtection (>= 2.2) - restriction: || (&& (== net452) (>= netstandard2.0)) (&& (== net46) (>= netstandard2.0)) (&& (== net461) (>= netstandard2.0)) (&& (== net462) (>= netstandard2.0)) (== net472) (== netcoreapp3.0) (== netcoreapp3.1)
      Microsoft.AspNetCore.Http.Abstractions (>= 2.2) - restriction: || (&& (== net452) (>= netstandard2.0)) (&& (== net46) (>= netstandard2.0)) (&& (== net461) (>= netstandard2.0)) (&& (== net462) (>= netstandard2.0)) (== net472) (== netcoreapp3.0) (== netcoreapp3.1)
      Microsoft.Extensions.Caching.Abstractions (>= 2.2) - restriction: || (&& (== net452) (>= netstandard2.0)) (&& (== net46) (>= netstandard2.0)) (&& (== net461) (>= netstandard2.0)) (&& (== net462) (>= netstandard2.0)) (== net472) (== netcoreapp3.0) (== netcoreapp3.1)
      Microsoft.Extensions.Logging.Abstractions (>= 2.2) - restriction: || (&& (== net452) (>= netstandard2.0)) (&& (== net46) (>= netstandard2.0)) (&& (== net461) (>= netstandard2.0)) (&& (== net462) (>= netstandard2.0)) (== net472) (== netcoreapp3.0) (== netcoreapp3.1)
      Microsoft.Extensions.Options (>= 2.2) - restriction: || (&& (== net452) (>= netstandard2.0)) (&& (== net46) (>= netstandard2.0)) (&& (== net461) (>= netstandard2.0)) (&& (== net462) (>= netstandard2.0)) (== net472) (== netcoreapp3.0) (== netcoreapp3.1)
    Microsoft.AspNetCore.StaticFiles (2.2) - restriction: || (&& (== net452) (== netcoreapp3.1)) (&& (== net452) (>= netstandard2.0)) (&& (== net46) (== netcoreapp3.1)) (&& (== net46) (>= netstandard2.0)) (&& (== net461) (== netcoreapp3.1)) (&& (== net461) (>= netstandard2.0)) (&& (== net462) (== netcoreapp3.1)) (&& (== net462) (>= netstandard2.0)) (== net472) (== netcoreapp3.0)
      Microsoft.AspNetCore.Hosting.Abstractions (>= 2.2) - restriction: || (&& (== net452) (>= netstandard2.0)) (&& (== net46) (>= netstandard2.0)) (&& (== net461) (>= netstandard2.0)) (&& (== net462) (>= netstandard2.0)) (== net472) (== netcoreapp3.0) (== netcoreapp3.1)
      Microsoft.AspNetCore.Http.Extensions (>= 2.2) - restriction: || (&& (== net452) (>= netstandard2.0)) (&& (== net46) (>= netstandard2.0)) (&& (== net461) (>= netstandard2.0)) (&& (== net462) (>= netstandard2.0)) (== net472) (== netcoreapp3.0) (== netcoreapp3.1)
      Microsoft.Extensions.FileProviders.Abstractions (>= 2.2) - restriction: || (&& (== net452) (>= netstandard2.0)) (&& (== net46) (>= netstandard2.0)) (&& (== net461) (>= netstandard2.0)) (&& (== net462) (>= netstandard2.0)) (== net472) (== netcoreapp3.0) (== netcoreapp3.1)
      Microsoft.Extensions.Logging.Abstractions (>= 2.2) - restriction: || (&& (== net452) (>= netstandard2.0)) (&& (== net46) (>= netstandard2.0)) (&& (== net461) (>= netstandard2.0)) (&& (== net462) (>= netstandard2.0)) (== net472) (== netcoreapp3.0) (== netcoreapp3.1)
      Microsoft.Extensions.WebEncoders (>= 2.2) - restriction: || (&& (== net452) (>= netstandard2.0)) (&& (== net46) (>= netstandard2.0)) (&& (== net461) (>= netstandard2.0)) (&& (== net462) (>= netstandard2.0)) (== net472) (== netcoreapp3.0) (== netcoreapp3.1)
    Microsoft.AspNetCore.WebSockets (2.2.1) - restriction: || (&& (== net452) (== netcoreapp3.1)) (&& (== net452) (>= netstandard2.0)) (&& (== net46) (== netcoreapp3.1)) (&& (== net46) (>= netstandard2.0)) (&& (== net461) (== netcoreapp3.1)) (&& (== net461) (>= netstandard2.0)) (&& (== net462) (== netcoreapp3.1)) (&& (== net462) (>= netstandard2.0)) (== net472) (== netcoreapp3.0)
      Microsoft.AspNetCore.Http.Extensions (>= 2.2) - restriction: || (&& (== net452) (>= netstandard2.0)) (&& (== net46) (>= netstandard2.0)) (&& (== net461) (>= netstandard2.0)) (&& (== net462) (>= netstandard2.0)) (== net472) (== netcoreapp3.0) (== netcoreapp3.1)
      Microsoft.Extensions.Logging.Abstractions (>= 2.2) - restriction: || (&& (== net452) (>= netstandard2.0)) (&& (== net46) (>= netstandard2.0)) (&& (== net461) (>= netstandard2.0)) (&& (== net462) (>= netstandard2.0)) (== net472) (== netcoreapp3.0) (== netcoreapp3.1)
      Microsoft.Extensions.Options (>= 2.2) - restriction: || (&& (== net452) (>= netstandard2.0)) (&& (== net46) (>= netstandard2.0)) (&& (== net461) (>= netstandard2.0)) (&& (== net462) (>= netstandard2.0)) (== net472) (== netcoreapp3.0) (== netcoreapp3.1)
      System.Net.WebSockets.WebSocketProtocol (>= 4.5.3) - restriction: || (&& (== net452) (>= netstandard2.0)) (&& (== net46) (>= netstandard2.0)) (&& (== net461) (>= netstandard2.0)) (&& (== net462) (>= netstandard2.0)) (== net472) (== netcoreapp3.0) (== netcoreapp3.1)
    Microsoft.AspNetCore.WebUtilities (2.2) - restriction: || (&& (== net452) (== netcoreapp3.1)) (&& (== net452) (>= netstandard2.0)) (&& (== net46) (== netcoreapp3.1)) (&& (== net46) (>= netstandard2.0)) (&& (== net461) (== netcoreapp3.1)) (&& (== net461) (>= netstandard2.0)) (&& (== net462) (== netcoreapp3.1)) (&& (== net462) (>= netstandard2.0)) (== net472) (== netcoreapp3.0) (&& (== netcoreapp3.1) (>= net461)) (&& (== netcoreapp3.1) (< netcoreapp3.0))
      Microsoft.Net.Http.Headers (>= 2.2) - restriction: || (&& (== net452) (>= netstandard2.0)) (&& (== net46) (>= netstandard2.0)) (&& (== net461) (>= netstandard2.0)) (&& (== net462) (>= netstandard2.0)) (== net472) (== netcoreapp3.0) (== netcoreapp3.1)
      System.Text.Encodings.Web (>= 4.5) - restriction: || (&& (== net452) (>= netstandard2.0)) (&& (== net46) (>= netstandard2.0)) (&& (== net461) (>= netstandard2.0)) (&& (== net462) (>= netstandard2.0)) (== net472) (== netcoreapp3.0) (== netcoreapp3.1)
    Microsoft.Bcl.AsyncInterfaces (1.1) - restriction: || (&& (== net452) (== netcoreapp3.0)) (&& (== net452) (== netcoreapp3.1)) (&& (== net452) (>= netstandard2.0)) (&& (== net46) (== netcoreapp3.0)) (&& (== net46) (== netcoreapp3.1)) (&& (== net46) (>= netstandard2.0)) (&& (== net461) (== netcoreapp3.0)) (&& (== net461) (== netcoreapp3.1)) (&& (== net461) (>= netstandard2.0)) (&& (== net462) (== netcoreapp3.0)) (&& (== net462) (== netcoreapp3.1)) (&& (== net462) (>= netstandard2.0)) (== net472) (&& (== netcoreapp3.0) (>= net461)) (&& (== netcoreapp3.1) (>= net461)) (&& (== netcoreapp3.1) (< netcoreapp3.0))
      System.Threading.Tasks.Extensions (>= 4.5.2) - restriction: || (&& (== net452) (>= net461)) (&& (== net452) (>= netstandard2.0)) (&& (== net452) (>= netstandard2.1)) (&& (== net46) (>= net461)) (&& (== net46) (>= netstandard2.0)) (&& (== net46) (>= netstandard2.1)) (== net461) (== net462) (== net472) (== netcoreapp3.0) (== netcoreapp3.1)
    Microsoft.CSharp (4.7) - restriction: || (&& (== net452) (>= netcoreapp3.1)) (&& (== net46) (>= netcoreapp3.1)) (&& (== net461) (>= netcoreapp3.1)) (&& (== net462) (>= netcoreapp3.1)) (&& (== net472) (>= netcoreapp3.1)) (&& (== netcoreapp3.0) (>= netcoreapp3.1)) (== netcoreapp3.1)
    Microsoft.Extensions.Caching.Abstractions (3.1.3) - restriction: || (&& (== net452) (== netcoreapp3.1)) (&& (== net452) (>= netstandard2.0)) (&& (== net46) (== netcoreapp3.1)) (&& (== net46) (>= netstandard2.0)) (&& (== net461) (== netcoreapp3.1)) (&& (== net461) (>= netstandard2.0)) (&& (== net462) (== netcoreapp3.1)) (&& (== net462) (>= netstandard2.0)) (== net472) (== netcoreapp3.0)
      Microsoft.Extensions.Primitives (>= 3.1.3) - restriction: || (&& (== net452) (>= netstandard2.0)) (&& (== net46) (>= netstandard2.0)) (&& (== net461) (>= netstandard2.0)) (&& (== net462) (>= netstandard2.0)) (== net472) (== netcoreapp3.0) (== netcoreapp3.1)
    Microsoft.Extensions.Caching.Memory (3.1.3) - restriction: || (&& (== net452) (== netcoreapp3.1)) (&& (== net452) (>= netstandard2.0)) (&& (== net46) (== netcoreapp3.1)) (&& (== net46) (>= netstandard2.0)) (&& (== net461) (== netcoreapp3.1)) (&& (== net461) (>= netstandard2.0)) (&& (== net462) (== netcoreapp3.1)) (&& (== net462) (>= netstandard2.0)) (== net472) (== netcoreapp3.0) (&& (== netcoreapp3.1) (>= net461)) (&& (== netcoreapp3.1) (< netcoreapp3.0))
      Microsoft.Extensions.Caching.Abstractions (>= 3.1.3) - restriction: || (&& (== net452) (>= netstandard2.0)) (&& (== net46) (>= netstandard2.0)) (&& (== net461) (>= netstandard2.0)) (&& (== net462) (>= netstandard2.0)) (== net472) (== netcoreapp3.0) (== netcoreapp3.1)
      Microsoft.Extensions.DependencyInjection.Abstractions (>= 3.1.3) - restriction: || (&& (== net452) (>= netstandard2.0)) (&& (== net46) (>= netstandard2.0)) (&& (== net461) (>= netstandard2.0)) (&& (== net462) (>= netstandard2.0)) (== net472) (== netcoreapp3.0) (== netcoreapp3.1)
      Microsoft.Extensions.Logging.Abstractions (>= 3.1.3) - restriction: || (&& (== net452) (>= netstandard2.0)) (&& (== net46) (>= netstandard2.0)) (&& (== net461) (>= netstandard2.0)) (&& (== net462) (>= netstandard2.0)) (== net472) (== netcoreapp3.0) (== netcoreapp3.1)
      Microsoft.Extensions.Options (>= 3.1.3) - restriction: || (&& (== net452) (>= netstandard2.0)) (&& (== net46) (>= netstandard2.0)) (&& (== net461) (>= netstandard2.0)) (&& (== net462) (>= netstandard2.0)) (== net472) (== netcoreapp3.0) (== netcoreapp3.1)
    Microsoft.Extensions.Configuration (3.1.3) - restriction: || (&& (== net452) (== netcoreapp3.1)) (&& (== net452) (>= netstandard2.0)) (&& (== net46) (== netcoreapp3.1)) (&& (== net46) (>= netstandard2.0)) (&& (== net461) (== netcoreapp3.1)) (&& (== net461) (>= netstandard2.0)) (&& (== net462) (== netcoreapp3.1)) (&& (== net462) (>= netstandard2.0)) (== net472) (== netcoreapp3.0)
      Microsoft.Extensions.Configuration.Abstractions (>= 3.1.3) - restriction: || (&& (== net452) (>= netstandard2.0)) (&& (== net46) (>= netstandard2.0)) (&& (== net461) (>= netstandard2.0)) (&& (== net462) (>= netstandard2.0)) (== net472) (== netcoreapp3.0) (== netcoreapp3.1)
    Microsoft.Extensions.Configuration.Abstractions (3.1.3) - restriction: || (&& (== net452) (== netcoreapp3.1)) (&& (== net452) (>= netstandard2.0)) (&& (== net46) (== netcoreapp3.1)) (&& (== net46) (>= netstandard2.0)) (&& (== net461) (== netcoreapp3.1)) (&& (== net461) (>= netstandard2.0)) (&& (== net462) (== netcoreapp3.1)) (&& (== net462) (>= netstandard2.0)) (== net472) (== netcoreapp3.0) (&& (== netcoreapp3.1) (>= net461)) (&& (== netcoreapp3.1) (< netcoreapp3.0))
      Microsoft.Extensions.Primitives (>= 3.1.3) - restriction: || (&& (== net452) (>= netstandard2.0)) (&& (== net46) (>= netstandard2.0)) (&& (== net461) (>= netstandard2.0)) (&& (== net462) (>= netstandard2.0)) (== net472) (== netcoreapp3.0) (== netcoreapp3.1)
    Microsoft.Extensions.Configuration.Binder (3.1.3) - restriction: || (&& (== net452) (== netcoreapp3.1)) (&& (== net452) (>= netstandard2.0)) (&& (== net46) (== netcoreapp3.1)) (&& (== net46) (>= netstandard2.0)) (&& (== net461) (== netcoreapp3.1)) (&& (== net461) (>= netstandard2.0)) (&& (== net462) (== netcoreapp3.1)) (&& (== net462) (>= netstandard2.0)) (== net472) (== netcoreapp3.0)
      Microsoft.Extensions.Configuration (>= 3.1.3) - restriction: || (&& (== net452) (>= netstandard2.0)) (&& (== net46) (>= netstandard2.0)) (&& (== net461) (>= netstandard2.0)) (&& (== net462) (>= netstandard2.0)) (== net472) (== netcoreapp3.0) (== netcoreapp3.1)
    Microsoft.Extensions.Configuration.CommandLine (3.1.3) - restriction: || (&& (== net452) (== netcoreapp3.1)) (&& (== net452) (>= netstandard2.0)) (&& (== net46) (== netcoreapp3.1)) (&& (== net46) (>= netstandard2.0)) (&& (== net461) (== netcoreapp3.1)) (&& (== net461) (>= netstandard2.0)) (&& (== net462) (== netcoreapp3.1)) (&& (== net462) (>= netstandard2.0)) (== net472) (== netcoreapp3.0)
      Microsoft.Extensions.Configuration (>= 3.1.3) - restriction: || (&& (== net452) (>= netstandard2.0)) (&& (== net46) (>= netstandard2.0)) (&& (== net461) (>= netstandard2.0)) (&& (== net462) (>= netstandard2.0)) (== net472) (== netcoreapp3.0) (== netcoreapp3.1)
    Microsoft.Extensions.Configuration.EnvironmentVariables (3.1.3) - restriction: || (&& (== net452) (== netcoreapp3.1)) (&& (== net452) (>= netstandard2.0)) (&& (== net46) (== netcoreapp3.1)) (&& (== net46) (>= netstandard2.0)) (&& (== net461) (== netcoreapp3.1)) (&& (== net461) (>= netstandard2.0)) (&& (== net462) (== netcoreapp3.1)) (&& (== net462) (>= netstandard2.0)) (== net472) (== netcoreapp3.0)
      Microsoft.Extensions.Configuration (>= 3.1.3) - restriction: || (&& (== net452) (>= netstandard2.0)) (&& (== net46) (>= netstandard2.0)) (&& (== net461) (>= netstandard2.0)) (&& (== net462) (>= netstandard2.0)) (== net472) (== netcoreapp3.0) (== netcoreapp3.1)
    Microsoft.Extensions.Configuration.FileExtensions (3.1.3) - restriction: || (&& (== net452) (== netcoreapp3.1)) (&& (== net452) (>= netstandard2.0)) (&& (== net46) (== netcoreapp3.1)) (&& (== net46) (>= netstandard2.0)) (&& (== net461) (== netcoreapp3.1)) (&& (== net461) (>= netstandard2.0)) (&& (== net462) (== netcoreapp3.1)) (&& (== net462) (>= netstandard2.0)) (== net472) (== netcoreapp3.0)
      Microsoft.Extensions.Configuration (>= 3.1.3) - restriction: || (&& (== net452) (>= netstandard2.0)) (&& (== net46) (>= netstandard2.0)) (&& (== net461) (>= netstandard2.0)) (&& (== net462) (>= netstandard2.0)) (== net472) (== netcoreapp3.0) (== netcoreapp3.1)
      Microsoft.Extensions.FileProviders.Physical (>= 3.1.3) - restriction: || (&& (== net452) (>= netstandard2.0)) (&& (== net46) (>= netstandard2.0)) (&& (== net461) (>= netstandard2.0)) (&& (== net462) (>= netstandard2.0)) (== net472) (== netcoreapp3.0) (== netcoreapp3.1)
    Microsoft.Extensions.Configuration.Json (3.1.3) - restriction: || (&& (== net452) (== netcoreapp3.1)) (&& (== net452) (>= netstandard2.0)) (&& (== net46) (== netcoreapp3.1)) (&& (== net46) (>= netstandard2.0)) (&& (== net461) (== netcoreapp3.1)) (&& (== net461) (>= netstandard2.0)) (&& (== net462) (== netcoreapp3.1)) (&& (== net462) (>= netstandard2.0)) (== net472) (== netcoreapp3.0)
      Microsoft.Extensions.Configuration (>= 3.1.3) - restriction: || (&& (== net452) (>= netstandard2.0)) (&& (== net46) (>= netstandard2.0)) (&& (== net461) (>= netstandard2.0)) (&& (== net462) (>= netstandard2.0)) (== net472) (== netcoreapp3.0) (== netcoreapp3.1)
      Microsoft.Extensions.Configuration.FileExtensions (>= 3.1.3) - restriction: || (&& (== net452) (>= netstandard2.0)) (&& (== net46) (>= netstandard2.0)) (&& (== net461) (>= netstandard2.0)) (&& (== net462) (>= netstandard2.0)) (== net472) (== netcoreapp3.0) (== netcoreapp3.1)
      System.Text.Json (>= 4.7.1) - restriction: || (&& (== net452) (>= netstandard2.0)) (&& (== net46) (>= netstandard2.0)) (&& (== net461) (>= netstandard2.0)) (&& (== net462) (>= netstandard2.0)) (== net472) (== netcoreapp3.0)
      System.Threading.Tasks.Extensions (>= 4.5.2) - restriction: || (&& (== net452) (>= netstandard2.0)) (&& (== net46) (>= netstandard2.0)) (&& (== net461) (>= netstandard2.0)) (&& (== net462) (>= netstandard2.0)) (== net472) (== netcoreapp3.0)
    Microsoft.Extensions.Configuration.UserSecrets (3.1.3) - restriction: || (&& (== net452) (== netcoreapp3.1)) (&& (== net452) (>= netstandard2.0)) (&& (== net46) (== netcoreapp3.1)) (&& (== net46) (>= netstandard2.0)) (&& (== net461) (== netcoreapp3.1)) (&& (== net461) (>= netstandard2.0)) (&& (== net462) (== netcoreapp3.1)) (&& (== net462) (>= netstandard2.0)) (== net472) (== netcoreapp3.0)
      Microsoft.Extensions.Configuration.Json (>= 3.1.3) - restriction: || (&& (== net452) (>= netstandard2.0)) (&& (== net46) (>= netstandard2.0)) (&& (== net461) (>= netstandard2.0)) (&& (== net462) (>= netstandard2.0)) (== net472) (== netcoreapp3.0) (== netcoreapp3.1)
    Microsoft.Extensions.DependencyInjection (3.1.3) - restriction: || (&& (== net452) (== netcoreapp3.1)) (&& (== net452) (>= netstandard2.0)) (&& (== net46) (== netcoreapp3.1)) (&& (== net46) (>= netstandard2.0)) (&& (== net461) (== netcoreapp3.1)) (&& (== net461) (>= netstandard2.0)) (&& (== net462) (== netcoreapp3.1)) (&& (== net462) (>= netstandard2.0)) (== net472) (== netcoreapp3.0)
      Microsoft.Bcl.AsyncInterfaces (>= 1.1) - restriction: || (&& (== net452) (>= net461)) (&& (== net452) (>= netstandard2.0)) (&& (== net46) (>= net461)) (&& (== net46) (>= netstandard2.0)) (== net461) (== net462) (== net472) (&& (== netcoreapp3.0) (>= net461)) (&& (== netcoreapp3.0) (< netstandard2.1)) (&& (== netcoreapp3.1) (>= net461)) (&& (== netcoreapp3.1) (< netstandard2.1))
      Microsoft.Extensions.DependencyInjection.Abstractions (>= 3.1.3) - restriction: || (&& (== net452) (>= net461)) (&& (== net452) (>= netstandard2.0)) (&& (== net46) (>= net461)) (&& (== net46) (>= netstandard2.0)) (== net461) (== net462) (== net472) (== netcoreapp3.0) (== netcoreapp3.1)
    Microsoft.Extensions.DependencyInjection.Abstractions (3.1.3) - restriction: || (&& (== net452) (== netcoreapp3.1)) (&& (== net452) (>= netstandard2.0)) (&& (== net46) (== netcoreapp3.1)) (&& (== net46) (>= netstandard2.0)) (&& (== net461) (== netcoreapp3.1)) (&& (== net461) (>= netstandard2.0)) (&& (== net462) (== netcoreapp3.1)) (&& (== net462) (>= netstandard2.0)) (== net472) (== netcoreapp3.0) (&& (== netcoreapp3.1) (>= net461)) (&& (== netcoreapp3.1) (< netcoreapp3.0))
    Microsoft.Extensions.FileProviders.Abstractions (3.1.3) - restriction: || (&& (== net452) (== netcoreapp3.1)) (&& (== net452) (>= netstandard2.0)) (&& (== net46) (== netcoreapp3.1)) (&& (== net46) (>= netstandard2.0)) (&& (== net461) (== netcoreapp3.1)) (&& (== net461) (>= netstandard2.0)) (&& (== net462) (== netcoreapp3.1)) (&& (== net462) (>= netstandard2.0)) (== net472) (== netcoreapp3.0) (&& (== netcoreapp3.1) (>= net461)) (&& (== netcoreapp3.1) (< netcoreapp3.0))
      Microsoft.Extensions.Primitives (>= 3.1.3) - restriction: || (&& (== net452) (>= netstandard2.0)) (&& (== net46) (>= netstandard2.0)) (&& (== net461) (>= netstandard2.0)) (&& (== net462) (>= netstandard2.0)) (== net472) (== netcoreapp3.0) (== netcoreapp3.1)
    Microsoft.Extensions.FileProviders.Physical (3.1.3) - restriction: || (&& (== net452) (== netcoreapp3.1)) (&& (== net452) (>= netstandard2.0)) (&& (== net46) (== netcoreapp3.1)) (&& (== net46) (>= netstandard2.0)) (&& (== net461) (== netcoreapp3.1)) (&& (== net461) (>= netstandard2.0)) (&& (== net462) (== netcoreapp3.1)) (&& (== net462) (>= netstandard2.0)) (== net472) (== netcoreapp3.0) (&& (== netcoreapp3.1) (>= net461)) (&& (== netcoreapp3.1) (< netcoreapp3.0))
      Microsoft.Extensions.FileProviders.Abstractions (>= 3.1.3) - restriction: || (&& (== net452) (>= netstandard2.0)) (&& (== net46) (>= netstandard2.0)) (&& (== net461) (>= netstandard2.0)) (&& (== net462) (>= netstandard2.0)) (== net472) (== netcoreapp3.0) (== netcoreapp3.1)
      Microsoft.Extensions.FileSystemGlobbing (>= 3.1.3) - restriction: || (&& (== net452) (>= netstandard2.0)) (&& (== net46) (>= netstandard2.0)) (&& (== net461) (>= netstandard2.0)) (&& (== net462) (>= netstandard2.0)) (== net472) (== netcoreapp3.0) (== netcoreapp3.1)
    Microsoft.Extensions.FileSystemGlobbing (3.1.3) - restriction: || (&& (== net452) (== netcoreapp3.0)) (&& (== net452) (== netcoreapp3.1)) (&& (== net452) (>= netstandard2.0)) (&& (== net46) (== netcoreapp3.0)) (&& (== net46) (== netcoreapp3.1)) (&& (== net46) (>= netstandard2.0)) (&& (== net461) (== netcoreapp3.0)) (&& (== net461) (== netcoreapp3.1)) (&& (== net461) (>= netstandard2.0)) (&& (== net462) (== netcoreapp3.0)) (&& (== net462) (== netcoreapp3.1)) (&& (== net462) (>= netstandard2.0)) (== net472) (&& (== netcoreapp3.0) (>= net461)) (&& (== netcoreapp3.1) (>= net461)) (&& (== netcoreapp3.1) (< netcoreapp3.0))
    Microsoft.Extensions.Hosting.Abstractions (3.1.3) - restriction: || (&& (== net452) (== netcoreapp3.1)) (&& (== net452) (>= netstandard2.0)) (&& (== net46) (== netcoreapp3.1)) (&& (== net46) (>= netstandard2.0)) (&& (== net461) (== netcoreapp3.1)) (&& (== net461) (>= netstandard2.0)) (&& (== net462) (== netcoreapp3.1)) (&& (== net462) (>= netstandard2.0)) (== net472) (== netcoreapp3.0) (&& (== netcoreapp3.1) (>= net461)) (&& (== netcoreapp3.1) (< netcoreapp3.0))
      Microsoft.Bcl.AsyncInterfaces (>= 1.1) - restriction: || (&& (== net452) (>= netstandard2.0)) (&& (== net46) (>= netstandard2.0)) (&& (== net461) (>= netstandard2.0)) (&& (== net462) (>= netstandard2.0)) (== net472) (== netcoreapp3.0)
      Microsoft.Extensions.Configuration.Abstractions (>= 3.1.3) - restriction: || (&& (== net452) (>= netstandard2.0)) (&& (== net46) (>= netstandard2.0)) (&& (== net461) (>= netstandard2.0)) (&& (== net462) (>= netstandard2.0)) (== net472) (== netcoreapp3.0) (== netcoreapp3.1)
      Microsoft.Extensions.DependencyInjection.Abstractions (>= 3.1.3) - restriction: || (&& (== net452) (>= netstandard2.0)) (&& (== net46) (>= netstandard2.0)) (&& (== net461) (>= netstandard2.0)) (&& (== net462) (>= netstandard2.0)) (== net472) (== netcoreapp3.0) (== netcoreapp3.1)
      Microsoft.Extensions.FileProviders.Abstractions (>= 3.1.3) - restriction: || (&& (== net452) (>= netstandard2.0)) (&& (== net46) (>= netstandard2.0)) (&& (== net461) (>= netstandard2.0)) (&& (== net462) (>= netstandard2.0)) (== net472) (== netcoreapp3.0) (== netcoreapp3.1)
      Microsoft.Extensions.Logging.Abstractions (>= 3.1.3) - restriction: || (&& (== net452) (>= netstandard2.0)) (&& (== net46) (>= netstandard2.0)) (&& (== net461) (>= netstandard2.0)) (&& (== net462) (>= netstandard2.0)) (== net472) (== netcoreapp3.0) (== netcoreapp3.1)
    Microsoft.Extensions.Logging (3.1.3) - restriction: || (&& (== net452) (== netcoreapp3.1)) (&& (== net452) (>= netstandard2.0)) (&& (== net46) (== netcoreapp3.1)) (&& (== net46) (>= netstandard2.0)) (&& (== net461) (== netcoreapp3.1)) (&& (== net461) (>= netstandard2.0)) (&& (== net462) (== netcoreapp3.1)) (&& (== net462) (>= netstandard2.0)) (== net472) (== netcoreapp3.0)
      Microsoft.Extensions.Configuration.Binder (>= 3.1.3) - restriction: || (&& (== net452) (>= netstandard2.0)) (&& (== net46) (>= netstandard2.0)) (&& (== net461) (>= netstandard2.0)) (&& (== net462) (>= netstandard2.0)) (== net472) (== netcoreapp3.0) (== netcoreapp3.1)
      Microsoft.Extensions.DependencyInjection (>= 3.1.3) - restriction: || (&& (== net452) (>= netstandard2.0)) (&& (== net46) (>= netstandard2.0)) (&& (== net461) (>= netstandard2.0)) (&& (== net462) (>= netstandard2.0)) (== net472) (== netcoreapp3.0) (== netcoreapp3.1)
      Microsoft.Extensions.Logging.Abstractions (>= 3.1.3) - restriction: || (&& (== net452) (>= netstandard2.0)) (&& (== net46) (>= netstandard2.0)) (&& (== net461) (>= netstandard2.0)) (&& (== net462) (>= netstandard2.0)) (== net472) (== netcoreapp3.0) (== netcoreapp3.1)
      Microsoft.Extensions.Options (>= 3.1.3) - restriction: || (&& (== net452) (>= netstandard2.0)) (&& (== net46) (>= netstandard2.0)) (&& (== net461) (>= netstandard2.0)) (&& (== net462) (>= netstandard2.0)) (== net472) (== netcoreapp3.0) (== netcoreapp3.1)
    Microsoft.Extensions.Logging.Abstractions (3.1.3) - restriction: || (&& (== net452) (== netcoreapp3.1)) (&& (== net452) (>= netstandard2.0)) (&& (== net46) (== netcoreapp3.1)) (&& (== net46) (>= netstandard2.0)) (&& (== net461) (== netcoreapp3.1)) (&& (== net461) (>= netstandard2.0)) (&& (== net462) (== netcoreapp3.1)) (&& (== net462) (>= netstandard2.0)) (== net472) (== netcoreapp3.0) (&& (== netcoreapp3.1) (>= net461)) (&& (== netcoreapp3.1) (< netcoreapp3.0))
    Microsoft.Extensions.Logging.Configuration (3.1.3) - restriction: || (&& (== net452) (== netcoreapp3.1)) (&& (== net452) (>= netstandard2.0)) (&& (== net46) (== netcoreapp3.1)) (&& (== net46) (>= netstandard2.0)) (&& (== net461) (== netcoreapp3.1)) (&& (== net461) (>= netstandard2.0)) (&& (== net462) (== netcoreapp3.1)) (&& (== net462) (>= netstandard2.0)) (== net472) (== netcoreapp3.0)
      Microsoft.Extensions.Logging (>= 3.1.3) - restriction: || (&& (== net452) (>= netstandard2.0)) (&& (== net46) (>= netstandard2.0)) (&& (== net461) (>= netstandard2.0)) (&& (== net462) (>= netstandard2.0)) (== net472) (== netcoreapp3.0) (== netcoreapp3.1)
      Microsoft.Extensions.Options.ConfigurationExtensions (>= 3.1.3) - restriction: || (&& (== net452) (>= netstandard2.0)) (&& (== net46) (>= netstandard2.0)) (&& (== net461) (>= netstandard2.0)) (&& (== net462) (>= netstandard2.0)) (== net472) (== netcoreapp3.0) (== netcoreapp3.1)
    Microsoft.Extensions.Logging.Console (3.1.3) - restriction: || (&& (== net452) (== netcoreapp3.1)) (&& (== net452) (>= netstandard2.0)) (&& (== net46) (== netcoreapp3.1)) (&& (== net46) (>= netstandard2.0)) (&& (== net461) (== netcoreapp3.1)) (&& (== net461) (>= netstandard2.0)) (&& (== net462) (== netcoreapp3.1)) (&& (== net462) (>= netstandard2.0)) (== net472) (== netcoreapp3.0)
      Microsoft.Extensions.Configuration.Abstractions (>= 3.1.3) - restriction: || (&& (== net452) (>= netstandard2.0)) (&& (== net46) (>= netstandard2.0)) (&& (== net461) (>= netstandard2.0)) (&& (== net462) (>= netstandard2.0)) (== net472) (== netcoreapp3.0) (== netcoreapp3.1)
      Microsoft.Extensions.Logging (>= 3.1.3) - restriction: || (&& (== net452) (>= netstandard2.0)) (&& (== net46) (>= netstandard2.0)) (&& (== net461) (>= netstandard2.0)) (&& (== net462) (>= netstandard2.0)) (== net472) (== netcoreapp3.0) (== netcoreapp3.1)
      Microsoft.Extensions.Logging.Configuration (>= 3.1.3) - restriction: || (&& (== net452) (>= netstandard2.0)) (&& (== net46) (>= netstandard2.0)) (&& (== net461) (>= netstandard2.0)) (&& (== net462) (>= netstandard2.0)) (== net472) (== netcoreapp3.0) (== netcoreapp3.1)
    Microsoft.Extensions.Logging.Debug (3.1.3) - restriction: || (&& (== net452) (== netcoreapp3.1)) (&& (== net452) (>= netstandard2.0)) (&& (== net46) (== netcoreapp3.1)) (&& (== net46) (>= netstandard2.0)) (&& (== net461) (== netcoreapp3.1)) (&& (== net461) (>= netstandard2.0)) (&& (== net462) (== netcoreapp3.1)) (&& (== net462) (>= netstandard2.0)) (== net472) (== netcoreapp3.0)
      Microsoft.Extensions.Logging (>= 3.1.3) - restriction: || (&& (== net452) (>= netstandard2.0)) (&& (== net46) (>= netstandard2.0)) (&& (== net461) (>= netstandard2.0)) (&& (== net462) (>= netstandard2.0)) (== net472) (== netcoreapp3.0) (== netcoreapp3.1)
    Microsoft.Extensions.Logging.EventSource (3.1.3) - restriction: || (&& (== net452) (== netcoreapp3.1)) (&& (== net452) (>= netstandard2.0)) (&& (== net46) (== netcoreapp3.1)) (&& (== net46) (>= netstandard2.0)) (&& (== net461) (== netcoreapp3.1)) (&& (== net461) (>= netstandard2.0)) (&& (== net462) (== netcoreapp3.1)) (&& (== net462) (>= netstandard2.0)) (== net472) (== netcoreapp3.0)
      Microsoft.Extensions.Logging (>= 3.1.3) - restriction: || (&& (== net452) (>= netstandard2.0)) (&& (== net46) (>= netstandard2.0)) (&& (== net461) (>= netstandard2.0)) (&& (== net462) (>= netstandard2.0)) (== net472) (== netcoreapp3.0) (== netcoreapp3.1)
      System.Text.Json (>= 4.7.1) - restriction: || (&& (== net452) (>= netstandard2.0)) (&& (== net46) (>= netstandard2.0)) (&& (== net461) (>= netstandard2.0)) (&& (== net462) (>= netstandard2.0)) (== net472) (== netcoreapp3.0)
      System.Threading.Tasks.Extensions (>= 4.5.2) - restriction: || (&& (== net452) (>= netstandard2.0)) (&& (== net46) (>= netstandard2.0)) (&& (== net461) (>= netstandard2.0)) (&& (== net462) (>= netstandard2.0)) (== net472) (== netcoreapp3.0)
    Microsoft.Extensions.ObjectPool (3.1.3) - restriction: || (&& (== net452) (== netcoreapp3.1)) (&& (== net452) (>= netstandard2.0)) (&& (== net46) (== netcoreapp3.1)) (&& (== net46) (>= netstandard2.0)) (&& (== net461) (== netcoreapp3.1)) (&& (== net461) (>= netstandard2.0)) (&& (== net462) (== netcoreapp3.1)) (&& (== net462) (>= netstandard2.0)) (== net472) (== netcoreapp3.0) (&& (== netcoreapp3.1) (>= net461)) (&& (== netcoreapp3.1) (< netcoreapp3.0))
    Microsoft.Extensions.Options (3.1.3) - restriction: || (&& (== net452) (== netcoreapp3.1)) (&& (== net452) (>= netstandard2.0)) (&& (== net46) (== netcoreapp3.1)) (&& (== net46) (>= netstandard2.0)) (&& (== net461) (== netcoreapp3.1)) (&& (== net461) (>= netstandard2.0)) (&& (== net462) (== netcoreapp3.1)) (&& (== net462) (>= netstandard2.0)) (== net472) (== netcoreapp3.0) (&& (== netcoreapp3.1) (>= net461)) (&& (== netcoreapp3.1) (< netcoreapp3.0))
      Microsoft.Extensions.DependencyInjection.Abstractions (>= 3.1.3) - restriction: || (&& (== net452) (>= netstandard2.0)) (&& (== net46) (>= netstandard2.0)) (&& (== net461) (>= netstandard2.0)) (&& (== net462) (>= netstandard2.0)) (== net472) (== netcoreapp3.0) (== netcoreapp3.1)
      Microsoft.Extensions.Primitives (>= 3.1.3) - restriction: || (&& (== net452) (>= netstandard2.0)) (&& (== net46) (>= netstandard2.0)) (&& (== net461) (>= netstandard2.0)) (&& (== net462) (>= netstandard2.0)) (== net472) (== netcoreapp3.0) (== netcoreapp3.1)
      System.ComponentModel.Annotations (>= 4.7) - restriction: || (&& (== net452) (>= netstandard2.0)) (&& (== net46) (>= netstandard2.0)) (&& (== net461) (>= netstandard2.0)) (&& (== net462) (>= netstandard2.0)) (== net472) (== netcoreapp3.0)
    Microsoft.Extensions.Options.ConfigurationExtensions (3.1.3) - restriction: || (&& (== net452) (== netcoreapp3.1)) (&& (== net452) (>= netstandard2.0)) (&& (== net46) (== netcoreapp3.1)) (&& (== net46) (>= netstandard2.0)) (&& (== net461) (== netcoreapp3.1)) (&& (== net461) (>= netstandard2.0)) (&& (== net462) (== netcoreapp3.1)) (&& (== net462) (>= netstandard2.0)) (== net472) (== netcoreapp3.0)
      Microsoft.Extensions.Configuration.Abstractions (>= 3.1.3) - restriction: || (&& (== net452) (>= netstandard2.0)) (&& (== net46) (>= netstandard2.0)) (&& (== net461) (>= netstandard2.0)) (&& (== net462) (>= netstandard2.0)) (== net472) (== netcoreapp3.0) (== netcoreapp3.1)
      Microsoft.Extensions.Configuration.Binder (>= 3.1.3) - restriction: || (&& (== net452) (>= netstandard2.0)) (&& (== net46) (>= netstandard2.0)) (&& (== net461) (>= netstandard2.0)) (&& (== net462) (>= netstandard2.0)) (== net472) (== netcoreapp3.0) (== netcoreapp3.1)
      Microsoft.Extensions.DependencyInjection.Abstractions (>= 3.1.3) - restriction: || (&& (== net452) (>= netstandard2.0)) (&& (== net46) (>= netstandard2.0)) (&& (== net461) (>= netstandard2.0)) (&& (== net462) (>= netstandard2.0)) (== net472) (== netcoreapp3.0) (== netcoreapp3.1)
      Microsoft.Extensions.Options (>= 3.1.3) - restriction: || (&& (== net452) (>= netstandard2.0)) (&& (== net46) (>= netstandard2.0)) (&& (== net461) (>= netstandard2.0)) (&& (== net462) (>= netstandard2.0)) (== net472) (== netcoreapp3.0) (== netcoreapp3.1)
    Microsoft.Extensions.Primitives (3.1.3) - restriction: || (&& (== net452) (== netcoreapp3.1)) (&& (== net452) (>= netstandard2.0)) (&& (== net46) (== netcoreapp3.1)) (&& (== net46) (>= netstandard2.0)) (&& (== net461) (== netcoreapp3.1)) (&& (== net461) (>= netstandard2.0)) (&& (== net462) (== netcoreapp3.1)) (&& (== net462) (>= netstandard2.0)) (== net472) (== netcoreapp3.0) (&& (== netcoreapp3.1) (>= net461)) (&& (== netcoreapp3.1) (< netcoreapp3.0))
      System.Memory (>= 4.5.2) - restriction: || (&& (== net452) (>= netstandard2.0)) (&& (== net46) (>= netstandard2.0)) (&& (== net461) (>= netstandard2.0)) (&& (== net462) (>= netstandard2.0)) (== net472) (== netcoreapp3.0)
      System.Runtime.CompilerServices.Unsafe (>= 4.7.1) - restriction: || (&& (== net452) (>= netstandard2.0)) (&& (== net46) (>= netstandard2.0)) (&& (== net461) (>= netstandard2.0)) (&& (== net462) (>= netstandard2.0)) (== net472) (== netcoreapp3.0)
    Microsoft.Extensions.WebEncoders (3.1.3) - restriction: || (&& (== net452) (== netcoreapp3.1)) (&& (== net452) (>= netstandard2.0)) (&& (== net46) (== netcoreapp3.1)) (&& (== net46) (>= netstandard2.0)) (&& (== net461) (== netcoreapp3.1)) (&& (== net461) (>= netstandard2.0)) (&& (== net462) (== netcoreapp3.1)) (&& (== net462) (>= netstandard2.0)) (== net472) (== netcoreapp3.0) (&& (== netcoreapp3.1) (>= net461)) (&& (== netcoreapp3.1) (< netcoreapp3.0))
      Microsoft.Extensions.DependencyInjection.Abstractions (>= 3.1.3) - restriction: || (&& (== net452) (>= netstandard2.0)) (&& (== net46) (>= netstandard2.0)) (&& (== net461) (>= netstandard2.0)) (&& (== net462) (>= netstandard2.0)) (== net472) (== netcoreapp3.0) (== netcoreapp3.1)
      Microsoft.Extensions.Options (>= 3.1.3) - restriction: || (&& (== net452) (>= netstandard2.0)) (&& (== net46) (>= netstandard2.0)) (&& (== net461) (>= netstandard2.0)) (&& (== net462) (>= netstandard2.0)) (== net472) (== netcoreapp3.0) (== netcoreapp3.1)
      System.Text.Encodings.Web (>= 4.7) - restriction: || (&& (== net452) (>= netstandard2.0)) (&& (== net46) (>= netstandard2.0)) (&& (== net461) (>= netstandard2.0)) (&& (== net462) (>= netstandard2.0)) (== net472) (== netcoreapp3.0)
    Microsoft.IdentityModel.JsonWebTokens (6.5) - restriction: || (&& (== net452) (>= netcoreapp3.1)) (&& (== net46) (>= netcoreapp3.1)) (&& (== net461) (>= netcoreapp3.1)) (&& (== net462) (>= netcoreapp3.1)) (&& (== net472) (>= netcoreapp3.1)) (&& (== netcoreapp3.0) (>= netcoreapp3.1)) (== netcoreapp3.1)
      Microsoft.IdentityModel.Tokens (>= 6.5)
    Microsoft.IdentityModel.Logging (6.5) - restriction: || (&& (== net452) (>= netcoreapp3.1)) (&& (== net46) (>= netcoreapp3.1)) (&& (== net461) (>= netcoreapp3.1)) (&& (== net462) (>= netcoreapp3.1)) (&& (== net472) (>= netcoreapp3.1)) (&& (== netcoreapp3.0) (>= netcoreapp3.1)) (== netcoreapp3.1)
    Microsoft.IdentityModel.Protocols (6.5) - restriction: || (&& (== net452) (>= netcoreapp3.1)) (&& (== net46) (>= netcoreapp3.1)) (&& (== net461) (>= netcoreapp3.1)) (&& (== net462) (>= netcoreapp3.1)) (&& (== net472) (>= netcoreapp3.1)) (&& (== netcoreapp3.0) (>= netcoreapp3.1)) (== netcoreapp3.1)
      Microsoft.IdentityModel.Logging (>= 6.5)
      Microsoft.IdentityModel.Tokens (>= 6.5)
    Microsoft.IdentityModel.Protocols.OpenIdConnect (6.5) - restriction: || (&& (== net452) (>= netcoreapp3.1)) (&& (== net46) (>= netcoreapp3.1)) (&& (== net461) (>= netcoreapp3.1)) (&& (== net462) (>= netcoreapp3.1)) (&& (== net472) (>= netcoreapp3.1)) (&& (== netcoreapp3.0) (>= netcoreapp3.1)) (== netcoreapp3.1)
      Microsoft.IdentityModel.Protocols (>= 6.5)
      System.IdentityModel.Tokens.Jwt (>= 6.5)
    Microsoft.IdentityModel.Tokens (6.5) - restriction: || (&& (== net452) (>= netcoreapp3.1)) (&& (== net46) (>= netcoreapp3.1)) (&& (== net461) (>= netcoreapp3.1)) (&& (== net462) (>= netcoreapp3.1)) (&& (== net472) (>= netcoreapp3.1)) (&& (== netcoreapp3.0) (>= netcoreapp3.1)) (== netcoreapp3.1)
      Microsoft.CSharp (>= 4.5) - restriction: || (&& (== net452) (< net45) (>= netstandard2.0)) (&& (== net46) (< net45) (>= netstandard2.0)) (&& (== net461) (< net45) (>= netstandard2.0)) (&& (== net462) (< net45) (>= netstandard2.0)) (&& (== net472) (< net45)) (== netcoreapp3.0) (== netcoreapp3.1)
      Microsoft.IdentityModel.Logging (>= 6.5)
      System.Security.Cryptography.Cng (>= 4.5) - restriction: || (&& (== net452) (< net45) (>= netstandard2.0)) (&& (== net46) (< net45) (>= netstandard2.0)) (&& (== net461) (< net45) (>= netstandard2.0)) (&& (== net462) (< net45) (>= netstandard2.0)) (&& (== net472) (< net45)) (== netcoreapp3.0) (== netcoreapp3.1)
    Microsoft.IO.RecyclableMemoryStream (1.3.3) - restriction: || (&& (== net452) (>= net461)) (&& (== net452) (>= netstandard2.0)) (&& (== net46) (>= net461)) (&& (== net46) (>= netstandard2.0)) (== net461) (== net462) (== net472) (== netcoreapp3.0) (== netcoreapp3.1)
    Microsoft.Net.Http.Headers (2.2.8) - restriction: || (&& (== net452) (== netcoreapp3.1)) (&& (== net452) (>= netstandard2.0)) (&& (== net46) (== netcoreapp3.1)) (&& (== net46) (>= netstandard2.0)) (&& (== net461) (== netcoreapp3.1)) (&& (== net461) (>= netstandard2.0)) (&& (== net462) (== netcoreapp3.1)) (&& (== net462) (>= netstandard2.0)) (== net472) (== netcoreapp3.0) (&& (== netcoreapp3.1) (>= net461)) (&& (== netcoreapp3.1) (< netcoreapp3.0))
      Microsoft.Extensions.Primitives (>= 2.2) - restriction: || (&& (== net452) (>= netstandard2.0)) (&& (== net46) (>= netstandard2.0)) (&& (== net461) (>= netstandard2.0)) (&& (== net462) (>= netstandard2.0)) (== net472) (== netcoreapp3.0) (== netcoreapp3.1)
      System.Buffers (>= 4.5) - restriction: || (&& (== net452) (>= netstandard2.0)) (&& (== net46) (>= netstandard2.0)) (&& (== net461) (>= netstandard2.0)) (&& (== net462) (>= netstandard2.0)) (== net472) (== netcoreapp3.0) (== netcoreapp3.1)
    Microsoft.NETCore.Platforms (3.1) - restriction: || (&& (== net452) (< net45) (>= net461)) (&& (== net452) (< net45) (>= netstandard2.0)) (&& (== net452) (>= net461) (>= netcoreapp1.1)) (&& (== net452) (>= netcoreapp1.1) (>= netstandard2.0)) (&& (== net452) (>= netcoreapp2.0)) (&& (== net46) (< net45) (>= net461)) (&& (== net46) (< net45) (>= netstandard2.0)) (&& (== net46) (>= net461) (>= netcoreapp1.1)) (&& (== net46) (>= netcoreapp1.1) (>= netstandard2.0)) (&& (== net46) (>= netcoreapp2.0)) (&& (== net461) (< net45)) (&& (== net461) (>= netcoreapp1.1)) (&& (== net461) (>= netcoreapp2.0)) (&& (== net462) (< net45)) (&& (== net462) (>= netcoreapp1.1)) (&& (== net462) (>= netcoreapp2.0)) (&& (== net472) (< net45)) (&& (== net472) (>= netcoreapp1.1)) (&& (== net472) (>= netcoreapp2.0)) (== netcoreapp3.0) (== netcoreapp3.1)
    Microsoft.NETCore.Targets (3.1) - restriction: || (&& (== net452) (< net45) (>= net461)) (&& (== net452) (< net45) (>= netstandard2.0)) (&& (== net452) (>= net461) (>= netcoreapp1.1)) (&& (== net452) (>= netcoreapp1.1) (>= netstandard2.0)) (&& (== net46) (< net45) (>= net461)) (&& (== net46) (< net45) (>= netstandard2.0)) (&& (== net46) (>= net461) (>= netcoreapp1.1)) (&& (== net46) (>= netcoreapp1.1) (>= netstandard2.0)) (&& (== net461) (< net45)) (&& (== net461) (>= netcoreapp1.1)) (&& (== net462) (< net45)) (&& (== net462) (>= netcoreapp1.1)) (&& (== net472) (< net45)) (&& (== net472) (>= netcoreapp1.1)) (== netcoreapp3.0) (== netcoreapp3.1)
    Microsoft.Win32.Registry (4.7) - restriction: || (&& (== net452) (== netcoreapp3.1)) (&& (== net452) (>= netstandard2.0)) (&& (== net46) (== netcoreapp3.1)) (&& (== net46) (>= netstandard2.0)) (&& (== net461) (== netcoreapp3.1)) (&& (== net461) (>= netstandard2.0)) (&& (== net462) (== netcoreapp3.1)) (&& (== net462) (>= netstandard2.0)) (== net472) (== netcoreapp3.0)
      System.Security.AccessControl (>= 4.7) - restriction: || (&& (== net452) (>= monoandroid)) (&& (== net452) (>= monotouch)) (&& (== net452) (>= net461)) (&& (== net452) (>= netcoreapp2.0)) (&& (== net452) (>= netstandard2.0)) (&& (== net452) (>= xamarinios)) (&& (== net452) (>= xamarinmac)) (&& (== net452) (>= xamarintvos)) (&& (== net452) (>= xamarinwatchos)) (&& (== net46) (>= monoandroid)) (&& (== net46) (>= monotouch)) (&& (== net46) (>= net461)) (&& (== net46) (>= netcoreapp2.0)) (&& (== net46) (>= xamarinios)) (&& (== net46) (>= xamarinmac)) (&& (== net46) (>= xamarintvos)) (&& (== net46) (>= xamarinwatchos)) (== net461) (== net462) (== net472) (== netcoreapp3.0) (== netcoreapp3.1)
      System.Security.Principal.Windows (>= 4.7) - restriction: || (&& (== net452) (>= monoandroid)) (&& (== net452) (>= monotouch)) (&& (== net452) (>= net461)) (&& (== net452) (>= netcoreapp2.0)) (&& (== net452) (>= netstandard2.0)) (&& (== net452) (>= xamarinios)) (&& (== net452) (>= xamarinmac)) (&& (== net452) (>= xamarintvos)) (&& (== net452) (>= xamarinwatchos)) (&& (== net46) (>= monoandroid)) (&& (== net46) (>= monotouch)) (&& (== net46) (>= net461)) (&& (== net46) (>= netcoreapp2.0)) (&& (== net46) (>= xamarinios)) (&& (== net46) (>= xamarinmac)) (&& (== net46) (>= xamarintvos)) (&& (== net46) (>= xamarinwatchos)) (== net461) (== net462) (== net472) (== netcoreapp3.0) (== netcoreapp3.1)
    Microsoft.Win32.SystemEvents (4.7) - restriction: || (&& (== net452) (== netcoreapp3.1)) (&& (== net452) (>= netcoreapp3.0)) (&& (== net46) (== netcoreapp3.1)) (&& (== net46) (>= netcoreapp3.0)) (&& (== net461) (== netcoreapp3.1)) (&& (== net461) (>= netcoreapp3.0)) (&& (== net462) (== netcoreapp3.1)) (&& (== net462) (>= netcoreapp3.0)) (&& (== net472) (== netcoreapp3.1)) (&& (== net472) (>= netcoreapp3.0)) (== netcoreapp3.0)
      Microsoft.NETCore.Platforms (>= 3.1) - restriction: || (&& (== net452) (>= netcoreapp2.0)) (&& (== net46) (>= netcoreapp2.0)) (&& (== net461) (>= netcoreapp2.0)) (&& (== net462) (>= netcoreapp2.0)) (&& (== net472) (>= netcoreapp2.0)) (== netcoreapp3.0) (== netcoreapp3.1)
    NETStandard.Library (2.0.3) - restriction: || (&& (== net452) (< net45) (>= net461) (>= netstandard1.6)) (&& (== net452) (< net45) (>= netstandard2.0)) (&& (== net46) (< net45) (>= net461) (>= netstandard1.6)) (&& (== net46) (< net45) (>= netstandard2.0)) (&& (== net461) (< net45) (>= netstandard1.6)) (&& (== net462) (< net45) (>= netstandard1.6)) (&& (== net472) (< net45)) (== netcoreapp3.0) (== netcoreapp3.1)
      Microsoft.NETCore.Platforms (>= 1.1)
    Newtonsoft.Json (12.0.3) - restriction: || (&& (== net452) (>= net461)) (&& (== net452) (>= netstandard2.0)) (&& (== net46) (>= net461)) (&& (== net46) (>= netstandard2.0)) (== net461) (== net462) (== net472) (== netcoreapp3.0) (== netcoreapp3.1)
    Saturn (0.12.1)
      FSharp.Control.Websockets (>= 0.2.2) - restriction: || (&& (== net452) (>= netstandard2.0)) (&& (== net46) (>= netstandard2.0)) (&& (== net461) (>= netstandard2.0)) (&& (== net462) (>= netstandard2.0)) (== net472) (== netcoreapp3.0) (== netcoreapp3.1)
      FSharp.Core (>= 4.7) - restriction: || (&& (== net452) (>= netstandard2.0)) (&& (== net46) (>= netstandard2.0)) (&& (== net461) (>= netstandard2.0)) (&& (== net462) (>= netstandard2.0)) (== net472) (== netcoreapp3.0) (== netcoreapp3.1)
      Giraffe (>= 4.0.1) - restriction: || (&& (== net452) (>= netstandard2.0)) (&& (== net46) (>= netstandard2.0)) (&& (== net461) (>= netstandard2.0)) (&& (== net462) (>= netstandard2.0)) (== net472) (== netcoreapp3.0) (== netcoreapp3.1)
      Microsoft.AspNetCore (>= 2.2) - restriction: || (&& (== net452) (>= netstandard2.0)) (&& (== net46) (>= netstandard2.0)) (&& (== net461) (>= netstandard2.0)) (&& (== net462) (>= netstandard2.0)) (== net472) (== netcoreapp3.0)
      Microsoft.AspNetCore.Antiforgery (>= 2.2) - restriction: || (&& (== net452) (>= netstandard2.0)) (&& (== net46) (>= netstandard2.0)) (&& (== net461) (>= netstandard2.0)) (&& (== net462) (>= netstandard2.0)) (== net472) (== netcoreapp3.0)
      Microsoft.AspNetCore.Authentication.Cookies (>= 2.2) - restriction: || (&& (== net452) (>= netstandard2.0)) (&& (== net46) (>= netstandard2.0)) (&& (== net461) (>= netstandard2.0)) (&& (== net462) (>= netstandard2.0)) (== net472) (== netcoreapp3.0)
      Microsoft.AspNetCore.Authentication.JwtBearer (>= 2.2) - restriction: || (&& (== net452) (>= netstandard2.0)) (&& (== net46) (>= netstandard2.0)) (&& (== net461) (>= netstandard2.0)) (&& (== net462) (>= netstandard2.0)) (== net472) (== netcoreapp3.0)
      Microsoft.AspNetCore.Authentication.JwtBearer (>= 3.0.2) - restriction: || (&& (== net452) (>= netcoreapp3.1)) (&& (== net46) (>= netcoreapp3.1)) (&& (== net461) (>= netcoreapp3.1)) (&& (== net462) (>= netcoreapp3.1)) (&& (== net472) (>= netcoreapp3.1)) (&& (== netcoreapp3.0) (>= netcoreapp3.1)) (== netcoreapp3.1)
      Microsoft.AspNetCore.Authentication.OAuth (>= 2.2) - restriction: || (&& (== net452) (>= netstandard2.0)) (&& (== net46) (>= netstandard2.0)) (&& (== net461) (>= netstandard2.0)) (&& (== net462) (>= netstandard2.0)) (== net472) (== netcoreapp3.0)
      Microsoft.AspNetCore.Authorization (>= 2.2) - restriction: || (&& (== net452) (>= netstandard2.0)) (&& (== net46) (>= netstandard2.0)) (&& (== net461) (>= netstandard2.0)) (&& (== net462) (>= netstandard2.0)) (== net472) (== netcoreapp3.0)
      Microsoft.AspNetCore.Cors (>= 2.2) - restriction: || (&& (== net452) (>= netstandard2.0)) (&& (== net46) (>= netstandard2.0)) (&& (== net461) (>= netstandard2.0)) (&& (== net462) (>= netstandard2.0)) (== net472) (== netcoreapp3.0)
      Microsoft.AspNetCore.ResponseCompression (>= 2.2) - restriction: || (&& (== net452) (>= netstandard2.0)) (&& (== net46) (>= netstandard2.0)) (&& (== net461) (>= netstandard2.0)) (&& (== net462) (>= netstandard2.0)) (== net472) (== netcoreapp3.0)
      Microsoft.AspNetCore.Rewrite (>= 2.2) - restriction: || (&& (== net452) (>= netstandard2.0)) (&& (== net46) (>= netstandard2.0)) (&& (== net461) (>= netstandard2.0)) (&& (== net462) (>= netstandard2.0)) (== net472) (== netcoreapp3.0)
      Microsoft.AspNetCore.Session (>= 2.2) - restriction: || (&& (== net452) (>= netstandard2.0)) (&& (== net46) (>= netstandard2.0)) (&& (== net461) (>= netstandard2.0)) (&& (== net462) (>= netstandard2.0)) (== net472) (== netcoreapp3.0)
      Microsoft.AspNetCore.StaticFiles (>= 2.2) - restriction: || (&& (== net452) (>= netstandard2.0)) (&& (== net46) (>= netstandard2.0)) (&& (== net461) (>= netstandard2.0)) (&& (== net462) (>= netstandard2.0)) (== net472) (== netcoreapp3.0)
      Microsoft.AspNetCore.WebSockets (>= 2.2.1) - restriction: || (&& (== net452) (>= netstandard2.0)) (&& (== net46) (>= netstandard2.0)) (&& (== net461) (>= netstandard2.0)) (&& (== net462) (>= netstandard2.0)) (== net472) (== netcoreapp3.0)
      Microsoft.Extensions.Caching.Memory (>= 2.2) - restriction: || (&& (== net452) (>= netstandard2.0)) (&& (== net46) (>= netstandard2.0)) (&& (== net461) (>= netstandard2.0)) (&& (== net462) (>= netstandard2.0)) (== net472) (== netcoreapp3.0)
      System.Threading.Tasks.Dataflow (>= 4.11) - restriction: || (&& (== net452) (>= netstandard2.0)) (&& (== net46) (>= netstandard2.0)) (&& (== net461) (>= netstandard2.0)) (&& (== net462) (>= netstandard2.0)) (== net472) (== netcoreapp3.0) (== netcoreapp3.1)
    System.Buffers (4.5.1) - restriction: || (&& (== net452) (== netcoreapp3.1)) (&& (== net452) (>= netcoreapp2.0)) (&& (== net452) (>= netstandard2.0)) (&& (== net452) (>= xamarinios)) (&& (== net452) (>= xamarinmac)) (&& (== net46) (== netcoreapp3.1)) (&& (== net46) (>= netcoreapp2.0)) (&& (== net46) (>= netstandard2.0)) (&& (== net46) (>= xamarinios)) (&& (== net46) (>= xamarinmac)) (&& (== net461) (== netcoreapp3.1)) (&& (== net461) (>= netcoreapp2.0)) (&& (== net461) (>= netstandard2.0)) (&& (== net461) (>= xamarinios)) (&& (== net461) (>= xamarinmac)) (&& (== net462) (== netcoreapp3.1)) (&& (== net462) (>= netcoreapp2.0)) (&& (== net462) (>= netstandard2.0)) (&& (== net462) (>= xamarinios)) (&& (== net462) (>= xamarinmac)) (== net472) (== netcoreapp3.0)
    System.Collections (4.3) - restriction: || (&& (== net452) (< net45) (>= net461)) (&& (== net452) (< net45) (>= netstandard2.0)) (&& (== net46) (< net45) (>= net461)) (&& (== net46) (< net45) (>= netstandard2.0)) (&& (== net461) (< net45)) (&& (== net462) (< net45)) (&& (== net472) (< net45)) (== netcoreapp3.0) (== netcoreapp3.1)
      Microsoft.NETCore.Platforms (>= 1.1) - restriction: || (&& (== net452) (< net45)) (&& (== net46) (< net45)) (&& (== net461) (< net45)) (&& (== net462) (< net45)) (&& (== net472) (< net45)) (== netcoreapp3.0) (== netcoreapp3.1)
      Microsoft.NETCore.Targets (>= 1.1) - restriction: || (&& (== net452) (< net45)) (&& (== net46) (< net45)) (&& (== net461) (< net45)) (&& (== net462) (< net45)) (&& (== net472) (< net45)) (== netcoreapp3.0) (== netcoreapp3.1)
      System.Runtime (>= 4.3) - restriction: || (&& (== net452) (< net45)) (&& (== net46) (< net45)) (&& (== net461) (< net45)) (&& (== net462) (< net45)) (&& (== net472) (< net45)) (== netcoreapp3.0) (== netcoreapp3.1)
    System.Collections.Immutable (1.7) - restriction: || (&& (== net452) (== netcoreapp3.0)) (&& (== net452) (== netcoreapp3.1)) (&& (== net452) (>= netstandard2.0)) (&& (== net46) (== netcoreapp3.0)) (&& (== net46) (== netcoreapp3.1)) (&& (== net46) (>= netstandard2.0)) (&& (== net461) (== netcoreapp3.0)) (&& (== net461) (== netcoreapp3.1)) (&& (== net461) (>= netstandard2.0)) (&& (== net462) (== netcoreapp3.0)) (&& (== net462) (== netcoreapp3.1)) (&& (== net462) (>= netstandard2.0)) (== net472) (&& (== netcoreapp3.0) (>= net461)) (&& (== netcoreapp3.1) (>= net45)) (&& (== netcoreapp3.1) (>= net461)) (&& (== netcoreapp3.1) (< netcoreapp3.0)) (&& (== netcoreapp3.1) (< netstandard1.1)) (&& (== netcoreapp3.1) (< netstandard2.0))
      System.Memory (>= 4.5.3) - restriction: || (&& (== net452) (< net45) (>= netstandard1.3)) (&& (== net452) (< net45) (>= netstandard2.0)) (&& (== net452) (>= net46)) (&& (== net452) (>= uap10.1)) (== net46) (== net461) (== net462) (== net472) (&& (== netcoreapp3.0) (>= net46)) (&& (== netcoreapp3.0) (< netcoreapp2.1)) (&& (== netcoreapp3.0) (< netstandard2.0)) (&& (== netcoreapp3.0) (>= uap10.1)) (&& (== netcoreapp3.1) (>= net46)) (&& (== netcoreapp3.1) (< netcoreapp2.1)) (&& (== netcoreapp3.1) (< netstandard2.0)) (&& (== netcoreapp3.1) (>= uap10.1))
    System.ComponentModel.Annotations (4.7) - restriction: || (&& (== net452) (== netcoreapp3.0)) (&& (== net452) (== netcoreapp3.1)) (&& (== net452) (>= netstandard2.0)) (&& (== net46) (== netcoreapp3.0)) (&& (== net46) (== netcoreapp3.1)) (&& (== net46) (>= netstandard2.0)) (&& (== net461) (== netcoreapp3.0)) (&& (== net461) (== netcoreapp3.1)) (&& (== net461) (>= netstandard2.0)) (&& (== net462) (== netcoreapp3.0)) (&& (== net462) (== netcoreapp3.1)) (&& (== net462) (>= netstandard2.0)) (== net472) (&& (== netcoreapp3.0) (>= net461)) (&& (== netcoreapp3.1) (>= net461)) (&& (== netcoreapp3.1) (< netcoreapp3.0))
    System.Diagnostics.Debug (4.3) - restriction: || (&& (== net452) (< net45) (>= net461) (>= netstandard1.6)) (&& (== net452) (< net45) (>= netstandard2.0)) (&& (== net46) (< net45) (>= net461) (>= netstandard1.6)) (&& (== net46) (< net45) (>= netstandard2.0)) (&& (== net461) (< net45) (>= netstandard1.6)) (&& (== net462) (< net45) (>= netstandard1.6)) (&& (== net472) (< net45)) (== netcoreapp3.0) (== netcoreapp3.1)
      Microsoft.NETCore.Platforms (>= 1.1) - restriction: || (&& (== net452) (< net45)) (&& (== net46) (< net45)) (&& (== net461) (< net45)) (&& (== net462) (< net45)) (&& (== net472) (< net45)) (== netcoreapp3.0) (== netcoreapp3.1)
      Microsoft.NETCore.Targets (>= 1.1) - restriction: || (&& (== net452) (< net45)) (&& (== net46) (< net45)) (&& (== net461) (< net45)) (&& (== net462) (< net45)) (&& (== net472) (< net45)) (== netcoreapp3.0) (== netcoreapp3.1)
      System.Runtime (>= 4.3) - restriction: || (&& (== net452) (< net45)) (&& (== net46) (< net45)) (&& (== net461) (< net45)) (&& (== net462) (< net45)) (&& (== net472) (< net45)) (== netcoreapp3.0) (== netcoreapp3.1)
    System.Diagnostics.DiagnosticSource (4.7) - restriction: || (&& (== net452) (== netcoreapp3.1)) (&& (== net452) (>= netstandard2.0)) (&& (== net46) (== netcoreapp3.1)) (&& (== net46) (>= netstandard2.0)) (&& (== net461) (== netcoreapp3.1)) (&& (== net461) (>= netstandard2.0)) (&& (== net462) (== netcoreapp3.1)) (&& (== net462) (>= netstandard2.0)) (== net472) (== netcoreapp3.0) (&& (== netcoreapp3.1) (>= net461)) (&& (== netcoreapp3.1) (< netcoreapp3.0))
      System.Memory (>= 4.5.3) - restriction: || (== net452) (== net46) (== net461) (== net462) (== net472) (&& (== netcoreapp3.0) (>= net45) (< netstandard1.3)) (&& (== netcoreapp3.0) (>= net46)) (&& (== netcoreapp3.0) (< netcoreapp2.1)) (&& (== netcoreapp3.0) (< netstandard2.0)) (&& (== netcoreapp3.0) (>= uap10.1)) (&& (== netcoreapp3.1) (>= net45) (< netstandard1.3)) (&& (== netcoreapp3.1) (>= net46)) (&& (== netcoreapp3.1) (< netcoreapp2.1)) (&& (== netcoreapp3.1) (< netstandard2.0)) (&& (== netcoreapp3.1) (>= uap10.1))
    System.Drawing.Common (4.7) - restriction: || (&& (== net452) (== netcoreapp3.1)) (&& (== net452) (>= netcoreapp3.0)) (&& (== net46) (== netcoreapp3.1)) (&& (== net46) (>= netcoreapp3.0)) (&& (== net461) (== netcoreapp3.1)) (&& (== net461) (>= netcoreapp3.0)) (&& (== net462) (== netcoreapp3.1)) (&& (== net462) (>= netcoreapp3.0)) (&& (== net472) (== netcoreapp3.1)) (&& (== net472) (>= netcoreapp3.0)) (== netcoreapp3.0)
      Microsoft.NETCore.Platforms (>= 3.1) - restriction: || (&& (== net452) (>= netcoreapp2.0)) (&& (== net46) (>= netcoreapp2.0)) (&& (== net461) (>= netcoreapp2.0)) (&& (== net462) (>= netcoreapp2.0)) (&& (== net472) (>= netcoreapp2.0)) (== netcoreapp3.0) (== netcoreapp3.1)
      Microsoft.Win32.SystemEvents (>= 4.7) - restriction: || (&& (== net452) (>= netcoreapp2.0)) (&& (== net46) (>= netcoreapp2.0)) (&& (== net461) (>= netcoreapp2.0)) (&& (== net462) (>= netcoreapp2.0)) (&& (== net472) (>= netcoreapp2.0)) (== netcoreapp3.0) (== netcoreapp3.1)
    System.Globalization (4.3) - restriction: || (&& (== net452) (< net45) (>= net461)) (&& (== net452) (< net45) (>= netstandard2.0)) (&& (== net46) (< net45) (>= net461)) (&& (== net46) (< net45) (>= netstandard2.0)) (&& (== net461) (< net45)) (&& (== net462) (< net45)) (&& (== net472) (< net45)) (== netcoreapp3.0) (== netcoreapp3.1)
      Microsoft.NETCore.Platforms (>= 1.1) - restriction: || (&& (== net452) (< net45)) (&& (== net46) (< net45)) (&& (== net461) (< net45)) (&& (== net462) (< net45)) (&& (== net472) (< net45)) (== netcoreapp3.0) (== netcoreapp3.1)
      Microsoft.NETCore.Targets (>= 1.1) - restriction: || (&& (== net452) (< net45)) (&& (== net46) (< net45)) (&& (== net461) (< net45)) (&& (== net462) (< net45)) (&& (== net472) (< net45)) (== netcoreapp3.0) (== netcoreapp3.1)
      System.Runtime (>= 4.3) - restriction: || (&& (== net452) (< net45)) (&& (== net46) (< net45)) (&& (== net461) (< net45)) (&& (== net462) (< net45)) (&& (== net472) (< net45)) (== netcoreapp3.0) (== netcoreapp3.1)
    System.IdentityModel.Tokens.Jwt (6.5) - restriction: || (&& (== net452) (>= netcoreapp3.1)) (&& (== net46) (>= netcoreapp3.1)) (&& (== net461) (>= netcoreapp3.1)) (&& (== net462) (>= netcoreapp3.1)) (&& (== net472) (>= netcoreapp3.1)) (&& (== netcoreapp3.0) (>= netcoreapp3.1)) (== netcoreapp3.1)
      Microsoft.IdentityModel.JsonWebTokens (>= 6.5)
      Microsoft.IdentityModel.Tokens (>= 6.5)
    System.IO (4.3) - restriction: || (&& (== net452) (< net45) (>= net461)) (&& (== net452) (< net45) (>= netstandard2.0)) (&& (== net46) (< net45) (>= net461)) (&& (== net46) (< net45) (>= netstandard2.0)) (&& (== net461) (< net45)) (&& (== net462) (< net45)) (&& (== net472) (< net45)) (== netcoreapp3.0) (== netcoreapp3.1)
      Microsoft.NETCore.Platforms (>= 1.1) - restriction: || (&& (== net452) (< net45)) (&& (== net46) (< net45)) (&& (== net461) (< net45)) (&& (== net462) (< net45)) (&& (== net472) (< net45)) (== netcoreapp3.0) (== netcoreapp3.1)
      Microsoft.NETCore.Targets (>= 1.1) - restriction: || (&& (== net452) (< net45)) (&& (== net46) (< net45)) (&& (== net461) (< net45)) (&& (== net462) (< net45)) (&& (== net472) (< net45)) (== netcoreapp3.0) (== netcoreapp3.1)
      System.Runtime (>= 4.3) - restriction: || (&& (== net452) (< net45)) (&& (== net46) (< net45)) (&& (== net461) (< net45)) (&& (== net462) (< net45)) (&& (== net472) (< net45)) (== netcoreapp3.0) (== netcoreapp3.1)
      System.Text.Encoding (>= 4.3) - restriction: || (&& (== net452) (< net45)) (&& (== net46) (< net45)) (&& (== net461) (< net45)) (&& (== net462) (< net45)) (&& (== net472) (< net45)) (== netcoreapp3.0) (== netcoreapp3.1)
      System.Threading.Tasks (>= 4.3) - restriction: || (&& (== net452) (< net45)) (&& (== net46) (< net45)) (&& (== net461) (< net45)) (&& (== net462) (< net45)) (&& (== net472) (< net45)) (== netcoreapp3.0) (== netcoreapp3.1)
    System.IO.FileSystem (4.3) - restriction: || (&& (== net452) (< net45) (>= net461)) (&& (== net452) (< net45) (>= netstandard2.0)) (&& (== net46) (< net45) (>= net461)) (&& (== net46) (< net45) (>= netstandard2.0)) (&& (== net461) (< net45)) (&& (== net462) (< net45)) (&& (== net472) (< net45)) (== netcoreapp3.0) (== netcoreapp3.1)
      Microsoft.NETCore.Platforms (>= 1.1) - restriction: || (&& (== net452) (>= netstandard1.3)) (&& (== net461) (< net46)) (&& (== net462) (< net46)) (&& (== net472) (< net46)) (== netcoreapp3.0) (== netcoreapp3.1)
      Microsoft.NETCore.Targets (>= 1.1) - restriction: || (&& (== net452) (>= netstandard1.3)) (&& (== net461) (< net46)) (&& (== net462) (< net46)) (&& (== net472) (< net46)) (== netcoreapp3.0) (== netcoreapp3.1)
      System.IO (>= 4.3) - restriction: || (&& (== net452) (>= netstandard1.3)) (&& (== net461) (< net46)) (&& (== net462) (< net46)) (&& (== net472) (< net46)) (== netcoreapp3.0) (== netcoreapp3.1)
      System.IO.FileSystem.Primitives (>= 4.3) - restriction: || (&& (== net452) (>= net46)) (&& (== net452) (>= netstandard1.3)) (== net46) (== net461) (== net462) (== net472) (== netcoreapp3.0) (== netcoreapp3.1)
      System.Runtime (>= 4.3) - restriction: || (&& (== net452) (>= netstandard1.3)) (&& (== net461) (< net46)) (&& (== net462) (< net46)) (&& (== net472) (< net46)) (== netcoreapp3.0) (== netcoreapp3.1)
      System.Runtime.Handles (>= 4.3) - restriction: || (&& (== net452) (>= netstandard1.3)) (&& (== net461) (< net46)) (&& (== net462) (< net46)) (&& (== net472) (< net46)) (== netcoreapp3.0) (== netcoreapp3.1)
      System.Text.Encoding (>= 4.3) - restriction: || (&& (== net452) (>= netstandard1.3)) (&& (== net461) (< net46)) (&& (== net462) (< net46)) (&& (== net472) (< net46)) (== netcoreapp3.0) (== netcoreapp3.1)
      System.Threading.Tasks (>= 4.3) - restriction: || (&& (== net452) (>= netstandard1.3)) (&& (== net461) (< net46)) (&& (== net462) (< net46)) (&& (== net472) (< net46)) (== netcoreapp3.0) (== netcoreapp3.1)
    System.IO.FileSystem.Primitives (4.3) - restriction: || (&& (== net452) (< net45) (>= net461)) (&& (== net452) (< net45) (>= netstandard2.0)) (&& (== net46) (< net45) (>= net461)) (&& (== net46) (< net45) (>= netstandard2.0)) (&& (== net461) (< net45)) (&& (== net462) (< net45)) (&& (== net472) (< net45)) (== netcoreapp3.0) (== netcoreapp3.1)
      System.Runtime (>= 4.3) - restriction: || (&& (== net452) (>= netstandard1.3)) (&& (== net461) (< net46)) (&& (== net462) (< net46)) (&& (== net472) (< net46)) (== netcoreapp3.0) (== netcoreapp3.1)
    System.IO.Pipelines (4.7.1) - restriction: || (&& (== net452) (== netcoreapp3.1)) (&& (== net452) (>= netstandard2.0)) (&& (== net46) (== netcoreapp3.1)) (&& (== net46) (>= netstandard2.0)) (&& (== net461) (== netcoreapp3.1)) (&& (== net461) (>= netstandard2.0)) (&& (== net462) (== netcoreapp3.1)) (&& (== net462) (>= netstandard2.0)) (== net472) (== netcoreapp3.0) (&& (== netcoreapp3.1) (>= net461)) (&& (== netcoreapp3.1) (< netcoreapp3.0))
      System.Buffers (>= 4.5) - restriction: || (&& (== net452) (>= monoandroid)) (&& (== net452) (>= monotouch)) (&& (== net452) (>= net46)) (&& (== net452) (>= net461)) (&& (== net452) (>= netstandard1.3)) (&& (== net452) (>= netstandard2.0)) (&& (== net452) (>= xamarinios)) (&& (== net452) (>= xamarinmac)) (&& (== net452) (>= xamarintvos)) (&& (== net452) (>= xamarinwatchos)) (== net46) (== net461) (== net462) (== net472) (&& (== netcoreapp3.0) (>= monotouch)) (&& (== netcoreapp3.0) (>= net461)) (&& (== netcoreapp3.0) (< netcoreapp2.0)) (&& (== netcoreapp3.0) (< netstandard2.0)) (&& (== netcoreapp3.0) (>= xamarinios)) (&& (== netcoreapp3.0) (>= xamarinmac)) (&& (== netcoreapp3.0) (>= xamarintvos)) (&& (== netcoreapp3.0) (>= xamarinwatchos)) (&& (== netcoreapp3.1) (>= monotouch)) (&& (== netcoreapp3.1) (>= net461)) (&& (== netcoreapp3.1) (< netcoreapp2.0)) (&& (== netcoreapp3.1) (< netstandard2.0)) (&& (== netcoreapp3.1) (>= xamarinios)) (&& (== netcoreapp3.1) (>= xamarinmac)) (&& (== netcoreapp3.1) (>= xamarintvos)) (&& (== netcoreapp3.1) (>= xamarinwatchos))
      System.Memory (>= 4.5.3) - restriction: || (&& (== net452) (>= net46)) (&& (== net452) (>= net461)) (&& (== net452) (>= netcoreapp2.0)) (&& (== net452) (>= netstandard1.3)) (&& (== net452) (>= netstandard2.0)) (&& (== net452) (>= uap10.1)) (== net46) (== net461) (== net462) (== net472) (&& (== netcoreapp3.0) (>= net461)) (&& (== netcoreapp3.0) (< netcoreapp2.0)) (&& (== netcoreapp3.0) (< netcoreapp2.1)) (&& (== netcoreapp3.0) (< netstandard2.0)) (&& (== netcoreapp3.0) (>= uap10.1)) (&& (== netcoreapp3.1) (>= net461)) (&& (== netcoreapp3.1) (< netcoreapp2.0)) (&& (== netcoreapp3.1) (< netcoreapp2.1)) (&& (== netcoreapp3.1) (< netstandard2.0)) (&& (== netcoreapp3.1) (>= uap10.1))
      System.Threading.Tasks.Extensions (>= 4.5.2) - restriction: || (&& (== net452) (>= net46)) (&& (== net452) (>= net461)) (&& (== net452) (>= netcoreapp2.0)) (&& (== net452) (>= netstandard1.3)) (&& (== net452) (>= netstandard2.0)) (&& (== net452) (>= uap10.1)) (== net46) (== net461) (== net462) (== net472) (&& (== netcoreapp3.0) (>= net461)) (&& (== netcoreapp3.0) (< netcoreapp2.0)) (&& (== netcoreapp3.0) (< netcoreapp2.1)) (&& (== netcoreapp3.0) (< netstandard2.0)) (&& (== netcoreapp3.0) (>= uap10.1)) (&& (== netcoreapp3.1) (>= net461)) (&& (== netcoreapp3.1) (< netcoreapp2.0)) (&& (== netcoreapp3.1) (< netcoreapp2.1)) (&& (== netcoreapp3.1) (< netstandard2.0)) (&& (== netcoreapp3.1) (>= uap10.1))
    System.Linq (4.3) - restriction: || (&& (== net452) (< net45) (>= net461)) (&& (== net452) (< net45) (>= netstandard2.0)) (&& (== net46) (< net45) (>= net461)) (&& (== net46) (< net45) (>= netstandard2.0)) (&& (== net461) (< net45)) (&& (== net462) (< net45)) (&& (== net472) (< net45)) (== netcoreapp3.0) (== netcoreapp3.1)
      System.Collections (>= 4.3) - restriction: || (&& (== net452) (< net45)) (&& (== net46) (< net45)) (&& (== net461) (< net45)) (&& (== net462) (< net45)) (&& (== net472) (< net45)) (== netcoreapp3.0) (== netcoreapp3.1)
      System.Diagnostics.Debug (>= 4.3) - restriction: || (&& (== net452) (< net45) (>= netstandard1.6)) (&& (== net46) (< net45) (>= netstandard1.6)) (&& (== net461) (< net45) (>= netstandard1.6)) (&& (== net462) (< net45) (>= netstandard1.6)) (&& (== net472) (< net45)) (== netcoreapp3.0) (== netcoreapp3.1)
      System.Resources.ResourceManager (>= 4.3) - restriction: || (&& (== net452) (< net45) (>= netstandard1.6)) (&& (== net46) (< net45) (>= netstandard1.6)) (&& (== net461) (< net45) (>= netstandard1.6)) (&& (== net462) (< net45) (>= netstandard1.6)) (&& (== net472) (< net45)) (== netcoreapp3.0) (== netcoreapp3.1)
      System.Runtime (>= 4.3) - restriction: || (&& (== net452) (< net45)) (&& (== net46) (< net45)) (&& (== net461) (< net45)) (&& (== net462) (< net45)) (&& (== net472) (< net45)) (== netcoreapp3.0) (== netcoreapp3.1)
      System.Runtime.Extensions (>= 4.3) - restriction: || (&& (== net452) (< net45) (>= netstandard1.6)) (&& (== net46) (< net45) (>= netstandard1.6)) (&& (== net461) (< net45) (>= netstandard1.6)) (&& (== net462) (< net45) (>= netstandard1.6)) (&& (== net472) (< net45)) (== netcoreapp3.0) (== netcoreapp3.1)
    System.Memory (4.5.4) - restriction: || (&& (== net452) (== netcoreapp3.1)) (&& (== net452) (>= netcoreapp2.0)) (&& (== net452) (>= netstandard2.0)) (&& (== net46) (== netcoreapp3.1)) (&& (== net46) (>= netcoreapp2.0)) (&& (== net46) (>= netstandard2.0)) (&& (== net461) (== netcoreapp3.1)) (&& (== net461) (>= netcoreapp2.0)) (&& (== net461) (>= netstandard2.0)) (&& (== net462) (== netcoreapp3.1)) (&& (== net462) (>= netcoreapp2.0)) (&& (== net462) (>= netstandard2.0)) (== net472) (== netcoreapp3.0)
      System.Buffers (>= 4.5.1) - restriction: || (== net452) (== net46) (== net461) (== net462) (== net472) (&& (== netcoreapp3.0) (>= monotouch)) (&& (== netcoreapp3.0) (>= net461)) (&& (== netcoreapp3.0) (< netcoreapp2.0)) (&& (== netcoreapp3.0) (< netstandard1.1)) (&& (== netcoreapp3.0) (< netstandard2.0)) (&& (== netcoreapp3.0) (>= xamarinios)) (&& (== netcoreapp3.0) (>= xamarinmac)) (&& (== netcoreapp3.0) (>= xamarintvos)) (&& (== netcoreapp3.0) (>= xamarinwatchos)) (&& (== netcoreapp3.1) (>= monotouch)) (&& (== netcoreapp3.1) (>= net461)) (&& (== netcoreapp3.1) (< netcoreapp2.0)) (&& (== netcoreapp3.1) (< netstandard1.1)) (&& (== netcoreapp3.1) (< netstandard2.0)) (&& (== netcoreapp3.1) (>= xamarinios)) (&& (== netcoreapp3.1) (>= xamarinmac)) (&& (== netcoreapp3.1) (>= xamarintvos)) (&& (== netcoreapp3.1) (>= xamarinwatchos))
      System.Numerics.Vectors (>= 4.5) - restriction: || (&& (== net452) (>= net461)) (&& (== net46) (>= net461)) (== net461) (== net462) (== net472) (&& (== netcoreapp3.0) (>= net461)) (&& (== netcoreapp3.1) (>= net461))
      System.Runtime.CompilerServices.Unsafe (>= 4.5.3) - restriction: || (== net452) (== net46) (== net461) (== net462) (== net472) (&& (== netcoreapp3.0) (>= monotouch)) (&& (== netcoreapp3.0) (>= net461)) (&& (== netcoreapp3.0) (< netcoreapp2.0)) (&& (== netcoreapp3.0) (< netcoreapp2.1)) (&& (== netcoreapp3.0) (< netstandard1.1)) (&& (== netcoreapp3.0) (< netstandard2.0)) (&& (== netcoreapp3.0) (>= uap10.1)) (&& (== netcoreapp3.0) (>= xamarinios)) (&& (== netcoreapp3.0) (>= xamarinmac)) (&& (== netcoreapp3.0) (>= xamarintvos)) (&& (== netcoreapp3.0) (>= xamarinwatchos)) (&& (== netcoreapp3.1) (>= monotouch)) (&& (== netcoreapp3.1) (>= net461)) (&& (== netcoreapp3.1) (< netcoreapp2.0)) (&& (== netcoreapp3.1) (< netcoreapp2.1)) (&& (== netcoreapp3.1) (< netstandard1.1)) (&& (== netcoreapp3.1) (< netstandard2.0)) (&& (== netcoreapp3.1) (>= uap10.1)) (&& (== netcoreapp3.1) (>= xamarinios)) (&& (== netcoreapp3.1) (>= xamarinmac)) (&& (== netcoreapp3.1) (>= xamarintvos)) (&& (== netcoreapp3.1) (>= xamarinwatchos))
    System.Net.WebSockets.WebSocketProtocol (4.7) - restriction: || (&& (== net452) (== netcoreapp3.1)) (&& (== net452) (>= netstandard2.0)) (&& (== net46) (== netcoreapp3.1)) (&& (== net46) (>= netstandard2.0)) (&& (== net461) (== netcoreapp3.1)) (&& (== net461) (>= netstandard2.0)) (&& (== net462) (== netcoreapp3.1)) (&& (== net462) (>= netstandard2.0)) (== net472) (== netcoreapp3.0)
      System.Buffers (>= 4.5) - restriction: || (&& (== net452) (>= monoandroid)) (&& (== net452) (>= monotouch)) (&& (== net452) (>= netstandard2.0)) (&& (== net452) (>= xamarinios)) (&& (== net452) (>= xamarinmac)) (&& (== net452) (>= xamarintvos)) (&& (== net452) (>= xamarinwatchos)) (&& (== net46) (>= monoandroid)) (&& (== net46) (>= monotouch)) (&& (== net46) (>= netstandard2.0)) (&& (== net46) (>= xamarinios)) (&& (== net46) (>= xamarinmac)) (&& (== net46) (>= xamarintvos)) (&& (== net46) (>= xamarinwatchos)) (&& (== net461) (>= monoandroid)) (&& (== net461) (>= monotouch)) (&& (== net461) (>= netstandard2.0)) (&& (== net461) (>= xamarinios)) (&& (== net461) (>= xamarinmac)) (&& (== net461) (>= xamarintvos)) (&& (== net461) (>= xamarinwatchos)) (&& (== net462) (>= monoandroid)) (&& (== net462) (>= monotouch)) (&& (== net462) (>= netstandard2.0)) (&& (== net462) (>= xamarinios)) (&& (== net462) (>= xamarinmac)) (&& (== net462) (>= xamarintvos)) (&& (== net462) (>= xamarinwatchos)) (== net472) (&& (== netcoreapp3.0) (>= monoandroid) (< netstandard2.0)) (&& (== netcoreapp3.0) (>= monotouch)) (&& (== netcoreapp3.0) (< netcoreapp2.0)) (&& (== netcoreapp3.0) (>= xamarinios)) (&& (== netcoreapp3.0) (>= xamarinmac)) (&& (== netcoreapp3.0) (>= xamarintvos)) (&& (== netcoreapp3.0) (>= xamarinwatchos)) (&& (== netcoreapp3.1) (>= monoandroid) (< netstandard2.0)) (&& (== netcoreapp3.1) (>= monotouch)) (&& (== netcoreapp3.1) (< netcoreapp2.0)) (&& (== netcoreapp3.1) (>= xamarinios)) (&& (== netcoreapp3.1) (>= xamarinmac)) (&& (== netcoreapp3.1) (>= xamarintvos)) (&& (== netcoreapp3.1) (>= xamarinwatchos))
      System.Memory (>= 4.5.3) - restriction: || (&& (== net452) (>= netcoreapp2.0)) (&& (== net452) (>= netstandard2.0)) (&& (== net452) (>= uap10.1)) (&& (== net46) (>= netcoreapp2.0)) (&& (== net46) (>= netstandard2.0)) (&& (== net46) (>= uap10.1)) (&& (== net461) (>= netcoreapp2.0)) (&& (== net461) (>= netstandard2.0)) (&& (== net461) (>= uap10.1)) (&& (== net462) (>= netcoreapp2.0)) (&& (== net462) (>= netstandard2.0)) (&& (== net462) (>= uap10.1)) (== net472) (&& (== netcoreapp3.0) (< netcoreapp2.0)) (&& (== netcoreapp3.0) (< netcoreapp2.1)) (&& (== netcoreapp3.0) (>= uap10.1)) (&& (== netcoreapp3.1) (< netcoreapp2.0)) (&& (== netcoreapp3.1) (< netcoreapp2.1)) (&& (== netcoreapp3.1) (>= uap10.1))
      System.Numerics.Vectors (>= 4.5) - restriction: || (&& (== net452) (>= netstandard2.0)) (&& (== net46) (>= netstandard2.0)) (&& (== net461) (>= netstandard2.0)) (&& (== net462) (>= netstandard2.0)) (== net472) (&& (== netcoreapp3.0) (< netcoreapp2.0)) (&& (== netcoreapp3.1) (< netcoreapp2.0))
      System.Runtime.CompilerServices.Unsafe (>= 4.7) - restriction: || (&& (== net452) (>= monoandroid)) (&& (== net452) (>= monotouch)) (&& (== net452) (>= netcoreapp2.0)) (&& (== net452) (>= netstandard2.0)) (&& (== net452) (>= uap10.1)) (&& (== net452) (>= xamarinios)) (&& (== net452) (>= xamarinmac)) (&& (== net452) (>= xamarintvos)) (&& (== net452) (>= xamarinwatchos)) (&& (== net46) (>= monoandroid)) (&& (== net46) (>= monotouch)) (&& (== net46) (>= netcoreapp2.0)) (&& (== net46) (>= netstandard2.0)) (&& (== net46) (>= uap10.1)) (&& (== net46) (>= xamarinios)) (&& (== net46) (>= xamarinmac)) (&& (== net46) (>= xamarintvos)) (&& (== net46) (>= xamarinwatchos)) (&& (== net461) (>= monoandroid)) (&& (== net461) (>= monotouch)) (&& (== net461) (>= netcoreapp2.0)) (&& (== net461) (>= netstandard2.0)) (&& (== net461) (>= uap10.1)) (&& (== net461) (>= xamarinios)) (&& (== net461) (>= xamarinmac)) (&& (== net461) (>= xamarintvos)) (&& (== net461) (>= xamarinwatchos)) (&& (== net462) (>= monoandroid)) (&& (== net462) (>= monotouch)) (&& (== net462) (>= netcoreapp2.0)) (&& (== net462) (>= netstandard2.0)) (&& (== net462) (>= uap10.1)) (&& (== net462) (>= xamarinios)) (&& (== net462) (>= xamarinmac)) (&& (== net462) (>= xamarintvos)) (&& (== net462) (>= xamarinwatchos)) (== net472) (&& (== netcoreapp3.0) (>= monoandroid) (< netstandard2.0)) (&& (== netcoreapp3.0) (>= monotouch)) (&& (== netcoreapp3.0) (< netcoreapp2.0)) (&& (== netcoreapp3.0) (< netcoreapp2.1)) (&& (== netcoreapp3.0) (>= uap10.1)) (&& (== netcoreapp3.0) (>= xamarinios)) (&& (== netcoreapp3.0) (>= xamarinmac)) (&& (== netcoreapp3.0) (>= xamarintvos)) (&& (== netcoreapp3.0) (>= xamarinwatchos)) (&& (== netcoreapp3.1) (>= monoandroid) (< netstandard2.0)) (&& (== netcoreapp3.1) (>= monotouch)) (&& (== netcoreapp3.1) (< netcoreapp2.0)) (&& (== netcoreapp3.1) (< netcoreapp2.1)) (&& (== netcoreapp3.1) (>= uap10.1)) (&& (== netcoreapp3.1) (>= xamarinios)) (&& (== netcoreapp3.1) (>= xamarinmac)) (&& (== netcoreapp3.1) (>= xamarintvos)) (&& (== netcoreapp3.1) (>= xamarinwatchos))
      System.Threading.Tasks.Extensions (>= 4.5.2) - restriction: || (&& (== net452) (>= netcoreapp2.0)) (&& (== net452) (>= netstandard2.0)) (&& (== net452) (>= uap10.1)) (&& (== net46) (>= netcoreapp2.0)) (&& (== net46) (>= netstandard2.0)) (&& (== net46) (>= uap10.1)) (&& (== net461) (>= netcoreapp2.0)) (&& (== net461) (>= netstandard2.0)) (&& (== net461) (>= uap10.1)) (&& (== net462) (>= netcoreapp2.0)) (&& (== net462) (>= netstandard2.0)) (&& (== net462) (>= uap10.1)) (== net472) (&& (== netcoreapp3.0) (< netcoreapp2.0)) (&& (== netcoreapp3.0) (< netcoreapp2.1)) (&& (== netcoreapp3.0) (>= uap10.1)) (&& (== netcoreapp3.1) (< netcoreapp2.0)) (&& (== netcoreapp3.1) (< netcoreapp2.1)) (&& (== netcoreapp3.1) (>= uap10.1))
    System.Numerics.Vectors (4.5) - restriction: || (&& (== net452) (== netcoreapp3.1)) (&& (== net452) (>= netstandard2.0)) (&& (== net46) (== netcoreapp3.1)) (&& (== net46) (>= netstandard2.0)) (&& (== net461) (== netcoreapp3.1)) (&& (== net461) (>= netstandard2.0)) (&& (== net462) (== netcoreapp3.1)) (&& (== net462) (>= netstandard2.0)) (== net472) (== netcoreapp3.0)
    System.Reflection (4.3) - restriction: || (&& (== net452) (< net45) (>= net461)) (&& (== net452) (< net45) (>= netstandard2.0)) (&& (== net46) (< net45) (>= net461)) (&& (== net46) (< net45) (>= netstandard2.0)) (&& (== net461) (< net45)) (&& (== net462) (< net45)) (&& (== net472) (< net45)) (== netcoreapp3.0) (== netcoreapp3.1)
      Microsoft.NETCore.Platforms (>= 1.1) - restriction: || (&& (== net452) (< net45)) (&& (== net46) (< net45)) (&& (== net461) (< net45)) (&& (== net462) (< net45)) (&& (== net472) (< net45)) (== netcoreapp3.0) (== netcoreapp3.1)
      Microsoft.NETCore.Targets (>= 1.1) - restriction: || (&& (== net452) (< net45)) (&& (== net46) (< net45)) (&& (== net461) (< net45)) (&& (== net462) (< net45)) (&& (== net472) (< net45)) (== netcoreapp3.0) (== netcoreapp3.1)
      System.IO (>= 4.3) - restriction: || (&& (== net452) (< net45)) (&& (== net46) (< net45)) (&& (== net461) (< net45)) (&& (== net462) (< net45)) (&& (== net472) (< net45)) (== netcoreapp3.0) (== netcoreapp3.1)
      System.Reflection.Primitives (>= 4.3) - restriction: || (&& (== net452) (< net45)) (&& (== net46) (< net45)) (&& (== net461) (< net45)) (&& (== net462) (< net45)) (&& (== net472) (< net45)) (== netcoreapp3.0) (== netcoreapp3.1)
      System.Runtime (>= 4.3) - restriction: || (&& (== net452) (< net45)) (&& (== net46) (< net45)) (&& (== net461) (< net45)) (&& (== net462) (< net45)) (&& (== net472) (< net45)) (== netcoreapp3.0) (== netcoreapp3.1)
    System.Reflection.Emit (4.7) - restriction: || (&& (== net452) (>= net461)) (&& (== net452) (>= net47)) (&& (== net452) (>= netstandard2.0)) (&& (== net46) (>= net461)) (&& (== net46) (>= net47)) (&& (== net46) (>= netstandard2.0)) (== net461) (== net462) (== net472) (== netcoreapp3.0) (== netcoreapp3.1)
    System.Reflection.Emit.ILGeneration (4.7) - restriction: || (&& (== net452) (< net45) (>= net461)) (&& (== net452) (< net45) (>= netstandard2.0)) (&& (== net46) (< net45) (>= net461)) (&& (== net46) (< net45) (>= netstandard2.0)) (&& (== net461) (< net45)) (&& (== net462) (< net45)) (&& (== net472) (< net45)) (== netcoreapp3.0) (== netcoreapp3.1)
    System.Reflection.Emit.Lightweight (4.7) - restriction: || (&& (== net452) (>= net461)) (&& (== net452) (>= net47)) (&& (== net452) (>= netstandard2.0)) (&& (== net46) (>= net461)) (&& (== net46) (>= net47)) (&& (== net46) (>= netstandard2.0)) (== net461) (== net462) (== net472) (== netcoreapp3.0) (== netcoreapp3.1)
    System.Reflection.Extensions (4.3) - restriction: || (&& (== net452) (< net45) (>= net461)) (&& (== net452) (< net45) (>= netstandard2.0)) (&& (== net46) (< net45) (>= net461)) (&& (== net46) (< net45) (>= netstandard2.0)) (&& (== net461) (< net45)) (&& (== net462) (< net45)) (&& (== net472) (< net45)) (== netcoreapp3.0) (== netcoreapp3.1)
      Microsoft.NETCore.Platforms (>= 1.1) - restriction: || (&& (== net452) (< net45)) (&& (== net46) (< net45)) (&& (== net461) (< net45)) (&& (== net462) (< net45)) (&& (== net472) (< net45)) (== netcoreapp3.0) (== netcoreapp3.1)
      Microsoft.NETCore.Targets (>= 1.1) - restriction: || (&& (== net452) (< net45)) (&& (== net46) (< net45)) (&& (== net461) (< net45)) (&& (== net462) (< net45)) (&& (== net472) (< net45)) (== netcoreapp3.0) (== netcoreapp3.1)
      System.Reflection (>= 4.3) - restriction: || (&& (== net452) (< net45)) (&& (== net46) (< net45)) (&& (== net461) (< net45)) (&& (== net462) (< net45)) (&& (== net472) (< net45)) (== netcoreapp3.0) (== netcoreapp3.1)
      System.Runtime (>= 4.3) - restriction: || (&& (== net452) (< net45)) (&& (== net46) (< net45)) (&& (== net461) (< net45)) (&& (== net462) (< net45)) (&& (== net472) (< net45)) (== netcoreapp3.0) (== netcoreapp3.1)
    System.Reflection.Metadata (1.8) - restriction: || (&& (== net452) (== netcoreapp3.1)) (&& (== net452) (>= netstandard2.0)) (&& (== net46) (== netcoreapp3.1)) (&& (== net46) (>= netstandard2.0)) (&& (== net461) (== netcoreapp3.1)) (&& (== net461) (>= netstandard2.0)) (&& (== net462) (== netcoreapp3.1)) (&& (== net462) (>= netstandard2.0)) (== net472) (== netcoreapp3.0) (&& (== netcoreapp3.1) (>= net461)) (&& (== netcoreapp3.1) (< netcoreapp3.0))
      System.Collections.Immutable (>= 1.7) - restriction: || (== net452) (== net46) (== net461) (== net462) (== net472) (== netcoreapp3.0) (&& (== netcoreapp3.1) (>= net45)) (&& (== netcoreapp3.1) (< netstandard1.1)) (&& (== netcoreapp3.1) (< netstandard2.0))
    System.Reflection.Primitives (4.3) - restriction: || (&& (== net452) (< net45) (>= net461)) (&& (== net452) (< net45) (>= netstandard2.0)) (&& (== net46) (< net45) (>= net461)) (&& (== net46) (< net45) (>= netstandard2.0)) (&& (== net461) (< net45)) (&& (== net462) (< net45)) (&& (== net472) (< net45)) (== netcoreapp3.0) (== netcoreapp3.1)
      Microsoft.NETCore.Platforms (>= 1.1) - restriction: || (&& (== net452) (< net45)) (&& (== net46) (< net45)) (&& (== net461) (< net45)) (&& (== net462) (< net45)) (&& (== net472) (< net45)) (== netcoreapp3.0) (== netcoreapp3.1)
      Microsoft.NETCore.Targets (>= 1.1) - restriction: || (&& (== net452) (< net45)) (&& (== net46) (< net45)) (&& (== net461) (< net45)) (&& (== net462) (< net45)) (&& (== net472) (< net45)) (== netcoreapp3.0) (== netcoreapp3.1)
      System.Runtime (>= 4.3) - restriction: || (&& (== net452) (< net45)) (&& (== net46) (< net45)) (&& (== net461) (< net45)) (&& (== net462) (< net45)) (&& (== net472) (< net45)) (== netcoreapp3.0) (== netcoreapp3.1)
    System.Reflection.TypeExtensions (4.7) - restriction: || (&& (== net452) (< net45) (>= net461)) (&& (== net452) (< net45) (>= netstandard2.0)) (&& (== net46) (< net45) (>= net461)) (&& (== net46) (< net45) (>= netstandard2.0)) (&& (== net461) (< net45)) (&& (== net462) (< net45)) (&& (== net472) (< net45)) (== netcoreapp3.0) (== netcoreapp3.1)
    System.Resources.ResourceManager (4.3) - restriction: || (&& (== net452) (< net45) (>= net461)) (&& (== net452) (< net45) (>= netstandard2.0)) (&& (== net46) (< net45) (>= net461)) (&& (== net46) (< net45) (>= netstandard2.0)) (&& (== net461) (< net45)) (&& (== net462) (< net45)) (&& (== net472) (< net45)) (== netcoreapp3.0) (== netcoreapp3.1)
      Microsoft.NETCore.Platforms (>= 1.1) - restriction: || (&& (== net452) (< net45)) (&& (== net46) (< net45)) (&& (== net461) (< net45)) (&& (== net462) (< net45)) (&& (== net472) (< net45)) (== netcoreapp3.0) (== netcoreapp3.1)
      Microsoft.NETCore.Targets (>= 1.1) - restriction: || (&& (== net452) (< net45)) (&& (== net46) (< net45)) (&& (== net461) (< net45)) (&& (== net462) (< net45)) (&& (== net472) (< net45)) (== netcoreapp3.0) (== netcoreapp3.1)
      System.Globalization (>= 4.3) - restriction: || (&& (== net452) (< net45)) (&& (== net46) (< net45)) (&& (== net461) (< net45)) (&& (== net462) (< net45)) (&& (== net472) (< net45)) (== netcoreapp3.0) (== netcoreapp3.1)
      System.Reflection (>= 4.3) - restriction: || (&& (== net452) (< net45)) (&& (== net46) (< net45)) (&& (== net461) (< net45)) (&& (== net462) (< net45)) (&& (== net472) (< net45)) (== netcoreapp3.0) (== netcoreapp3.1)
      System.Runtime (>= 4.3) - restriction: || (&& (== net452) (< net45)) (&& (== net46) (< net45)) (&& (== net461) (< net45)) (&& (== net462) (< net45)) (&& (== net472) (< net45)) (== netcoreapp3.0) (== netcoreapp3.1)
    System.Runtime (4.3.1) - restriction: || (&& (== net452) (< net45) (>= net461)) (&& (== net452) (< net45) (>= netstandard2.0)) (&& (== net452) (>= net461) (>= netcoreapp1.1)) (&& (== net452) (>= netcoreapp1.1) (>= netstandard2.0)) (&& (== net46) (< net45) (>= net461)) (&& (== net46) (< net45) (>= netstandard2.0)) (&& (== net46) (>= net461) (>= netcoreapp1.1)) (&& (== net46) (>= netcoreapp1.1) (>= netstandard2.0)) (&& (== net461) (< net45)) (&& (== net461) (>= netcoreapp1.1)) (&& (== net462) (< net45)) (&& (== net462) (>= netcoreapp1.1)) (&& (== net472) (< net45)) (&& (== net472) (>= netcoreapp1.1)) (== netcoreapp3.0) (== netcoreapp3.1)
      Microsoft.NETCore.Platforms (>= 1.1.1) - restriction: || (&& (== net452) (< net45)) (&& (== net46) (< net45)) (&& (== net461) (< net45)) (&& (== net462) (< net45)) (&& (== net472) (< net45)) (== netcoreapp3.0) (== netcoreapp3.1)
      Microsoft.NETCore.Targets (>= 1.1.3) - restriction: || (&& (== net452) (< net45)) (&& (== net46) (< net45)) (&& (== net461) (< net45)) (&& (== net462) (< net45)) (&& (== net472) (< net45)) (== netcoreapp3.0) (== netcoreapp3.1)
    System.Runtime.CompilerServices.Unsafe (4.7.1) - restriction: || (&& (== net452) (== netcoreapp3.1)) (&& (== net452) (>= net461)) (&& (== net452) (>= net47)) (&& (== net452) (>= netcoreapp2.0)) (&& (== net452) (>= netstandard2.0)) (&& (== net452) (>= xamarinios)) (&& (== net452) (>= xamarinmac)) (&& (== net46) (== netcoreapp3.1)) (&& (== net46) (>= net461)) (&& (== net46) (>= net47)) (&& (== net46) (>= netcoreapp2.0)) (&& (== net46) (>= netstandard2.0)) (&& (== net46) (>= xamarinios)) (&& (== net46) (>= xamarinmac)) (== net461) (== net462) (== net472) (== netcoreapp3.0) (&& (== netcoreapp3.1) (>= net461)) (&& (== netcoreapp3.1) (< netcoreapp2.1)) (&& (== netcoreapp3.1) (< netstandard1.0)) (&& (== netcoreapp3.1) (< netstandard2.0)) (&& (== netcoreapp3.1) (>= wp8))
    System.Runtime.Extensions (4.3.1) - restriction: || (&& (== net452) (< net45) (>= net461)) (&& (== net452) (< net45) (>= netstandard2.0)) (&& (== net46) (< net45) (>= net461)) (&& (== net46) (< net45) (>= netstandard2.0)) (&& (== net461) (< net45)) (&& (== net462) (< net45)) (&& (== net472) (< net45)) (== netcoreapp3.0) (== netcoreapp3.1)
      Microsoft.NETCore.Platforms (>= 1.1.1) - restriction: || (&& (== net452) (< net45)) (&& (== net46) (< net45)) (&& (== net461) (< net45)) (&& (== net462) (< net45)) (&& (== net472) (< net45)) (== netcoreapp3.0) (== netcoreapp3.1)
      Microsoft.NETCore.Targets (>= 1.1.3) - restriction: || (&& (== net452) (< net45)) (&& (== net46) (< net45)) (&& (== net461) (< net45)) (&& (== net462) (< net45)) (&& (== net472) (< net45)) (== netcoreapp3.0) (== netcoreapp3.1)
      System.Runtime (>= 4.3.1) - restriction: || (&& (== net452) (< net45)) (&& (== net46) (< net45)) (&& (== net461) (< net45)) (&& (== net462) (< net45)) (&& (== net472) (< net45)) (== netcoreapp3.0) (== netcoreapp3.1)
    System.Runtime.Handles (4.3) - restriction: || (&& (== net452) (< net45) (>= net461)) (&& (== net452) (< net45) (>= netstandard2.0)) (&& (== net46) (< net45) (>= net461)) (&& (== net46) (< net45) (>= netstandard2.0)) (&& (== net461) (< net45)) (&& (== net462) (< net45)) (&& (== net472) (< net45)) (== netcoreapp3.0) (== netcoreapp3.1)
      Microsoft.NETCore.Platforms (>= 1.1) - restriction: || (&& (== net452) (>= netstandard1.3)) (&& (== net461) (< net46)) (&& (== net462) (< net46)) (&& (== net472) (< net46)) (== netcoreapp3.0) (== netcoreapp3.1)
      Microsoft.NETCore.Targets (>= 1.1) - restriction: || (&& (== net452) (>= netstandard1.3)) (&& (== net461) (< net46)) (&& (== net462) (< net46)) (&& (== net472) (< net46)) (== netcoreapp3.0) (== netcoreapp3.1)
      System.Runtime (>= 4.3) - restriction: || (&& (== net452) (>= netstandard1.3)) (&& (== net461) (< net46)) (&& (== net462) (< net46)) (&& (== net472) (< net46)) (== netcoreapp3.0) (== netcoreapp3.1)
    System.Runtime.InteropServices (4.3) - restriction: || (&& (== net452) (< net45) (>= net461)) (&& (== net452) (< net45) (>= netstandard2.0)) (&& (== net46) (< net45) (>= net461)) (&& (== net46) (< net45) (>= netstandard2.0)) (&& (== net461) (< net45)) (&& (== net462) (< net45)) (&& (== net472) (< net45)) (== netcoreapp3.0) (== netcoreapp3.1)
      Microsoft.NETCore.Platforms (>= 1.1) - restriction: || (&& (== net452) (< net45)) (&& (== net452) (>= netcoreapp1.1)) (&& (== net46) (< net45)) (&& (== net46) (>= netcoreapp1.1)) (&& (== net461) (< net45)) (&& (== net461) (>= netcoreapp1.1)) (&& (== net462) (< net45)) (&& (== net462) (>= netcoreapp1.1)) (&& (== net472) (< net45)) (&& (== net472) (>= netcoreapp1.1)) (== netcoreapp3.0) (== netcoreapp3.1)
      Microsoft.NETCore.Targets (>= 1.1) - restriction: || (&& (== net452) (< net45)) (&& (== net452) (>= netcoreapp1.1)) (&& (== net46) (< net45)) (&& (== net46) (>= netcoreapp1.1)) (&& (== net461) (< net45)) (&& (== net461) (>= netcoreapp1.1)) (&& (== net462) (< net45)) (&& (== net462) (>= netcoreapp1.1)) (&& (== net472) (< net45)) (&& (== net472) (>= netcoreapp1.1)) (== netcoreapp3.0) (== netcoreapp3.1)
      System.Reflection (>= 4.3) - restriction: || (&& (== net452) (< net45)) (&& (== net452) (>= netcoreapp1.1)) (&& (== net46) (< net45)) (&& (== net46) (>= netcoreapp1.1)) (&& (== net461) (< net45)) (&& (== net461) (>= netcoreapp1.1)) (&& (== net462) (< net45)) (&& (== net462) (>= netcoreapp1.1)) (&& (== net472) (< net45)) (&& (== net472) (>= netcoreapp1.1)) (== netcoreapp3.0) (== netcoreapp3.1)
      System.Reflection.Primitives (>= 4.3) - restriction: || (&& (== net452) (< net45)) (&& (== net452) (>= netcoreapp1.1)) (&& (== net46) (< net45)) (&& (== net46) (>= netcoreapp1.1)) (&& (== net461) (< net45)) (&& (== net461) (>= netcoreapp1.1)) (&& (== net462) (< net45)) (&& (== net462) (>= netcoreapp1.1)) (&& (== net472) (< net45)) (&& (== net472) (>= netcoreapp1.1)) (== netcoreapp3.0) (== netcoreapp3.1)
      System.Runtime (>= 4.3) - restriction: || (&& (== net452) (< net45)) (&& (== net452) (>= net462)) (&& (== net452) (>= netcoreapp1.1)) (&& (== net46) (< net45)) (&& (== net46) (>= net462)) (&& (== net46) (>= netcoreapp1.1)) (&& (== net461) (< net45)) (&& (== net461) (>= net462)) (&& (== net461) (>= netcoreapp1.1)) (== net462) (== net472) (== netcoreapp3.0) (== netcoreapp3.1)
      System.Runtime.Handles (>= 4.3) - restriction: || (&& (== net452) (< net45) (>= netstandard1.3)) (&& (== net452) (< net45) (>= netstandard1.5)) (&& (== net452) (>= netcoreapp1.1)) (&& (== net46) (< net45)) (&& (== net46) (>= netcoreapp1.1)) (&& (== net461) (< net45)) (&& (== net461) (>= netcoreapp1.1)) (&& (== net462) (< net45)) (&& (== net462) (>= netcoreapp1.1)) (&& (== net472) (< net45)) (&& (== net472) (>= netcoreapp1.1)) (== netcoreapp3.0) (== netcoreapp3.1)
    System.Security.AccessControl (4.7) - restriction: || (&& (== net452) (== netcoreapp3.1)) (&& (== net452) (>= netcoreapp2.0)) (&& (== net452) (>= netstandard2.0)) (&& (== net452) (>= xamarinios)) (&& (== net452) (>= xamarinmac)) (&& (== net46) (== netcoreapp3.1)) (&& (== net46) (>= monoandroid) (>= netstandard2.0)) (&& (== net46) (>= monotouch) (>= netstandard2.0)) (&& (== net46) (>= net461) (>= netstandard2.0)) (&& (== net46) (>= netcoreapp2.0)) (&& (== net46) (>= netstandard2.0) (>= xamarintvos)) (&& (== net46) (>= netstandard2.0) (>= xamarinwatchos)) (&& (== net46) (>= xamarinios)) (&& (== net46) (>= xamarinmac)) (&& (== net461) (== netcoreapp3.1)) (&& (== net461) (>= netcoreapp2.0)) (&& (== net461) (>= netstandard2.0)) (&& (== net461) (>= xamarinios)) (&& (== net461) (>= xamarinmac)) (&& (== net462) (== netcoreapp3.1)) (&& (== net462) (>= netcoreapp2.0)) (&& (== net462) (>= netstandard2.0)) (&& (== net462) (>= xamarinios)) (&& (== net462) (>= xamarinmac)) (== net472) (== netcoreapp3.0)
      Microsoft.NETCore.Platforms (>= 3.1) - restriction: || (&& (== net452) (>= netcoreapp2.0)) (&& (== net46) (>= netcoreapp2.0)) (&& (== net461) (>= netcoreapp2.0)) (&& (== net462) (>= netcoreapp2.0)) (&& (== net472) (>= netcoreapp2.0)) (== netcoreapp3.0) (== netcoreapp3.1)
      System.Security.Principal.Windows (>= 4.7) - restriction: || (&& (== net452) (>= net46)) (&& (== net452) (>= net461)) (&& (== net452) (>= netcoreapp2.0)) (&& (== net452) (>= netstandard1.3)) (&& (== net452) (>= netstandard2.0)) (== net46) (== net461) (== net462) (== net472) (== netcoreapp3.0) (== netcoreapp3.1)
    System.Security.Cryptography.Cng (4.7) - restriction: || (&& (== net452) (>= netcoreapp2.0)) (&& (== net452) (>= netcoreapp2.1)) (&& (== net452) (>= netcoreapp3.0)) (&& (== net452) (>= netcoreapp3.1)) (&& (== net452) (>= netstandard2.0)) (&& (== net452) (>= netstandard2.1)) (&& (== net46) (>= netcoreapp2.0)) (&& (== net46) (>= netcoreapp2.1)) (&& (== net46) (>= netcoreapp3.0)) (&& (== net46) (>= netcoreapp3.1)) (&& (== net46) (>= netstandard2.0)) (&& (== net46) (>= netstandard2.1)) (&& (== net461) (>= netcoreapp3.1)) (&& (== net461) (>= netstandard2.0)) (&& (== net462) (>= netcoreapp2.0)) (&& (== net462) (>= netcoreapp2.1)) (&& (== net462) (>= netcoreapp3.0)) (&& (== net462) (>= netcoreapp3.1)) (&& (== net462) (>= netstandard2.0)) (&& (== net462) (>= netstandard2.1)) (== net472) (== netcoreapp3.0) (== netcoreapp3.1)
    System.Security.Cryptography.Pkcs (4.7) - restriction: || (&& (== net452) (== net472)) (&& (== net452) (== netcoreapp3.1)) (&& (== net452) (>= netstandard2.0)) (&& (== net46) (== net472)) (&& (== net46) (== netcoreapp3.1)) (&& (== net46) (>= netstandard2.0)) (&& (== net461) (== netcoreapp3.1)) (&& (== net462) (== netcoreapp3.1)) (&& (== net462) (< net461) (>= netstandard2.0)) (&& (== net472) (== netcoreapp3.1)) (&& (== net472) (< net461)) (== netcoreapp3.0)
      System.Security.Cryptography.Cng (>= 4.7) - restriction: || (&& (== net452) (>= netcoreapp2.0)) (&& (== net452) (>= netcoreapp2.1)) (&& (== net452) (>= netcoreapp3.0)) (&& (== net452) (>= netstandard2.0)) (&& (== net452) (>= netstandard2.1)) (&& (== net46) (>= netcoreapp2.0)) (&& (== net46) (>= netcoreapp2.1)) (&& (== net46) (>= netcoreapp3.0)) (&& (== net46) (>= netstandard2.1)) (&& (== net461) (< net46) (>= netstandard2.0)) (&& (== net461) (>= netcoreapp2.0)) (&& (== net461) (>= netcoreapp2.1)) (&& (== net461) (>= netcoreapp3.0)) (&& (== net461) (>= netstandard2.1)) (&& (== net462) (< net46) (>= netstandard2.0)) (&& (== net462) (>= netcoreapp2.0)) (&& (== net462) (>= netcoreapp2.1)) (&& (== net462) (>= netcoreapp3.0)) (&& (== net462) (>= netstandard2.1)) (&& (== net472) (< net46)) (&& (== net472) (>= netcoreapp2.0)) (&& (== net472) (>= netcoreapp2.1)) (&& (== net472) (>= netcoreapp3.0)) (&& (== net472) (>= netstandard2.1)) (== netcoreapp3.0) (== netcoreapp3.1)
    System.Security.Cryptography.Xml (4.7) - restriction: || (&& (== net452) (== netcoreapp3.1)) (&& (== net452) (>= netstandard2.0)) (&& (== net46) (== netcoreapp3.1)) (&& (== net46) (>= netstandard2.0)) (&& (== net461) (== netcoreapp3.1)) (&& (== net461) (>= netstandard2.0)) (&& (== net462) (== netcoreapp3.1)) (&& (== net462) (>= netstandard2.0)) (== net472) (== netcoreapp3.0)
      System.Security.Cryptography.Pkcs (>= 4.7) - restriction: || (&& (== net452) (>= netstandard2.0)) (&& (== net46) (>= netstandard2.0)) (&& (== net462) (< net461) (>= netstandard2.0)) (&& (== net472) (< net461)) (== netcoreapp3.0) (== netcoreapp3.1)
      System.Security.Permissions (>= 4.7) - restriction: || (&& (== net452) (>= net461)) (&& (== net452) (>= netstandard2.0)) (&& (== net46) (>= net461)) (&& (== net46) (>= netstandard2.0)) (== net461) (== net462) (== net472) (== netcoreapp3.0) (== netcoreapp3.1)
    System.Security.Permissions (4.7) - restriction: || (&& (== net452) (== netcoreapp3.1)) (&& (== net452) (>= netstandard2.0)) (&& (== net46) (== netcoreapp3.1)) (&& (== net46) (>= netstandard2.0)) (&& (== net461) (== netcoreapp3.1)) (&& (== net461) (>= netstandard2.0)) (&& (== net462) (== netcoreapp3.1)) (&& (== net462) (>= netstandard2.0)) (== net472) (== netcoreapp3.0)
      System.Security.AccessControl (>= 4.7) - restriction: || (&& (== net452) (>= net461)) (&& (== net452) (>= netstandard2.0)) (&& (== net46) (>= net461)) (&& (== net46) (>= netstandard2.0)) (== net461) (== net462) (== net472) (== netcoreapp3.0) (== netcoreapp3.1)
      System.Windows.Extensions (>= 4.7) - restriction: || (&& (== net452) (>= netcoreapp3.0)) (&& (== net46) (>= netcoreapp3.0)) (&& (== net461) (>= netcoreapp3.0)) (&& (== net462) (>= netcoreapp3.0)) (&& (== net472) (>= netcoreapp3.0)) (== netcoreapp3.0) (== netcoreapp3.1)
    System.Security.Principal.Windows (4.7) - restriction: || (&& (== net452) (== netcoreapp3.1)) (&& (== net452) (>= netstandard2.0)) (&& (== net46) (== netcoreapp3.1)) (&& (== net46) (>= netstandard2.0)) (&& (== net461) (== netcoreapp3.1)) (&& (== net461) (>= netstandard2.0)) (&& (== net462) (== netcoreapp3.1)) (&& (== net462) (>= netstandard2.0)) (== net472) (== netcoreapp3.0)
    System.Text.Encoding (4.3) - restriction: || (&& (== net452) (< net45) (>= net461)) (&& (== net452) (< net45) (>= netstandard2.0)) (&& (== net46) (< net45) (>= net461)) (&& (== net46) (< net45) (>= netstandard2.0)) (&& (== net461) (< net45)) (&& (== net462) (< net45)) (&& (== net472) (< net45)) (== netcoreapp3.0) (== netcoreapp3.1)
      Microsoft.NETCore.Platforms (>= 1.1) - restriction: || (&& (== net452) (< net45)) (&& (== net46) (< net45)) (&& (== net461) (< net45)) (&& (== net462) (< net45)) (&& (== net472) (< net45)) (== netcoreapp3.0) (== netcoreapp3.1)
      Microsoft.NETCore.Targets (>= 1.1) - restriction: || (&& (== net452) (< net45)) (&& (== net46) (< net45)) (&& (== net461) (< net45)) (&& (== net462) (< net45)) (&& (== net472) (< net45)) (== netcoreapp3.0) (== netcoreapp3.1)
      System.Runtime (>= 4.3) - restriction: || (&& (== net452) (< net45)) (&& (== net46) (< net45)) (&& (== net461) (< net45)) (&& (== net462) (< net45)) (&& (== net472) (< net45)) (== netcoreapp3.0) (== netcoreapp3.1)
    System.Text.Encoding.Extensions (4.3) - restriction: || (&& (== net452) (< net45) (>= net461)) (&& (== net452) (< net45) (>= netstandard2.0)) (&& (== net46) (< net45) (>= net461)) (&& (== net46) (< net45) (>= netstandard2.0)) (&& (== net461) (< net45)) (&& (== net462) (< net45)) (&& (== net472) (< net45)) (== netcoreapp3.0) (== netcoreapp3.1)
      Microsoft.NETCore.Platforms (>= 1.1) - restriction: || (&& (== net452) (< net45)) (&& (== net46) (< net45)) (&& (== net461) (< net45)) (&& (== net462) (< net45)) (&& (== net472) (< net45)) (== netcoreapp3.0) (== netcoreapp3.1)
      Microsoft.NETCore.Targets (>= 1.1) - restriction: || (&& (== net452) (< net45)) (&& (== net46) (< net45)) (&& (== net461) (< net45)) (&& (== net462) (< net45)) (&& (== net472) (< net45)) (== netcoreapp3.0) (== netcoreapp3.1)
      System.Runtime (>= 4.3) - restriction: || (&& (== net452) (< net45)) (&& (== net46) (< net45)) (&& (== net461) (< net45)) (&& (== net462) (< net45)) (&& (== net472) (< net45)) (== netcoreapp3.0) (== netcoreapp3.1)
      System.Text.Encoding (>= 4.3) - restriction: || (&& (== net452) (< net45)) (&& (== net46) (< net45)) (&& (== net461) (< net45)) (&& (== net462) (< net45)) (&& (== net472) (< net45)) (== netcoreapp3.0) (== netcoreapp3.1)
    System.Text.Encodings.Web (4.7) - restriction: || (&& (== net452) (== netcoreapp3.1)) (&& (== net452) (>= netcoreapp2.0)) (&& (== net452) (>= netcoreapp2.1)) (&& (== net452) (>= netcoreapp3.0)) (&& (== net452) (>= netstandard2.0)) (&& (== net452) (>= xamarinios)) (&& (== net452) (>= xamarinmac)) (&& (== net46) (== netcoreapp3.1)) (&& (== net46) (>= netcoreapp2.0)) (&& (== net46) (>= netcoreapp2.1)) (&& (== net46) (>= netcoreapp3.0)) (&& (== net46) (>= netstandard2.0)) (&& (== net46) (>= xamarinios)) (&& (== net46) (>= xamarinmac)) (&& (== net461) (== netcoreapp3.1)) (&& (== net461) (>= netcoreapp2.0)) (&& (== net461) (>= netcoreapp2.1)) (&& (== net461) (>= netcoreapp3.0)) (&& (== net461) (>= netstandard2.0)) (&& (== net461) (>= xamarinios)) (&& (== net461) (>= xamarinmac)) (&& (== net462) (== netcoreapp3.1)) (&& (== net462) (>= netcoreapp2.0)) (&& (== net462) (>= netcoreapp2.1)) (&& (== net462) (>= netcoreapp3.0)) (&& (== net462) (>= netstandard2.0)) (&& (== net462) (>= xamarinios)) (&& (== net462) (>= xamarinmac)) (== net472) (== netcoreapp3.0) (&& (== netcoreapp3.1) (>= net461)) (&& (== netcoreapp3.1) (< netcoreapp3.0))
      System.Memory (>= 4.5.3) - restriction: || (&& (== net452) (< net45) (>= netstandard2.0)) (&& (== net452) (>= net461)) (&& (== net452) (>= uap10.1)) (&& (== net46) (< net45) (>= netstandard2.0)) (&& (== net46) (>= net461)) (&& (== net46) (>= uap10.1)) (== net461) (== net462) (== net472) (&& (== netcoreapp3.0) (>= net461)) (&& (== netcoreapp3.0) (< netcoreapp2.1) (< netstandard2.1)) (&& (== netcoreapp3.0) (>= uap10.1)) (&& (== netcoreapp3.1) (>= net461)) (&& (== netcoreapp3.1) (< netcoreapp2.1) (< netstandard2.1)) (&& (== netcoreapp3.1) (>= uap10.1))
    System.Text.Json (4.7.1) - restriction: || (&& (== net452) (== netcoreapp3.1)) (&& (== net452) (>= netstandard2.0)) (&& (== net46) (== netcoreapp3.1)) (&& (== net46) (>= netstandard2.0)) (&& (== net461) (== netcoreapp3.1)) (&& (== net461) (>= netstandard2.0)) (&& (== net462) (== netcoreapp3.1)) (&& (== net462) (>= netstandard2.0)) (== net472) (== netcoreapp3.0)
      Microsoft.Bcl.AsyncInterfaces (>= 1.1) - restriction: || (&& (== net452) (>= monoandroid)) (&& (== net452) (>= monotouch)) (&& (== net452) (>= net461)) (&& (== net452) (>= netcoreapp2.0)) (&& (== net452) (>= netcoreapp2.1)) (&& (== net452) (>= netstandard2.0)) (&& (== net452) (>= uap10.1)) (&& (== net452) (>= xamarinios)) (&& (== net452) (>= xamarinmac)) (&& (== net452) (>= xamarintvos)) (&& (== net452) (>= xamarinwatchos)) (&& (== net46) (>= monoandroid)) (&& (== net46) (>= monotouch)) (&& (== net46) (>= net461)) (&& (== net46) (>= netcoreapp2.0)) (&& (== net46) (>= netcoreapp2.1)) (&& (== net46) (>= netstandard2.0)) (&& (== net46) (>= uap10.1)) (&& (== net46) (>= xamarinios)) (&& (== net46) (>= xamarinmac)) (&& (== net46) (>= xamarintvos)) (&& (== net46) (>= xamarinwatchos)) (== net461) (== net462) (== net472) (&& (== netcoreapp3.0) (>= monoandroid) (< netstandard2.0)) (&& (== netcoreapp3.0) (>= monotouch)) (&& (== netcoreapp3.0) (>= net461)) (&& (== netcoreapp3.0) (< netcoreapp2.0)) (&& (== netcoreapp3.0) (< netcoreapp2.1)) (&& (== netcoreapp3.0) (>= uap10.1)) (&& (== netcoreapp3.0) (>= xamarinios)) (&& (== netcoreapp3.0) (>= xamarinmac)) (&& (== netcoreapp3.0) (>= xamarintvos)) (&& (== netcoreapp3.0) (>= xamarinwatchos)) (&& (== netcoreapp3.1) (>= monoandroid) (< netstandard2.0)) (&& (== netcoreapp3.1) (>= monotouch)) (&& (== netcoreapp3.1) (>= net461)) (&& (== netcoreapp3.1) (< netcoreapp2.0)) (&& (== netcoreapp3.1) (< netcoreapp2.1)) (&& (== netcoreapp3.1) (< netcoreapp3.0)) (&& (== netcoreapp3.1) (>= uap10.1)) (&& (== netcoreapp3.1) (>= xamarinios)) (&& (== netcoreapp3.1) (>= xamarinmac)) (&& (== netcoreapp3.1) (>= xamarintvos)) (&& (== netcoreapp3.1) (>= xamarinwatchos))
      System.Buffers (>= 4.5) - restriction: || (&& (== net452) (>= monoandroid)) (&& (== net452) (>= monotouch)) (&& (== net452) (>= net461)) (&& (== net452) (>= netstandard2.0)) (&& (== net452) (>= xamarinios)) (&& (== net452) (>= xamarinmac)) (&& (== net452) (>= xamarintvos)) (&& (== net452) (>= xamarinwatchos)) (&& (== net46) (>= monoandroid)) (&& (== net46) (>= monotouch)) (&& (== net46) (>= net461)) (&& (== net46) (>= netstandard2.0)) (&& (== net46) (>= xamarinios)) (&& (== net46) (>= xamarinmac)) (&& (== net46) (>= xamarintvos)) (&& (== net46) (>= xamarinwatchos)) (== net461) (== net462) (== net472) (&& (== netcoreapp3.0) (>= monoandroid) (< netstandard2.0)) (&& (== netcoreapp3.0) (>= monotouch)) (&& (== netcoreapp3.0) (>= net461)) (&& (== netcoreapp3.0) (< netcoreapp2.0)) (&& (== netcoreapp3.0) (>= xamarinios)) (&& (== netcoreapp3.0) (>= xamarinmac)) (&& (== netcoreapp3.0) (>= xamarintvos)) (&& (== netcoreapp3.0) (>= xamarinwatchos)) (&& (== netcoreapp3.1) (>= monoandroid) (< netstandard2.0)) (&& (== netcoreapp3.1) (>= monotouch)) (&& (== netcoreapp3.1) (>= net461)) (&& (== netcoreapp3.1) (< netcoreapp2.0)) (&& (== netcoreapp3.1) (>= xamarinios)) (&& (== netcoreapp3.1) (>= xamarinmac)) (&& (== netcoreapp3.1) (>= xamarintvos)) (&& (== netcoreapp3.1) (>= xamarinwatchos))
      System.Memory (>= 4.5.3) - restriction: || (&& (== net452) (>= net461)) (&& (== net452) (>= netcoreapp2.0)) (&& (== net452) (>= netstandard2.0)) (&& (== net452) (>= uap10.1)) (&& (== net46) (>= net461)) (&& (== net46) (>= netcoreapp2.0)) (&& (== net46) (>= netstandard2.0)) (&& (== net46) (>= uap10.1)) (== net461) (== net462) (== net472) (&& (== netcoreapp3.0) (>= net461)) (&& (== netcoreapp3.0) (< netcoreapp2.0)) (&& (== netcoreapp3.0) (< netcoreapp2.1)) (&& (== netcoreapp3.0) (>= uap10.1)) (&& (== netcoreapp3.1) (>= net461)) (&& (== netcoreapp3.1) (< netcoreapp2.0)) (&& (== netcoreapp3.1) (< netcoreapp2.1)) (&& (== netcoreapp3.1) (>= uap10.1))
      System.Numerics.Vectors (>= 4.5) - restriction: || (&& (== net452) (>= net461)) (&& (== net452) (>= netstandard2.0)) (&& (== net46) (>= net461)) (&& (== net46) (>= netstandard2.0)) (== net461) (== net462) (== net472) (&& (== netcoreapp3.0) (>= net461)) (&& (== netcoreapp3.0) (< netcoreapp2.0)) (&& (== netcoreapp3.1) (>= net461)) (&& (== netcoreapp3.1) (< netcoreapp2.0))
      System.Runtime.CompilerServices.Unsafe (>= 4.7) - restriction: || (&& (== net452) (>= monoandroid)) (&& (== net452) (>= monotouch)) (&& (== net452) (>= net461)) (&& (== net452) (>= netcoreapp2.0)) (&& (== net452) (>= netcoreapp2.1)) (&& (== net452) (>= netcoreapp3.0)) (&& (== net452) (>= netstandard2.0)) (&& (== net452) (>= uap10.1)) (&& (== net452) (>= xamarinios)) (&& (== net452) (>= xamarinmac)) (&& (== net452) (>= xamarintvos)) (&& (== net452) (>= xamarinwatchos)) (&& (== net46) (>= monoandroid)) (&& (== net46) (>= monotouch)) (&& (== net46) (>= net461)) (&& (== net46) (>= netcoreapp2.0)) (&& (== net46) (>= netcoreapp2.1)) (&& (== net46) (>= netcoreapp3.0)) (&& (== net46) (>= netstandard2.0)) (&& (== net46) (>= uap10.1)) (&& (== net46) (>= xamarinios)) (&& (== net46) (>= xamarinmac)) (&& (== net46) (>= xamarintvos)) (&& (== net46) (>= xamarinwatchos)) (== net461) (== net462) (== net472) (== netcoreapp3.0) (&& (== netcoreapp3.1) (>= monoandroid) (< netstandard2.0)) (&& (== netcoreapp3.1) (>= monotouch)) (&& (== netcoreapp3.1) (>= net461)) (&& (== netcoreapp3.1) (< netcoreapp2.0)) (&& (== netcoreapp3.1) (< netcoreapp2.1)) (&& (== netcoreapp3.1) (< netcoreapp3.0)) (&& (== netcoreapp3.1) (>= uap10.1)) (&& (== netcoreapp3.1) (>= xamarinios)) (&& (== netcoreapp3.1) (>= xamarinmac)) (&& (== netcoreapp3.1) (>= xamarintvos)) (&& (== netcoreapp3.1) (>= xamarinwatchos))
      System.Text.Encodings.Web (>= 4.7) - restriction: || (&& (== net452) (>= monoandroid)) (&& (== net452) (>= monotouch)) (&& (== net452) (>= net461)) (&& (== net452) (>= netcoreapp2.0)) (&& (== net452) (>= netcoreapp2.1)) (&& (== net452) (>= netcoreapp3.0)) (&& (== net452) (>= netstandard2.0)) (&& (== net452) (>= uap10.1)) (&& (== net452) (>= xamarinios)) (&& (== net452) (>= xamarinmac)) (&& (== net452) (>= xamarintvos)) (&& (== net452) (>= xamarinwatchos)) (&& (== net46) (>= monoandroid)) (&& (== net46) (>= monotouch)) (&& (== net46) (>= net461)) (&& (== net46) (>= netcoreapp2.0)) (&& (== net46) (>= netcoreapp2.1)) (&& (== net46) (>= netcoreapp3.0)) (&& (== net46) (>= netstandard2.0)) (&& (== net46) (>= uap10.1)) (&& (== net46) (>= xamarinios)) (&& (== net46) (>= xamarinmac)) (&& (== net46) (>= xamarintvos)) (&& (== net46) (>= xamarinwatchos)) (== net461) (== net462) (== net472) (== netcoreapp3.0) (&& (== netcoreapp3.1) (>= monoandroid) (< netstandard2.0)) (&& (== netcoreapp3.1) (>= monotouch)) (&& (== netcoreapp3.1) (>= net461)) (&& (== netcoreapp3.1) (< netcoreapp2.0)) (&& (== netcoreapp3.1) (< netcoreapp2.1)) (&& (== netcoreapp3.1) (< netcoreapp3.0)) (&& (== netcoreapp3.1) (>= uap10.1)) (&& (== netcoreapp3.1) (>= xamarinios)) (&& (== netcoreapp3.1) (>= xamarinmac)) (&& (== netcoreapp3.1) (>= xamarintvos)) (&& (== netcoreapp3.1) (>= xamarinwatchos))
      System.Threading.Tasks.Extensions (>= 4.5.2) - restriction: || (&& (== net452) (>= net461)) (&& (== net452) (>= netcoreapp2.0)) (&& (== net452) (>= netstandard2.0)) (&& (== net452) (>= uap10.1)) (&& (== net46) (>= net461)) (&& (== net46) (>= netcoreapp2.0)) (&& (== net46) (>= netstandard2.0)) (&& (== net46) (>= uap10.1)) (== net461) (== net462) (== net472) (&& (== netcoreapp3.0) (>= net461)) (&& (== netcoreapp3.0) (< netcoreapp2.0)) (&& (== netcoreapp3.0) (< netcoreapp2.1)) (&& (== netcoreapp3.0) (>= uap10.1)) (&& (== netcoreapp3.1) (>= net461)) (&& (== netcoreapp3.1) (< netcoreapp2.0)) (&& (== netcoreapp3.1) (< netcoreapp2.1)) (&& (== netcoreapp3.1) (>= uap10.1))
      System.ValueTuple (>= 4.5) - restriction: || (&& (== net452) (>= net461)) (&& (== net46) (>= net461)) (== net461) (== net462) (== net472) (&& (== netcoreapp3.0) (>= net461)) (&& (== netcoreapp3.1) (>= net461))
    System.Text.RegularExpressions (4.3.1) - restriction: || (&& (== net452) (>= net461)) (&& (== net452) (>= netstandard2.0)) (&& (== net46) (>= net461)) (&& (== net46) (>= netstandard2.0)) (== net461) (== net462) (== net472) (== netcoreapp3.0) (== netcoreapp3.1)
      System.Runtime (>= 4.3.1) - restriction: || (&& (== net452) (< net45)) (&& (== net452) (>= netcoreapp1.1)) (&& (== net46) (< net45)) (&& (== net46) (>= netcoreapp1.1)) (&& (== net461) (< net45)) (&& (== net461) (>= netcoreapp1.1)) (&& (== net462) (< net45)) (&& (== net462) (>= netcoreapp1.1)) (&& (== net472) (< net45)) (&& (== net472) (>= netcoreapp1.1)) (== netcoreapp3.0) (== netcoreapp3.1)
    System.Threading (4.3) - restriction: || (&& (== net452) (< net45) (>= net461)) (&& (== net452) (< net45) (>= netstandard2.0)) (&& (== net46) (< net45) (>= net461)) (&& (== net46) (< net45) (>= netstandard2.0)) (&& (== net461) (< net45)) (&& (== net462) (< net45)) (&& (== net472) (< net45)) (== netcoreapp3.0) (== netcoreapp3.1)
      System.Runtime (>= 4.3) - restriction: || (&& (== net452) (< net45)) (&& (== net46) (< net45)) (&& (== net461) (< net45)) (&& (== net462) (< net45)) (&& (== net472) (< net45)) (== netcoreapp3.0) (== netcoreapp3.1)
      System.Threading.Tasks (>= 4.3) - restriction: || (&& (== net452) (< net45)) (&& (== net46) (< net45)) (&& (== net461) (< net45)) (&& (== net462) (< net45)) (&& (== net472) (< net45)) (== netcoreapp3.0) (== netcoreapp3.1)
    System.Threading.Tasks (4.3) - restriction: || (&& (== net452) (< net45) (>= net461)) (&& (== net452) (< net45) (>= netstandard2.0)) (&& (== net46) (< net45) (>= net461)) (&& (== net46) (< net45) (>= netstandard2.0)) (&& (== net461) (< net45)) (&& (== net462) (< net45)) (&& (== net472) (< net45)) (== netcoreapp3.0) (== netcoreapp3.1)
      Microsoft.NETCore.Platforms (>= 1.1) - restriction: || (&& (== net452) (< net45)) (&& (== net46) (< net45)) (&& (== net461) (< net45)) (&& (== net462) (< net45)) (&& (== net472) (< net45)) (== netcoreapp3.0) (== netcoreapp3.1)
      Microsoft.NETCore.Targets (>= 1.1) - restriction: || (&& (== net452) (< net45)) (&& (== net46) (< net45)) (&& (== net461) (< net45)) (&& (== net462) (< net45)) (&& (== net472) (< net45)) (== netcoreapp3.0) (== netcoreapp3.1)
      System.Runtime (>= 4.3) - restriction: || (&& (== net452) (< net45)) (&& (== net46) (< net45)) (&& (== net461) (< net45)) (&& (== net462) (< net45)) (&& (== net472) (< net45)) (== netcoreapp3.0) (== netcoreapp3.1)
    System.Threading.Tasks.Dataflow (4.11) - restriction: || (&& (== net452) (>= netstandard2.0)) (&& (== net46) (>= netstandard2.0)) (&& (== net461) (>= netstandard2.0)) (&& (== net462) (>= netstandard2.0)) (== net472) (== netcoreapp3.0) (== netcoreapp3.1)
    System.Threading.Tasks.Extensions (4.5.4) - restriction: || (&& (== net452) (>= net461)) (&& (== net452) (>= net47)) (&& (== net452) (>= netcoreapp2.0)) (&& (== net452) (>= netstandard2.0)) (&& (== net46) (>= net461)) (&& (== net46) (>= net47)) (&& (== net46) (>= netcoreapp2.0)) (&& (== net46) (>= netstandard2.0)) (== net461) (== net462) (== net472) (== netcoreapp3.0) (== netcoreapp3.1)
      System.Runtime.CompilerServices.Unsafe (>= 4.5.3) - restriction: || (== net452) (== net46) (== net461) (== net462) (== net472) (&& (== netcoreapp3.0) (>= net461)) (&& (== netcoreapp3.0) (< netcoreapp2.1)) (&& (== netcoreapp3.0) (< netstandard1.0)) (&& (== netcoreapp3.0) (< netstandard2.0)) (&& (== netcoreapp3.0) (>= wp8)) (&& (== netcoreapp3.1) (>= net461)) (&& (== netcoreapp3.1) (< netcoreapp2.1)) (&& (== netcoreapp3.1) (< netstandard1.0)) (&& (== netcoreapp3.1) (< netstandard2.0)) (&& (== netcoreapp3.1) (>= wp8))
    System.ValueTuple (4.5) - restriction: || (&& (== net452) (>= net461)) (&& (== net452) (>= netstandard2.0)) (&& (== net46) (>= net461)) (&& (== net46) (>= netstandard2.0)) (== net461) (== net462) (== net472) (== netcoreapp3.0) (== netcoreapp3.1)
    System.Windows.Extensions (4.7) - restriction: || (&& (== net452) (== netcoreapp3.1)) (&& (== net452) (>= netcoreapp3.0)) (&& (== net46) (== netcoreapp3.1)) (&& (== net46) (>= netcoreapp3.0)) (&& (== net461) (== netcoreapp3.1)) (&& (== net461) (>= netcoreapp3.0)) (&& (== net462) (== netcoreapp3.1)) (&& (== net462) (>= netcoreapp3.0)) (&& (== net472) (== netcoreapp3.1)) (&& (== net472) (>= netcoreapp3.0)) (== netcoreapp3.0)
      System.Drawing.Common (>= 4.7) - restriction: || (&& (== net452) (>= netcoreapp3.0)) (&& (== net46) (>= netcoreapp3.0)) (&& (== net461) (>= netcoreapp3.0)) (&& (== net462) (>= netcoreapp3.0)) (&& (== net472) (>= netcoreapp3.0)) (== netcoreapp3.0) (== netcoreapp3.1)
    System.Xml.ReaderWriter (4.3.1) - restriction: || (&& (== net452) (< net45) (>= net461)) (&& (== net452) (< net45) (>= netstandard2.0)) (&& (== net46) (< net45) (>= net461)) (&& (== net46) (< net45) (>= netstandard2.0)) (&& (== net461) (< net45)) (&& (== net462) (< net45)) (&& (== net472) (< net45)) (== netcoreapp3.0) (== netcoreapp3.1)
      System.Collections (>= 4.3) - restriction: || (&& (== net452) (< net45) (>= netstandard1.3)) (&& (== net46) (< net45)) (&& (== net461) (< net45)) (&& (== net462) (< net45)) (&& (== net472) (< net45)) (== netcoreapp3.0) (== netcoreapp3.1)
      System.Diagnostics.Debug (>= 4.3) - restriction: || (&& (== net452) (< net45) (>= netstandard1.3)) (&& (== net46) (< net45)) (&& (== net461) (< net45)) (&& (== net462) (< net45)) (&& (== net472) (< net45)) (== netcoreapp3.0) (== netcoreapp3.1)
      System.Globalization (>= 4.3) - restriction: || (&& (== net452) (< net45) (>= netstandard1.3)) (&& (== net46) (< net45)) (&& (== net461) (< net45)) (&& (== net462) (< net45)) (&& (== net472) (< net45)) (== netcoreapp3.0) (== netcoreapp3.1)
      System.IO (>= 4.3) - restriction: || (&& (== net452) (< net45)) (&& (== net46) (< net45)) (&& (== net461) (< net45)) (&& (== net462) (< net45)) (&& (== net472) (< net45)) (== netcoreapp3.0) (== netcoreapp3.1)
      System.IO.FileSystem (>= 4.3) - restriction: || (&& (== net452) (< net45) (>= netstandard1.3)) (&& (== net46) (< net45)) (&& (== net461) (< net45)) (&& (== net462) (< net45)) (&& (== net472) (< net45)) (== netcoreapp3.0) (== netcoreapp3.1)
      System.IO.FileSystem.Primitives (>= 4.3) - restriction: || (&& (== net452) (< net45) (>= netstandard1.3)) (&& (== net46) (< net45)) (&& (== net461) (< net45)) (&& (== net462) (< net45)) (&& (== net472) (< net45)) (== netcoreapp3.0) (== netcoreapp3.1)
      System.Resources.ResourceManager (>= 4.3) - restriction: || (&& (== net452) (< net45) (>= netstandard1.3)) (&& (== net46) (< net45)) (&& (== net461) (< net45)) (&& (== net462) (< net45)) (&& (== net472) (< net45)) (== netcoreapp3.0) (== netcoreapp3.1)
      System.Runtime (>= 4.3) - restriction: || (&& (== net452) (< net45)) (&& (== net46) (< net45)) (&& (== net461) (< net45)) (&& (== net462) (< net45)) (&& (== net472) (< net45)) (== netcoreapp3.0) (== netcoreapp3.1)
      System.Runtime.Extensions (>= 4.3) - restriction: || (&& (== net452) (< net45) (>= netstandard1.3)) (&& (== net46) (< net45)) (&& (== net461) (< net45)) (&& (== net462) (< net45)) (&& (== net472) (< net45)) (== netcoreapp3.0) (== netcoreapp3.1)
      System.Runtime.InteropServices (>= 4.3) - restriction: || (&& (== net452) (< net45) (>= netstandard1.3)) (&& (== net46) (< net45)) (&& (== net461) (< net45)) (&& (== net462) (< net45)) (&& (== net472) (< net45)) (== netcoreapp3.0) (== netcoreapp3.1)
      System.Text.Encoding (>= 4.3) - restriction: || (&& (== net452) (< net45)) (&& (== net46) (< net45)) (&& (== net461) (< net45)) (&& (== net462) (< net45)) (&& (== net472) (< net45)) (== netcoreapp3.0) (== netcoreapp3.1)
      System.Text.Encoding.Extensions (>= 4.3) - restriction: || (&& (== net452) (< net45) (>= netstandard1.3)) (&& (== net46) (< net45)) (&& (== net461) (< net45)) (&& (== net462) (< net45)) (&& (== net472) (< net45)) (== netcoreapp3.0) (== netcoreapp3.1)
      System.Text.RegularExpressions (>= 4.3) - restriction: || (&& (== net452) (< net45) (>= netstandard1.3)) (&& (== net46) (< net45)) (&& (== net461) (< net45)) (&& (== net462) (< net45)) (&& (== net472) (< net45)) (== netcoreapp3.0) (== netcoreapp3.1)
      System.Threading.Tasks (>= 4.3) - restriction: || (&& (== net452) (< net45)) (&& (== net46) (< net45)) (&& (== net461) (< net45)) (&& (== net462) (< net45)) (&& (== net472) (< net45)) (== netcoreapp3.0) (== netcoreapp3.1)
      System.Threading.Tasks.Extensions (>= 4.3) - restriction: || (&& (== net452) (< net45) (>= netstandard1.3)) (&& (== net46) (< net45)) (&& (== net461) (< net45)) (&& (== net462) (< net45)) (&& (== net472) (< net45)) (== netcoreapp3.0) (== netcoreapp3.1)
    System.Xml.XmlDocument (4.3) - restriction: || (&& (== net452) (< net45) (>= net461)) (&& (== net452) (< net45) (>= netstandard2.0)) (&& (== net46) (< net45) (>= net461)) (&& (== net46) (< net45) (>= netstandard2.0)) (&& (== net461) (< net45)) (&& (== net462) (< net45)) (&& (== net472) (< net45)) (== netcoreapp3.0) (== netcoreapp3.1)
      System.Collections (>= 4.3) - restriction: || (&& (== net452) (>= netstandard1.3)) (&& (== net461) (< net46)) (&& (== net462) (< net46)) (&& (== net472) (< net46)) (== netcoreapp3.0) (== netcoreapp3.1)
      System.Diagnostics.Debug (>= 4.3) - restriction: || (&& (== net452) (>= netstandard1.3)) (&& (== net461) (< net46)) (&& (== net462) (< net46)) (&& (== net472) (< net46)) (== netcoreapp3.0) (== netcoreapp3.1)
      System.Globalization (>= 4.3) - restriction: || (&& (== net452) (>= netstandard1.3)) (&& (== net461) (< net46)) (&& (== net462) (< net46)) (&& (== net472) (< net46)) (== netcoreapp3.0) (== netcoreapp3.1)
      System.IO (>= 4.3) - restriction: || (&& (== net452) (>= netstandard1.3)) (&& (== net461) (< net46)) (&& (== net462) (< net46)) (&& (== net472) (< net46)) (== netcoreapp3.0) (== netcoreapp3.1)
      System.Resources.ResourceManager (>= 4.3) - restriction: || (&& (== net452) (>= netstandard1.3)) (&& (== net461) (< net46)) (&& (== net462) (< net46)) (&& (== net472) (< net46)) (== netcoreapp3.0) (== netcoreapp3.1)
      System.Runtime (>= 4.3) - restriction: || (&& (== net452) (>= netstandard1.3)) (&& (== net461) (< net46)) (&& (== net462) (< net46)) (&& (== net472) (< net46)) (== netcoreapp3.0) (== netcoreapp3.1)
      System.Runtime.Extensions (>= 4.3) - restriction: || (&& (== net452) (>= netstandard1.3)) (&& (== net461) (< net46)) (&& (== net462) (< net46)) (&& (== net472) (< net46)) (== netcoreapp3.0) (== netcoreapp3.1)
      System.Text.Encoding (>= 4.3) - restriction: || (&& (== net452) (>= netstandard1.3)) (&& (== net461) (< net46)) (&& (== net462) (< net46)) (&& (== net472) (< net46)) (== netcoreapp3.0) (== netcoreapp3.1)
      System.Threading (>= 4.3) - restriction: || (&& (== net452) (>= netstandard1.3)) (&& (== net461) (< net46)) (&& (== net462) (< net46)) (&& (== net472) (< net46)) (== netcoreapp3.0) (== netcoreapp3.1)
      System.Xml.ReaderWriter (>= 4.3) - restriction: || (&& (== net452) (>= netstandard1.3)) (&& (== net461) (< net46)) (&& (== net462) (< net46)) (&& (== net472) (< net46)) (== netcoreapp3.0) (== netcoreapp3.1)
    System.Xml.XmlSerializer (4.3) - restriction: || (&& (== net452) (>= net461)) (&& (== net452) (>= netstandard2.0)) (&& (== net46) (>= net461)) (&& (== net46) (>= netstandard2.0)) (== net461) (== net462) (== net472) (== netcoreapp3.0) (== netcoreapp3.1)
      System.Collections (>= 4.3) - restriction: || (&& (== net452) (< net45) (>= netstandard1.3)) (&& (== net46) (< net45)) (&& (== net461) (< net45)) (&& (== net462) (< net45)) (&& (== net472) (< net45)) (== netcoreapp3.0) (== netcoreapp3.1)
      System.Globalization (>= 4.3) - restriction: || (&& (== net452) (< net45) (>= netstandard1.3)) (&& (== net46) (< net45)) (&& (== net461) (< net45)) (&& (== net462) (< net45)) (&& (== net472) (< net45)) (== netcoreapp3.0) (== netcoreapp3.1)
      System.IO (>= 4.3) - restriction: || (&& (== net452) (< net45)) (&& (== net46) (< net45)) (&& (== net461) (< net45)) (&& (== net462) (< net45)) (&& (== net472) (< net45)) (== netcoreapp3.0) (== netcoreapp3.1)
      System.Linq (>= 4.3) - restriction: || (&& (== net452) (< net45) (>= netstandard1.3)) (&& (== net46) (< net45)) (&& (== net461) (< net45)) (&& (== net462) (< net45)) (&& (== net472) (< net45)) (== netcoreapp3.0) (== netcoreapp3.1)
      System.Reflection (>= 4.3) - restriction: || (&& (== net452) (< net45) (>= netstandard1.3)) (&& (== net46) (< net45)) (&& (== net461) (< net45)) (&& (== net462) (< net45)) (&& (== net472) (< net45)) (== netcoreapp3.0) (== netcoreapp3.1)
      System.Reflection.Emit (>= 4.3) - restriction: || (&& (== net452) (< net45) (>= netstandard1.3)) (&& (== net46) (< net45)) (&& (== net461) (< net45)) (&& (== net462) (< net45)) (&& (== net472) (< net45)) (== netcoreapp3.0) (== netcoreapp3.1)
      System.Reflection.Emit.ILGeneration (>= 4.3) - restriction: || (&& (== net452) (< net45) (>= netstandard1.3)) (&& (== net46) (< net45)) (&& (== net461) (< net45)) (&& (== net462) (< net45)) (&& (== net472) (< net45)) (== netcoreapp3.0) (== netcoreapp3.1)
      System.Reflection.Extensions (>= 4.3) - restriction: || (&& (== net452) (< net45) (>= netstandard1.3)) (&& (== net46) (< net45)) (&& (== net461) (< net45)) (&& (== net462) (< net45)) (&& (== net472) (< net45)) (== netcoreapp3.0) (== netcoreapp3.1)
      System.Reflection.Primitives (>= 4.3) - restriction: || (&& (== net452) (< net45) (>= netstandard1.3)) (&& (== net46) (< net45)) (&& (== net461) (< net45)) (&& (== net462) (< net45)) (&& (== net472) (< net45)) (== netcoreapp3.0) (== netcoreapp3.1)
      System.Reflection.TypeExtensions (>= 4.3) - restriction: || (&& (== net452) (< net45) (>= netstandard1.3)) (&& (== net46) (< net45)) (&& (== net461) (< net45)) (&& (== net462) (< net45)) (&& (== net472) (< net45)) (== netcoreapp3.0) (== netcoreapp3.1)
      System.Resources.ResourceManager (>= 4.3) - restriction: || (&& (== net452) (< net45) (>= netstandard1.3)) (&& (== net46) (< net45)) (&& (== net461) (< net45)) (&& (== net462) (< net45)) (&& (== net472) (< net45)) (== netcoreapp3.0) (== netcoreapp3.1)
      System.Runtime (>= 4.3) - restriction: || (&& (== net452) (< net45)) (&& (== net46) (< net45)) (&& (== net461) (< net45)) (&& (== net462) (< net45)) (&& (== net472) (< net45)) (== netcoreapp3.0) (== netcoreapp3.1)
      System.Runtime.Extensions (>= 4.3) - restriction: || (&& (== net452) (< net45) (>= netstandard1.3)) (&& (== net46) (< net45)) (&& (== net461) (< net45)) (&& (== net462) (< net45)) (&& (== net472) (< net45)) (== netcoreapp3.0) (== netcoreapp3.1)
      System.Text.RegularExpressions (>= 4.3) - restriction: || (&& (== net452) (< net45) (>= netstandard1.3)) (&& (== net46) (< net45)) (&& (== net461) (< net45)) (&& (== net462) (< net45)) (&& (== net472) (< net45)) (== netcoreapp3.0) (== netcoreapp3.1)
      System.Threading (>= 4.3) - restriction: || (&& (== net452) (< net45) (>= netstandard1.3)) (&& (== net46) (< net45)) (&& (== net461) (< net45)) (&& (== net462) (< net45)) (&& (== net472) (< net45)) (== netcoreapp3.0) (== netcoreapp3.1)
      System.Xml.ReaderWriter (>= 4.3) - restriction: || (&& (== net452) (< net45)) (&& (== net46) (< net45)) (&& (== net461) (< net45)) (&& (== net462) (< net45)) (&& (== net472) (< net45)) (== netcoreapp3.0) (== netcoreapp3.1)
      System.Xml.XmlDocument (>= 4.3) - restriction: || (&& (== net452) (< net45) (>= netstandard1.3)) (&& (== net46) (< net45)) (&& (== net461) (< net45)) (&& (== net462) (< net45)) (&& (== net472) (< net45)) (== netcoreapp3.0) (== netcoreapp3.1)
    TaskBuilder.fs (2.1) - restriction: || (&& (== net452) (>= net461)) (&& (== net452) (>= netstandard2.0)) (&& (== net46) (>= net461)) (&& (== net46) (>= netstandard2.0)) (== net461) (== net462) (== net472) (== netcoreapp3.0) (== netcoreapp3.1)
      FSharp.Core (>= 4.1.17)
      NETStandard.Library (>= 1.6.1) - restriction: || (&& (== net452) (< net45) (>= netstandard1.6)) (&& (== net46) (< net45) (>= netstandard1.6)) (&& (== net461) (< net45) (>= netstandard1.6)) (&& (== net462) (< net45) (>= netstandard1.6)) (&& (== net472) (< net45)) (== netcoreapp3.0) (== netcoreapp3.1)
      System.ValueTuple (>= 4.4)
    Utf8Json (1.3.7) - restriction: || (&& (== net452) (>= net461)) (&& (== net452) (>= netstandard2.0)) (&& (== net46) (>= net461)) (&& (== net46) (>= netstandard2.0)) (== net461) (== net462) (== net472) (== netcoreapp3.0) (== netcoreapp3.1)
      System.Reflection.Emit (>= 4.3)
      System.Reflection.Emit.Lightweight (>= 4.3)
      System.Threading.Tasks.Extensions (>= 4.4)
      System.ValueTuple (>= 4.4)
